{"RepetitionTime": 2,
 "EchoTime": 0.0033900000000000002,
 "MagneticFieldStrength": 3,
 "SequenceVariant": "SP\\MP",
 "MRAcquisitionType": "3D",
 "FlipAngle": 9,
 "ScanOptions": "IR",
 "SliceTiming": [0.003749999994999975,
 0.5,
 -0.030000000004999916,
 0.4675,
 -0.0625,
 0.43374999999499997,
 -0.09624999999999995,
 0.401249999995,
 -0.12875000000499992,
 0.3675,
 -0.16250000000499998,
 0.33499999999999996,
 -0.19499999999999995,
 0.301249999995,
 -0.22875,
 0.268749999995,
 -0.261250000005,
 0.235,
 -0.29500000000499993,
 0.2025,
 -0.3275,
 0.168749999995,
 -0.36124999999999996,
 0.13624999999499998,
 -0.39375000000499993,
 0.10249999999499998,
 -0.427500000005,
 0.07,
 -0.46000000000499996,
 0.036249999995000004],
 "SequenceName": "tfl3d1_ns",
 "ManufacturerModelName": "TrioTim",
 "TaskName": "MPRAGE",
 "ScanningSequence": "GR\\IR",
 "Manufacturer": "SIEMENS"}