{
  "RepetitionTime": 2,
  "EchoTime": 0,
  "MagneticFieldStrength": 3,
  "SequenceVariant": "SK",
  "MRAcquisitionType": "2D",
  "FlipAngle": 90,
  "ScanOptions": "FS",
  "SequenceName": "epfid2d1_64",
  "ManufacturerModelName": "TrioTim",
  "TaskName": "fb",
  "ScanningSequence": "EP",
  "Manufacturer": "SIEMENS",
  "CogAtlasID": "http://www.cognitiveatlas.org/term/id/trm_5845a809e30d5"
}
