{"RepetitionTime": 2,
 "EchoTime": 0.0033900000000000002,
 "MagneticFieldStrength": 3,
 "SequenceVariant": "SP\\MP",
 "MRAcquisitionType": "3D",
 "FlipAngle": 9,
 "ScanOptions": "IR",
 "SliceTiming": [0.0037500000050000315,
 0.5,
 -0.030000000000000027,
 0.4675,
 -0.0625,
 0.43375000000499997,
 -0.09624999999999995,
 0.401250000005,
 -0.12874999999500003,
 0.3675,
 -0.16249999999999998,
 0.33499999999999996,
 -0.19499999999999995,
 0.301250000005,
 -0.22875,
 0.26875000000500004,
 -0.2612499999950001,
 0.235,
 -0.29500000000000004,
 0.2025,
 -0.3275,
 0.168749999995,
 -0.36124999999999996,
 0.13625000000499998,
 -0.39375000000499993,
 0.10249999999999998,
 -0.4275,
 0.07,
 -0.45999999999999996,
 0.036249999995000004],
 "SequenceName": "tfl3d1_ns",
 "ManufacturerModelName": "TrioTim",
 "TaskName": "MPRAGE",
 "ScanningSequence": "GR\\IR",
 "Manufacturer": "SIEMENS"}