{
  "aor": 0.0015318796992481202,
  "aqi": 0.005414512180451129,
  "dvars_nstd": 23.728048917272726,
  "dvars_std": 1.2479297933333329,
  "dvars_vstd": 1.0064259526515154,
  "efc": 0.5655853247319876,
  "fber": 65.55490112304688,
  "fd_mean": 0.25273474999772727,
  "fd_num": 0,
  "fd_perc": 0.0,
  "fwhm_avg": 6.6067,
  "fwhm_x": 5.85512,
  "fwhm_y": 6.93324,
  "fwhm_z": 7.10365,
  "gcor": 0.05352648756557837,
  "gsr_x": -0.011967331171035767,
  "gsr_y": 0.05524386093020439,
  "metadata": {
    "EchoTime": 0,
    "FlipAngle": 90,
    "MRAcquisitionType": "2D",
    "MagneticFieldStrength": 3,
    "Manufacturer": "SIEMENS",
    "ManufacturerModelName": "TrioTim",
    "RepetitionTime": 2,
    "ScanOptions": "FS",
    "ScanningSequence": "EP",
    "SequenceName": "epfid2d1_64",
    "SequenceVariant": "SK",
    "SliceTiming": [
      0.0025000000000000022,
      0.5,
      -0.030000000000000027,
      0.46625000001,
      -0.06374999999999997,
      0.43375000000999997,
      -0.09624999998999995,
      0.40000000001,
      -0.12999999999,
      0.36750000001,
      -0.16249999998999998,
      0.333750000005,
      -0.19624999999500004,
      0.301250000005,
      -0.228749999995,
      0.26749999999999996,
      -0.26249999999500007,
      0.235,
      -0.29500000000000004,
      0.20124999999999998,
      -0.32875,
      0.16875000001,
      -0.36124999999999996,
      0.13500000001,
      -0.39499999999,
      0.10250000000999998,
      -0.42749999999,
      0.06875000000499998,
      -0.46124999999500005,
      0.036250000005000005
    ],
    "TaskName": "fb",
    "qc_type": "func",
    "run_id": "04",
    "subject_id": "04",
    "task_id": "fb"
  },
  "size_t": 133,
  "size_x": 64,
  "size_y": 64,
  "size_z": 30,
  "snr": 5.401668799689648,
  "spacing_tr": 1.0,
  "spacing_x": 3.125,
  "spacing_y": 3.125,
  "spacing_z": 4.000001430511475,
  "spikes_num": 0,
  "summary_bg_k": 21.127925168861488,
  "summary_bg_mean": 56.57636260986328,
  "summary_bg_p05": 16.330827713012695,
  "summary_bg_p95": 234.12745285034123,
  "summary_bg_stdv": 87.96683502197266,
  "summary_fg_k": 1.1145863714813151,
  "summary_fg_mean": 832.12451171875,
  "summary_fg_p05": 541.4011413574219,
  "summary_fg_p95": 1073.103466796875,
  "summary_fg_stdv": 157.08900451660156,
  "tsnr": 80.3301010131836
}