{
  "aor": 0.0012117469879518073,
  "aqi": 0.003291131506024096,
  "dvars_nstd": 18.444529984000003,
  "dvars_std": 1.146689083757576,
  "dvars_vstd": 1.0056403982424242,
  "efc": 0.5652648154084331,
  "fber": 66.69153594970703,
  "fd_mean": 0.24261306770303026,
  "fd_num": 0,
  "fd_perc": 0.0,
  "fwhm_avg": 6.84734,
  "fwhm_x": 6.07801,
  "fwhm_y": 7.29672,
  "fwhm_z": 7.23898,
  "gcor": 0.015716674816177553,
  "gsr_x": -0.011294222436845303,
  "gsr_y": 0.05518358200788498,
  "metadata": {
    "EchoTime": 0,
    "FlipAngle": 90,
    "MRAcquisitionType": "2D",
    "MagneticFieldStrength": 3,
    "Manufacturer": "SIEMENS",
    "ManufacturerModelName": "TrioTim",
    "RepetitionTime": 2,
    "ScanOptions": "FS",
    "ScanningSequence": "EP",
    "SequenceName": "epfid2d1_64",
    "SequenceVariant": "SK",
    "SliceTiming": [
      0.0037499999899999747,
      0.5,
      -0.030000000014999917,
      0.4675,
      -0.0625,
      0.43374999999499997,
      -0.09624999999999995,
      0.401249999995,
      -0.12875000000499992,
      0.367499999995,
      -0.16250000000499998,
      0.33499999998999996,
      -0.19500000000499995,
      0.30124999999,
      -0.22875000001,
      0.26874999999,
      -0.26125000001,
      0.23499999998499999,
      -0.29500000001499993,
      0.2025,
      -0.3275000000149999,
      0.168749999995,
      -0.36124999999999996,
      0.13624999999499998,
      -0.39375000000499993,
      0.10249999999499998,
      -0.427500000005,
      0.06999999999,
      -0.46000000000499996,
      0.036249999990000004
    ],
    "TaskName": "dis",
    "qc_type": "func",
    "run_id": "04",
    "subject_id": "47",
    "task_id": "dis"
  },
  "size_t": 166,
  "size_x": 64,
  "size_y": 64,
  "size_z": 30,
  "snr": 4.921680108127486,
  "spacing_tr": 1.0,
  "spacing_x": 3.125,
  "spacing_y": 3.125,
  "spacing_z": 3.9999990463256836,
  "spikes_num": 0,
  "summary_bg_k": 20.930944094641525,
  "summary_bg_mean": 54.94710159301758,
  "summary_bg_p05": 15.969879150390625,
  "summary_bg_p95": 207.66716766357422,
  "summary_bg_stdv": 76.28673553466797,
  "summary_fg_k": 0.7649836569773716,
  "summary_fg_mean": 751.7156982421875,
  "summary_fg_p05": 463.42527770996094,
  "summary_fg_p95": 987.7782836914062,
  "summary_fg_stdv": 156.20529174804688,
  "tsnr": 85.52694702148438
}