{
  "cjv": 0.9455505013465881,
  "cnr": 3.9240312576293945,
  "efc": 0.47996143162055016,
  "fber": 25.13574981689453,
  "fwhm_avg": 1.65725,
  "fwhm_x": 1.69987,
  "fwhm_y": 1.68742,
  "fwhm_z": 1.58681,
  "icvs_csf": 0.29501952911531076,
  "icvs_gm": 0.2901017321961755,
  "icvs_wm": 0.4148787386885137,
  "inu_med": 0.7825607061386108,
  "inu_range": 0.14848810136318202,
  "metadata": {
    "EchoTime": 0.0033900000000000002,
    "FlipAngle": 9,
    "MRAcquisitionType": "3D",
    "MagneticFieldStrength": 3,
    "Manufacturer": "SIEMENS",
    "ManufacturerModelName": "TrioTim",
    "RepetitionTime": 2,
    "ScanOptions": "IR",
    "ScanningSequence": "GR\\IR",
    "SequenceName": "tfl3d1_ns",
    "SequenceVariant": "SP\\MP",
    "SliceTiming": [
      0.0037499999899999747,
      0.5,
      -0.030000000000000027,
      0.4675,
      -0.0625,
      0.43374999999499997,
      -0.09499999999999997,
      0.401249999995,
      -0.12875000000499992,
      0.367499999995,
      -0.1612500000049999,
      0.33499999998999996,
      -0.19500000000499995,
      0.30124999999,
      -0.22750000001000004,
      0.26874999999,
      -0.26125000001,
      0.235,
      -0.29375000000999996,
      0.2025,
      -0.3275,
      0.168749999995,
      -0.36,
      0.13624999999499998,
      -0.39375000000499993,
      0.10249999999499998,
      -0.4262500000049999,
      0.06999999999,
      -0.46000000000499996,
      0.036249999990000004
    ],
    "TaskName": "MPRAGE",
    "qc_type": "anat",
    "subject_id": "22"
  },
  "qi_1": 0.00010786488225902114,
  "qi_2": 0.0018334465665741971,
  "rpve_csf": 543.8497314453125,
  "rpve_gm": 1104.61962890625,
  "rpve_wm": 1045.1700439453125,
  "size_x": 128,
  "size_y": 256,
  "size_z": 256,
  "snr_csf": 2.1374319411873377,
  "snr_gm": 10.267787386209395,
  "snr_total": 7.922534611184166,
  "snr_wm": 11.362384506155765,
  "snrd_csf": 13.6795568572487,
  "snrd_gm": 30.639745717438835,
  "snrd_total": 27.21383979908377,
  "snrd_wm": 37.32221682256378,
  "spacing_x": 1.3300000429153442,
  "spacing_y": 1.0,
  "spacing_z": 1.0,
  "summary_bg_k": 461.00064124492405,
  "summary_bg_mean": 3.5760011672973633,
  "summary_bg_p05": 0.0,
  "summary_bg_p95": 8.0,
  "summary_bg_stdv": 5.815017223358154,
  "summary_csf_k": 1.163293408369026,
  "summary_csf_mean": 74.81389617919922,
  "summary_csf_p05": 5.699999999999989,
  "summary_csf_p95": 124.0,
  "summary_csf_stdv": 35.40738296508789,
  "summary_gm_k": 0.43768951684327506,
  "summary_gm_mean": 172.76426696777344,
  "summary_gm_p05": 131.0,
  "summary_gm_p95": 214.0,
  "summary_gm_stdv": 24.355043411254883,
  "summary_wm_k": -0.7379458891005544,
  "summary_wm_mean": 219.410400390625,
  "summary_wm_p05": 186.0,
  "summary_wm_p95": 253.0,
  "summary_wm_stdv": 21.458078384399414,
  "tpm_overlap_csf": 0.0029525731198155603,
  "tpm_overlap_gm": 0.002695724482999768,
  "tpm_overlap_wm": 0.003042372236340526,
  "wm2max": 0.8666666666666667
}