{
  "aor": 0.001046788990825688,
  "aqi": 0.0031377187155963307,
  "dvars_nstd": 16.611897388611116,
  "dvars_std": 1.1506352797222223,
  "dvars_vstd": 1.0024806981481484,
  "efc": 0.5341974597829631,
  "fber": 76.70030975341797,
  "fd_mean": 0.08275586496685187,
  "fd_num": 0,
  "fd_perc": 0.0,
  "fwhm_avg": 6.87767,
  "fwhm_x": 6.18557,
  "fwhm_y": 7.06838,
  "fwhm_z": 7.44087,
  "gcor": 0.008916986097983264,
  "gsr_x": -0.013666866347193718,
  "gsr_y": 0.037881337106227875,
  "metadata": {
    "EchoTime": 0,
    "FlipAngle": 90,
    "MRAcquisitionType": "2D",
    "MagneticFieldStrength": 3,
    "Manufacturer": "SIEMENS",
    "ManufacturerModelName": "TrioTim",
    "RepetitionTime": 2,
    "ScanOptions": "FS",
    "ScanningSequence": "EP",
    "SequenceName": "epfid2d1_64",
    "SequenceVariant": "SK",
    "SliceTiming": [
      0.0037500000050000315,
      0.5,
      -0.028750000000000053,
      0.4675,
      -0.0625,
      0.43374999999499997,
      -0.09499999999999997,
      0.401249999995,
      -0.12875000000499992,
      0.367499999995,
      -0.1612500000049999,
      0.33499999998999996,
      -0.19500000000499995,
      0.301250000005,
      -0.22750000001000004,
      0.26875000000500004,
      -0.2612499999950001,
      0.235,
      -0.29374999999500007,
      0.2025,
      -0.3275,
      0.168749999995,
      -0.36,
      0.13624999999499998,
      -0.39375000000499993,
      0.10374999999500001,
      -0.4262500000049999,
      0.06999999999,
      -0.46000000000499996,
      0.03749999998999998
    ],
    "TaskName": "fb",
    "qc_type": "func",
    "run_id": "01",
    "subject_id": "22",
    "task_id": "fb"
  },
  "size_t": 109,
  "size_x": 64,
  "size_y": 64,
  "size_z": 30,
  "snr": 5.110887483591157,
  "spacing_tr": 1.0,
  "spacing_x": 3.125,
  "spacing_y": 3.125,
  "spacing_z": 4.000002384185791,
  "spikes_num": 0,
  "summary_bg_k": 31.87570327191299,
  "summary_bg_mean": 54.47884750366211,
  "summary_bg_p05": 15.486237525939941,
  "summary_bg_p95": 210.06513061523458,
  "summary_bg_stdv": 83.50504302978516,
  "summary_fg_k": 0.724665235935368,
  "summary_fg_mean": 856.0880126953125,
  "summary_fg_p05": 528.1596313476563,
  "summary_fg_p95": 1115.4091552734376,
  "summary_fg_stdv": 172.02894592285156,
  "tsnr": 92.86170959472656
}