{
  "aor": 0.0011227710843373494,
  "aqi": 0.003493832228915663,
  "dvars_nstd": 22.010254576787876,
  "dvars_std": 1.1937841759999994,
  "dvars_vstd": 1.0059745072121213,
  "efc": 0.5739119109151768,
  "fber": 64.54676055908203,
  "fd_mean": 0.17990249148121207,
  "fd_num": 0,
  "fd_perc": 0.0,
  "fwhm_avg": 7.556,
  "fwhm_x": 6.67258,
  "fwhm_y": 7.82149,
  "fwhm_z": 8.26595,
  "gcor": 0.00667072132409337,
  "gsr_x": -0.021300042048096657,
  "gsr_y": 0.04817750304937363,
  "metadata": {
    "EchoTime": 0,
    "FlipAngle": 90,
    "MRAcquisitionType": "2D",
    "MagneticFieldStrength": 3,
    "Manufacturer": "SIEMENS",
    "ManufacturerModelName": "TrioTim",
    "RepetitionTime": 2,
    "ScanOptions": "FS",
    "ScanningSequence": "EP",
    "SequenceName": "epfid2d1_64",
    "SequenceVariant": "SK",
    "SliceTiming": [
      0.0037500000050000315,
      0.5,
      -0.030000000000000027,
      0.4675,
      -0.0625,
      0.43374999999499997,
      -0.09624999999999995,
      0.401249999995,
      -0.12875000000499992,
      0.36750000001,
      -0.16249999998999998,
      0.33500000000499996,
      -0.19499999998999995,
      0.301250000005,
      -0.228749999995,
      0.26875000000500004,
      -0.2612499999950001,
      0.235,
      -0.29500000000000004,
      0.2025,
      -0.3275,
      0.168749999995,
      -0.36124999999999996,
      0.13624999999499998,
      -0.39375000000499993,
      0.10250000000999998,
      -0.42749999999,
      0.07000000000500001,
      -0.45999999998999996,
      0.036250000005000005
    ],
    "TaskName": "dis",
    "qc_type": "func",
    "run_id": "06",
    "subject_id": "16",
    "task_id": "dis"
  },
  "size_t": 166,
  "size_x": 64,
  "size_y": 64,
  "size_z": 30,
  "snr": 4.612426205984962,
  "spacing_tr": 1.0,
  "spacing_x": 3.125,
  "spacing_y": 3.125,
  "spacing_z": 3.9999985694885254,
  "spikes_num": 0,
  "summary_bg_k": 11.89638549731189,
  "summary_bg_mean": 69.2521743774414,
  "summary_bg_p05": 17.783132553100586,
  "summary_bg_p95": 284.4156494140625,
  "summary_bg_stdv": 96.4154281616211,
  "summary_fg_k": 0.6124843805144442,
  "summary_fg_mean": 931.611572265625,
  "summary_fg_p05": 579.0807006835937,
  "summary_fg_p95": 1260.2746826171874,
  "summary_fg_stdv": 204.15626525878906,
  "tsnr": 80.99089813232422
}