{
  "aor": 0.0006135294117647059,
  "aqi": 0.0035884744852941177,
  "dvars_nstd": 21.722863706148136,
  "dvars_std": 1.130415498148148,
  "dvars_vstd": 0.9875361850370369,
  "efc": 0.5784106898460937,
  "fber": 54.33727264404297,
  "fd_mean": 0.28819857869777776,
  "fd_num": 0,
  "fd_perc": 0.0,
  "fwhm_avg": 6.70087,
  "fwhm_x": 5.82376,
  "fwhm_y": 7.08367,
  "fwhm_z": 7.29343,
  "gcor": 0.013997177867328419,
  "gsr_x": -0.005077615845948458,
  "gsr_y": 0.05065665766596794,
  "metadata": {
    "EchoTime": 0,
    "FlipAngle": 90,
    "MRAcquisitionType": "2D",
    "MagneticFieldStrength": 3,
    "Manufacturer": "SIEMENS",
    "ManufacturerModelName": "TrioTim",
    "RepetitionTime": 2,
    "ScanOptions": "FS",
    "ScanningSequence": "EP",
    "SequenceName": "epfid2d1_64",
    "SequenceVariant": "SK",
    "SliceTiming": [
      0.0025000000000000022,
      0.5,
      -0.030000000000000027,
      0.46625,
      -0.06374999999999997,
      0.43374999999499997,
      -0.09624999999999995,
      0.40000000001,
      -0.1300000000049999,
      0.36750000001,
      -0.16249999998999998,
      0.333750000005,
      -0.19624999999500004,
      0.301250000005,
      -0.228749999995,
      0.26749999999999996,
      -0.26249999999500007,
      0.235,
      -0.29500000000000004,
      0.20124999999999998,
      -0.32875,
      0.168749999995,
      -0.36124999999999996,
      0.134999999995,
      -0.3950000000049999,
      0.10250000000999998,
      -0.427500000005,
      0.06875000000499998,
      -0.46124999999500005,
      0.036250000005000005
    ],
    "TaskName": "tom",
    "qc_type": "func",
    "run_id": "01",
    "subject_id": "38",
    "task_id": "tom"
  },
  "size_t": 136,
  "size_x": 64,
  "size_y": 64,
  "size_z": 30,
  "snr": 5.135905970857846,
  "spacing_tr": 1.0,
  "spacing_x": 3.125,
  "spacing_y": 3.125,
  "spacing_z": 4.000000953674316,
  "spikes_num": 0,
  "summary_bg_k": 17.76600726056142,
  "summary_bg_mean": 64.37515258789062,
  "summary_bg_p05": 16.816177368164062,
  "summary_bg_p95": 255.99632263183594,
  "summary_bg_stdv": 92.77474212646484,
  "summary_fg_k": 0.8975115428098004,
  "summary_fg_mean": 816.4188842773438,
  "summary_fg_p05": 506.9294128417969,
  "summary_fg_p95": 1065.425,
  "summary_fg_stdv": 162.2705535888672,
  "tsnr": 88.93489074707031
}