{
  "aor": 0.003712205882352941,
  "aqi": 0.0043767952205882345,
  "dvars_nstd": 19.054494673703697,
  "dvars_std": 1.157132993185185,
  "dvars_vstd": 1.0307559805185185,
  "efc": 0.5520125007337084,
  "fber": 73.74211120605469,
  "fd_mean": 0.2681917441540741,
  "fd_num": 3,
  "fd_perc": 2.2058823529411766,
  "fwhm_avg": 6.90063,
  "fwhm_x": 6.16476,
  "fwhm_y": 7.14971,
  "fwhm_z": 7.45523,
  "gcor": 0.05798445379032808,
  "gsr_x": 0.0006762160337530077,
  "gsr_y": 0.050990812480449677,
  "metadata": {
    "EchoTime": 0,
    "FlipAngle": 90,
    "MRAcquisitionType": "2D",
    "MagneticFieldStrength": 3,
    "Manufacturer": "SIEMENS",
    "ManufacturerModelName": "TrioTim",
    "RepetitionTime": 2,
    "ScanOptions": "FS",
    "ScanningSequence": "EP",
    "SequenceName": "epfid2d1_64",
    "SequenceVariant": "SK",
    "SliceTiming": [
      0.0025000000000000022,
      0.5,
      -0.030000000000000027,
      0.46625000001,
      -0.06374999998500008,
      0.43375000000999997,
      -0.09624999998999995,
      0.40000000001,
      -0.12999999999,
      0.36750000001,
      -0.16249999998999998,
      0.333750000005,
      -0.19624999999500004,
      0.301250000005,
      -0.228749999995,
      0.26749999999999996,
      -0.26249999999500007,
      0.235,
      -0.29500000000000004,
      0.20125000001499999,
      -0.32875,
      0.16875000001,
      -0.36124999998500007,
      0.13500000001,
      -0.39499999999,
      0.10250000000999998,
      -0.42749999999,
      0.06875000000499998,
      -0.46124999999500005,
      0.036250000005000005
    ],
    "TaskName": "fb",
    "qc_type": "func",
    "run_id": "04",
    "subject_id": "13",
    "task_id": "fb"
  },
  "size_t": 136,
  "size_x": 64,
  "size_y": 64,
  "size_z": 30,
  "snr": 4.753387669339663,
  "spacing_tr": 1.0,
  "spacing_x": 3.125,
  "spacing_y": 3.125,
  "spacing_z": 4.000001907348633,
  "spikes_num": 0,
  "summary_bg_k": 21.001121293359105,
  "summary_bg_mean": 53.9169807434082,
  "summary_bg_p05": 16.03676414489746,
  "summary_bg_p95": 209.81691284179692,
  "summary_bg_stdv": 79.26038360595703,
  "summary_fg_k": 0.8900090466291002,
  "summary_fg_mean": 805.0071411132812,
  "summary_fg_p05": 491.37684020996096,
  "summary_fg_p95": 1076.118408203125,
  "summary_fg_stdv": 172.0405731201172,
  "tsnr": 76.08981323242188
}