{
  "aor": 0.011816176470588234,
  "aqi": 0.004990718897058824,
  "dvars_nstd": 22.600840999703696,
  "dvars_std": 1.1967734530370375,
  "dvars_vstd": 1.0748017988148146,
  "efc": 0.5589459143667832,
  "fber": 72.6772689819336,
  "fd_mean": 0.29212617397377777,
  "fd_num": 3,
  "fd_perc": 2.2058823529411766,
  "fwhm_avg": 7.3127,
  "fwhm_x": 6.51109,
  "fwhm_y": 7.61031,
  "fwhm_z": 7.89182,
  "gcor": 0.0862429843229406,
  "gsr_x": -0.004219720605760813,
  "gsr_y": 0.04598703607916832,
  "metadata": {
    "EchoTime": 0,
    "FlipAngle": 90,
    "MRAcquisitionType": "2D",
    "MagneticFieldStrength": 3,
    "Manufacturer": "SIEMENS",
    "ManufacturerModelName": "TrioTim",
    "RepetitionTime": 2,
    "ScanOptions": "FS",
    "ScanningSequence": "EP",
    "SequenceName": "epfid2d1_64",
    "SequenceVariant": "SK",
    "SliceTiming": [
      0.0037500000050000315,
      0.5,
      -0.030000000000000027,
      0.4675,
      -0.0625,
      0.43374999999499997,
      -0.09624999999999995,
      0.401249999995,
      -0.12875000000499992,
      0.36750000001,
      -0.16250000000499998,
      0.33500000000499996,
      -0.19499999998999995,
      0.301250000005,
      -0.228749999995,
      0.26875000000500004,
      -0.2612499999950001,
      0.235,
      -0.29500000000000004,
      0.2025,
      -0.3275,
      0.168749999995,
      -0.36124999999999996,
      0.13624999999499998,
      -0.39375000000499993,
      0.10249999999499998,
      -0.427500000005,
      0.07000000000500001,
      -0.46000000000499996,
      0.036250000005000005
    ],
    "TaskName": "fb",
    "qc_type": "func",
    "run_id": "01",
    "subject_id": "13",
    "task_id": "fb"
  },
  "size_t": 136,
  "size_x": 64,
  "size_y": 64,
  "size_z": 30,
  "snr": 4.5752772927582805,
  "spacing_tr": 1.0,
  "spacing_x": 3.125,
  "spacing_y": 3.125,
  "spacing_z": 4.000001907348633,
  "spikes_num": 0,
  "summary_bg_k": 19.686382686609665,
  "summary_bg_mean": 55.21199035644531,
  "summary_bg_p05": 16.25,
  "summary_bg_p95": 215.0477897644045,
  "summary_bg_stdv": 79.72648620605469,
  "summary_fg_k": 0.6666674417692411,
  "summary_fg_mean": 807.0479125976562,
  "summary_fg_p05": 486.0716796875,
  "summary_fg_p95": 1090.1405029296875,
  "summary_fg_stdv": 179.38702392578125,
  "tsnr": 65.93380737304688
}