{
  "aor": 0.005,
  "aqi": 0.003688806545454546,
  "dvars_nstd": 24.093421655963315,
  "dvars_std": 1.2157702547706417,
  "dvars_vstd": 1.0281388751376146,
  "efc": 0.5745225605164235,
  "fber": 65.11438751220703,
  "fd_mean": 0.24544461278899085,
  "fd_num": 2,
  "fd_perc": 1.8181818181818181,
  "fwhm_avg": 7.64694,
  "fwhm_x": 6.74536,
  "fwhm_y": 7.91192,
  "fwhm_z": 8.37869,
  "gcor": 0.03524573066017844,
  "gsr_x": -0.021124018356204033,
  "gsr_y": 0.049990132451057434,
  "metadata": {
    "EchoTime": 0,
    "FlipAngle": 90,
    "MRAcquisitionType": "2D",
    "MagneticFieldStrength": 3,
    "Manufacturer": "SIEMENS",
    "ManufacturerModelName": "TrioTim",
    "RepetitionTime": 2,
    "ScanOptions": "FS",
    "ScanningSequence": "EP",
    "SequenceName": "epfid2d1_64",
    "SequenceVariant": "SK",
    "SliceTiming": [
      0.0037500000050000315,
      0.5,
      -0.028750000000000053,
      0.4675,
      -0.0625,
      0.43375000000999997,
      -0.09499999999999997,
      0.40125000001,
      -0.12874999999000003,
      0.36750000001,
      -0.16124999999,
      0.33500000000499996,
      -0.19499999998999995,
      0.301250000005,
      -0.22749999999500004,
      0.26875000000500004,
      -0.2612499999950001,
      0.235,
      -0.29374999999500007,
      0.2025,
      -0.3275,
      0.16875000001,
      -0.36,
      0.13625000000999998,
      -0.39374999999000004,
      0.10375000001000001,
      -0.42624999999,
      0.07000000000500001,
      -0.45999999998999996,
      0.03750000000499998
    ],
    "TaskName": "fb",
    "qc_type": "func",
    "run_id": "04",
    "subject_id": "16",
    "task_id": "fb"
  },
  "size_t": 110,
  "size_x": 64,
  "size_y": 64,
  "size_z": 30,
  "snr": 4.65791201890682,
  "spacing_tr": 1.0,
  "spacing_x": 3.125,
  "spacing_y": 3.125,
  "spacing_z": 3.9999985694885254,
  "spikes_num": 0,
  "summary_bg_k": 11.927467117812139,
  "summary_bg_mean": 69.21052551269531,
  "summary_bg_p05": 17.799999237060547,
  "summary_bg_p95": 282.3963439941401,
  "summary_bg_stdv": 95.52095794677734,
  "summary_fg_k": 0.5914590749285975,
  "summary_fg_mean": 930.1218872070312,
  "summary_fg_p05": 580.7654296875,
  "summary_fg_p95": 1255.5518188476562,
  "summary_fg_stdv": 202.23202514648438,
  "tsnr": 77.89151000976562
}