{
  "aor": 0.0019278313253012047,
  "aqi": 0.004337072469879518,
  "dvars_nstd": 20.919988719090917,
  "dvars_std": 1.1745526030909088,
  "dvars_vstd": 1.009988218121212,
  "efc": 0.5473523082439608,
  "fber": 75.6027603149414,
  "fd_mean": 0.27462260457090903,
  "fd_num": 2,
  "fd_perc": 1.2048192771084338,
  "fwhm_avg": 6.81263,
  "fwhm_x": 6.07604,
  "fwhm_y": 7.0592,
  "fwhm_z": 7.3717,
  "gcor": 0.037983716252338456,
  "gsr_x": -0.015381742268800735,
  "gsr_y": 0.04907798767089844,
  "metadata": {
    "EchoTime": 0,
    "FlipAngle": 90,
    "MRAcquisitionType": "2D",
    "MagneticFieldStrength": 3,
    "Manufacturer": "SIEMENS",
    "ManufacturerModelName": "TrioTim",
    "RepetitionTime": 2,
    "ScanOptions": "FS",
    "ScanningSequence": "EP",
    "SequenceName": "epfid2d1_64",
    "SequenceVariant": "SK",
    "SliceTiming": [
      0.0025000000000000022,
      0.5,
      -0.030000000000000027,
      0.46625,
      -0.06374999999999997,
      0.43374999999499997,
      -0.09624999999999995,
      0.40000000001,
      -0.12999999999,
      0.36750000001,
      -0.16249999998999998,
      0.333750000005,
      -0.19624999999500004,
      0.301250000005,
      -0.228749999995,
      0.26749999999999996,
      -0.26249999999500007,
      0.235,
      -0.29500000000000004,
      0.20124999999999998,
      -0.32875,
      0.168749999995,
      -0.36124999999999996,
      0.13500000001,
      -0.3950000000049999,
      0.10250000000999998,
      -0.42749999999,
      0.06875000000499998,
      -0.46124999999500005,
      0.036250000005000005
    ],
    "TaskName": "dis",
    "qc_type": "func",
    "run_id": "03",
    "subject_id": "34",
    "task_id": "dis"
  },
  "size_t": 166,
  "size_x": 64,
  "size_y": 64,
  "size_z": 30,
  "snr": 4.910474590590162,
  "spacing_tr": 1.0,
  "spacing_x": 3.125,
  "spacing_y": 3.125,
  "spacing_z": 3.9999990463256836,
  "spikes_num": 0,
  "summary_bg_k": 22.99467351818916,
  "summary_bg_mean": 50.7186164855957,
  "summary_bg_p05": 16.45783042907715,
  "summary_bg_p95": 197.3722839355468,
  "summary_bg_stdv": 74.3285140991211,
  "summary_fg_k": 1.1224601224623871,
  "summary_fg_mean": 766.3548583984375,
  "summary_fg_p05": 482.943359375,
  "summary_fg_p95": 1017.3975219726562,
  "summary_fg_stdv": 157.68206787109375,
  "tsnr": 79.09859466552734
}