{
  "aor": 0.00242789156626506,
  "aqi": 0.013140565180722891,
  "dvars_nstd": 57.88978081884848,
  "dvars_std": 1.2429078559393936,
  "dvars_vstd": 0.9915282618181819,
  "efc": 0.5577856504091054,
  "fber": 73.369140625,
  "fd_mean": 1.0598782863636365,
  "fd_num": 83,
  "fd_perc": 50.0,
  "fwhm_avg": 6.85163,
  "fwhm_x": 6.0438,
  "fwhm_y": 7.35595,
  "fwhm_z": 7.23491,
  "gcor": 0.04690024077174175,
  "gsr_x": -0.01238319743424654,
  "gsr_y": 0.05368033051490784,
  "metadata": {
    "EchoTime": 0,
    "FlipAngle": 90,
    "MRAcquisitionType": "2D",
    "MagneticFieldStrength": 3,
    "Manufacturer": "SIEMENS",
    "ManufacturerModelName": "TrioTim",
    "RepetitionTime": 2,
    "ScanOptions": "FS",
    "ScanningSequence": "EP",
    "SequenceName": "epfid2d1_64",
    "SequenceVariant": "SK",
    "SliceTiming": [
      0.0025000000000000022,
      0.5,
      -0.030000000000000027,
      0.46625,
      -0.06374999999999997,
      0.43375000000999997,
      -0.09624999999999995,
      0.40000000001,
      -0.12999999999,
      0.36750000001,
      -0.16249999998999998,
      0.333750000005,
      -0.19624999999500004,
      0.301250000005,
      -0.228749999995,
      0.26749999999999996,
      -0.26249999999500007,
      0.235,
      -0.29500000000000004,
      0.20124999999999998,
      -0.32875,
      0.168749999995,
      -0.36124999999999996,
      0.13500000001,
      -0.39499999999,
      0.10250000000999998,
      -0.42749999999,
      0.06875000000499998,
      -0.46124999999500005,
      0.036250000005000005
    ],
    "TaskName": "dis",
    "qc_type": "func",
    "run_id": "04",
    "subject_id": "27",
    "task_id": "dis"
  },
  "size_t": 166,
  "size_x": 64,
  "size_y": 64,
  "size_z": 30,
  "snr": 4.977064497570099,
  "spacing_tr": 1.0,
  "spacing_x": 3.125,
  "spacing_y": 3.125,
  "spacing_z": 3.999999761581421,
  "spikes_num": 0,
  "summary_bg_k": 19.62977109203983,
  "summary_bg_mean": 56.974571228027344,
  "summary_bg_p05": 17.807228088378906,
  "summary_bg_p95": 208.93373107910156,
  "summary_bg_stdv": 75.97254943847656,
  "summary_fg_k": 1.1454724288259523,
  "summary_fg_mean": 797.0614624023438,
  "summary_fg_p05": 503.96624145507815,
  "summary_fg_p95": 1056.225244140625,
  "summary_fg_stdv": 162.26754760742188,
  "tsnr": 48.05062484741211
}