{
  "aor": 0.0034178676470588234,
  "aqi": 0.005079837279411765,
  "dvars_nstd": 26.38366390525925,
  "dvars_std": 1.2194143097037033,
  "dvars_vstd": 1.0311146223703698,
  "efc": 0.5574478467756762,
  "fber": 70.91336059570312,
  "fd_mean": 0.3999343626874074,
  "fd_num": 3,
  "fd_perc": 2.2058823529411766,
  "fwhm_avg": 7.11583,
  "fwhm_x": 6.37314,
  "fwhm_y": 7.45056,
  "fwhm_z": 7.58812,
  "gcor": 0.02702164649963379,
  "gsr_x": -0.015190173871815205,
  "gsr_y": 0.05005626380443573,
  "metadata": {
    "EchoTime": 0,
    "FlipAngle": 90,
    "MRAcquisitionType": "2D",
    "MagneticFieldStrength": 3,
    "Manufacturer": "SIEMENS",
    "ManufacturerModelName": "TrioTim",
    "RepetitionTime": 2,
    "ScanOptions": "FS",
    "ScanningSequence": "EP",
    "SequenceName": "epfid2d1_64",
    "SequenceVariant": "SK",
    "SliceTiming": [
      0.0025000000000000022,
      0.5,
      -0.030000000000000027,
      0.46625,
      -0.06374999999999997,
      0.43374999999499997,
      -0.09624999999999995,
      0.399999999995,
      -0.12875000000499992,
      0.367499999995,
      -0.16250000000499998,
      0.33374999999,
      -0.19500000000499995,
      0.30124999999,
      -0.22875000001,
      0.26749999999999996,
      -0.26125000001,
      0.235,
      -0.29500000000000004,
      0.20124999999999998,
      -0.3275,
      0.168749999995,
      -0.36124999999999996,
      0.134999999995,
      -0.39375000000499993,
      0.10249999999499998,
      -0.427500000005,
      0.06874999998999998,
      -0.46000000000499996,
      0.036249999990000004
    ],
    "TaskName": "fb",
    "qc_type": "func",
    "run_id": "02",
    "subject_id": "10",
    "task_id": "fb"
  },
  "size_t": 136,
  "size_x": 64,
  "size_y": 64,
  "size_z": 30,
  "snr": 4.710639407430836,
  "spacing_tr": 1.0,
  "spacing_x": 3.125,
  "spacing_y": 3.125,
  "spacing_z": 4.000000476837158,
  "spikes_num": 0,
  "summary_bg_k": 17.28753279617333,
  "summary_bg_mean": 58.70332717895508,
  "summary_bg_p05": 16.33823585510254,
  "summary_bg_p95": 227.32720947265614,
  "summary_bg_stdv": 80.21656799316406,
  "summary_fg_k": 0.6309363067469222,
  "summary_fg_mean": 818.3397216796875,
  "summary_fg_p05": 501.94852905273444,
  "summary_fg_p95": 1091.7646972656248,
  "summary_fg_stdv": 176.06607055664062,
  "tsnr": 69.52470397949219
}