{
  "aor": 0.017202363636363637,
  "aqi": 0.011267621363636363,
  "dvars_nstd": 38.91621785651377,
  "dvars_std": 1.3606748738532115,
  "dvars_vstd": 1.1923162155963303,
  "efc": 0.5809540231488044,
  "fber": 62.43707275390625,
  "fd_mean": 0.804260134495413,
  "fd_num": 20,
  "fd_perc": 18.181818181818183,
  "fwhm_avg": 7.61687,
  "fwhm_x": 6.65246,
  "fwhm_y": 8.12339,
  "fwhm_z": 8.17729,
  "gcor": 0.18244150335138495,
  "gsr_x": -0.013390067033469677,
  "gsr_y": 0.05799403786659241,
  "metadata": {
    "EchoTime": 0,
    "FlipAngle": 90,
    "MRAcquisitionType": "2D",
    "MagneticFieldStrength": 3,
    "Manufacturer": "SIEMENS",
    "ManufacturerModelName": "TrioTim",
    "RepetitionTime": 2,
    "ScanOptions": "FS",
    "ScanningSequence": "EP",
    "SequenceName": "epfid2d1_64",
    "SequenceVariant": "SK",
    "SliceTiming": [
      0.0037500000050000315,
      0.5,
      -0.030000000000000027,
      0.4675,
      -0.0625,
      0.43374999999499997,
      -0.09624999999999995,
      0.401249999995,
      -0.12875000000499992,
      0.36750000001,
      -0.16250000000499998,
      0.33500000000499996,
      -0.19499999998999995,
      0.301250000005,
      -0.228749999995,
      0.26875000000500004,
      -0.2612499999950001,
      0.235,
      -0.29500000000000004,
      0.2025,
      -0.3275,
      0.168749999995,
      -0.36124999999999996,
      0.13624999999499998,
      -0.39375000000499993,
      0.10250000000999998,
      -0.427500000005,
      0.07000000000500001,
      -0.45999999998999996,
      0.036250000005000005
    ],
    "TaskName": "fb",
    "qc_type": "func",
    "run_id": "04",
    "subject_id": "31",
    "task_id": "fb"
  },
  "size_t": 110,
  "size_x": 64,
  "size_y": 64,
  "size_z": 30,
  "snr": 4.85170939802769,
  "spacing_tr": 1.0,
  "spacing_x": 3.125,
  "spacing_y": 3.125,
  "spacing_z": 4.000000953674316,
  "spikes_num": 0,
  "summary_bg_k": 16.7713572878448,
  "summary_bg_mean": 65.94024658203125,
  "summary_bg_p05": 18.509090423583984,
  "summary_bg_p95": 243.8781784057618,
  "summary_bg_stdv": 86.17829895019531,
  "summary_fg_k": 0.6821300835448119,
  "summary_fg_mean": 838.8816528320312,
  "summary_fg_p05": 512.5763305664062,
  "summary_fg_p95": 1113.7981201171874,
  "summary_fg_stdv": 177.376708984375,
  "tsnr": 43.50020980834961
}