{
  "aor": 0.002962530120481928,
  "aqi": 0.004739483253012049,
  "dvars_nstd": 25.029713589757574,
  "dvars_std": 1.1877718056969695,
  "dvars_vstd": 1.0139752393333332,
  "efc": 0.5958754467336033,
  "fber": 42.279720306396484,
  "fd_mean": 0.3061684984614545,
  "fd_num": 3,
  "fd_perc": 1.8072289156626506,
  "fwhm_avg": 6.65872,
  "fwhm_x": 5.86153,
  "fwhm_y": 6.90219,
  "fwhm_z": 7.29748,
  "gcor": 0.022072115576410867,
  "gsr_x": -0.024692686274647713,
  "gsr_y": 0.07260977476835251,
  "metadata": {
    "EchoTime": 0,
    "FlipAngle": 90,
    "MRAcquisitionType": "2D",
    "MagneticFieldStrength": 3,
    "Manufacturer": "SIEMENS",
    "ManufacturerModelName": "TrioTim",
    "RepetitionTime": 2,
    "ScanOptions": "FS",
    "ScanningSequence": "EP",
    "SequenceName": "epfid2d1_64",
    "SequenceVariant": "SK",
    "SliceTiming": [
      0.0037500000050000315,
      0.5,
      -0.030000000000000027,
      0.4675,
      -0.0625,
      0.43374999999499997,
      -0.09624999999999995,
      0.401249999995,
      -0.12875000000499992,
      0.367499999995,
      -0.1612500000049999,
      0.33500000000499996,
      -0.19500000000499995,
      0.301250000005,
      -0.22749999999500004,
      0.26875000000500004,
      -0.2612499999950001,
      0.235,
      -0.29374999999500007,
      0.2025,
      -0.3275,
      0.168749999995,
      -0.36,
      0.13624999999499998,
      -0.39375000000499993,
      0.10249999999499998,
      -0.4262500000049999,
      0.07000000000500001,
      -0.46000000000499996,
      0.036250000005000005
    ],
    "TaskName": "dis",
    "qc_type": "func",
    "run_id": "03",
    "subject_id": "17",
    "task_id": "dis"
  },
  "size_t": 166,
  "size_x": 64,
  "size_y": 64,
  "size_z": 30,
  "snr": 4.627678044139181,
  "spacing_tr": 1.0,
  "spacing_x": 3.125,
  "spacing_y": 3.125,
  "spacing_z": 3.999999761581421,
  "spikes_num": 0,
  "summary_bg_k": 12.387261574683338,
  "summary_bg_mean": 73.71638488769531,
  "summary_bg_p05": 17.138553619384766,
  "summary_bg_p95": 299.8692687988282,
  "summary_bg_stdv": 101.63528442382812,
  "summary_fg_k": 1.058326488570855,
  "summary_fg_mean": 797.6331787109375,
  "summary_fg_p05": 489.51865539550784,
  "summary_fg_p95": 1078.3969848632798,
  "summary_fg_stdv": 173.98825073242188,
  "tsnr": 70.69959259033203
}