{
  "aor": 0.02583309090909091,
  "aqi": 0.010223098181818185,
  "dvars_nstd": 27.973653496055032,
  "dvars_std": 1.425804722201835,
  "dvars_vstd": 1.277145153394495,
  "efc": 0.6018309889760296,
  "fber": 49.141151428222656,
  "fd_mean": 0.34501001910401524,
  "fd_num": 11,
  "fd_perc": 10.0,
  "fwhm_avg": 6.66262,
  "fwhm_x": 5.83449,
  "fwhm_y": 6.94897,
  "fwhm_z": 7.29475,
  "gcor": 0.2913359902121804,
  "gsr_x": -0.008273054845631123,
  "gsr_y": 0.07656362652778625,
  "metadata": {
    "EchoTime": 0,
    "FlipAngle": 90,
    "MRAcquisitionType": "2D",
    "MagneticFieldStrength": 3,
    "Manufacturer": "SIEMENS",
    "ManufacturerModelName": "TrioTim",
    "RepetitionTime": 2,
    "ScanOptions": "FS",
    "ScanningSequence": "EP",
    "SequenceName": "epfid2d1_64",
    "SequenceVariant": "SK",
    "SliceTiming": [
      0.0037499999899999747,
      0.5,
      -0.028750000000000053,
      0.4675,
      -0.0625,
      0.43374999999499997,
      -0.09499999999999997,
      0.401249999995,
      -0.12875000000499992,
      0.367499999995,
      -0.1612500000049999,
      0.33499999998999996,
      -0.19500000000499995,
      0.30124999999,
      -0.22750000001000004,
      0.26875000000500004,
      -0.26125000001,
      0.235,
      -0.29374999999500007,
      0.2025,
      -0.3275,
      0.168749999995,
      -0.36,
      0.13624999999499998,
      -0.39375000000499993,
      0.10249999999499998,
      -0.4262500000049999,
      0.06999999999,
      -0.46000000000499996,
      0.036249999990000004
    ],
    "TaskName": "fb",
    "qc_type": "func",
    "run_id": "01",
    "subject_id": "30",
    "task_id": "fb"
  },
  "size_t": 110,
  "size_x": 64,
  "size_y": 64,
  "size_z": 30,
  "snr": 5.115437248259579,
  "spacing_tr": 1.0,
  "spacing_x": 3.125,
  "spacing_y": 3.125,
  "spacing_z": 4.000000476837158,
  "spikes_num": 0,
  "summary_bg_k": 19.573933137576844,
  "summary_bg_mean": 65.14064025878906,
  "summary_bg_p05": 16.81818199157715,
  "summary_bg_p95": 270.8672546386718,
  "summary_bg_stdv": 98.28376007080078,
  "summary_fg_k": 0.7314636715379002,
  "summary_fg_mean": 810.6336669921875,
  "summary_fg_p05": 511.8581726074219,
  "summary_fg_p95": 1061.552685546875,
  "summary_fg_stdv": 161.50082397460938,
  "tsnr": 49.40428924560547
}