{
  "aor": 0.0013934558823529412,
  "aqi": 0.00511645125,
  "dvars_nstd": 17.570266292518514,
  "dvars_std": 1.1262755413333332,
  "dvars_vstd": 0.9952633125925925,
  "efc": 0.56442981522376,
  "fber": 55.976097106933594,
  "fd_mean": 0.24831231596370373,
  "fd_num": 0,
  "fd_perc": 0.0,
  "fwhm_avg": 6.6768,
  "fwhm_x": 6.00199,
  "fwhm_y": 6.86146,
  "fwhm_z": 7.2276,
  "gcor": 0.04635158707113827,
  "gsr_x": -0.006887523923069239,
  "gsr_y": 0.04488339275121689,
  "metadata": {
    "EchoTime": 0,
    "FlipAngle": 90,
    "MRAcquisitionType": "2D",
    "MagneticFieldStrength": 3,
    "Manufacturer": "SIEMENS",
    "ManufacturerModelName": "TrioTim",
    "RepetitionTime": 2,
    "ScanOptions": "FS",
    "ScanningSequence": "EP",
    "SequenceName": "epfid2d1_64",
    "SequenceVariant": "SK",
    "SliceTiming": [
      0.003749999994999975,
      0.5,
      -0.030000000004999916,
      0.4675,
      -0.0625,
      0.43374999999499997,
      -0.09624999999999995,
      0.401249999995,
      -0.12875000000499992,
      0.3675,
      -0.16250000000499998,
      0.33499999999999996,
      -0.19499999999999995,
      0.301249999995,
      -0.22875,
      0.268749999995,
      -0.261250000005,
      0.235,
      -0.29500000000499993,
      0.2025,
      -0.3275,
      0.168749999995,
      -0.36124999999999996,
      0.13624999999499998,
      -0.39375000000499993,
      0.10249999999499998,
      -0.427500000005,
      0.07,
      -0.46000000000499996,
      0.036249999995000004
    ],
    "TaskName": "fb",
    "qc_type": "func",
    "run_id": "04",
    "subject_id": "11",
    "task_id": "fb"
  },
  "size_t": 136,
  "size_x": 64,
  "size_y": 64,
  "size_z": 30,
  "snr": 5.018418996450115,
  "spacing_tr": 1.0,
  "spacing_x": 3.125,
  "spacing_y": 3.125,
  "spacing_z": 4.000000476837158,
  "spikes_num": 0,
  "summary_bg_k": 29.20467177935881,
  "summary_bg_mean": 55.569580078125,
  "summary_bg_p05": 14.713234901428223,
  "summary_bg_p95": 220.23970336914056,
  "summary_bg_stdv": 87.64004516601562,
  "summary_fg_k": 1.2480443264083485,
  "summary_fg_mean": 760.9879760742188,
  "summary_fg_p05": 488.5294189453125,
  "summary_fg_p95": 1002.5345703124998,
  "summary_fg_stdv": 153.9162139892578,
  "tsnr": 81.41060638427734
}