{
  "aor": 0.00441875,
  "aqi": 0.005018659338235295,
  "dvars_nstd": 26.684924429407406,
  "dvars_std": 1.1790344625185183,
  "dvars_vstd": 1.0315655448888887,
  "efc": 0.5713502729820833,
  "fber": 61.807743072509766,
  "fd_mean": 0.42663014339059263,
  "fd_num": 4,
  "fd_perc": 2.9411764705882355,
  "fwhm_avg": 6.5783,
  "fwhm_x": 5.76031,
  "fwhm_y": 7.02445,
  "fwhm_z": 7.03532,
  "gcor": 0.016540497541427612,
  "gsr_x": -0.011398956179618835,
  "gsr_y": 0.06199212744832039,
  "metadata": {
    "EchoTime": 0,
    "FlipAngle": 90,
    "MRAcquisitionType": "2D",
    "MagneticFieldStrength": 3,
    "Manufacturer": "SIEMENS",
    "ManufacturerModelName": "TrioTim",
    "RepetitionTime": 2,
    "ScanOptions": "FS",
    "ScanningSequence": "EP",
    "SequenceName": "epfid2d1_64",
    "SequenceVariant": "SK",
    "SliceTiming": [
      0.003749999994999975,
      0.5,
      -0.030000000000000027,
      0.4675,
      -0.0625,
      0.43374999999499997,
      -0.09624999999999995,
      0.401250000005,
      -0.12875000000499992,
      0.3675,
      -0.16249999999999998,
      0.33499999999999996,
      -0.19499999999999995,
      0.301249999995,
      -0.22875,
      0.26875000000500004,
      -0.261250000005,
      0.235,
      -0.29500000000000004,
      0.2025,
      -0.3275,
      0.168749999995,
      -0.36124999999999996,
      0.13624999999499998,
      -0.39375000000499993,
      0.10249999999999998,
      -0.4275,
      0.07,
      -0.45999999999999996,
      0.036249999995000004
    ],
    "TaskName": "tom",
    "qc_type": "func",
    "run_id": "01",
    "subject_id": "44",
    "task_id": "tom"
  },
  "size_t": 136,
  "size_x": 64,
  "size_y": 64,
  "size_z": 30,
  "snr": 4.96547055865454,
  "spacing_tr": 1.0,
  "spacing_x": 3.125,
  "spacing_y": 3.125,
  "spacing_z": 4.000000953674316,
  "spikes_num": 0,
  "summary_bg_k": 29.875244776407555,
  "summary_bg_mean": 62.78583908081055,
  "summary_bg_p05": 18.117647171020508,
  "summary_bg_p95": 232.4485321044922,
  "summary_bg_stdv": 85.22903442382812,
  "summary_fg_k": 0.8188396185808959,
  "summary_fg_mean": 815.3265991210938,
  "summary_fg_p05": 514.814697265625,
  "summary_fg_p95": 1078.1529541015623,
  "summary_fg_stdv": 166.92251586914062,
  "tsnr": 70.18229675292969
}