{
  "cjv": 0.6135737299919128,
  "cnr": 6.011755466461182,
  "efc": 0.5387156482523187,
  "fber": 82.79959106445312,
  "fwhm_avg": 2.2584,
  "fwhm_x": 2.55154,
  "fwhm_y": 2.23544,
  "fwhm_z": 2.01948,
  "icvs_csf": 0.15600845558548052,
  "icvs_gm": 0.4186067817111997,
  "icvs_wm": 0.4253847627033198,
  "inu_med": 0.6058443784713745,
  "inu_range": 0.18012064695358276,
  "metadata": {
    "EchoTime": 0.0033900000000000002,
    "FlipAngle": 9,
    "MRAcquisitionType": "3D",
    "MagneticFieldStrength": 3,
    "Manufacturer": "SIEMENS",
    "ManufacturerModelName": "TrioTim",
    "RepetitionTime": 2,
    "ScanOptions": "IR",
    "ScanningSequence": "GR\\IR",
    "SequenceName": "tfl3d1_ns",
    "SequenceVariant": "SP\\MP",
    "SliceTiming": [
      0.0037500000050000315,
      0.5,
      -0.030000000000000027,
      0.46750000001500003,
      -0.0625,
      0.43375000000999997,
      -0.09624999998999995,
      0.40125000001,
      -0.12874999999000003,
      0.36750000001,
      -0.16249999998999998,
      0.33500000000499996,
      -0.19499999998999995,
      0.301250000005,
      -0.228749999995,
      0.26875000000500004,
      -0.2612499999950001,
      0.235,
      -0.29500000000000004,
      0.2025,
      -0.3275,
      0.16875000001,
      -0.36124999998500007,
      0.13625000000999998,
      -0.39374999999000004,
      0.10250000000999998,
      -0.42749999999,
      0.07000000000500001,
      -0.45999999998999996,
      0.036250000005000005
    ],
    "TaskName": "MPRAGE",
    "qc_type": "anat",
    "subject_id": "38"
  },
  "qi_1": 0.0,
  "qi_2": 0.0642461081605698,
  "rpve_csf": 50436.80078125,
  "rpve_gm": 90633.53125,
  "rpve_wm": 37040.83984375,
  "size_x": 128,
  "size_y": 256,
  "size_z": 256,
  "snr_csf": 2.643492514359262,
  "snr_gm": 9.127574048366105,
  "snr_total": 11.803726059670886,
  "snr_wm": 23.64011161628729,
  "snrd_csf": 22.190021871503884,
  "snrd_gm": 38.272375332415784,
  "snrd_total": 36.65327583487272,
  "snrd_wm": 49.4974303006985,
  "spacing_x": 1.3300000429153442,
  "spacing_y": 1.0,
  "spacing_z": 1.0,
  "summary_bg_k": 1.8787553943243678,
  "summary_bg_mean": 3.516608238220215,
  "summary_bg_p05": 0.0,
  "summary_bg_p95": 8.0,
  "summary_bg_stdv": 2.18152117729187,
  "summary_csf_k": 1.4796474928069632,
  "summary_csf_mean": 82.76461029052734,
  "summary_csf_p05": 4.0,
  "summary_csf_p95": 126.0,
  "summary_csf_stdv": 34.37064743041992,
  "summary_gm_k": -0.590649314193914,
  "summary_gm_mean": 160.16812133789062,
  "summary_gm_p05": 122.0,
  "summary_gm_p95": 198.0,
  "summary_gm_stdv": 23.4288272857666,
  "summary_wm_k": -0.4676382888376094,
  "summary_wm_mean": 220.2357940673828,
  "summary_wm_p05": 184.0,
  "summary_wm_p95": 250.0,
  "summary_wm_stdv": 20.60442352294922,
  "tpm_overlap_csf": 0.17606470359208276,
  "tpm_overlap_gm": 0.36338324385871734,
  "tpm_overlap_wm": 0.421541853113028,
  "wm2max": 0.8862745098039215
}