{
  "aor": 0.0008479518072289157,
  "aqi": 0.010060293072289159,
  "dvars_nstd": 48.613446449030285,
  "dvars_std": 1.222709552787879,
  "dvars_vstd": 0.9742837646060604,
  "efc": 0.5573828296794461,
  "fber": 72.62783813476562,
  "fd_mean": 0.7947121814860605,
  "fd_num": 43,
  "fd_perc": 25.903614457831324,
  "fwhm_avg": 6.61867,
  "fwhm_x": 5.81991,
  "fwhm_y": 7.05956,
  "fwhm_z": 7.05696,
  "gcor": 0.017191879720572966,
  "gsr_x": -0.014362847432494164,
  "gsr_y": 0.05000168830156326,
  "metadata": {
    "EchoTime": 0,
    "FlipAngle": 90,
    "MRAcquisitionType": "2D",
    "MagneticFieldStrength": 3,
    "Manufacturer": "SIEMENS",
    "ManufacturerModelName": "TrioTim",
    "RepetitionTime": 2,
    "ScanOptions": "FS",
    "ScanningSequence": "EP",
    "SequenceName": "epfid2d1_64",
    "SequenceVariant": "SK",
    "SliceTiming": [
      0.0025000000000000022,
      0.5,
      -0.030000000000000027,
      0.46625,
      -0.06374999999999997,
      0.43374999999499997,
      -0.09624999999999995,
      0.399999999995,
      -0.1300000000049999,
      0.367499999995,
      -0.16250000000499998,
      0.33374999999,
      -0.19625000001000004,
      0.301250000005,
      -0.22875000001,
      0.26749999999999996,
      -0.26249999999500007,
      0.235,
      -0.29500000000000004,
      0.20124999999999998,
      -0.32875,
      0.168749999995,
      -0.36124999999999996,
      0.134999999995,
      -0.3950000000049999,
      0.10249999999499998,
      -0.427500000005,
      0.06874999998999998,
      -0.46125000001000005,
      0.036250000005000005
    ],
    "TaskName": "dis",
    "qc_type": "func",
    "run_id": "05",
    "subject_id": "27",
    "task_id": "dis"
  },
  "size_t": 166,
  "size_x": 64,
  "size_y": 64,
  "size_z": 30,
  "snr": 4.931029990904912,
  "spacing_tr": 1.0,
  "spacing_x": 3.125,
  "spacing_y": 3.125,
  "spacing_z": 3.999999761581421,
  "spikes_num": 0,
  "summary_bg_k": 19.25709240512819,
  "summary_bg_mean": 57.752376556396484,
  "summary_bg_p05": 17.722890853881836,
  "summary_bg_p95": 215.4463790893548,
  "summary_bg_stdv": 78.44917297363281,
  "summary_fg_k": 1.291992103121557,
  "summary_fg_mean": 813.2713012695312,
  "summary_fg_p05": 517.1554077148438,
  "summary_fg_p95": 1083.819262695312,
  "summary_fg_stdv": 166.73252868652344,
  "tsnr": 56.201934814453125
}