{
  "aor": 0.004153614457831326,
  "aqi": 0.0036949969879518075,
  "dvars_nstd": 17.24100148218182,
  "dvars_std": 1.1784774409090908,
  "dvars_vstd": 1.0238847260606057,
  "efc": 0.5815643161663423,
  "fber": 61.17420196533203,
  "fd_mean": 0.143455708686524,
  "fd_num": 3,
  "fd_perc": 1.8072289156626506,
  "fwhm_avg": 6.78047,
  "fwhm_x": 6.07044,
  "fwhm_y": 7.01105,
  "fwhm_z": 7.32448,
  "gcor": 0.042770285204232456,
  "gsr_x": -0.005081343464553356,
  "gsr_y": 0.06047393009066582,
  "metadata": {
    "EchoTime": 0,
    "FlipAngle": 90,
    "MRAcquisitionType": "2D",
    "MagneticFieldStrength": 3,
    "Manufacturer": "SIEMENS",
    "ManufacturerModelName": "TrioTim",
    "RepetitionTime": 2,
    "ScanOptions": "FS",
    "ScanningSequence": "EP",
    "SequenceName": "epfid2d1_64",
    "SequenceVariant": "SK",
    "SliceTiming": [
      0.0037500000050000315,
      0.5,
      -0.030000000000000027,
      0.4675,
      -0.0625,
      0.43374999999499997,
      -0.09624999999999995,
      0.401249999995,
      -0.12875000000499992,
      0.367499999995,
      -0.16250000000499998,
      0.33499999998999996,
      -0.19500000000499995,
      0.30124999999,
      -0.22875000001,
      0.26875000000500004,
      -0.26125000001,
      0.235,
      -0.29500000000000004,
      0.2025,
      -0.3275,
      0.168749999995,
      -0.36124999999999996,
      0.13624999999499998,
      -0.39375000000499993,
      0.10249999999499998,
      -0.427500000005,
      0.06999999999,
      -0.46000000000499996,
      0.036249999990000004
    ],
    "TaskName": "dis",
    "qc_type": "func",
    "run_id": "05",
    "subject_id": "05",
    "task_id": "dis"
  },
  "size_t": 166,
  "size_x": 64,
  "size_y": 64,
  "size_z": 30,
  "snr": 4.9027318072207295,
  "spacing_tr": 1.0,
  "spacing_x": 3.125,
  "spacing_y": 3.125,
  "spacing_z": 3.99999737739563,
  "spikes_num": 1,
  "summary_bg_k": 20.897304801150316,
  "summary_bg_mean": 58.61241149902344,
  "summary_bg_p05": 15.566264152526855,
  "summary_bg_p95": 231.65481033325187,
  "summary_bg_stdv": 82.90660858154297,
  "summary_fg_k": 0.6838186717447416,
  "summary_fg_mean": 777.79736328125,
  "summary_fg_p05": 483.42017364501953,
  "summary_fg_p95": 1030.7951049804688,
  "summary_fg_stdv": 160.22268676757812,
  "tsnr": 82.79644775390625
}