{
  "aor": 0.0009747058823529412,
  "aqi": 0.0041197738235294115,
  "dvars_nstd": 12.869720769925923,
  "dvars_std": 1.0559617194074074,
  "dvars_vstd": 0.9900720504444445,
  "efc": 0.5300584143835639,
  "fber": 83.01203155517578,
  "fd_mean": 0.122661352039803,
  "fd_num": 0,
  "fd_perc": 0.0,
  "fwhm_avg": 6.83882,
  "fwhm_x": 6.01454,
  "fwhm_y": 7.08883,
  "fwhm_z": 7.50184,
  "gcor": 0.01729752035701976,
  "gsr_x": -0.0036334728356450796,
  "gsr_y": 0.036407340317964554,
  "metadata": {
    "EchoTime": 0,
    "FlipAngle": 90,
    "MRAcquisitionType": "2D",
    "MagneticFieldStrength": 3,
    "Manufacturer": "SIEMENS",
    "ManufacturerModelName": "TrioTim",
    "RepetitionTime": 2,
    "ScanOptions": "FS",
    "ScanningSequence": "EP",
    "SequenceName": "epfid2d1_64",
    "SequenceVariant": "SK",
    "SliceTiming": [
      0.0025000000000000022,
      0.5,
      -0.030000000000000027,
      0.46625000001,
      -0.06374999999999997,
      0.43375000000999997,
      -0.09624999998999995,
      0.40000000001,
      -0.12999999999,
      0.36750000001,
      -0.16249999998999998,
      0.333750000005,
      -0.19624999999500004,
      0.301250000005,
      -0.228749999995,
      0.26749999999999996,
      -0.26249999999500007,
      0.235,
      -0.29500000000000004,
      0.20125000001499999,
      -0.32875,
      0.16875000001,
      -0.36124999998500007,
      0.13500000001,
      -0.39499999999,
      0.10250000000999998,
      -0.42749999999,
      0.06875000000499998,
      -0.45999999998999996,
      0.036250000005000005
    ],
    "TaskName": "fb",
    "qc_type": "func",
    "run_id": "01",
    "subject_id": "07",
    "task_id": "fb"
  },
  "size_t": 136,
  "size_x": 64,
  "size_y": 64,
  "size_z": 30,
  "snr": 5.306202104187838,
  "spacing_tr": 1.0,
  "spacing_x": 3.125,
  "spacing_y": 3.125,
  "spacing_z": 3.999999761581421,
  "spikes_num": 0,
  "summary_bg_k": 22.162868812436326,
  "summary_bg_mean": 46.16559982299805,
  "summary_bg_p05": 14.257352828979492,
  "summary_bg_p95": 176.58786697387671,
  "summary_bg_stdv": 69.0945053100586,
  "summary_fg_k": 0.8509427965819958,
  "summary_fg_mean": 743.3048095703125,
  "summary_fg_p05": 467.1889755249024,
  "summary_fg_p95": 954.210284423828,
  "summary_fg_stdv": 143.95094299316406,
  "tsnr": 84.7392807006836
}