{
  "aor": 0.000806848484848485,
  "aqi": 0.0027694632121212123,
  "dvars_nstd": 15.177717348475618,
  "dvars_std": 1.1191389073170723,
  "dvars_vstd": 1.008271096890244,
  "efc": 0.5842714402526087,
  "fber": 58.767791748046875,
  "fd_mean": 0.12084210795858535,
  "fd_num": 0,
  "fd_perc": 0.0,
  "fwhm_avg": 6.64819,
  "fwhm_x": 5.99227,
  "fwhm_y": 6.85408,
  "fwhm_z": 7.15434,
  "gcor": 0.01401206941315622,
  "gsr_x": -0.005053714383393526,
  "gsr_y": 0.06179502606391907,
  "metadata": {
    "EchoTime": 0,
    "FlipAngle": 90,
    "MRAcquisitionType": "2D",
    "MagneticFieldStrength": 3,
    "Manufacturer": "SIEMENS",
    "ManufacturerModelName": "TrioTim",
    "RepetitionTime": 2,
    "ScanOptions": "FS",
    "ScanningSequence": "EP",
    "SequenceName": "epfid2d1_64",
    "SequenceVariant": "SK",
    "SliceTiming": [
      0.0025000000000000022,
      0.5,
      -0.030000000000000027,
      0.46625,
      -0.06374999999999997,
      0.43374999999499997,
      -0.09624999999999995,
      0.399999999995,
      -0.1300000000049999,
      0.367499999995,
      -0.16250000000499998,
      0.333750000005,
      -0.19624999999500004,
      0.301250000005,
      -0.228749999995,
      0.26749999999999996,
      -0.26249999999500007,
      0.235,
      -0.29500000000000004,
      0.20124999999999998,
      -0.32875,
      0.168749999995,
      -0.36124999999999996,
      0.134999999995,
      -0.3950000000049999,
      0.10249999999499998,
      -0.427500000005,
      0.06875000000499998,
      -0.46125000001000005,
      0.036250000005000005
    ],
    "TaskName": "dis",
    "qc_type": "func",
    "run_id": "02",
    "subject_id": "05",
    "task_id": "dis"
  },
  "size_t": 165,
  "size_x": 64,
  "size_y": 64,
  "size_z": 30,
  "snr": 4.934960483154014,
  "spacing_tr": 1.0,
  "spacing_x": 3.125,
  "spacing_y": 3.125,
  "spacing_z": 3.99999737739563,
  "spikes_num": 0,
  "summary_bg_k": 20.145463655098027,
  "summary_bg_mean": 60.319942474365234,
  "summary_bg_p05": 15.67272663116455,
  "summary_bg_p95": 239.03423080444298,
  "summary_bg_stdv": 85.18801879882812,
  "summary_fg_k": 0.7149425002949221,
  "summary_fg_mean": 783.8779907226562,
  "summary_fg_p05": 492.0378616333008,
  "summary_fg_p95": 1038.458447265625,
  "summary_fg_stdv": 160.74668884277344,
  "tsnr": 94.96185302734375
}