{
  "aor": 0.004465808823529412,
  "aqi": 0.0048514325,
  "dvars_nstd": 19.21127623822221,
  "dvars_std": 1.1796522799259261,
  "dvars_vstd": 1.0369139625185186,
  "efc": 0.55804589708588,
  "fber": 69.18595123291016,
  "fd_mean": 0.39992869963703703,
  "fd_num": 4,
  "fd_perc": 2.9411764705882355,
  "fwhm_avg": 6.86959,
  "fwhm_x": 6.06367,
  "fwhm_y": 7.08122,
  "fwhm_z": 7.55003,
  "gcor": 0.05912486945881563,
  "gsr_x": -0.006246259436011314,
  "gsr_y": 0.03383290022611618,
  "metadata": {
    "EchoTime": 0,
    "FlipAngle": 90,
    "MRAcquisitionType": "2D",
    "MagneticFieldStrength": 3,
    "Manufacturer": "SIEMENS",
    "ManufacturerModelName": "TrioTim",
    "RepetitionTime": 2,
    "ScanOptions": "FS",
    "ScanningSequence": "EP",
    "SequenceName": "epfid2d1_64",
    "SequenceVariant": "SK",
    "SliceTiming": [
      0.0025000000000000022,
      0.5,
      -0.030000000000000027,
      0.46625,
      -0.06374999999999997,
      0.43374999999499997,
      -0.09624999999999995,
      0.40000000001,
      -0.1300000000049999,
      0.36750000001,
      -0.16249999998999998,
      0.333750000005,
      -0.19624999999500004,
      0.301250000005,
      -0.228749999995,
      0.26749999999999996,
      -0.26249999999500007,
      0.235,
      -0.29500000000000004,
      0.20124999999999998,
      -0.32875,
      0.168749999995,
      -0.36124999999999996,
      0.134999999995,
      -0.3950000000049999,
      0.10250000000999998,
      -0.427500000005,
      0.06875000000499998,
      -0.46124999999500005,
      0.036250000005000005
    ],
    "TaskName": "fb",
    "qc_type": "func",
    "run_id": "03",
    "subject_id": "09",
    "task_id": "fb"
  },
  "size_t": 136,
  "size_x": 64,
  "size_y": 64,
  "size_z": 30,
  "snr": 5.150504043192853,
  "spacing_tr": 1.0,
  "spacing_x": 3.125,
  "spacing_y": 3.125,
  "spacing_z": 3.9999983310699463,
  "spikes_num": 0,
  "summary_bg_k": 19.986661505947673,
  "summary_bg_mean": 48.68492889404297,
  "summary_bg_p05": 14.470588684082031,
  "summary_bg_p95": 189.87573547363274,
  "summary_bg_stdv": 71.58617401123047,
  "summary_fg_k": 0.8685502845102078,
  "summary_fg_mean": 706.2076416015625,
  "summary_fg_p05": 444.125,
  "summary_fg_p95": 914.2132568359375,
  "summary_fg_stdv": 140.73297119140625,
  "tsnr": 75.7082748413086
}