{
  "aor": 0.008427727272727272,
  "aqi": 0.007417562727272726,
  "dvars_nstd": 25.784634239908275,
  "dvars_std": 1.1767945388990826,
  "dvars_vstd": 1.0366823593577983,
  "efc": 0.5811576324465048,
  "fber": 72.7518539428711,
  "fd_mean": 0.30268459744954124,
  "fd_num": 4,
  "fd_perc": 3.6363636363636362,
  "fwhm_avg": 6.30986,
  "fwhm_x": 5.65544,
  "fwhm_y": 6.54347,
  "fwhm_z": 6.78868,
  "gcor": 0.06840658187866211,
  "gsr_x": -0.01534203439950943,
  "gsr_y": 0.06310576945543289,
  "metadata": {
    "EchoTime": 0,
    "FlipAngle": 90,
    "MRAcquisitionType": "2D",
    "MagneticFieldStrength": 3,
    "Manufacturer": "SIEMENS",
    "ManufacturerModelName": "TrioTim",
    "RepetitionTime": 2,
    "ScanOptions": "FS",
    "ScanningSequence": "EP",
    "SequenceName": "epfid2d1_64",
    "SequenceVariant": "SK",
    "SliceTiming": [
      0.0025000000000000022,
      0.5,
      -0.030000000000000027,
      0.46625,
      -0.06374999999999997,
      0.43374999999499997,
      -0.09624999999999995,
      0.399999999995,
      -0.1300000000049999,
      0.367499999995,
      -0.16250000000499998,
      0.33374999999,
      -0.19625000001000004,
      0.301250000005,
      -0.22875000001,
      0.26749999999999996,
      -0.26249999999500007,
      0.235,
      -0.29500000000000004,
      0.20124999999999998,
      -0.32875,
      0.168749999995,
      -0.36124999999999996,
      0.134999999995,
      -0.3950000000049999,
      0.10249999999499998,
      -0.427500000005,
      0.06874999998999998,
      -0.46125000001000005,
      0.036249999990000004
    ],
    "TaskName": "fb",
    "qc_type": "func",
    "run_id": "01",
    "subject_id": "32",
    "task_id": "fb"
  },
  "size_t": 110,
  "size_x": 64,
  "size_y": 64,
  "size_z": 30,
  "snr": 5.075930540509251,
  "spacing_tr": 1.0,
  "spacing_x": 3.125,
  "spacing_y": 3.125,
  "spacing_z": 4.0,
  "spikes_num": 0,
  "summary_bg_k": 19.831433227524865,
  "summary_bg_mean": 56.217864990234375,
  "summary_bg_p05": 17.445453643798828,
  "summary_bg_p95": 216.00499343872073,
  "summary_bg_stdv": 78.09757232666016,
  "summary_fg_k": 1.2400728439526505,
  "summary_fg_mean": 805.0145263671875,
  "summary_fg_p05": 527.2881652832032,
  "summary_fg_p95": 1065.3818359375,
  "summary_fg_stdv": 160.0328826904297,
  "tsnr": 61.71253204345703
}