{
  "aor": 0.00489441176470588,
  "aqi": 0.0033798906617647055,
  "dvars_nstd": 17.059185169555555,
  "dvars_std": 1.1704453642962958,
  "dvars_vstd": 1.0377281080740746,
  "efc": 0.5849760496611129,
  "fber": 60.05376052856445,
  "fd_mean": 0.14899350943222223,
  "fd_num": 3,
  "fd_perc": 2.2058823529411766,
  "fwhm_avg": 6.90418,
  "fwhm_x": 6.13371,
  "fwhm_y": 7.219,
  "fwhm_z": 7.43252,
  "gcor": 0.021785716800128713,
  "gsr_x": -0.00505243381485343,
  "gsr_y": 0.061473388224840164,
  "metadata": {
    "EchoTime": 0,
    "FlipAngle": 90,
    "MRAcquisitionType": "2D",
    "MagneticFieldStrength": 3,
    "Manufacturer": "SIEMENS",
    "ManufacturerModelName": "TrioTim",
    "RepetitionTime": 2,
    "ScanOptions": "FS",
    "ScanningSequence": "EP",
    "SequenceName": "epfid2d1_64",
    "SequenceVariant": "SK",
    "SliceTiming": [
      0.0037499999899999747,
      0.5,
      -0.030000000000000027,
      0.4675,
      -0.0625,
      0.43374999999499997,
      -0.09624999999999995,
      0.401249999995,
      -0.12875000000499992,
      0.367499999995,
      -0.16250000000499998,
      0.33499999998999996,
      -0.19500000000499995,
      0.30124999999,
      -0.22875000001,
      0.26874999999,
      -0.26125000001,
      0.235,
      -0.29500000000000004,
      0.2025,
      -0.3275,
      0.168749999995,
      -0.36124999999999996,
      0.13624999999499998,
      -0.39375000000499993,
      0.10249999999499998,
      -0.427500000005,
      0.06999999999,
      -0.46000000000499996,
      0.036249999990000004
    ],
    "TaskName": "fb",
    "qc_type": "func",
    "run_id": "04",
    "subject_id": "05",
    "task_id": "fb"
  },
  "size_t": 136,
  "size_x": 64,
  "size_y": 64,
  "size_z": 30,
  "snr": 4.997223684531783,
  "spacing_tr": 1.0,
  "spacing_x": 3.125,
  "spacing_y": 3.125,
  "spacing_z": 3.99999737739563,
  "spikes_num": 1,
  "summary_bg_k": 19.026827279962514,
  "summary_bg_mean": 60.063655853271484,
  "summary_bg_p05": 15.91911792755127,
  "summary_bg_p95": 236.0639709472656,
  "summary_bg_stdv": 83.1455307006836,
  "summary_fg_k": 0.6069738064369559,
  "summary_fg_mean": 779.0272216796875,
  "summary_fg_p05": 486.8720703125,
  "summary_fg_p95": 1026.8029052734375,
  "summary_fg_stdv": 157.89688110351562,
  "tsnr": 85.92936706542969
}