{
  "aor": 0.0022016176470588235,
  "aqi": 0.005101100147058823,
  "dvars_nstd": 18.806969487111104,
  "dvars_std": 1.1847294988888892,
  "dvars_vstd": 1.0192585394074067,
  "efc": 0.6222965760645853,
  "fber": 47.14445495605469,
  "fd_mean": 0.20747896410370373,
  "fd_num": 0,
  "fd_perc": 0.0,
  "fwhm_avg": 6.80875,
  "fwhm_x": 5.98215,
  "fwhm_y": 7.00463,
  "fwhm_z": 7.53285,
  "gcor": 0.03434277632657219,
  "gsr_x": -0.0014869634760543704,
  "gsr_y": 0.0684584528207779,
  "metadata": {
    "EchoTime": 0,
    "FlipAngle": 90,
    "MRAcquisitionType": "2D",
    "MagneticFieldStrength": 3,
    "Manufacturer": "SIEMENS",
    "ManufacturerModelName": "TrioTim",
    "RepetitionTime": 2,
    "ScanOptions": "FS",
    "ScanningSequence": "EP",
    "SequenceName": "epfid2d1_64",
    "SequenceVariant": "SK",
    "SliceTiming": [
      0.0037500000050000315,
      0.5,
      -0.030000000000000027,
      0.4675,
      -0.0625,
      0.43375000000999997,
      -0.09624999999999995,
      0.40125000001,
      -0.12874999999000003,
      0.36750000001,
      -0.16249999998999998,
      0.33500000000499996,
      -0.19499999998999995,
      0.301250000005,
      -0.22749999999500004,
      0.26875000000500004,
      -0.2612499999950001,
      0.235,
      -0.29374999999500007,
      0.2025,
      -0.3275,
      0.16875000001,
      -0.36,
      0.13625000000999998,
      -0.39374999999000004,
      0.10250000000999998,
      -0.42624999999,
      0.07000000000500001,
      -0.45999999998999996,
      0.036250000005000005
    ],
    "TaskName": "fb",
    "qc_type": "func",
    "run_id": "01",
    "subject_id": "08",
    "task_id": "fb"
  },
  "size_t": 136,
  "size_x": 64,
  "size_y": 64,
  "size_z": 30,
  "snr": 5.217351135831741,
  "spacing_tr": 1.0,
  "spacing_x": 3.125,
  "spacing_y": 3.125,
  "spacing_z": 3.999999523162842,
  "spikes_num": 0,
  "summary_bg_k": 9.301259195989617,
  "summary_bg_mean": 69.87423706054688,
  "summary_bg_p05": 16.191177368164062,
  "summary_bg_p95": 276.7260971069336,
  "summary_bg_stdv": 93.43486022949219,
  "summary_fg_k": 0.9599209776343556,
  "summary_fg_mean": 786.2470703125,
  "summary_fg_p05": 508.294108581543,
  "summary_fg_p95": 1024.8404235839841,
  "summary_fg_stdv": 153.52069091796875,
  "tsnr": 78.34246826171875
}