{
  "cjv": 0.6212029457092285,
  "cnr": 6.812014579772949,
  "efc": 0.5643429779118091,
  "fber": 54.67116165161133,
  "fwhm_avg": 3.50006,
  "fwhm_x": 3.78648,
  "fwhm_y": 3.71913,
  "fwhm_z": 3.04474,
  "icvs_csf": 0.19041806842696157,
  "icvs_gm": 0.413865564657551,
  "icvs_wm": 0.39571636691548745,
  "inu_med": 1.0319565534591675,
  "inu_range": 0.4208461165428161,
  "metadata": {
    "EchoTime": 0.0033900000000000002,
    "FlipAngle": 9,
    "MRAcquisitionType": "3D",
    "MagneticFieldStrength": 3,
    "Manufacturer": "SIEMENS",
    "ManufacturerModelName": "TrioTim",
    "RepetitionTime": 2,
    "ScanOptions": "IR",
    "ScanningSequence": "GR\\IR",
    "SequenceName": "tfl3d1_ns",
    "SequenceVariant": "SP\\MP",
    "SliceTiming": [
      0.0037500000050000315,
      0.5,
      -0.030000000000000027,
      0.4675,
      -0.0625,
      0.43374999999499997,
      -0.09624999999999995,
      0.401249999995,
      -0.12875000000499992,
      0.36750000001,
      -0.16250000000499998,
      0.33500000000499996,
      -0.19499999998999995,
      0.301250000005,
      -0.228749999995,
      0.26875000000500004,
      -0.2612499999950001,
      0.235,
      -0.29500000000000004,
      0.2025,
      -0.3275,
      0.168749999995,
      -0.36124999999999996,
      0.13624999999499998,
      -0.39375000000499993,
      0.10249999999499998,
      -0.427500000005,
      0.07000000000500001,
      -0.46000000000499996,
      0.036250000005000005
    ],
    "TaskName": "MPRAGE",
    "qc_type": "anat",
    "subject_id": "32"
  },
  "qi_1": 0.0,
  "qi_2": 0.08212081875870618,
  "rpve_csf": 63533.01171875,
  "rpve_gm": 117980.9296875,
  "rpve_wm": 59380.3984375,
  "size_x": 128,
  "size_y": 256,
  "size_z": 256,
  "snr_csf": 3.31117905210294,
  "snr_gm": 10.793974560993489,
  "snr_total": 10.948829973902868,
  "snr_wm": 18.741336308612173,
  "snrd_csf": 37.497364310228996,
  "snrd_gm": 62.75284905857003,
  "snrd_total": 60.36673489023733,
  "snrd_wm": 80.84999130191298,
  "spacing_x": 1.3300000429153442,
  "spacing_y": 1.0,
  "spacing_z": 1.0,
  "summary_bg_k": 7.63954003219702,
  "summary_bg_mean": 3.314070463180542,
  "summary_bg_p05": 1.0,
  "summary_bg_p95": 8.0,
  "summary_bg_stdv": 2.0418262481689453,
  "summary_csf_k": 1.383018997503239,
  "summary_csf_mean": 80.17549133300781,
  "summary_csf_p05": 41.0,
  "summary_csf_p95": 123.0,
  "summary_csf_stdv": 26.579553604125977,
  "summary_gm_k": -0.47199322077950745,
  "summary_gm_mean": 144.84295654296875,
  "summary_gm_p05": 106.0,
  "summary_gm_p95": 185.0,
  "summary_gm_stdv": 24.187236785888672,
  "summary_wm_k": -0.4302212118779458,
  "summary_wm_mean": 198.17384338378906,
  "summary_wm_p05": 156.0,
  "summary_wm_p95": 238.0,
  "summary_wm_stdv": 24.662694931030273,
  "tpm_overlap_csf": 0.2635140069136017,
  "tpm_overlap_gm": 0.5344538071056911,
  "tpm_overlap_wm": 0.6217215230308051,
  "wm2max": 0.7913385826771654
}