{
  "aor": 0.0005655421686746988,
  "aqi": 0.003814468975903614,
  "dvars_nstd": 21.89016406872727,
  "dvars_std": 1.1335993586060604,
  "dvars_vstd": 0.9887581584242432,
  "efc": 0.5795571064697481,
  "fber": 55.11547088623047,
  "fd_mean": 0.30028010365212127,
  "fd_num": 0,
  "fd_perc": 0.0,
  "fwhm_avg": 6.71772,
  "fwhm_x": 5.86821,
  "fwhm_y": 7.11613,
  "fwhm_z": 7.25967,
  "gcor": 0.02352184847176793,
  "gsr_x": -0.005766462069004774,
  "gsr_y": 0.052165549248456955,
  "metadata": {
    "EchoTime": 0,
    "FlipAngle": 90,
    "MRAcquisitionType": "2D",
    "MagneticFieldStrength": 3,
    "Manufacturer": "SIEMENS",
    "ManufacturerModelName": "TrioTim",
    "RepetitionTime": 2,
    "ScanOptions": "FS",
    "ScanningSequence": "EP",
    "SequenceName": "epfid2d1_64",
    "SequenceVariant": "SK",
    "SliceTiming": [
      0.0037500000050000315,
      0.5,
      -0.030000000000000027,
      0.4675,
      -0.0625,
      0.43375000000999997,
      -0.09624999999999995,
      0.40125000001,
      -0.12874999999000003,
      0.36750000001,
      -0.16249999998999998,
      0.33500000000499996,
      -0.19499999998999995,
      0.301250000005,
      -0.228749999995,
      0.26875000000500004,
      -0.2612499999950001,
      0.235,
      -0.29500000000000004,
      0.2025,
      -0.3275,
      0.168749999995,
      -0.36124999999999996,
      0.13625000000999998,
      -0.39375000000499993,
      0.10250000000999998,
      -0.42749999999,
      0.07000000000500001,
      -0.45999999998999996,
      0.036250000005000005
    ],
    "TaskName": "dis",
    "qc_type": "func",
    "run_id": "05",
    "subject_id": "38",
    "task_id": "dis"
  },
  "size_t": 166,
  "size_x": 64,
  "size_y": 64,
  "size_z": 30,
  "snr": 5.139323501301637,
  "spacing_tr": 1.0,
  "spacing_x": 3.125,
  "spacing_y": 3.125,
  "spacing_z": 4.000000953674316,
  "spikes_num": 0,
  "summary_bg_k": 18.09910661735311,
  "summary_bg_mean": 64.4270248413086,
  "summary_bg_p05": 16.91566276550293,
  "summary_bg_p95": 254.23944854736328,
  "summary_bg_stdv": 91.53287506103516,
  "summary_fg_k": 0.9091603922026175,
  "summary_fg_mean": 815.0008544921875,
  "summary_fg_p05": 504.1174652099609,
  "summary_fg_p95": 1062.4222351074218,
  "summary_fg_stdv": 162.2381591796875,
  "tsnr": 85.8770523071289
}