{
  "aor": 0.0006115662650602409,
  "aqi": 0.0034173566867469877,
  "dvars_nstd": 17.390711420181823,
  "dvars_std": 1.1395015909696973,
  "dvars_vstd": 0.9960668144242427,
  "efc": 0.5678196782510602,
  "fber": 64.53628540039062,
  "fd_mean": 0.18786583091636366,
  "fd_num": 0,
  "fd_perc": 0.0,
  "fwhm_avg": 6.79435,
  "fwhm_x": 6.02438,
  "fwhm_y": 7.2126,
  "fwhm_z": 7.21838,
  "gcor": 0.014384926083576248,
  "gsr_x": -0.011187727563083172,
  "gsr_y": 0.054198186844587326,
  "metadata": {
    "EchoTime": 0,
    "FlipAngle": 90,
    "MRAcquisitionType": "2D",
    "MagneticFieldStrength": 3,
    "Manufacturer": "SIEMENS",
    "ManufacturerModelName": "TrioTim",
    "RepetitionTime": 2,
    "ScanOptions": "FS",
    "ScanningSequence": "EP",
    "SequenceName": "epfid2d1_64",
    "SequenceVariant": "SK",
    "SliceTiming": [
      0.0037499999899999747,
      0.5,
      -0.030000000014999917,
      0.4675,
      -0.0625,
      0.43374999999499997,
      -0.09624999999999995,
      0.401249999995,
      -0.12875000000499992,
      0.367499999995,
      -0.16250000000499998,
      0.33499999998999996,
      -0.19500000000499995,
      0.30124999999,
      -0.22875000001,
      0.26874999999,
      -0.26125000001,
      0.23499999998499999,
      -0.29500000001499993,
      0.2025,
      -0.3275000000149999,
      0.168749999995,
      -0.36124999999999996,
      0.13624999999499998,
      -0.39375000000499993,
      0.10249999999499998,
      -0.427500000005,
      0.06999999999,
      -0.46000000000499996,
      0.036249999990000004
    ],
    "TaskName": "dis",
    "qc_type": "func",
    "run_id": "03",
    "subject_id": "47",
    "task_id": "dis"
  },
  "size_t": 166,
  "size_x": 64,
  "size_y": 64,
  "size_z": 30,
  "snr": 4.963147121364855,
  "spacing_tr": 1.0,
  "spacing_x": 3.125,
  "spacing_y": 3.125,
  "spacing_z": 3.9999990463256836,
  "spikes_num": 0,
  "summary_bg_k": 19.717859280562234,
  "summary_bg_mean": 56.030399322509766,
  "summary_bg_p05": 16.10843276977539,
  "summary_bg_p95": 213.6234893798828,
  "summary_bg_stdv": 77.62418365478516,
  "summary_fg_k": 0.8816761892237501,
  "summary_fg_mean": 753.2171020507812,
  "summary_fg_p05": 466.087939453125,
  "summary_fg_p95": 987.1228515624999,
  "summary_fg_stdv": 155.35057067871094,
  "tsnr": 85.68399810791016
}