{
  "aor": 0.0007698787878787879,
  "aqi": 0.005068877878787879,
  "dvars_nstd": 23.661391711402434,
  "dvars_std": 1.2399335350000007,
  "dvars_vstd": 0.9948058210975612,
  "efc": 0.5656376831065568,
  "fber": 65.7301254272461,
  "fd_mean": 0.27266582050266464,
  "fd_num": 0,
  "fd_perc": 0.0,
  "fwhm_avg": 6.64264,
  "fwhm_x": 5.88894,
  "fwhm_y": 6.98127,
  "fwhm_z": 7.12936,
  "gcor": 0.03190397493767016,
  "gsr_x": -0.012081444263458252,
  "gsr_y": 0.05525534600019455,
  "metadata": {
    "EchoTime": 0,
    "FlipAngle": 90,
    "MRAcquisitionType": "2D",
    "MagneticFieldStrength": 3,
    "Manufacturer": "SIEMENS",
    "ManufacturerModelName": "TrioTim",
    "RepetitionTime": 2,
    "ScanOptions": "FS",
    "ScanningSequence": "EP",
    "SequenceName": "epfid2d1_64",
    "SequenceVariant": "SK",
    "SliceTiming": [
      0.0025000000000000022,
      0.5,
      -0.030000000000000027,
      0.46625000001,
      -0.06374999999999997,
      0.43375000000999997,
      -0.09624999998999995,
      0.40000000001,
      -0.12999999999,
      0.36750000001,
      -0.16249999998999998,
      0.333750000005,
      -0.19624999999500004,
      0.301250000005,
      -0.228749999995,
      0.26749999999999996,
      -0.26249999999500007,
      0.235,
      -0.29500000000000004,
      0.20125000001499999,
      -0.32875,
      0.16875000001,
      -0.36124999998500007,
      0.13500000001,
      -0.39499999999,
      0.10250000000999998,
      -0.42749999999,
      0.06875000000499998,
      -0.46124999999500005,
      0.036250000005000005
    ],
    "TaskName": "dis",
    "qc_type": "func",
    "run_id": "06",
    "subject_id": "04",
    "task_id": "dis"
  },
  "size_t": 165,
  "size_x": 64,
  "size_y": 64,
  "size_z": 30,
  "snr": 5.425954095150673,
  "spacing_tr": 1.0,
  "spacing_x": 3.125,
  "spacing_y": 3.125,
  "spacing_z": 4.000001430511475,
  "spikes_num": 0,
  "summary_bg_k": 20.55701437030542,
  "summary_bg_mean": 56.30850601196289,
  "summary_bg_p05": 15.999999046325684,
  "summary_bg_p95": 233.92120361328125,
  "summary_bg_stdv": 87.34668731689453,
  "summary_fg_k": 1.0860653142503125,
  "summary_fg_mean": 827.986328125,
  "summary_fg_p05": 539.4036254882812,
  "summary_fg_p95": 1067.6939453125,
  "summary_fg_stdv": 155.98023986816406,
  "tsnr": 82.65373229980469
}