{
  "aor": 0.0005592771084337349,
  "aqi": 0.004085280060240963,
  "dvars_nstd": 16.990737122727275,
  "dvars_std": 1.1067873018181817,
  "dvars_vstd": 0.9904209794545453,
  "efc": 0.5573362360748351,
  "fber": 61.504459381103516,
  "fd_mean": 0.14813786330290907,
  "fd_num": 0,
  "fd_perc": 0.0,
  "fwhm_avg": 6.63974,
  "fwhm_x": 5.93559,
  "fwhm_y": 6.8597,
  "fwhm_z": 7.18927,
  "gcor": 0.03200174814247223,
  "gsr_x": -0.009579665958881378,
  "gsr_y": 0.06574937701225281,
  "metadata": {
    "EchoTime": 0,
    "FlipAngle": 90,
    "MRAcquisitionType": "2D",
    "MagneticFieldStrength": 3,
    "Manufacturer": "SIEMENS",
    "ManufacturerModelName": "TrioTim",
    "RepetitionTime": 2,
    "ScanOptions": "FS",
    "ScanningSequence": "EP",
    "SequenceName": "epfid2d1_64",
    "SequenceVariant": "SK",
    "SliceTiming": [
      0.0037499999899999747,
      0.5,
      -0.030000000000000027,
      0.4675,
      -0.0625,
      0.43374999999499997,
      -0.09624999999999995,
      0.401249999995,
      -0.12875000000499992,
      0.367499999995,
      -0.16250000000499998,
      0.33499999998999996,
      -0.19500000000499995,
      0.30124999999,
      -0.22875000001,
      0.26874999999,
      -0.26125000001,
      0.235,
      -0.29500000000000004,
      0.2025,
      -0.3275,
      0.168749999995,
      -0.36124999999999996,
      0.13624999999499998,
      -0.39375000000499993,
      0.10249999999499998,
      -0.427500000005,
      0.06999999999,
      -0.46000000000499996,
      0.036249999990000004
    ],
    "TaskName": "dis",
    "qc_type": "func",
    "run_id": "01",
    "subject_id": "33",
    "task_id": "dis"
  },
  "size_t": 166,
  "size_x": 64,
  "size_y": 64,
  "size_z": 30,
  "snr": 4.976448730542041,
  "spacing_tr": 1.0,
  "spacing_x": 3.125,
  "spacing_y": 3.125,
  "spacing_z": 4.000001430511475,
  "spikes_num": 0,
  "summary_bg_k": 14.80796878162771,
  "summary_bg_mean": 62.326786041259766,
  "summary_bg_p05": 16.674697875976562,
  "summary_bg_p95": 256.3183685302734,
  "summary_bg_stdv": 89.89835357666016,
  "summary_fg_k": 0.8667604374794142,
  "summary_fg_mean": 840.758056640625,
  "summary_fg_p05": 533.3780059814453,
  "summary_fg_p95": 1115.4698486328125,
  "summary_fg_stdv": 170.6141815185547,
  "tsnr": 83.09573364257812
}