{
  "aor": 0.0018090963855421686,
  "aqi": 0.0033934902409638555,
  "dvars_nstd": 13.98327430951515,
  "dvars_std": 1.110512887878788,
  "dvars_vstd": 1.012179006363637,
  "efc": 0.5281984737586864,
  "fber": 85.1968765258789,
  "fd_mean": 0.14052322434060605,
  "fd_num": 1,
  "fd_perc": 0.6024096385542169,
  "fwhm_avg": 6.77764,
  "fwhm_x": 6.05254,
  "fwhm_y": 7.00844,
  "fwhm_z": 7.33967,
  "gcor": 0.014607114964220897,
  "gsr_x": -0.001658026478253305,
  "gsr_y": 0.03664172440767288,
  "metadata": {
    "EchoTime": 0,
    "FlipAngle": 90,
    "MRAcquisitionType": "2D",
    "MagneticFieldStrength": 3,
    "Manufacturer": "SIEMENS",
    "ManufacturerModelName": "TrioTim",
    "RepetitionTime": 2,
    "ScanOptions": "FS",
    "ScanningSequence": "EP",
    "SequenceName": "epfid2d1_64",
    "SequenceVariant": "SK",
    "SliceTiming": [
      0.0024999999900000014,
      0.5,
      -0.030000000014999917,
      0.46625,
      -0.06374999999999997,
      0.43374999999499997,
      -0.09624999999999995,
      0.399999999995,
      -0.1300000000049999,
      0.367499999995,
      -0.16250000000499998,
      0.33374999999,
      -0.19625000001000004,
      0.30124999999,
      -0.22875000001,
      0.26749999998499996,
      -0.26250000000999996,
      0.23499999998499999,
      -0.29500000001499993,
      0.20124999999999998,
      -0.32875,
      0.168749999995,
      -0.36124999999999996,
      0.134999999995,
      -0.3950000000049999,
      0.10249999999499998,
      -0.427500000005,
      0.06874999998999998,
      -0.46125000001000005,
      0.036249999990000004
    ],
    "TaskName": "dis",
    "qc_type": "func",
    "run_id": "05",
    "subject_id": "07",
    "task_id": "dis"
  },
  "size_t": 166,
  "size_x": 64,
  "size_y": 64,
  "size_z": 30,
  "snr": 5.277130643874824,
  "spacing_tr": 1.0,
  "spacing_x": 3.125,
  "spacing_y": 3.125,
  "spacing_z": 3.999999761581421,
  "spikes_num": 0,
  "summary_bg_k": 21.943221051419602,
  "summary_bg_mean": 45.67454528808594,
  "summary_bg_p05": 14.337348937988281,
  "summary_bg_p95": 173.98342514038086,
  "summary_bg_stdv": 68.10518646240234,
  "summary_fg_k": 0.9344680377936281,
  "summary_fg_mean": 742.9406127929688,
  "summary_fg_p05": 462.9544921875,
  "summary_fg_p95": 954.1279846191406,
  "summary_fg_stdv": 144.72044372558594,
  "tsnr": 94.15571594238281
}