{
  "aor": 0.0031328313253012044,
  "aqi": 0.006905154518072288,
  "dvars_nstd": 32.999702384484856,
  "dvars_std": 1.3309779665454542,
  "dvars_vstd": 1.0348246596363635,
  "efc": 0.586760929415297,
  "fber": 72.81436920166016,
  "fd_mean": 0.36982166514060616,
  "fd_num": 6,
  "fd_perc": 3.6144578313253013,
  "fwhm_avg": 7.07011,
  "fwhm_x": 6.1862,
  "fwhm_y": 7.41842,
  "fwhm_z": 7.70094,
  "gcor": 0.0685814547251506,
  "gsr_x": -0.014121701009571552,
  "gsr_y": 0.061837244778871536,
  "metadata": {
    "EchoTime": 0,
    "FlipAngle": 90,
    "MRAcquisitionType": "2D",
    "MagneticFieldStrength": 3,
    "Manufacturer": "SIEMENS",
    "ManufacturerModelName": "TrioTim",
    "RepetitionTime": 2,
    "ScanOptions": "FS",
    "ScanningSequence": "EP",
    "SequenceName": "epfid2d1_64",
    "SequenceVariant": "SK",
    "SliceTiming": [
      0.0025000000000000022,
      0.5,
      -0.030000000000000027,
      0.46625000001,
      -0.06374999999999997,
      0.43375000000999997,
      -0.09624999998999995,
      0.40000000001,
      -0.12999999999,
      0.36750000001,
      -0.16249999998999998,
      0.333750000005,
      -0.19624999999500004,
      0.301250000005,
      -0.228749999995,
      0.26749999999999996,
      -0.26249999999500007,
      0.235,
      -0.29500000000000004,
      0.20124999999999998,
      -0.32875,
      0.16875000001,
      -0.36124999999999996,
      0.13500000001,
      -0.39499999999,
      0.10250000000999998,
      -0.42749999999,
      0.06875000000499998,
      -0.46124999999500005,
      0.036250000005000005
    ],
    "TaskName": "dis",
    "qc_type": "func",
    "run_id": "01",
    "subject_id": "39",
    "task_id": "dis"
  },
  "size_t": 166,
  "size_x": 64,
  "size_y": 64,
  "size_z": 30,
  "snr": 4.742802680044681,
  "spacing_tr": 1.0,
  "spacing_x": 3.125,
  "spacing_y": 3.125,
  "spacing_z": 3.999999761581421,
  "spikes_num": 0,
  "summary_bg_k": 14.65660993702912,
  "summary_bg_mean": 63.16648483276367,
  "summary_bg_p05": 18.10240936279297,
  "summary_bg_p95": 240.97589111328125,
  "summary_bg_stdv": 84.316650390625,
  "summary_fg_k": 1.16563026946221,
  "summary_fg_mean": 879.4625244140625,
  "summary_fg_p05": 562.0138488769531,
  "summary_fg_p95": 1196.1945556640624,
  "summary_fg_stdv": 186.37103271484375,
  "tsnr": 68.47831726074219
}