{
  "aor": 0.0018488235294117647,
  "aqi": 0.003621477573529412,
  "dvars_nstd": 16.777695761777775,
  "dvars_std": 1.1362377963703705,
  "dvars_vstd": 1.0162497742222225,
  "efc": 0.5902580513634058,
  "fber": 61.76057815551758,
  "fd_mean": 0.13901118675792593,
  "fd_num": 0,
  "fd_perc": 0.0,
  "fwhm_avg": 6.54943,
  "fwhm_x": 5.82219,
  "fwhm_y": 6.75305,
  "fwhm_z": 7.14537,
  "gcor": 0.017298032255733713,
  "gsr_x": -0.013870448805391788,
  "gsr_y": 0.07333453744649887,
  "metadata": {
    "EchoTime": 0,
    "FlipAngle": 90,
    "MRAcquisitionType": "2D",
    "MagneticFieldStrength": 3,
    "Manufacturer": "SIEMENS",
    "ManufacturerModelName": "TrioTim",
    "RepetitionTime": 2,
    "ScanOptions": "FS",
    "ScanningSequence": "EP",
    "SequenceName": "epfid2d1_56",
    "SequenceVariant": "SK",
    "SliceTiming": [
      0.0025000000000000022,
      0.5,
      -0.030000000000000027,
      0.46625,
      -0.06374999999999997,
      0.43374999999499997,
      -0.09624999999999995,
      0.399999999995,
      -0.1300000000049999,
      0.367499999995,
      -0.16250000000499998,
      0.33374999999,
      -0.19625000001000004,
      0.30124999999,
      -0.22875000001,
      0.26749999999999996,
      -0.26249999999500007,
      0.235,
      -0.29500000000000004,
      0.20124999999999998,
      -0.32875,
      0.168749999995,
      -0.36124999999999996,
      0.134999999995,
      -0.3950000000049999,
      0.10249999999499998,
      -0.427500000005,
      0.06874999998999998,
      -0.46125000001000005,
      0.036249999990000004
    ],
    "TaskName": "fb",
    "qc_type": "func",
    "run_id": "02",
    "subject_id": "06",
    "task_id": "fb"
  },
  "size_t": 136,
  "size_x": 64,
  "size_y": 56,
  "size_z": 30,
  "snr": 5.119436486929571,
  "spacing_tr": 1.0,
  "spacing_x": 3.125,
  "spacing_y": 3.125,
  "spacing_z": 4.0,
  "spikes_num": 0,
  "summary_bg_k": 12.411560460837206,
  "summary_bg_mean": 59.0361213684082,
  "summary_bg_p05": 16.625,
  "summary_bg_p95": 254.1544189453125,
  "summary_bg_stdv": 85.12017059326172,
  "summary_fg_k": 0.7061372708338332,
  "summary_fg_mean": 798.48388671875,
  "summary_fg_p05": 508.8786804199219,
  "summary_fg_p95": 1047.6654174804687,
  "summary_fg_stdv": 158.6132354736328,
  "tsnr": 82.99964904785156
}