{
  "aor": 0.005662289156626506,
  "aqi": 0.005019358554216868,
  "dvars_nstd": 21.139404805212116,
  "dvars_std": 1.1549563060606065,
  "dvars_vstd": 1.0184951162424243,
  "efc": 0.6015807266431001,
  "fber": 50.988677978515625,
  "fd_mean": 0.2826251983915151,
  "fd_num": 3,
  "fd_perc": 1.8072289156626506,
  "fwhm_avg": 6.61409,
  "fwhm_x": 5.82689,
  "fwhm_y": 6.95047,
  "fwhm_z": 7.14429,
  "gcor": 0.0971959125564759,
  "gsr_x": -0.0018327324651181698,
  "gsr_y": 0.0660601258277893,
  "metadata": {
    "EchoTime": 0,
    "FlipAngle": 90,
    "MRAcquisitionType": "2D",
    "MagneticFieldStrength": 3,
    "Manufacturer": "SIEMENS",
    "ManufacturerModelName": "TrioTim",
    "RepetitionTime": 2,
    "ScanOptions": "FS",
    "ScanningSequence": "EP",
    "SequenceName": "epfid2d1_64",
    "SequenceVariant": "SK",
    "SliceTiming": [
      0.0025000000000000022,
      0.5,
      -0.030000000000000027,
      0.46625,
      -0.06374999999999997,
      0.43375000000499997,
      -0.09624999999999995,
      0.4,
      -0.129999999995,
      0.3675,
      -0.16249999999999998,
      0.33375,
      -0.19625000000000004,
      0.301249999995,
      -0.22875,
      0.26749999999999996,
      -0.26249999999500007,
      0.235,
      -0.29500000000000004,
      0.20124999999999998,
      -0.32875,
      0.168749999995,
      -0.36124999999999996,
      0.135,
      -0.394999999995,
      0.10249999999999998,
      -0.4275,
      0.06874999999999998,
      -0.46125000000000005,
      0.036249999995000004
    ],
    "TaskName": "dis",
    "qc_type": "func",
    "run_id": "03",
    "subject_id": "41",
    "task_id": "dis"
  },
  "size_t": 166,
  "size_x": 64,
  "size_y": 64,
  "size_z": 30,
  "snr": 5.026805147918052,
  "spacing_tr": 1.0,
  "spacing_x": 3.125,
  "spacing_y": 3.125,
  "spacing_z": 3.999999523162842,
  "spikes_num": 0,
  "summary_bg_k": 14.526867968385165,
  "summary_bg_mean": 69.77031707763672,
  "summary_bg_p05": 17.548192977905273,
  "summary_bg_p95": 270.31383666992184,
  "summary_bg_stdv": 93.87870788574219,
  "summary_fg_k": 0.8405588752559652,
  "summary_fg_mean": 818.865478515625,
  "summary_fg_p05": 531.4578247070312,
  "summary_fg_p95": 1082.62646484375,
  "summary_fg_stdv": 164.44168090820312,
  "tsnr": 70.31137084960938
}