{
  "aor": 0.00236125,
  "aqi": 0.00525595786764706,
  "dvars_nstd": 21.84047499059259,
  "dvars_std": 1.2239738597777776,
  "dvars_vstd": 1.020092570074074,
  "efc": 0.5595172803294485,
  "fber": 69.427978515625,
  "fd_mean": 0.26191317963703703,
  "fd_num": 1,
  "fd_perc": 0.7352941176470589,
  "fwhm_avg": 6.73946,
  "fwhm_x": 5.92607,
  "fwhm_y": 7.03274,
  "fwhm_z": 7.34487,
  "gcor": 0.06002325170180377,
  "gsr_x": -0.01068108156323433,
  "gsr_y": 0.05649169906973839,
  "metadata": {
    "EchoTime": 0,
    "FlipAngle": 90,
    "MRAcquisitionType": "2D",
    "MagneticFieldStrength": 3,
    "Manufacturer": "SIEMENS",
    "ManufacturerModelName": "TrioTim",
    "RepetitionTime": 2,
    "ScanOptions": "FS",
    "ScanningSequence": "EP",
    "SequenceName": "epfid2d1_64",
    "SequenceVariant": "SK",
    "SliceTiming": [
      0.0037499999899999747,
      0.5,
      -0.030000000014999917,
      0.4675,
      -0.0625,
      0.43374999999499997,
      -0.09624999999999995,
      0.401249999995,
      -0.12875000000499992,
      0.367499999995,
      -0.16250000000499998,
      0.33499999998999996,
      -0.19500000000499995,
      0.30124999999,
      -0.22875000001,
      0.26874999999,
      -0.26125000001,
      0.23499999998499999,
      -0.29500000001499993,
      0.2025,
      -0.3275000000149999,
      0.168749999995,
      -0.36124999999999996,
      0.13624999999499998,
      -0.39375000000499993,
      0.10249999999499998,
      -0.427500000005,
      0.06999999999,
      -0.46000000000499996,
      0.036249999990000004
    ],
    "TaskName": "fb",
    "qc_type": "func",
    "run_id": "01",
    "subject_id": "04",
    "task_id": "fb"
  },
  "size_t": 136,
  "size_x": 64,
  "size_y": 64,
  "size_z": 30,
  "snr": 5.421890177109844,
  "spacing_tr": 1.0,
  "spacing_x": 3.125,
  "spacing_y": 3.125,
  "spacing_z": 4.000001430511475,
  "spikes_num": 0,
  "summary_bg_k": 21.655399364436356,
  "summary_bg_mean": 53.57304763793945,
  "summary_bg_p05": 15.492647171020508,
  "summary_bg_p95": 221.18014526367153,
  "summary_bg_stdv": 84.45777130126953,
  "summary_fg_k": 1.12585775281541,
  "summary_fg_mean": 818.9058227539062,
  "summary_fg_p05": 530.5220336914062,
  "summary_fg_p95": 1055.558837890625,
  "summary_fg_stdv": 154.57742309570312,
  "tsnr": 79.6774673461914
}