{
  "aor": 0.002515808823529412,
  "aqi": 0.004719611029411765,
  "dvars_nstd": 16.35298102362964,
  "dvars_std": 1.1611255772592597,
  "dvars_vstd": 1.0187128154814817,
  "efc": 0.5630709935709226,
  "fber": 58.0208854675293,
  "fd_mean": 0.18308118927407407,
  "fd_num": 0,
  "fd_perc": 0.0,
  "fwhm_avg": 6.81561,
  "fwhm_x": 6.0985,
  "fwhm_y": 6.89375,
  "fwhm_z": 7.53072,
  "gcor": 0.06176207346074721,
  "gsr_x": -0.006159060634672642,
  "gsr_y": 0.04583584889769554,
  "metadata": {
    "EchoTime": 0,
    "FlipAngle": 90,
    "MRAcquisitionType": "2D",
    "MagneticFieldStrength": 3,
    "Manufacturer": "SIEMENS",
    "ManufacturerModelName": "TrioTim",
    "RepetitionTime": 2,
    "ScanOptions": "FS",
    "ScanningSequence": "EP",
    "SequenceName": "epfid2d1_64",
    "SequenceVariant": "SK",
    "SliceTiming": [
      0.0037500000050000315,
      0.5,
      -0.030000000000000027,
      0.4675,
      -0.0625,
      0.43374999999499997,
      -0.09624999999999995,
      0.401250000005,
      -0.12875000000499992,
      0.3675,
      -0.16249999999999998,
      0.33499999999999996,
      -0.19499999999999995,
      0.301249999995,
      -0.22875,
      0.26875000000500004,
      -0.261250000005,
      0.235,
      -0.29500000000000004,
      0.2025,
      -0.3275,
      0.168749999995,
      -0.36124999999999996,
      0.13625000000499998,
      -0.39375000000499993,
      0.10249999999999998,
      -0.4275,
      0.07,
      -0.45999999999999996,
      0.036249999995000004
    ],
    "TaskName": "fb",
    "qc_type": "func",
    "run_id": "01",
    "subject_id": "11",
    "task_id": "fb"
  },
  "size_t": 136,
  "size_x": 64,
  "size_y": 64,
  "size_z": 30,
  "snr": 5.09940393050665,
  "spacing_tr": 1.0,
  "spacing_x": 3.125,
  "spacing_y": 3.125,
  "spacing_z": 4.000000476837158,
  "spikes_num": 0,
  "summary_bg_k": 29.23960160052296,
  "summary_bg_mean": 54.27961349487305,
  "summary_bg_p05": 14.558823585510254,
  "summary_bg_p95": 215.5389663696286,
  "summary_bg_stdv": 85.43944549560547,
  "summary_fg_k": 1.0320418413689838,
  "summary_fg_mean": 756.1678466796875,
  "summary_fg_p05": 485.910302734375,
  "summary_fg_p95": 992.2220825195311,
  "summary_fg_stdv": 150.6730194091797,
  "tsnr": 81.67840576171875
}