{
  "aor": 0.0012065662650602412,
  "aqi": 0.004327674036144578,
  "dvars_nstd": 18.285892538545458,
  "dvars_std": 1.1556543023030306,
  "dvars_vstd": 1.0095154394545454,
  "efc": 0.5934835761347319,
  "fber": 60.219383239746094,
  "fd_mean": 0.16067053563515152,
  "fd_num": 0,
  "fd_perc": 0.0,
  "fwhm_avg": 6.59879,
  "fwhm_x": 5.8757,
  "fwhm_y": 6.79217,
  "fwhm_z": 7.19987,
  "gcor": 0.04740693483007959,
  "gsr_x": -0.01411113329231739,
  "gsr_y": 0.07332897931337357,
  "metadata": {
    "EchoTime": 0,
    "FlipAngle": 90,
    "MRAcquisitionType": "2D",
    "MagneticFieldStrength": 3,
    "Manufacturer": "SIEMENS",
    "ManufacturerModelName": "TrioTim",
    "RepetitionTime": 2,
    "ScanOptions": "FS",
    "ScanningSequence": "EP",
    "SequenceName": "epfid2d1_56",
    "SequenceVariant": "SK",
    "SliceTiming": [
      0.0025000000000000022,
      0.5,
      -0.030000000000000027,
      0.46625,
      -0.06374999999999997,
      0.43374999999499997,
      -0.09624999999999995,
      0.399999999995,
      -0.1300000000049999,
      0.367499999995,
      -0.16250000000499998,
      0.333750000005,
      -0.19625000001000004,
      0.301250000005,
      -0.228749999995,
      0.26749999999999996,
      -0.26249999999500007,
      0.235,
      -0.29500000000000004,
      0.20124999999999998,
      -0.32875,
      0.168749999995,
      -0.36124999999999996,
      0.134999999995,
      -0.3950000000049999,
      0.10249999999499998,
      -0.427500000005,
      0.06875000000499998,
      -0.46125000001000005,
      0.036250000005000005
    ],
    "TaskName": "dis",
    "qc_type": "func",
    "run_id": "05",
    "subject_id": "06",
    "task_id": "dis"
  },
  "size_t": 166,
  "size_x": 64,
  "size_y": 56,
  "size_z": 30,
  "snr": 5.055526112665377,
  "spacing_tr": 1.0,
  "spacing_x": 3.125,
  "spacing_y": 3.125,
  "spacing_z": 4.0,
  "spikes_num": 0,
  "summary_bg_k": 12.897673309136945,
  "summary_bg_mean": 60.1619873046875,
  "summary_bg_p05": 16.91566276550293,
  "summary_bg_p95": 257.2800994873045,
  "summary_bg_stdv": 86.18445587158203,
  "summary_fg_k": 0.7754806691904763,
  "summary_fg_mean": 799.6480102539062,
  "summary_fg_p05": 506.5939636230469,
  "summary_fg_p95": 1051.962573242187,
  "summary_fg_stdv": 160.68649291992188,
  "tsnr": 76.00012969970703
}