{
  "cjv": 0.5727825164794922,
  "cnr": 5.989368915557861,
  "efc": 0.5851523904065042,
  "fber": 46.4025993347168,
  "fwhm_avg": 2.59752,
  "fwhm_x": 2.88221,
  "fwhm_y": 2.6778,
  "fwhm_z": 2.27077,
  "icvs_csf": 0.1730621052176712,
  "icvs_gm": 0.4309379782015971,
  "icvs_wm": 0.3959999165807317,
  "inu_med": 0.8624430298805237,
  "inu_range": 0.2718777060508728,
  "metadata": {
    "EchoTime": 0.0033900000000000002,
    "FlipAngle": 9,
    "MRAcquisitionType": "3D",
    "MagneticFieldStrength": 3,
    "Manufacturer": "SIEMENS",
    "ManufacturerModelName": "TrioTim",
    "RepetitionTime": 2,
    "ScanOptions": "IR",
    "ScanningSequence": "GR\\IR",
    "SequenceName": "tfl3d1_ns",
    "SequenceVariant": "SP\\MP",
    "SliceTiming": [
      0.0025000000000000022,
      0.5,
      -0.030000000000000027,
      0.46625000001,
      -0.06374999998500008,
      0.43375000000999997,
      -0.09624999998999995,
      0.40000000001,
      -0.12999999999,
      0.36750000001,
      -0.16249999998999998,
      0.333750000005,
      -0.19624999999500004,
      0.301250000005,
      -0.228749999995,
      0.26749999999999996,
      -0.26249999999500007,
      0.235,
      -0.29500000000000004,
      0.20125000001499999,
      -0.32875,
      0.16875000001,
      -0.36124999998500007,
      0.13500000001,
      -0.39499999999,
      0.10250000000999998,
      -0.42749999999,
      0.06875000000499998,
      -0.46124999999500005,
      0.036250000005000005
    ],
    "TaskName": "MPRAGE",
    "qc_type": "anat",
    "subject_id": "35"
  },
  "qi_1": 0.0,
  "qi_2": 0.034899270060042925,
  "rpve_csf": 76353.0859375,
  "rpve_gm": 147602.21875,
  "rpve_wm": 63715.0625,
  "size_x": 128,
  "size_y": 256,
  "size_z": 256,
  "snr_csf": 2.9564318528580875,
  "snr_gm": 8.881906076850779,
  "snr_total": 10.83642381727838,
  "snr_wm": 20.670933522126273,
  "snrd_csf": 30.733854208131017,
  "snrd_gm": 52.73096370045114,
  "snrd_total": 51.43312017880081,
  "snrd_wm": 70.8345426278203,
  "spacing_x": 1.3300000429153442,
  "spacing_y": 1.0,
  "spacing_z": 1.0,
  "summary_bg_k": 4.6197175559470605,
  "summary_bg_mean": 3.7440996170043945,
  "summary_bg_p05": 1.0,
  "summary_bg_p95": 9.0,
  "summary_bg_stdv": 2.6333932876586914,
  "summary_csf_k": 2.217946839464541,
  "summary_csf_mean": 80.9262924194336,
  "summary_csf_p05": 16.0,
  "summary_csf_p95": 122.0,
  "summary_csf_stdv": 30.409929275512695,
  "summary_gm_k": -0.5080809019678565,
  "summary_gm_mean": 149.66604614257812,
  "summary_gm_p05": 113.0,
  "summary_gm_p95": 188.0,
  "summary_gm_stdv": 23.01909828186035,
  "summary_wm_k": -0.5076034125495692,
  "summary_wm_mean": 209.04881286621094,
  "summary_wm_p05": 170.0,
  "summary_wm_p95": 246.0,
  "summary_wm_stdv": 22.729354858398438,
  "tpm_overlap_csf": 0.24915070637605619,
  "tpm_overlap_gm": 0.542661386576315,
  "tpm_overlap_wm": 0.5967898921472762,
  "wm2max": 0.84251968503937
}