{
  "aor": 0.0013937951807228917,
  "aqi": 0.005090626506024096,
  "dvars_nstd": 17.08961067745455,
  "dvars_std": 1.1397982652727274,
  "dvars_vstd": 1.0035490767878785,
  "efc": 0.5628289920939127,
  "fber": 56.45415115356445,
  "fd_mean": 0.24445664891006058,
  "fd_num": 1,
  "fd_perc": 0.6024096385542169,
  "fwhm_avg": 6.66352,
  "fwhm_x": 6.01679,
  "fwhm_y": 6.8142,
  "fwhm_z": 7.21657,
  "gcor": 0.05281803981367364,
  "gsr_x": -0.006519159767776728,
  "gsr_y": 0.044130269438028336,
  "metadata": {
    "EchoTime": 0,
    "FlipAngle": 90,
    "MRAcquisitionType": "2D",
    "MagneticFieldStrength": 3,
    "Manufacturer": "SIEMENS",
    "ManufacturerModelName": "TrioTim",
    "RepetitionTime": 2,
    "ScanOptions": "FS",
    "ScanningSequence": "EP",
    "SequenceName": "epfid2d1_64",
    "SequenceVariant": "SK",
    "SliceTiming": [
      0.003749999994999975,
      0.5,
      -0.030000000004999916,
      0.4675,
      -0.0625,
      0.43374999999499997,
      -0.09499999999999997,
      0.401249999995,
      -0.12875000000499992,
      0.3675,
      -0.1612500000049999,
      0.33499999999999996,
      -0.19499999999999995,
      0.301249999995,
      -0.22750000000000004,
      0.268749999995,
      -0.261250000005,
      0.234999999995,
      -0.29375000000499996,
      0.2025,
      -0.3275000000049999,
      0.168749999995,
      -0.36,
      0.13624999999499998,
      -0.39375000000499993,
      0.10249999999499998,
      -0.4262500000049999,
      0.07,
      -0.46000000000499996,
      0.036249999995000004
    ],
    "TaskName": "dis",
    "qc_type": "func",
    "run_id": "03",
    "subject_id": "11",
    "task_id": "dis"
  },
  "size_t": 166,
  "size_x": 64,
  "size_y": 64,
  "size_z": 30,
  "snr": 5.01512943244739,
  "spacing_tr": 1.0,
  "spacing_x": 3.125,
  "spacing_y": 3.125,
  "spacing_z": 4.000000476837158,
  "spikes_num": 0,
  "summary_bg_k": 28.23228009299352,
  "summary_bg_mean": 55.060237884521484,
  "summary_bg_p05": 14.674697875976562,
  "summary_bg_p95": 219.35540771484375,
  "summary_bg_stdv": 87.32205200195312,
  "summary_fg_k": 1.1729205416768647,
  "summary_fg_mean": 760.3220825195312,
  "summary_fg_p05": 484.6156433105469,
  "summary_fg_p95": 998.05419921875,
  "summary_fg_stdv": 153.3926544189453,
  "tsnr": 80.4192886352539
}