{
  "aor": 0.0017778181818181823,
  "aqi": 0.003295501363636364,
  "dvars_nstd": 22.585263470733953,
  "dvars_std": 1.2076307086238534,
  "dvars_vstd": 1.011542956880734,
  "efc": 0.5730391722879935,
  "fber": 65.58670043945312,
  "fd_mean": 0.18582843248256878,
  "fd_num": 0,
  "fd_perc": 0.0,
  "fwhm_avg": 7.79145,
  "fwhm_x": 6.83438,
  "fwhm_y": 8.09766,
  "fwhm_z": 8.54666,
  "gcor": 0.01562083742835305,
  "gsr_x": -0.021761374548077583,
  "gsr_y": 0.04831072315573692,
  "metadata": {
    "EchoTime": 0,
    "FlipAngle": 90,
    "MRAcquisitionType": "2D",
    "MagneticFieldStrength": 3,
    "Manufacturer": "SIEMENS",
    "ManufacturerModelName": "TrioTim",
    "RepetitionTime": 2,
    "ScanOptions": "FS",
    "ScanningSequence": "EP",
    "SequenceName": "epfid2d1_64",
    "SequenceVariant": "SK",
    "SliceTiming": [
      0.0037500000050000315,
      0.5,
      -0.028750000000000053,
      0.4675,
      -0.0625,
      0.43374999999499997,
      -0.09499999999999997,
      0.40125000001,
      -0.12875000000499992,
      0.36750000001,
      -0.16124999999,
      0.33500000000499996,
      -0.19499999998999995,
      0.301250000005,
      -0.22749999999500004,
      0.26875000000500004,
      -0.2612499999950001,
      0.23625000000000002,
      -0.29374999999500007,
      0.2025,
      -0.3275,
      0.16999999999999998,
      -0.36,
      0.13624999999499998,
      -0.39375000000499993,
      0.10375000001000001,
      -0.4262500000049999,
      0.07000000000500001,
      -0.45999999998999996,
      0.03750000000499998
    ],
    "TaskName": "fb",
    "qc_type": "func",
    "run_id": "02",
    "subject_id": "16",
    "task_id": "fb"
  },
  "size_t": 110,
  "size_x": 64,
  "size_y": 64,
  "size_z": 30,
  "snr": 4.538704069907836,
  "spacing_tr": 1.0,
  "spacing_x": 3.125,
  "spacing_y": 3.125,
  "spacing_z": 3.9999985694885254,
  "spikes_num": 0,
  "summary_bg_k": 11.696373262747631,
  "summary_bg_mean": 68.52799224853516,
  "summary_bg_p05": 17.64545440673828,
  "summary_bg_p95": 280.9995452880859,
  "summary_bg_stdv": 95.01396179199219,
  "summary_fg_k": 0.5444008157585696,
  "summary_fg_mean": 926.0037841796875,
  "summary_fg_p05": 569.0617889404298,
  "summary_fg_p95": 1259.281292724609,
  "summary_fg_stdv": 206.4263916015625,
  "tsnr": 80.70465087890625
}