{
  "aor": 0.0010481818181818181,
  "aqi": 0.003245241636363636,
  "dvars_nstd": 20.022764310458705,
  "dvars_std": 1.2523540577064227,
  "dvars_vstd": 1.0126732184403673,
  "efc": 0.6077235347632421,
  "fber": 70.13402557373047,
  "fd_mean": 0.12363214738256882,
  "fd_num": 0,
  "fd_perc": 0.0,
  "fwhm_avg": 7.08991,
  "fwhm_x": 6.27859,
  "fwhm_y": 7.45405,
  "fwhm_z": 7.61496,
  "gcor": 0.008202234181490811,
  "gsr_x": -0.013568703085184097,
  "gsr_y": 0.0670512244105339,
  "metadata": {
    "EchoTime": 0,
    "FlipAngle": 90,
    "MRAcquisitionType": "2D",
    "MagneticFieldStrength": 3,
    "Manufacturer": "SIEMENS",
    "ManufacturerModelName": "TrioTim",
    "RepetitionTime": 2,
    "ScanOptions": "FS",
    "ScanningSequence": "EP",
    "SequenceName": "epfid2d1_64",
    "SequenceVariant": "SK",
    "SliceTiming": [
      0.0037500000050000315,
      0.5,
      -0.028750000000000053,
      0.4675,
      -0.0625,
      0.43375000000999997,
      -0.09499999999999997,
      0.40125000001,
      -0.12874999999000003,
      0.36750000001,
      -0.16124999999,
      0.33500000000499996,
      -0.19499999998999995,
      0.302500000005,
      -0.22749999999500004,
      0.26875000000500004,
      -0.2612499999950001,
      0.23625000000000002,
      -0.29374999999500007,
      0.2025,
      -0.3275,
      0.16999999999999998,
      -0.36,
      0.13625000000999998,
      -0.39374999999000004,
      0.10375000001000001,
      -0.42624999999,
      0.07000000000500001,
      -0.45999999998999996,
      0.03750000000499998
    ],
    "TaskName": "fb",
    "qc_type": "func",
    "run_id": "04",
    "subject_id": "18",
    "task_id": "fb"
  },
  "size_t": 110,
  "size_x": 64,
  "size_y": 64,
  "size_z": 30,
  "snr": 4.917772041716873,
  "spacing_tr": 1.0,
  "spacing_x": 3.125,
  "spacing_y": 3.125,
  "spacing_z": 3.999999761581421,
  "spikes_num": 0,
  "summary_bg_k": 16.563691450594554,
  "summary_bg_mean": 61.61791229248047,
  "summary_bg_p05": 16.781818389892578,
  "summary_bg_p95": 236.31226501464835,
  "summary_bg_stdv": 83.71559143066406,
  "summary_fg_k": 0.883969886428591,
  "summary_fg_mean": 852.7839965820312,
  "summary_fg_p05": 544.772705078125,
  "summary_fg_p95": 1138.1544799804688,
  "summary_fg_stdv": 174.82080078125,
  "tsnr": 96.55538940429688
}