{
  "aor": 0.006333253012048193,
  "aqi": 0.009784918253012047,
  "dvars_nstd": 33.91893267739396,
  "dvars_std": 1.2552470356969685,
  "dvars_vstd": 1.0536567052727273,
  "efc": 0.5848174293413341,
  "fber": 70.91497039794922,
  "fd_mean": 0.53717405012,
  "fd_num": 24,
  "fd_perc": 14.457831325301205,
  "fwhm_avg": 6.33765,
  "fwhm_x": 5.62394,
  "fwhm_y": 6.70392,
  "fwhm_z": 6.75172,
  "gcor": 0.042789689029555725,
  "gsr_x": -0.017305977642536163,
  "gsr_y": 0.0642528384923935,
  "metadata": {
    "EchoTime": 0,
    "FlipAngle": 90,
    "MRAcquisitionType": "2D",
    "MagneticFieldStrength": 3,
    "Manufacturer": "SIEMENS",
    "ManufacturerModelName": "TrioTim",
    "RepetitionTime": 2,
    "ScanOptions": "FS",
    "ScanningSequence": "EP",
    "SequenceName": "epfid2d1_64",
    "SequenceVariant": "SK",
    "SliceTiming": [
      0.0025000000000000022,
      0.5,
      -0.030000000000000027,
      0.46625,
      -0.06374999999999997,
      0.43374999999499997,
      -0.09624999999999995,
      0.399999999995,
      -0.1300000000049999,
      0.367499999995,
      -0.16250000000499998,
      0.33374999999,
      -0.19625000001000004,
      0.301250000005,
      -0.22875000001,
      0.26749999999999996,
      -0.26249999999500007,
      0.235,
      -0.29500000000000004,
      0.20124999999999998,
      -0.32875,
      0.168749999995,
      -0.36124999999999996,
      0.134999999995,
      -0.3950000000049999,
      0.10249999999499998,
      -0.427500000005,
      0.06874999998999998,
      -0.46125000001000005,
      0.036250000005000005
    ],
    "TaskName": "dis",
    "qc_type": "func",
    "run_id": "03",
    "subject_id": "32",
    "task_id": "dis"
  },
  "size_t": 166,
  "size_x": 64,
  "size_y": 64,
  "size_z": 30,
  "snr": 5.198484563043308,
  "spacing_tr": 1.0,
  "spacing_x": 3.125,
  "spacing_y": 3.125,
  "spacing_z": 4.0,
  "spikes_num": 0,
  "summary_bg_k": 21.076549984120938,
  "summary_bg_mean": 57.7291145324707,
  "summary_bg_p05": 17.77108383178711,
  "summary_bg_p95": 221.01204223632777,
  "summary_bg_stdv": 79.58686828613281,
  "summary_fg_k": 1.32663688362371,
  "summary_fg_mean": 812.777587890625,
  "summary_fg_p05": 534.6879272460938,
  "summary_fg_p95": 1068.3301025390624,
  "summary_fg_stdv": 157.8213348388672,
  "tsnr": 56.28715515136719
}