{
  "cjv": 0.7076194882392883,
  "cnr": 6.048732757568359,
  "efc": 0.5407172870277049,
  "fber": 148.87738037109375,
  "fwhm_avg": 1.84684,
  "fwhm_x": 2.076,
  "fwhm_y": 1.93094,
  "fwhm_z": 1.57141,
  "icvs_csf": 0.14820674645521453,
  "icvs_gm": 0.44529698035227167,
  "icvs_wm": 0.4064962731925138,
  "inu_med": 0.7721123695373535,
  "inu_range": 0.20717508196830736,
  "metadata": {
    "EchoTime": 0.0033900000000000002,
    "FlipAngle": 9,
    "MRAcquisitionType": "3D",
    "MagneticFieldStrength": 3,
    "Manufacturer": "SIEMENS",
    "ManufacturerModelName": "TrioTim",
    "RepetitionTime": 2,
    "ScanOptions": "IR",
    "ScanningSequence": "GR\\IR",
    "SequenceName": "tfl3d1_ns",
    "SequenceVariant": "SP\\MP",
    "SliceTiming": [
      0.0025000000000000022,
      0.5,
      -0.030000000000000027,
      0.46625,
      -0.06374999999999997,
      0.43374999999499997,
      -0.09624999999999995,
      0.399999999995,
      -0.1300000000049999,
      0.367499999995,
      -0.16250000000499998,
      0.33374999999,
      -0.19625000001000004,
      0.30124999999,
      -0.22875000001,
      0.26749999999999996,
      -0.26249999999500007,
      0.235,
      -0.29500000000000004,
      0.20124999999999998,
      -0.32875,
      0.168749999995,
      -0.36124999999999996,
      0.134999999995,
      -0.3950000000049999,
      0.10249999999499998,
      -0.427500000005,
      0.06874999998999998,
      -0.46125000001000005,
      0.036249999990000004
    ],
    "TaskName": "MPRAGE",
    "qc_type": "anat",
    "subject_id": "28"
  },
  "qi_1": 0.0,
  "qi_2": 0.017474301946326057,
  "rpve_csf": 57013.05078125,
  "rpve_gm": 92026.09375,
  "rpve_wm": 58879.1640625,
  "size_x": 128,
  "size_y": 256,
  "size_z": 256,
  "snr_csf": 1.758545378295645,
  "snr_gm": 8.750346542204541,
  "snr_total": 8.275988412331243,
  "snr_wm": 14.319073316493544,
  "snrd_csf": 25.06269544231222,
  "snrd_gm": 53.07846047666912,
  "snrd_total": 49.3550566871311,
  "snrd_wm": 69.92401414241196,
  "spacing_x": 1.3300000429153442,
  "spacing_y": 1.0,
  "spacing_z": 1.0,
  "summary_bg_k": 14.686579452976861,
  "summary_bg_mean": 4.285460948944092,
  "summary_bg_p05": 0.0,
  "summary_bg_p95": 8.0,
  "summary_bg_stdv": 2.5203630924224854,
  "summary_csf_k": 2.378336454578192,
  "summary_csf_mean": 57.32902526855469,
  "summary_csf_p05": 2.0,
  "summary_csf_p95": 109.0,
  "summary_csf_stdv": 43.302947998046875,
  "summary_gm_k": -0.6166422344938849,
  "summary_gm_mean": 154.3128204345703,
  "summary_gm_p05": 110.0,
  "summary_gm_p95": 192.0,
  "summary_gm_stdv": 25.104957580566406,
  "summary_wm_k": -0.7032330033761593,
  "summary_wm_mean": 217.1424102783203,
  "summary_wm_p05": 179.0,
  "summary_wm_p95": 250.0,
  "summary_wm_stdv": 22.057247161865234,
  "tpm_overlap_csf": 0.18574194276819528,
  "tpm_overlap_gm": 0.47948198501533523,
  "tpm_overlap_wm": 0.4617313588859111,
  "wm2max": 0.8666666666666667
}