{
  "aor": 0.002051691176470588,
  "aqi": 0.0035825123529411762,
  "dvars_nstd": 16.52776687044445,
  "dvars_std": 1.133609198814815,
  "dvars_vstd": 1.0140698142222224,
  "efc": 0.5891538923457498,
  "fber": 63.70881652832031,
  "fd_mean": 0.13240020240992592,
  "fd_num": 0,
  "fd_perc": 0.0,
  "fwhm_avg": 6.46907,
  "fwhm_x": 5.73382,
  "fwhm_y": 6.67872,
  "fwhm_z": 7.06947,
  "gcor": 0.01632390127462499,
  "gsr_x": -0.013672053813934326,
  "gsr_y": 0.07118020206689835,
  "metadata": {
    "EchoTime": 0,
    "FlipAngle": 90,
    "MRAcquisitionType": "2D",
    "MagneticFieldStrength": 3,
    "Manufacturer": "SIEMENS",
    "ManufacturerModelName": "TrioTim",
    "RepetitionTime": 2,
    "ScanOptions": "FS",
    "ScanningSequence": "EP",
    "SequenceName": "epfid2d1_56",
    "SequenceVariant": "SK",
    "SliceTiming": [
      0.0037499999899999747,
      0.5,
      -0.030000000014999917,
      0.4675,
      -0.0625,
      0.43374999999499997,
      -0.09624999999999995,
      0.401249999995,
      -0.12875000000499992,
      0.367499999995,
      -0.16250000000499998,
      0.33499999998999996,
      -0.19500000000499995,
      0.30124999999,
      -0.22875000001,
      0.26874999999,
      -0.26125000001,
      0.235,
      -0.29500000001499993,
      0.2025,
      -0.3275,
      0.168749999995,
      -0.36124999999999996,
      0.13624999999499998,
      -0.39375000000499993,
      0.10249999999499998,
      -0.427500000005,
      0.06999999999,
      -0.46000000000499996,
      0.036249999990000004
    ],
    "TaskName": "fb",
    "qc_type": "func",
    "run_id": "01",
    "subject_id": "06",
    "task_id": "fb"
  },
  "size_t": 136,
  "size_x": 64,
  "size_y": 56,
  "size_z": 30,
  "snr": 5.102354681544337,
  "spacing_tr": 1.0,
  "spacing_x": 3.125,
  "spacing_y": 3.125,
  "spacing_z": 4.0,
  "spikes_num": 0,
  "summary_bg_k": 12.414486972102331,
  "summary_bg_mean": 58.43054962158203,
  "summary_bg_p05": 16.514705657958984,
  "summary_bg_p95": 253.02206420898438,
  "summary_bg_stdv": 83.71021270751953,
  "summary_fg_k": 0.7853736711726076,
  "summary_fg_mean": 799.22265625,
  "summary_fg_p05": 505.6750122070313,
  "summary_fg_p95": 1048.5977905273437,
  "summary_fg_stdv": 158.70281982421875,
  "tsnr": 84.53204345703125
}