{
  "aor": 0.0014844852941176471,
  "aqi": 0.003591991544117647,
  "dvars_nstd": 15.999485375925929,
  "dvars_std": 1.0932110110370366,
  "dvars_vstd": 1.0032190517777777,
  "efc": 0.5826847616098755,
  "fber": 60.764915466308594,
  "fd_mean": 0.21122000665539256,
  "fd_num": 0,
  "fd_perc": 0.0,
  "fwhm_avg": 6.64707,
  "fwhm_x": 5.86396,
  "fwhm_y": 6.97784,
  "fwhm_z": 7.17759,
  "gcor": 0.02360315533245311,
  "gsr_x": -0.012414141558110714,
  "gsr_y": 0.05535581335425377,
  "metadata": {
    "EchoTime": 0,
    "FlipAngle": 90,
    "MRAcquisitionType": "2D",
    "MagneticFieldStrength": 3,
    "Manufacturer": "SIEMENS",
    "ManufacturerModelName": "TrioTim",
    "RepetitionTime": 2,
    "ScanOptions": "FS",
    "ScanningSequence": "EP",
    "SequenceName": "epfid2d1_64",
    "SequenceVariant": "SK",
    "SliceTiming": [
      0.0037500000050000315,
      0.5,
      -0.030000000000000027,
      0.4675,
      -0.0625,
      0.43374999999499997,
      -0.09624999999999995,
      0.401249999995,
      -0.12875000000499992,
      0.367499999995,
      -0.16250000000499998,
      0.33499999998999996,
      -0.19500000000499995,
      0.301250000005,
      -0.22875000001,
      0.26875000000500004,
      -0.2612499999950001,
      0.235,
      -0.29500000000000004,
      0.2025,
      -0.3275,
      0.168749999995,
      -0.36124999999999996,
      0.13624999999499998,
      -0.39375000000499993,
      0.10249999999499998,
      -0.427500000005,
      0.06999999999,
      -0.46000000000499996,
      0.036249999990000004
    ],
    "TaskName": "fb",
    "qc_type": "func",
    "run_id": "01",
    "subject_id": "12",
    "task_id": "fb"
  },
  "size_t": 136,
  "size_x": 64,
  "size_y": 64,
  "size_z": 30,
  "snr": 5.228512322807924,
  "spacing_tr": 1.0,
  "spacing_x": 3.125,
  "spacing_y": 3.125,
  "spacing_z": 3.999999761581421,
  "spikes_num": 0,
  "summary_bg_k": 16.85729752083386,
  "summary_bg_mean": 57.27539825439453,
  "summary_bg_p05": 15.654412269592285,
  "summary_bg_p95": 230.3566184997565,
  "summary_bg_stdv": 83.4736557006836,
  "summary_fg_k": 1.0967477364263196,
  "summary_fg_mean": 774.5982666015625,
  "summary_fg_p05": 497.4235275268554,
  "summary_fg_p95": 1006.5455993652342,
  "summary_fg_stdv": 150.7847442626953,
  "tsnr": 87.04106903076172
}