{
  "aor": 0.003035602409638554,
  "aqi": 0.004484574879518072,
  "dvars_nstd": 19.215775102606067,
  "dvars_std": 1.1541569592727277,
  "dvars_vstd": 1.0210592491515154,
  "efc": 0.6003478384700722,
  "fber": 51.624183654785156,
  "fd_mean": 0.2128947614030303,
  "fd_num": 3,
  "fd_perc": 1.8072289156626506,
  "fwhm_avg": 6.6257,
  "fwhm_x": 5.78754,
  "fwhm_y": 6.99164,
  "fwhm_z": 7.18825,
  "gcor": 0.04777847715170987,
  "gsr_x": -0.001766982371918857,
  "gsr_y": 0.06506626307964325,
  "metadata": {
    "EchoTime": 0,
    "FlipAngle": 90,
    "MRAcquisitionType": "2D",
    "MagneticFieldStrength": 3,
    "Manufacturer": "SIEMENS",
    "ManufacturerModelName": "TrioTim",
    "RepetitionTime": 2,
    "ScanOptions": "FS",
    "ScanningSequence": "EP",
    "SequenceName": "epfid2d1_64",
    "SequenceVariant": "SK",
    "SliceTiming": [
      0.0025000000000000022,
      0.5,
      -0.030000000000000027,
      0.466250000005,
      -0.06374999999999997,
      0.43375000000499997,
      -0.09624999999500006,
      0.4,
      -0.129999999995,
      0.3675,
      -0.16249999999999998,
      0.33375,
      -0.19625000000000004,
      0.301250000005,
      -0.22875,
      0.26749999999999996,
      -0.26249999999500007,
      0.235,
      -0.29500000000000004,
      0.20124999999999998,
      -0.32875,
      0.168750000005,
      -0.36124999999999996,
      0.135,
      -0.394999999995,
      0.10249999999999998,
      -0.4275,
      0.06874999999999998,
      -0.46125000000000005,
      0.036250000005000005
    ],
    "TaskName": "dis",
    "qc_type": "func",
    "run_id": "01",
    "subject_id": "41",
    "task_id": "dis"
  },
  "size_t": 166,
  "size_x": 64,
  "size_y": 64,
  "size_z": 30,
  "snr": 4.9790233451024335,
  "spacing_tr": 1.0,
  "spacing_x": 3.125,
  "spacing_y": 3.125,
  "spacing_z": 3.999999523162842,
  "spikes_num": 0,
  "summary_bg_k": 15.043665747562631,
  "summary_bg_mean": 68.99654388427734,
  "summary_bg_p05": 17.45783042907715,
  "summary_bg_p95": 269.11444091796875,
  "summary_bg_stdv": 93.39927673339844,
  "summary_fg_k": 0.7956255062355262,
  "summary_fg_mean": 817.7378540039062,
  "summary_fg_p05": 529.5788848876953,
  "summary_fg_p95": 1084.4879150390625,
  "summary_fg_stdv": 165.53746032714844,
  "tsnr": 74.83651733398438
}