{
  "aor": 0.002390454545454545,
  "aqi": 0.004272476545454545,
  "dvars_nstd": 17.205124155045873,
  "dvars_std": 1.1488131576146792,
  "dvars_vstd": 1.012228361376147,
  "efc": 0.606103456113122,
  "fber": 45.499183654785156,
  "fd_mean": 0.14495616215614676,
  "fd_num": 0,
  "fd_perc": 0.0,
  "fwhm_avg": 6.51513,
  "fwhm_x": 5.73068,
  "fwhm_y": 6.82008,
  "fwhm_z": 7.07577,
  "gcor": 0.026875961910594593,
  "gsr_x": -0.010646404698491096,
  "gsr_y": 0.07912413030862808,
  "metadata": {
    "EchoTime": 0,
    "FlipAngle": 90,
    "MRAcquisitionType": "2D",
    "MagneticFieldStrength": 3,
    "Manufacturer": "SIEMENS",
    "ManufacturerModelName": "TrioTim",
    "RepetitionTime": 2,
    "ScanOptions": "FS",
    "ScanningSequence": "EP",
    "SequenceName": "epfid2d1_64",
    "SequenceVariant": "SK",
    "SliceTiming": [
      0.0037500000050000315,
      0.5,
      -0.030000000000000027,
      0.4675,
      -0.0625,
      0.43375000000999997,
      -0.09624999998999995,
      0.40125000001,
      -0.12874999999000003,
      0.36750000001,
      -0.16249999998999998,
      0.33500000000499996,
      -0.19499999998999995,
      0.301250000005,
      -0.228749999995,
      0.26875000000500004,
      -0.2612499999950001,
      0.235,
      -0.29500000000000004,
      0.2025,
      -0.3275,
      0.16875000001,
      -0.36124999998500007,
      0.13625000000999998,
      -0.39374999999000004,
      0.10250000000999998,
      -0.42749999999,
      0.07000000000500001,
      -0.45999999998999996,
      0.036250000005000005
    ],
    "TaskName": "fb",
    "qc_type": "func",
    "run_id": "03",
    "subject_id": "30",
    "task_id": "fb"
  },
  "size_t": 110,
  "size_x": 64,
  "size_y": 64,
  "size_z": 30,
  "snr": 5.145344800674078,
  "spacing_tr": 1.0,
  "spacing_x": 3.125,
  "spacing_y": 3.125,
  "spacing_z": 4.000000476837158,
  "spikes_num": 0,
  "summary_bg_k": 17.719763966536746,
  "summary_bg_mean": 68.84359741210938,
  "summary_bg_p05": 17.136363983154297,
  "summary_bg_p95": 290.2318115234376,
  "summary_bg_stdv": 103.25870513916016,
  "summary_fg_k": 0.7969455772288341,
  "summary_fg_mean": 821.3463134765625,
  "summary_fg_p05": 526.1781616210938,
  "summary_fg_p95": 1073.4563476562498,
  "summary_fg_stdv": 161.73904418945312,
  "tsnr": 83.7525634765625
}