{
  "aor": 0.0007579411764705883,
  "aqi": 0.0033410898529411767,
  "dvars_nstd": 19.95985328555555,
  "dvars_std": 1.1161098256296293,
  "dvars_vstd": 0.9922424630370374,
  "efc": 0.5655579866476496,
  "fber": 59.58305358886719,
  "fd_mean": 0.2909581516355556,
  "fd_num": 0,
  "fd_perc": 0.0,
  "fwhm_avg": 6.80914,
  "fwhm_x": 6.00712,
  "fwhm_y": 7.26056,
  "fwhm_z": 7.23837,
  "gcor": 0.06226731749141917,
  "gsr_x": 0.006642134394496679,
  "gsr_y": 0.04745976999402046,
  "metadata": {
    "EchoTime": 0,
    "FlipAngle": 90,
    "MRAcquisitionType": "2D",
    "MagneticFieldStrength": 3,
    "Manufacturer": "SIEMENS",
    "ManufacturerModelName": "TrioTim",
    "RepetitionTime": 2,
    "ScanOptions": "FS",
    "ScanningSequence": "EP",
    "SequenceName": "epfid2d1_64",
    "SequenceVariant": "SK",
    "SliceTiming": [
      0.0025000000000000022,
      0.5,
      -0.030000000000000027,
      0.46625,
      -0.06374999999999997,
      0.43374999999499997,
      -0.09624999999999995,
      0.399999999995,
      -0.1300000000049999,
      0.36750000001,
      -0.16250000000499998,
      0.333750000005,
      -0.19624999999500004,
      0.301250000005,
      -0.228749999995,
      0.26749999999999996,
      -0.26249999999500007,
      0.235,
      -0.29500000000000004,
      0.20124999999999998,
      -0.32875,
      0.168749999995,
      -0.36124999999999996,
      0.134999999995,
      -0.3950000000049999,
      0.10249999999499998,
      -0.427500000005,
      0.06875000000499998,
      -0.46124999999500005,
      0.036250000005000005
    ],
    "TaskName": "fb",
    "qc_type": "func",
    "run_id": "03",
    "subject_id": "15",
    "task_id": "fb"
  },
  "size_t": 136,
  "size_x": 64,
  "size_y": 64,
  "size_z": 30,
  "snr": 5.198427375360665,
  "spacing_tr": 1.0,
  "spacing_x": 3.125,
  "spacing_y": 3.125,
  "spacing_z": 4.000000476837158,
  "spikes_num": 0,
  "summary_bg_k": 13.530447398000138,
  "summary_bg_mean": 63.43826675415039,
  "summary_bg_p05": 16.83823585510254,
  "summary_bg_p95": 259.10367126464837,
  "summary_bg_stdv": 89.57679748535156,
  "summary_fg_k": 0.94915517534305,
  "summary_fg_mean": 830.9791870117188,
  "summary_fg_p05": 508.3970642089844,
  "summary_fg_p95": 1066.375,
  "summary_fg_stdv": 165.39337158203125,
  "tsnr": 85.7800521850586
}