{
  "aor": 0.0032783823529411765,
  "aqi": 0.0036348423529411764,
  "dvars_nstd": 22.090966966148148,
  "dvars_std": 1.1531920395555553,
  "dvars_vstd": 1.017649049481481,
  "efc": 0.6046066959956137,
  "fber": 38.49615478515625,
  "fd_mean": 0.2270643261648889,
  "fd_num": 3,
  "fd_perc": 2.2058823529411766,
  "fwhm_avg": 7.18345,
  "fwhm_x": 6.43249,
  "fwhm_y": 7.60894,
  "fwhm_z": 7.57349,
  "gcor": 0.03239942298215978,
  "gsr_x": 0.00528003741055727,
  "gsr_y": 0.04884539544582367,
  "metadata": {
    "EchoTime": 0,
    "FlipAngle": 90,
    "MRAcquisitionType": "2D",
    "MagneticFieldStrength": 3,
    "Manufacturer": "SIEMENS",
    "ManufacturerModelName": "TrioTim",
    "RepetitionTime": 2,
    "ScanOptions": "FS",
    "ScanningSequence": "EP",
    "SequenceName": "epfid2d1_64",
    "SequenceVariant": "SK",
    "SliceTiming": [
      0.0037500000050000315,
      0.5,
      -0.030000000000000027,
      0.46750000001500003,
      -0.0625,
      0.43375000000999997,
      -0.09624999998999995,
      0.40125000001,
      -0.12874999999000003,
      0.36750000001,
      -0.16249999998999998,
      0.33500000000499996,
      -0.19499999998999995,
      0.301250000005,
      -0.228749999995,
      0.26875000000500004,
      -0.2612499999950001,
      0.235,
      -0.29500000000000004,
      0.2025,
      -0.3275,
      0.16875000001,
      -0.36124999998500007,
      0.13625000000999998,
      -0.39374999999000004,
      0.10250000000999998,
      -0.42749999999,
      0.07000000000500001,
      -0.45999999998999996,
      0.036250000005000005
    ],
    "TaskName": "tomloc",
    "qc_type": "func",
    "run_id": "02",
    "subject_id": "45",
    "task_id": "tomloc"
  },
  "size_t": 136,
  "size_x": 64,
  "size_y": 64,
  "size_z": 30,
  "snr": 4.480013528350287,
  "spacing_tr": 1.0,
  "spacing_x": 3.125,
  "spacing_y": 3.125,
  "spacing_z": 4.000000476837158,
  "spikes_num": 0,
  "summary_bg_k": 13.833209769225991,
  "summary_bg_mean": 85.37483215332031,
  "summary_bg_p05": 18.58823585510254,
  "summary_bg_p95": 342.2433807373046,
  "summary_bg_stdv": 117.09906768798828,
  "summary_fg_k": 0.5360095407805598,
  "summary_fg_mean": 877.1622314453125,
  "summary_fg_p05": 533.9852905273438,
  "summary_fg_p95": 1194.9779052734375,
  "summary_fg_stdv": 197.6016387939453,
  "tsnr": 74.00726318359375
}