{
  "aor": 0.001310727272727273,
  "aqi": 0.004431260090909091,
  "dvars_nstd": 21.68897361045872,
  "dvars_std": 1.1730675378899078,
  "dvars_vstd": 1.0005631242201836,
  "efc": 0.5453945448216475,
  "fber": 77.2935562133789,
  "fd_mean": 0.2934655972726074,
  "fd_num": 0,
  "fd_perc": 0.0,
  "fwhm_avg": 6.96409,
  "fwhm_x": 6.23493,
  "fwhm_y": 7.25766,
  "fwhm_z": 7.46389,
  "gcor": 0.09916423450816761,
  "gsr_x": -0.014215771108865738,
  "gsr_y": 0.0495636984705925,
  "metadata": {
    "EchoTime": 0,
    "FlipAngle": 90,
    "MRAcquisitionType": "2D",
    "MagneticFieldStrength": 3,
    "Manufacturer": "SIEMENS",
    "ManufacturerModelName": "TrioTim",
    "RepetitionTime": 2,
    "ScanOptions": "FS",
    "ScanningSequence": "EP",
    "SequenceName": "epfid2d1_64",
    "SequenceVariant": "SK",
    "SliceTiming": [
      0.0025000000000000022,
      0.5,
      -0.030000000000000027,
      0.46625,
      -0.06374999999999997,
      0.43374999999499997,
      -0.09624999999999995,
      0.399999999995,
      -0.1300000000049999,
      0.36750000001,
      -0.16250000000499998,
      0.333750000005,
      -0.19624999999500004,
      0.301250000005,
      -0.228749999995,
      0.26749999999999996,
      -0.26249999999500007,
      0.235,
      -0.29500000000000004,
      0.20124999999999998,
      -0.32875,
      0.168749999995,
      -0.36124999999999996,
      0.134999999995,
      -0.3950000000049999,
      0.10249999999499998,
      -0.427500000005,
      0.06875000000499998,
      -0.46124999999500005,
      0.036250000005000005
    ],
    "TaskName": "fb",
    "qc_type": "func",
    "run_id": "01",
    "subject_id": "34",
    "task_id": "fb"
  },
  "size_t": 110,
  "size_x": 64,
  "size_y": 64,
  "size_z": 30,
  "snr": 4.852360661405062,
  "spacing_tr": 1.0,
  "spacing_x": 3.125,
  "spacing_y": 3.125,
  "spacing_z": 3.9999990463256836,
  "spikes_num": 0,
  "summary_bg_k": 23.187005680668296,
  "summary_bg_mean": 49.17266082763672,
  "summary_bg_p05": 16.18181800842285,
  "summary_bg_p95": 190.43544692993157,
  "summary_bg_stdv": 72.11892700195312,
  "summary_fg_k": 0.9870503383162155,
  "summary_fg_mean": 751.3080444335938,
  "summary_fg_p05": 468.0631744384766,
  "summary_fg_p95": 1001.1922210693359,
  "summary_fg_stdv": 156.34213256835938,
  "tsnr": 74.44635009765625
}