{
  "aor": 0.0013137272727272726,
  "aqi": 0.004101226909090908,
  "dvars_nstd": 19.899818463761477,
  "dvars_std": 1.133016347522936,
  "dvars_vstd": 0.9891290554128438,
  "efc": 0.5477777720391261,
  "fber": 75.49974822998047,
  "fd_mean": 0.25866888975609176,
  "fd_num": 0,
  "fd_perc": 0.0,
  "fwhm_avg": 6.8199,
  "fwhm_x": 6.05857,
  "fwhm_y": 7.12974,
  "fwhm_z": 7.34329,
  "gcor": 0.015252056988802823,
  "gsr_x": -0.015312617644667625,
  "gsr_y": 0.0502367727458477,
  "metadata": {
    "EchoTime": 0,
    "FlipAngle": 90,
    "MRAcquisitionType": "2D",
    "MagneticFieldStrength": 3,
    "Manufacturer": "SIEMENS",
    "ManufacturerModelName": "TrioTim",
    "RepetitionTime": 2,
    "ScanOptions": "FS",
    "ScanningSequence": "EP",
    "SequenceName": "epfid2d1_64",
    "SequenceVariant": "SK",
    "SliceTiming": [
      0.0037500000050000315,
      0.5,
      -0.030000000000000027,
      0.46750000001500003,
      -0.0625,
      0.43375000000999997,
      -0.09624999998999995,
      0.40125000001,
      -0.12874999999000003,
      0.36750000001,
      -0.16249999998999998,
      0.33500000000499996,
      -0.19499999998999995,
      0.301250000005,
      -0.228749999995,
      0.26875000000500004,
      -0.2612499999950001,
      0.235,
      -0.29500000000000004,
      0.2025,
      -0.3275,
      0.16875000001,
      -0.36124999998500007,
      0.13625000000999998,
      -0.39374999999000004,
      0.10250000000999998,
      -0.42749999999,
      0.07000000000500001,
      -0.45999999998999996,
      0.036250000005000005
    ],
    "TaskName": "fb",
    "qc_type": "func",
    "run_id": "04",
    "subject_id": "34",
    "task_id": "fb"
  },
  "size_t": 110,
  "size_x": 64,
  "size_y": 64,
  "size_z": 30,
  "snr": 4.922989504221541,
  "spacing_tr": 1.0,
  "spacing_x": 3.125,
  "spacing_y": 3.125,
  "spacing_z": 3.9999990463256836,
  "spikes_num": 0,
  "summary_bg_k": 23.266518207924737,
  "summary_bg_mean": 51.07358932495117,
  "summary_bg_p05": 16.490907669067383,
  "summary_bg_p95": 198.53408432006836,
  "summary_bg_stdv": 74.70409393310547,
  "summary_fg_k": 1.1336402148953253,
  "summary_fg_mean": 770.2887573242188,
  "summary_fg_p05": 487.387712097168,
  "summary_fg_p95": 1020.8563201904294,
  "summary_fg_stdv": 157.91983032226562,
  "tsnr": 82.39915466308594
}