{
  "cjv": 0.8286014199256897,
  "cnr": 4.7541584968566895,
  "efc": 0.5051294346499625,
  "fber": 10.312538146972656,
  "fwhm_avg": 1.6136,
  "fwhm_x": 1.58099,
  "fwhm_y": 1.74679,
  "fwhm_z": 1.52132,
  "icvs_csf": 0.21571063366073745,
  "icvs_gm": 0.32333231388011047,
  "icvs_wm": 0.4609570524591521,
  "inu_med": 0.7577947974205017,
  "inu_range": 0.11795504093170162,
  "metadata": {
    "EchoTime": 0.0033900000000000002,
    "FlipAngle": 9,
    "MRAcquisitionType": "3D",
    "MagneticFieldStrength": 3,
    "Manufacturer": "SIEMENS",
    "ManufacturerModelName": "TrioTim",
    "RepetitionTime": 2,
    "ScanOptions": "IR",
    "ScanningSequence": "GR\\IR",
    "SequenceName": "tfl3d1_ns",
    "SequenceVariant": "SP\\MP",
    "SliceTiming": [
      0.0037500000050000315,
      0.5,
      -0.028750000000000053,
      0.4675,
      -0.0625,
      0.435,
      -0.09499999999999997,
      0.40125000001,
      -0.12875000000499992,
      0.36875000001,
      -0.16124999999,
      0.33500000000499996,
      -0.19499999998999995,
      0.302500000005,
      -0.22749999999500004,
      0.26875000000500004,
      -0.2612499999950001,
      0.23625000000000002,
      -0.29374999999500007,
      0.2025,
      -0.3275,
      0.16999999999999998,
      -0.36,
      0.13624999999499998,
      -0.39375000000499993,
      0.10375000001000001,
      -0.4262500000049999,
      0.07000000000500001,
      -0.45999999998999996,
      0.03750000000499998
    ],
    "TaskName": "MPRAGE",
    "qc_type": "anat",
    "subject_id": "06"
  },
  "qi_1": 0.00050858190057879,
  "qi_2": 0.0020458904087808953,
  "rpve_csf": 892.3695678710938,
  "rpve_gm": 1581.78955078125,
  "rpve_wm": 1257.0,
  "size_x": 128,
  "size_y": 256,
  "size_z": 256,
  "snr_csf": 1.9038368665444272,
  "snr_gm": 9.848756560915426,
  "snr_total": 8.355227925804412,
  "snr_wm": 13.313090349953383,
  "snrd_csf": 15.561232032021683,
  "snrd_gm": 34.83567272377825,
  "snrd_total": 31.354150585250892,
  "snrd_wm": 43.665546999952745,
  "spacing_x": 1.3300000429153442,
  "spacing_y": 1.0,
  "spacing_z": 1.0,
  "summary_bg_k": 230.64416733646206,
  "summary_bg_mean": 4.432957649230957,
  "summary_bg_p05": 1.0,
  "summary_bg_p95": 8.0,
  "summary_bg_stdv": 8.10006332397461,
  "summary_csf_k": 1.7740758035999793,
  "summary_csf_mean": 75.13017272949219,
  "summary_csf_p05": 4.0,
  "summary_csf_p95": 136.0,
  "summary_csf_stdv": 44.290374755859375,
  "summary_gm_k": -0.06498713951764667,
  "summary_gm_mean": 172.25462341308594,
  "summary_gm_p05": 133.0,
  "summary_gm_p95": 205.0,
  "summary_gm_stdv": 22.048114776611328,
  "summary_wm_k": -0.13972650293325684,
  "summary_wm_mean": 224.6195831298828,
  "summary_wm_p05": 195.0,
  "summary_wm_p95": 252.0,
  "summary_wm_stdv": 18.57607650756836,
  "tpm_overlap_csf": 0.004815843512046091,
  "tpm_overlap_gm": 0.003172219152033593,
  "tpm_overlap_wm": 0.0038520067817283663,
  "wm2max": 0.8862745098039215
}