{
  "aor": 0.0016074096385542168,
  "aqi": 0.005152196506024096,
  "dvars_nstd": 18.224462948242422,
  "dvars_std": 1.1287652880606063,
  "dvars_vstd": 1.0126284860606058,
  "efc": 0.5824454939412994,
  "fber": 67.20384979248047,
  "fd_mean": 0.20527171249745457,
  "fd_num": 0,
  "fd_perc": 0.0,
  "fwhm_avg": 6.56576,
  "fwhm_x": 5.82819,
  "fwhm_y": 6.92226,
  "fwhm_z": 7.01575,
  "gcor": 0.014591003038797033,
  "gsr_x": -0.002590961055830121,
  "gsr_y": 0.0575956292450428,
  "metadata": {
    "EchoTime": 0,
    "FlipAngle": 90,
    "MRAcquisitionType": "2D",
    "MagneticFieldStrength": 3,
    "Manufacturer": "SIEMENS",
    "ManufacturerModelName": "TrioTim",
    "RepetitionTime": 2,
    "ScanOptions": "FS",
    "ScanningSequence": "EP",
    "SequenceName": "epfid2d1_64",
    "SequenceVariant": "SK",
    "SliceTiming": [
      0.0025000000000000022,
      0.5,
      -0.030000000000000027,
      0.46625,
      -0.06374999999999997,
      0.43375000000999997,
      -0.09624999999999995,
      0.40000000001,
      -0.12999999999,
      0.36750000001,
      -0.16249999998999998,
      0.333750000005,
      -0.19624999999500004,
      0.301250000005,
      -0.228749999995,
      0.26749999999999996,
      -0.26249999999500007,
      0.235,
      -0.29500000000000004,
      0.20124999999999998,
      -0.32875,
      0.16875000001,
      -0.36124999999999996,
      0.13500000001,
      -0.39499999999,
      0.10250000000999998,
      -0.42749999999,
      0.06875000000499998,
      -0.46124999999500005,
      0.036250000005000005
    ],
    "TaskName": "dis",
    "qc_type": "func",
    "run_id": "06",
    "subject_id": "03",
    "task_id": "dis"
  },
  "size_t": 166,
  "size_x": 64,
  "size_y": 64,
  "size_z": 30,
  "snr": 5.241324044524274,
  "spacing_tr": 1.0,
  "spacing_x": 3.125,
  "spacing_y": 3.125,
  "spacing_z": 4.000001430511475,
  "spikes_num": 0,
  "summary_bg_k": 18.87831669204417,
  "summary_bg_mean": 55.96806716918945,
  "summary_bg_p05": 16.114458084106445,
  "summary_bg_p95": 213.96385192871094,
  "summary_bg_stdv": 76.95035552978516,
  "summary_fg_k": 0.9834139833863036,
  "summary_fg_mean": 765.7825317382812,
  "summary_fg_p05": 489.7304061889648,
  "summary_fg_p95": 992.1258453369136,
  "summary_fg_stdv": 148.4120330810547,
  "tsnr": 78.17118835449219
}