{
  "aor": 0.004475818181818183,
  "aqi": 0.013338204,
  "dvars_nstd": 57.71346477119263,
  "dvars_std": 1.2465189456880736,
  "dvars_vstd": 1.0107108349541287,
  "efc": 0.5587366591603609,
  "fber": 72.53234100341797,
  "fd_mean": 1.0665425788715597,
  "fd_num": 54,
  "fd_perc": 49.09090909090909,
  "fwhm_avg": 6.70443,
  "fwhm_x": 5.853,
  "fwhm_y": 7.17874,
  "fwhm_z": 7.17233,
  "gcor": 0.08099263798106801,
  "gsr_x": -0.015188794583082199,
  "gsr_y": 0.049630410969257355,
  "metadata": {
    "EchoTime": 0,
    "FlipAngle": 90,
    "MRAcquisitionType": "2D",
    "MagneticFieldStrength": 3,
    "Manufacturer": "SIEMENS",
    "ManufacturerModelName": "TrioTim",
    "RepetitionTime": 2,
    "ScanOptions": "FS",
    "ScanningSequence": "EP",
    "SequenceName": "epfid2d1_64",
    "SequenceVariant": "SK",
    "SliceTiming": [
      0.0037500000050000315,
      0.5,
      -0.030000000000000027,
      0.4675,
      -0.0625,
      0.43374999999499997,
      -0.09624999999999995,
      0.401249999995,
      -0.12875000000499992,
      0.36750000001,
      -0.16249999998999998,
      0.33500000000499996,
      -0.19499999998999995,
      0.301250000005,
      -0.228749999995,
      0.26875000000500004,
      -0.2612499999950001,
      0.235,
      -0.29500000000000004,
      0.2025,
      -0.3275,
      0.168749999995,
      -0.36124999999999996,
      0.13624999999499998,
      -0.39375000000499993,
      0.10250000000999998,
      -0.427500000005,
      0.07000000000500001,
      -0.45999999998999996,
      0.036250000005000005
    ],
    "TaskName": "fb",
    "qc_type": "func",
    "run_id": "03",
    "subject_id": "27",
    "task_id": "fb"
  },
  "size_t": 110,
  "size_x": 64,
  "size_y": 64,
  "size_z": 30,
  "snr": 4.883711397192836,
  "spacing_tr": 1.0,
  "spacing_x": 3.125,
  "spacing_y": 3.125,
  "spacing_z": 3.999999761581421,
  "spikes_num": 0,
  "summary_bg_k": 19.04138503814599,
  "summary_bg_mean": 57.52378845214844,
  "summary_bg_p05": 17.709091186523438,
  "summary_bg_p95": 216.21363525390586,
  "summary_bg_stdv": 77.48226165771484,
  "summary_fg_k": 1.3029698141905053,
  "summary_fg_mean": 804.797607421875,
  "summary_fg_p05": 506.8727111816406,
  "summary_fg_p95": 1072.3636474609375,
  "summary_fg_stdv": 166.60540771484375,
  "tsnr": 46.12202072143555
}