{
  "aor": 0.010016987951807227,
  "aqi": 0.008103047409638554,
  "dvars_nstd": 27.746934006848488,
  "dvars_std": 1.267360473454545,
  "dvars_vstd": 1.1175814729696967,
  "efc": 0.5823663917885734,
  "fber": 72.76607513427734,
  "fd_mean": 0.3966300029757576,
  "fd_num": 12,
  "fd_perc": 7.228915662650603,
  "fwhm_avg": 6.34007,
  "fwhm_x": 5.66747,
  "fwhm_y": 6.59997,
  "fwhm_z": 6.81319,
  "gcor": 0.08189658659050264,
  "gsr_x": -0.015349864028394222,
  "gsr_y": 0.06367586553096771,
  "metadata": {
    "EchoTime": 0,
    "FlipAngle": 90,
    "MRAcquisitionType": "2D",
    "MagneticFieldStrength": 3,
    "Manufacturer": "SIEMENS",
    "ManufacturerModelName": "TrioTim",
    "RepetitionTime": 2,
    "ScanOptions": "FS",
    "ScanningSequence": "EP",
    "SequenceName": "epfid2d1_64",
    "SequenceVariant": "SK",
    "SliceTiming": [
      0.0025000000000000022,
      0.5,
      -0.030000000000000027,
      0.46625,
      -0.06374999999999997,
      0.43374999999499997,
      -0.09624999999999995,
      0.399999999995,
      -0.1300000000049999,
      0.367499999995,
      -0.16250000000499998,
      0.333750000005,
      -0.19625000001000004,
      0.301250000005,
      -0.228749999995,
      0.26749999999999996,
      -0.26249999999500007,
      0.235,
      -0.29500000000000004,
      0.20124999999999998,
      -0.32875,
      0.168749999995,
      -0.36124999999999996,
      0.134999999995,
      -0.3950000000049999,
      0.10249999999499998,
      -0.427500000005,
      0.06875000000499998,
      -0.46125000001000005,
      0.036250000005000005
    ],
    "TaskName": "dis",
    "qc_type": "func",
    "run_id": "02",
    "subject_id": "32",
    "task_id": "dis"
  },
  "size_t": 166,
  "size_x": 64,
  "size_y": 64,
  "size_z": 30,
  "snr": 5.127076289387419,
  "spacing_tr": 1.0,
  "spacing_x": 3.125,
  "spacing_y": 3.125,
  "spacing_z": 4.0,
  "spikes_num": 0,
  "summary_bg_k": 20.20349921284918,
  "summary_bg_mean": 56.43775939941406,
  "summary_bg_p05": 17.596384048461914,
  "summary_bg_p95": 214.76745605468744,
  "summary_bg_stdv": 77.95806121826172,
  "summary_fg_k": 1.2286392578674636,
  "summary_fg_mean": 805.4826049804688,
  "summary_fg_p05": 526.3324890136719,
  "summary_fg_p95": 1062.301708984375,
  "summary_fg_stdv": 158.76589965820312,
  "tsnr": 58.607357025146484
}