{
  "aor": 0.0016312650602409637,
  "aqi": 0.0051979653012048195,
  "dvars_nstd": 18.492027531212123,
  "dvars_std": 1.1478008886666669,
  "dvars_vstd": 1.0088473420000001,
  "efc": 0.5819669586041473,
  "fber": 66.9186019897461,
  "fd_mean": 0.18772897860484847,
  "fd_num": 0,
  "fd_perc": 0.0,
  "fwhm_avg": 6.5462,
  "fwhm_x": 5.74571,
  "fwhm_y": 6.90608,
  "fwhm_z": 7.06956,
  "gcor": 0.02920562387949013,
  "gsr_x": -0.0015690793516114354,
  "gsr_y": 0.05795906111598015,
  "metadata": {
    "EchoTime": 0,
    "FlipAngle": 90,
    "MRAcquisitionType": "2D",
    "MagneticFieldStrength": 3,
    "Manufacturer": "SIEMENS",
    "ManufacturerModelName": "TrioTim",
    "RepetitionTime": 2,
    "ScanOptions": "FS",
    "ScanningSequence": "EP",
    "SequenceName": "epfid2d1_64",
    "SequenceVariant": "SK",
    "SliceTiming": [
      0.0037500000050000315,
      0.5,
      -0.030000000000000027,
      0.4675,
      -0.0625,
      0.43374999999499997,
      -0.09624999999999995,
      0.401249999995,
      -0.12875000000499992,
      0.367499999995,
      -0.16250000000499998,
      0.33500000000499996,
      -0.19500000000499995,
      0.301250000005,
      -0.228749999995,
      0.26875000000500004,
      -0.2612499999950001,
      0.235,
      -0.29500000000000004,
      0.2025,
      -0.3275,
      0.168749999995,
      -0.36124999999999996,
      0.13624999999499998,
      -0.39375000000499993,
      0.10249999999499998,
      -0.427500000005,
      0.07000000000500001,
      -0.46000000000499996,
      0.036250000005000005
    ],
    "TaskName": "dis",
    "qc_type": "func",
    "run_id": "04",
    "subject_id": "03",
    "task_id": "dis"
  },
  "size_t": 166,
  "size_x": 64,
  "size_y": 64,
  "size_z": 30,
  "snr": 5.265886944341668,
  "spacing_tr": 1.0,
  "spacing_x": 3.125,
  "spacing_y": 3.125,
  "spacing_z": 4.000001430511475,
  "spikes_num": 0,
  "summary_bg_k": 19.42115810966512,
  "summary_bg_mean": 56.0620002746582,
  "summary_bg_p05": 15.77108383178711,
  "summary_bg_p95": 212.4273979187007,
  "summary_bg_stdv": 77.12712097167969,
  "summary_fg_k": 0.9581832535000232,
  "summary_fg_mean": 765.843994140625,
  "summary_fg_p05": 490.13975372314457,
  "summary_fg_p95": 992.393664550781,
  "summary_fg_stdv": 147.90646362304688,
  "tsnr": 78.49922180175781
}