{
  "aor": 0.003129191176470588,
  "aqi": 0.004094824632352941,
  "dvars_nstd": 14.428703718148151,
  "dvars_std": 1.1175388917777778,
  "dvars_vstd": 1.0217280955555559,
  "efc": 0.5292421348436006,
  "fber": 85.67047119140625,
  "fd_mean": 0.17867390763096297,
  "fd_num": 3,
  "fd_perc": 2.2058823529411766,
  "fwhm_avg": 6.80774,
  "fwhm_x": 6.05917,
  "fwhm_y": 7.05488,
  "fwhm_z": 7.38084,
  "gcor": 0.015365577795926262,
  "gsr_x": -0.003289121901616454,
  "gsr_y": 0.03763173148036003,
  "metadata": {
    "EchoTime": 0,
    "FlipAngle": 90,
    "MRAcquisitionType": "2D",
    "MagneticFieldStrength": 3,
    "Manufacturer": "SIEMENS",
    "ManufacturerModelName": "TrioTim",
    "RepetitionTime": 2,
    "ScanOptions": "FS",
    "ScanningSequence": "EP",
    "SequenceName": "epfid2d1_64",
    "SequenceVariant": "SK",
    "SliceTiming": [
      0.0025000000000000022,
      0.5,
      -0.030000000000000027,
      0.46625,
      -0.06374999999999997,
      0.43374999999499997,
      -0.09624999999999995,
      0.399999999995,
      -0.1300000000049999,
      0.367499999995,
      -0.16250000000499998,
      0.333750000005,
      -0.19625000001000004,
      0.301250000005,
      -0.228749999995,
      0.26749999999999996,
      -0.26249999999500007,
      0.235,
      -0.29500000000000004,
      0.20124999999999998,
      -0.32875,
      0.168749999995,
      -0.36124999999999996,
      0.134999999995,
      -0.3950000000049999,
      0.10249999999499998,
      -0.427500000005,
      0.06874999998999998,
      -0.46125000001000005,
      0.036250000005000005
    ],
    "TaskName": "fb",
    "qc_type": "func",
    "run_id": "02",
    "subject_id": "07",
    "task_id": "fb"
  },
  "size_t": 136,
  "size_x": 64,
  "size_y": 64,
  "size_z": 30,
  "snr": 5.297871166575759,
  "spacing_tr": 1.0,
  "spacing_x": 3.125,
  "spacing_y": 3.125,
  "spacing_z": 3.999999761581421,
  "spikes_num": 0,
  "summary_bg_k": 22.61038197014892,
  "summary_bg_mean": 45.59553909301758,
  "summary_bg_p05": 14.264705657958984,
  "summary_bg_p95": 174.125,
  "summary_bg_stdv": 67.78766632080078,
  "summary_fg_k": 0.8531224602641538,
  "summary_fg_mean": 742.2652587890625,
  "summary_fg_p05": 466.3852966308594,
  "summary_fg_p95": 953.0426269531249,
  "summary_fg_stdv": 144.28228759765625,
  "tsnr": 84.77729797363281
}