{
  "aor": 0.0009284337349397592,
  "aqi": 0.00366060608433735,
  "dvars_nstd": 20.66610640327273,
  "dvars_std": 1.251284380848485,
  "dvars_vstd": 1.0088032244848484,
  "efc": 0.6092866788811974,
  "fber": 69.81400299072266,
  "fd_mean": 0.14401301638787878,
  "fd_num": 0,
  "fd_perc": 0.0,
  "fwhm_avg": 7.11547,
  "fwhm_x": 6.29943,
  "fwhm_y": 7.42093,
  "fwhm_z": 7.70641,
  "gcor": 0.016600620315735597,
  "gsr_x": -0.014092524535953999,
  "gsr_y": 0.06677506119012833,
  "metadata": {
    "EchoTime": 0,
    "FlipAngle": 90,
    "MRAcquisitionType": "2D",
    "MagneticFieldStrength": 3,
    "Manufacturer": "SIEMENS",
    "ManufacturerModelName": "TrioTim",
    "RepetitionTime": 2,
    "ScanOptions": "FS",
    "ScanningSequence": "EP",
    "SequenceName": "epfid2d1_64",
    "SequenceVariant": "SK",
    "SliceTiming": [
      0.0037500000050000315,
      0.5,
      -0.030000000000000027,
      0.4675,
      -0.0625,
      0.43375000000999997,
      -0.09624999998999995,
      0.40125000001,
      -0.12874999999000003,
      0.36750000001,
      -0.16249999998999998,
      0.33500000000499996,
      -0.19499999998999995,
      0.301250000005,
      -0.228749999995,
      0.26875000000500004,
      -0.2612499999950001,
      0.235,
      -0.29500000000000004,
      0.2025,
      -0.3275,
      0.16875000001,
      -0.36124999999999996,
      0.13625000000999998,
      -0.39374999999000004,
      0.10250000000999998,
      -0.42749999999,
      0.07000000000500001,
      -0.45999999998999996,
      0.036250000005000005
    ],
    "TaskName": "dis",
    "qc_type": "func",
    "run_id": "02",
    "subject_id": "18",
    "task_id": "dis"
  },
  "size_t": 166,
  "size_x": 64,
  "size_y": 64,
  "size_z": 30,
  "snr": 4.937283403264998,
  "spacing_tr": 1.0,
  "spacing_x": 3.125,
  "spacing_y": 3.125,
  "spacing_z": 3.999999761581421,
  "spikes_num": 0,
  "summary_bg_k": 15.62618954839709,
  "summary_bg_mean": 62.45098876953125,
  "summary_bg_p05": 16.92168617248535,
  "summary_bg_p95": 239.1789031982421,
  "summary_bg_stdv": 83.75057983398438,
  "summary_fg_k": 0.8714902435608307,
  "summary_fg_mean": 855.2311401367188,
  "summary_fg_p05": 547.4740783691407,
  "summary_fg_p95": 1140.8457519531253,
  "summary_fg_stdv": 174.78428649902344,
  "tsnr": 91.54342651367188
}