{
  "aor": 0.0006533132530120483,
  "aqi": 0.0035665524698795174,
  "dvars_nstd": 17.198705268848485,
  "dvars_std": 1.121278611878788,
  "dvars_vstd": 0.9927471129090915,
  "efc": 0.5665672374046687,
  "fber": 65.12957000732422,
  "fd_mean": 0.2002554773281212,
  "fd_num": 0,
  "fd_perc": 0.0,
  "fwhm_avg": 6.91257,
  "fwhm_x": 6.11401,
  "fwhm_y": 7.32458,
  "fwhm_z": 7.3758,
  "gcor": 0.022068079695644147,
  "gsr_x": -0.010710950940847397,
  "gsr_y": 0.054213546216487885,
  "metadata": {
    "EchoTime": 0,
    "FlipAngle": 90,
    "MRAcquisitionType": "2D",
    "MagneticFieldStrength": 3,
    "Manufacturer": "SIEMENS",
    "ManufacturerModelName": "TrioTim",
    "RepetitionTime": 2,
    "ScanOptions": "FS",
    "ScanningSequence": "EP",
    "SequenceName": "epfid2d1_64",
    "SequenceVariant": "SK",
    "SliceTiming": [
      0.0037500000050000315,
      0.5,
      -0.028750000000000053,
      0.4675,
      -0.0625,
      0.435,
      -0.09499999999999997,
      0.401249999995,
      -0.12875000000499992,
      0.368749999995,
      -0.1612500000049999,
      0.33500000000499996,
      -0.19500000000499995,
      0.302500000005,
      -0.22749999999500004,
      0.26875000000500004,
      -0.2612499999950001,
      0.23625000000000002,
      -0.29374999999500007,
      0.2025,
      -0.3275,
      0.16999999999999998,
      -0.36,
      0.13624999999499998,
      -0.39375000000499993,
      0.10374999999500001,
      -0.4262500000049999,
      0.07000000000500001,
      -0.46000000000499996,
      0.03750000000499998
    ],
    "TaskName": "dis",
    "qc_type": "func",
    "run_id": "02",
    "subject_id": "47",
    "task_id": "dis"
  },
  "size_t": 166,
  "size_x": 64,
  "size_y": 64,
  "size_z": 30,
  "snr": 4.9874304581927555,
  "spacing_tr": 1.0,
  "spacing_x": 3.125,
  "spacing_y": 3.125,
  "spacing_z": 3.9999990463256836,
  "spikes_num": 0,
  "summary_bg_k": 19.54761651609892,
  "summary_bg_mean": 55.82301330566406,
  "summary_bg_p05": 16.090360641479492,
  "summary_bg_p95": 213.90963745117188,
  "summary_bg_stdv": 77.27259826660156,
  "summary_fg_k": 0.7576176054648478,
  "summary_fg_mean": 753.5870361328125,
  "summary_fg_p05": 469.1584243774414,
  "summary_fg_p95": 986.9168334960937,
  "summary_fg_stdv": 154.7775115966797,
  "tsnr": 83.75396728515625
}