{
  "aor": 0.0028931325301204814,
  "aqi": 0.005524538554216867,
  "dvars_nstd": 19.05929283315151,
  "dvars_std": 1.1601074153333342,
  "dvars_vstd": 1.0187457469696974,
  "efc": 0.6273051508377888,
  "fber": 43.87623977661133,
  "fd_mean": 0.2124559066470303,
  "fd_num": 1,
  "fd_perc": 0.6024096385542169,
  "fwhm_avg": 6.76543,
  "fwhm_x": 5.92341,
  "fwhm_y": 6.96447,
  "fwhm_z": 7.50632,
  "gcor": 0.05519131005528462,
  "gsr_x": -7.088267739163712e-05,
  "gsr_y": 0.06542328745126724,
  "metadata": {
    "EchoTime": 0,
    "FlipAngle": 90,
    "MRAcquisitionType": "2D",
    "MagneticFieldStrength": 3,
    "Manufacturer": "SIEMENS",
    "ManufacturerModelName": "TrioTim",
    "RepetitionTime": 2,
    "ScanOptions": "FS",
    "ScanningSequence": "EP",
    "SequenceName": "epfid2d1_64",
    "SequenceVariant": "SK",
    "SliceTiming": [
      0.0025000000000000022,
      0.5,
      -0.030000000000000027,
      0.46625000001,
      -0.06374999999999997,
      0.43375000000999997,
      -0.09624999998999995,
      0.40000000001,
      -0.12999999999,
      0.36750000001,
      -0.16249999998999998,
      0.333750000005,
      -0.19624999999500004,
      0.301250000005,
      -0.228749999995,
      0.26749999999999996,
      -0.26249999999500007,
      0.235,
      -0.29500000000000004,
      0.20124999999999998,
      -0.32875,
      0.16875000001,
      -0.36124999999999996,
      0.13500000001,
      -0.39499999999,
      0.10250000000999998,
      -0.42749999999,
      0.06875000000499998,
      -0.46124999999500005,
      0.036250000005000005
    ],
    "TaskName": "dis",
    "qc_type": "func",
    "run_id": "03",
    "subject_id": "08",
    "task_id": "dis"
  },
  "size_t": 166,
  "size_x": 64,
  "size_y": 64,
  "size_z": 30,
  "snr": 5.224421202231715,
  "spacing_tr": 1.0,
  "spacing_x": 3.125,
  "spacing_y": 3.125,
  "spacing_z": 3.999999523162842,
  "spikes_num": 0,
  "summary_bg_k": 8.434205468350216,
  "summary_bg_mean": 72.81568908691406,
  "summary_bg_p05": 16.704818725585938,
  "summary_bg_p95": 288.6644378662108,
  "summary_bg_stdv": 96.76200866699219,
  "summary_fg_k": 1.001407251822969,
  "summary_fg_mean": 787.3212280273438,
  "summary_fg_p05": 508.4819030761719,
  "summary_fg_p95": 1025.6083984375,
  "summary_fg_stdv": 153.52769470214844,
  "tsnr": 73.68592071533203
}