{
  "cjv": 0.7508121728897095,
  "cnr": 7.89915657043457,
  "efc": 0.5341592668232057,
  "fber": 0.8025863766670227,
  "fwhm_avg": 1.28264,
  "fwhm_x": 1.43026,
  "fwhm_y": 1.21175,
  "fwhm_z": 1.21754,
  "icvs_csf": 0.19125885635972922,
  "icvs_gm": 0.39534841876907917,
  "icvs_wm": 0.4133927248711916,
  "inu_med": 0.5926348567008972,
  "inu_range": 0.07321007251739509,
  "metadata": {
    "EchoTime": 0.0033900000000000002,
    "FlipAngle": 9,
    "MRAcquisitionType": "3D",
    "MagneticFieldStrength": 3,
    "Manufacturer": "SIEMENS",
    "ManufacturerModelName": "TrioTim",
    "RepetitionTime": 2,
    "ScanOptions": "IR",
    "ScanningSequence": "GR\\IR",
    "SequenceName": "tfl3d1_ns",
    "SequenceVariant": "SP\\MP",
    "SliceTiming": [
      0.0025000000000000022,
      0.5,
      -0.030000000000000027,
      0.46625,
      -0.06374999999999997,
      0.43374999999499997,
      -0.09624999999999995,
      0.40000000001,
      -0.12999999999,
      0.36750000001,
      -0.16249999998999998,
      0.333750000005,
      -0.19624999999500004,
      0.301250000005,
      -0.228749999995,
      0.26749999999999996,
      -0.26249999999500007,
      0.235,
      -0.29500000000000004,
      0.20124999999999998,
      -0.32875,
      0.168749999995,
      -0.36124999999999996,
      0.13500000001,
      -0.3950000000049999,
      0.10250000000999998,
      -0.42749999999,
      0.06875000000499998,
      -0.46124999999500005,
      0.036250000005000005
    ],
    "TaskName": "MPRAGE",
    "qc_type": "anat",
    "subject_id": "46"
  },
  "qi_1": 0.03420464120231964,
  "qi_2": 0.004675629014671852,
  "rpve_csf": 2665.4384765625,
  "rpve_gm": 3545.09912109375,
  "rpve_wm": 2126.169921875,
  "size_x": 128,
  "size_y": 256,
  "size_z": 256,
  "snr_csf": 1.9512773730525126,
  "snr_gm": 4.587264334809544,
  "snr_total": 5.071409681736559,
  "snr_wm": 8.67568733734762,
  "snrd_csf": 10.03505295691367,
  "snrd_gm": 26.17109099434749,
  "snrd_total": 26.749382697027045,
  "snrd_wm": 44.042004139819966,
  "spacing_x": 1.3300000429153442,
  "spacing_y": 1.0,
  "spacing_z": 1.0,
  "summary_bg_k": 475.45585764900426,
  "summary_bg_mean": 4.143976211547852,
  "summary_bg_p05": 0.0,
  "summary_bg_p95": 8.0,
  "summary_bg_stdv": 5.73840856552124,
  "summary_csf_k": 3.4461188755503924,
  "summary_csf_mean": 47.6849250793457,
  "summary_csf_p05": 4.0,
  "summary_csf_p95": 84.0,
  "summary_csf_stdv": 28.414512634277344,
  "summary_gm_k": -0.2134692131513405,
  "summary_gm_mean": 120.9058609008789,
  "summary_gm_p05": 76.65000000000003,
  "summary_gm_p95": 164.0,
  "summary_gm_stdv": 29.33483123779297,
  "summary_wm_k": -0.8772183814625696,
  "summary_wm_mean": 208.07608032226562,
  "summary_wm_p05": 167.0,
  "summary_wm_p95": 248.0,
  "summary_wm_stdv": 25.959766387939453,
  "tpm_overlap_csf": 0.003854911921733151,
  "tpm_overlap_gm": 0.007479297877461862,
  "tpm_overlap_wm": 0.003956688982100326,
  "wm2max": 0.8196078431372549
}