{
  "aor": 0.0008109090909090908,
  "aqi": 0.0039075307272727275,
  "dvars_nstd": 22.021544684036698,
  "dvars_std": 1.141327193944954,
  "dvars_vstd": 0.9886236915596337,
  "efc": 0.575409087047012,
  "fber": 52.41117858886719,
  "fd_mean": 0.2694255237235846,
  "fd_num": 0,
  "fd_perc": 0.0,
  "fwhm_avg": 6.94504,
  "fwhm_x": 6.07175,
  "fwhm_y": 7.38015,
  "fwhm_z": 7.47556,
  "gcor": 0.031097386100075463,
  "gsr_x": 0.002624590415507555,
  "gsr_y": 0.05320936068892479,
  "metadata": {
    "EchoTime": 0,
    "FlipAngle": 90,
    "MRAcquisitionType": "2D",
    "MagneticFieldStrength": 3,
    "Manufacturer": "SIEMENS",
    "ManufacturerModelName": "TrioTim",
    "RepetitionTime": 2,
    "ScanOptions": "FS",
    "ScanningSequence": "EP",
    "SequenceName": "epfid2d1_64",
    "SequenceVariant": "SK",
    "SliceTiming": [
      0.0025000000000000022,
      0.5,
      -0.030000000000000027,
      0.46625,
      -0.06374999999999997,
      0.43374999999499997,
      -0.09624999999999995,
      0.4,
      -0.129999999995,
      0.3675,
      -0.16249999999999998,
      0.33375,
      -0.19625000000000004,
      0.301249999995,
      -0.22875,
      0.26749999999999996,
      -0.26249999999500007,
      0.235,
      -0.29500000000000004,
      0.20124999999999998,
      -0.32875,
      0.168749999995,
      -0.36124999999999996,
      0.135,
      -0.394999999995,
      0.10249999999999998,
      -0.4275,
      0.06874999999999998,
      -0.46125000000000005,
      0.036249999995000004
    ],
    "TaskName": "fb",
    "qc_type": "func",
    "run_id": "02",
    "subject_id": "29",
    "task_id": "fb"
  },
  "size_t": 110,
  "size_x": 64,
  "size_y": 64,
  "size_z": 30,
  "snr": 4.671041606149948,
  "spacing_tr": 1.0,
  "spacing_x": 3.125,
  "spacing_y": 3.125,
  "spacing_z": 3.9999988079071045,
  "spikes_num": 0,
  "summary_bg_k": 19.430579411830056,
  "summary_bg_mean": 61.64162063598633,
  "summary_bg_p05": 17.509090423583984,
  "summary_bg_p95": 249.68544921875008,
  "summary_bg_stdv": 87.59780883789062,
  "summary_fg_k": 0.626773669712462,
  "summary_fg_mean": 757.598388671875,
  "summary_fg_p05": 457.860888671875,
  "summary_fg_p95": 1018.9863403320312,
  "summary_fg_stdv": 165.41384887695312,
  "tsnr": 73.7059326171875
}