{
  "aor": 0.0027839705882352944,
  "aqi": 0.005123405808823528,
  "dvars_nstd": 19.35450597651852,
  "dvars_std": 1.1693461011851856,
  "dvars_vstd": 1.0156226714074077,
  "efc": 0.5944171724358488,
  "fber": 59.279258728027344,
  "fd_mean": 0.16259318964070069,
  "fd_num": 1,
  "fd_perc": 0.7352941176470589,
  "fwhm_avg": 6.6092,
  "fwhm_x": 5.87646,
  "fwhm_y": 6.7693,
  "fwhm_z": 7.25751,
  "gcor": 0.07330681997186997,
  "gsr_x": -0.014491395093500614,
  "gsr_y": 0.0722217932343483,
  "metadata": {
    "EchoTime": 0,
    "FlipAngle": 90,
    "MRAcquisitionType": "2D",
    "MagneticFieldStrength": 3,
    "Manufacturer": "SIEMENS",
    "ManufacturerModelName": "TrioTim",
    "RepetitionTime": 2,
    "ScanOptions": "FS",
    "ScanningSequence": "EP",
    "SequenceName": "epfid2d1_56",
    "SequenceVariant": "SK",
    "SliceTiming": [
      0.0037500000050000315,
      0.5,
      -0.028750000000000053,
      0.4675,
      -0.0625,
      0.435,
      -0.09499999999999997,
      0.40125000001,
      -0.12875000000499992,
      0.36875000001,
      -0.16124999999,
      0.33500000000499996,
      -0.19499999998999995,
      0.302500000005,
      -0.22749999999500004,
      0.26875000000500004,
      -0.2612499999950001,
      0.23625000000000002,
      -0.29374999999500007,
      0.2025,
      -0.3275,
      0.16999999999999998,
      -0.36,
      0.13624999999499998,
      -0.39375000000499993,
      0.10375000001000001,
      -0.4262500000049999,
      0.07000000000500001,
      -0.45999999998999996,
      0.03750000000499998
    ],
    "TaskName": "fb",
    "qc_type": "func",
    "run_id": "04",
    "subject_id": "06",
    "task_id": "fb"
  },
  "size_t": 136,
  "size_x": 64,
  "size_y": 56,
  "size_z": 30,
  "snr": 5.0839045203270405,
  "spacing_tr": 1.0,
  "spacing_x": 3.125,
  "spacing_y": 3.125,
  "spacing_z": 4.0,
  "spikes_num": 0,
  "summary_bg_k": 11.883246990902563,
  "summary_bg_mean": 60.86796188354492,
  "summary_bg_p05": 16.955883026123047,
  "summary_bg_p95": 261.6566131591793,
  "summary_bg_stdv": 86.80139923095703,
  "summary_fg_k": 0.7548902979490171,
  "summary_fg_mean": 800.4657592773438,
  "summary_fg_p05": 509.3499938964844,
  "summary_fg_p95": 1051.22646484375,
  "summary_fg_stdv": 159.74203491210938,
  "tsnr": 72.20498657226562
}