{
  "aor": 0.0012849397590361446,
  "aqi": 0.0046579952409638555,
  "dvars_nstd": 21.3525784350303,
  "dvars_std": 1.172127496848485,
  "dvars_vstd": 1.0013273149090902,
  "efc": 0.5461324948069205,
  "fber": 76.98957824707031,
  "fd_mean": 0.27571381316363636,
  "fd_num": 2,
  "fd_perc": 1.2048192771084338,
  "fwhm_avg": 6.82912,
  "fwhm_x": 6.08153,
  "fwhm_y": 7.12238,
  "fwhm_z": 7.35288,
  "gcor": 0.06774607623916075,
  "gsr_x": -0.014043992385268211,
  "gsr_y": 0.05009034276008606,
  "metadata": {
    "EchoTime": 0,
    "FlipAngle": 90,
    "MRAcquisitionType": "2D",
    "MagneticFieldStrength": 3,
    "Manufacturer": "SIEMENS",
    "ManufacturerModelName": "TrioTim",
    "RepetitionTime": 2,
    "ScanOptions": "FS",
    "ScanningSequence": "EP",
    "SequenceName": "epfid2d1_64",
    "SequenceVariant": "SK",
    "SliceTiming": [
      0.0025000000000000022,
      0.5,
      -0.030000000000000027,
      0.46625000001,
      -0.06374999999999997,
      0.43375000000999997,
      -0.09624999998999995,
      0.40000000001,
      -0.12999999999,
      0.36750000001,
      -0.16249999998999998,
      0.333750000005,
      -0.19624999999500004,
      0.301250000005,
      -0.228749999995,
      0.26749999999999996,
      -0.26249999999500007,
      0.235,
      -0.29500000000000004,
      0.20125000001499999,
      -0.32875,
      0.16875000001,
      -0.36124999998500007,
      0.13500000001,
      -0.39499999999,
      0.10250000000999998,
      -0.42749999999,
      0.06875000000499998,
      -0.46124999999500005,
      0.036250000005000005
    ],
    "TaskName": "dis",
    "qc_type": "func",
    "run_id": "01",
    "subject_id": "34",
    "task_id": "dis"
  },
  "size_t": 166,
  "size_x": 64,
  "size_y": 64,
  "size_z": 30,
  "snr": 4.8415350754993085,
  "spacing_tr": 1.0,
  "spacing_x": 3.125,
  "spacing_y": 3.125,
  "spacing_z": 3.9999990463256836,
  "spikes_num": 0,
  "summary_bg_k": 24.048337472387818,
  "summary_bg_mean": 49.95387649536133,
  "summary_bg_p05": 16.385541915893555,
  "summary_bg_p95": 191.9174629211425,
  "summary_bg_stdv": 73.4787368774414,
  "summary_fg_k": 1.1118440635380882,
  "summary_fg_mean": 763.1288452148438,
  "summary_fg_p05": 474.75149078369145,
  "summary_fg_p95": 1017.2162445068357,
  "summary_fg_stdv": 159.4666290283203,
  "tsnr": 74.72032928466797
}