{
  "aor": 0.0010215454545454549,
  "aqi": 0.0033594350909090915,
  "dvars_nstd": 21.212642766055062,
  "dvars_std": 1.1748937957798165,
  "dvars_vstd": 0.9992880569724772,
  "efc": 0.5743260828928982,
  "fber": 64.01495361328125,
  "fd_mean": 0.16364754328348624,
  "fd_num": 0,
  "fd_perc": 0.0,
  "fwhm_avg": 7.6511,
  "fwhm_x": 6.75666,
  "fwhm_y": 7.95737,
  "fwhm_z": 8.33048,
  "gcor": 0.009333842450922185,
  "gsr_x": -0.02102750353515148,
  "gsr_y": 0.04934854805469513,
  "metadata": {
    "EchoTime": 0,
    "FlipAngle": 90,
    "MRAcquisitionType": "2D",
    "MagneticFieldStrength": 3,
    "Manufacturer": "SIEMENS",
    "ManufacturerModelName": "TrioTim",
    "RepetitionTime": 2,
    "ScanOptions": "FS",
    "ScanningSequence": "EP",
    "SequenceName": "epfid2d1_64",
    "SequenceVariant": "SK",
    "SliceTiming": [
      0.0037500000050000315,
      0.5,
      -0.030000000000000027,
      0.46625,
      -0.0625,
      0.43375000000999997,
      -0.09624999999999995,
      0.40000000001,
      -0.12874999999000003,
      0.36750000001,
      -0.16249999998999998,
      0.33500000000499996,
      -0.19499999998999995,
      0.301250000005,
      -0.228749999995,
      0.26875000000500004,
      -0.2612499999950001,
      0.235,
      -0.29500000000000004,
      0.2025,
      -0.3275,
      0.16875000001,
      -0.36124999999999996,
      0.13625000000999998,
      -0.39374999999000004,
      0.10250000000999998,
      -0.42749999999,
      0.07000000000500001,
      -0.45999999998999996,
      0.036250000005000005
    ],
    "TaskName": "fb",
    "qc_type": "func",
    "run_id": "03",
    "subject_id": "16",
    "task_id": "fb"
  },
  "size_t": 110,
  "size_x": 64,
  "size_y": 64,
  "size_z": 30,
  "snr": 4.652881716638214,
  "spacing_tr": 1.0,
  "spacing_x": 3.125,
  "spacing_y": 3.125,
  "spacing_z": 3.9999985694885254,
  "spikes_num": 0,
  "summary_bg_k": 12.018898256451578,
  "summary_bg_mean": 69.51889038085938,
  "summary_bg_p05": 17.77272605895996,
  "summary_bg_p95": 284.66363525390625,
  "summary_bg_stdv": 96.51881408691406,
  "summary_fg_k": 0.5866205714001103,
  "summary_fg_mean": 929.9586791992188,
  "summary_fg_p05": 581.4936340332031,
  "summary_fg_p95": 1254.5427001953124,
  "summary_fg_stdv": 202.26011657714844,
  "tsnr": 82.80510711669922
}