{
  "cjv": 0.6683869361877441,
  "cnr": 3.855952262878418,
  "efc": 0.5564864579476512,
  "fber": 9.566754341125488,
  "fwhm_avg": 2.2237,
  "fwhm_x": 2.43634,
  "fwhm_y": 2.26289,
  "fwhm_z": 1.99448,
  "icvs_csf": 0.11914085607068914,
  "icvs_gm": 0.4798916509538598,
  "icvs_wm": 0.40096749297545103,
  "inu_med": 0.7229416370391846,
  "inu_range": 0.19580751061439516,
  "metadata": {
    "EchoTime": 0.0033900000000000002,
    "FlipAngle": 9,
    "MRAcquisitionType": "3D",
    "MagneticFieldStrength": 3,
    "Manufacturer": "SIEMENS",
    "ManufacturerModelName": "TrioTim",
    "RepetitionTime": 2,
    "ScanOptions": "IR",
    "ScanningSequence": "GR\\IR",
    "SequenceName": "tfl3d1_ns",
    "SequenceVariant": "SP\\MP",
    "SliceTiming": [
      0.0025000000000000022,
      0.5,
      -0.030000000000000027,
      0.46625000001,
      -0.06374999998500008,
      0.43375000000999997,
      -0.09624999998999995,
      0.40000000001,
      -0.12999999999,
      0.36750000001,
      -0.16249999998999998,
      0.333750000005,
      -0.19624999999500004,
      0.301250000005,
      -0.228749999995,
      0.26749999999999996,
      -0.26249999999500007,
      0.235,
      -0.29500000000000004,
      0.20125000001499999,
      -0.32875,
      0.16875000001,
      -0.36124999998500007,
      0.13500000001,
      -0.39499999999,
      0.10250000000999998,
      -0.42749999999,
      0.06875000000499998,
      -0.46124999999500005,
      0.036250000005000005
    ],
    "TaskName": "MPRAGE",
    "qc_type": "anat",
    "subject_id": "42"
  },
  "qi_1": 0.01631872327603854,
  "qi_2": 0.002568640967572103,
  "rpve_csf": 2996.478515625,
  "rpve_gm": 5456.35888671875,
  "rpve_wm": 2586.18994140625,
  "size_x": 128,
  "size_y": 256,
  "size_z": 256,
  "snr_csf": 2.6927803414257716,
  "snr_gm": 9.931625583298555,
  "snr_total": 9.626035339031688,
  "snr_wm": 16.25370009237074,
  "snrd_csf": 17.970731931682547,
  "snrd_gm": 28.82877322627107,
  "snrd_total": 28.04347510322384,
  "snrd_wm": 37.330920151717905,
  "spacing_x": 1.3300000429153442,
  "spacing_y": 1.0,
  "spacing_z": 1.0,
  "summary_bg_k": 89.38005781893301,
  "summary_bg_mean": 5.854140281677246,
  "summary_bg_p05": 0.0,
  "summary_bg_p95": 10.0,
  "summary_bg_stdv": 15.781612396240234,
  "summary_csf_k": 1.0913028957102258,
  "summary_csf_mean": 84.01611328125,
  "summary_csf_p05": 3.0,
  "summary_csf_p95": 126.0,
  "summary_csf_stdv": 36.763267517089844,
  "summary_gm_k": -0.5344420420835263,
  "summary_gm_mean": 160.62542724609375,
  "summary_gm_p05": 128.0,
  "summary_gm_p95": 195.0,
  "summary_gm_stdv": 20.56723976135254,
  "summary_wm_k": -0.5416059811424447,
  "summary_wm_mean": 221.47665405273438,
  "summary_wm_p05": 186.0,
  "summary_wm_p95": 249.0,
  "summary_wm_stdv": 19.747594833374023,
  "tpm_overlap_csf": 0.005961466587361022,
  "tpm_overlap_gm": 0.010547976802389347,
  "tpm_overlap_wm": 0.011518934757051678,
  "wm2max": 0.8823529411764706
}