{
  "aor": 0.0065327205882352935,
  "aqi": 0.007271383235294118,
  "dvars_nstd": 21.107328718666665,
  "dvars_std": 1.1725248828888883,
  "dvars_vstd": 1.0351211094074075,
  "efc": 0.6268197809795522,
  "fber": 43.28015899658203,
  "fd_mean": 0.2638095055851852,
  "fd_num": 3,
  "fd_perc": 2.2058823529411766,
  "fwhm_avg": 6.69445,
  "fwhm_x": 5.87559,
  "fwhm_y": 6.89051,
  "fwhm_z": 7.4104,
  "gcor": 0.07925570011138916,
  "gsr_x": 0.0010469267144799232,
  "gsr_y": 0.06874960660934448,
  "metadata": {
    "EchoTime": 0,
    "FlipAngle": 90,
    "MRAcquisitionType": "2D",
    "MagneticFieldStrength": 3,
    "Manufacturer": "SIEMENS",
    "ManufacturerModelName": "TrioTim",
    "RepetitionTime": 2,
    "ScanOptions": "FS",
    "ScanningSequence": "EP",
    "SequenceName": "epfid2d1_64",
    "SequenceVariant": "SK",
    "SliceTiming": [
      0.0025000000000000022,
      0.5,
      -0.030000000000000027,
      0.46625000001,
      -0.06374999999999997,
      0.43375000000999997,
      -0.09624999998999995,
      0.40000000001,
      -0.12999999999,
      0.36750000001,
      -0.16249999998999998,
      0.333750000005,
      -0.19624999999500004,
      0.301250000005,
      -0.228749999995,
      0.26749999999999996,
      -0.26249999999500007,
      0.235,
      -0.29500000000000004,
      0.20125000001499999,
      -0.32875,
      0.16875000001,
      -0.36124999998500007,
      0.13500000001,
      -0.39499999999,
      0.10250000000999998,
      -0.42749999999,
      0.06875000000499998,
      -0.46124999999500005,
      0.036250000005000005
    ],
    "TaskName": "fb",
    "qc_type": "func",
    "run_id": "04",
    "subject_id": "08",
    "task_id": "fb"
  },
  "size_t": 136,
  "size_x": 64,
  "size_y": 64,
  "size_z": 30,
  "snr": 5.265251491033206,
  "spacing_tr": 1.0,
  "spacing_x": 3.125,
  "spacing_y": 3.125,
  "spacing_z": 3.999999523162842,
  "spikes_num": 0,
  "summary_bg_k": 8.695133153397556,
  "summary_bg_mean": 73.18843078613281,
  "summary_bg_p05": 16.602941513061523,
  "summary_bg_p95": 289.33675537109366,
  "summary_bg_stdv": 97.44432830810547,
  "summary_fg_k": 1.0620182127556292,
  "summary_fg_mean": 787.18701171875,
  "summary_fg_p05": 510.69707336425785,
  "summary_fg_p95": 1024.7169067382813,
  "summary_fg_stdv": 152.08958435058594,
  "tsnr": 65.60697937011719
}