{
  "cjv": 0.6615263223648071,
  "cnr": 6.0984883308410645,
  "efc": 0.56395471387852,
  "fber": 72.81813049316406,
  "fwhm_avg": 3.37946,
  "fwhm_x": 3.6167,
  "fwhm_y": 3.56529,
  "fwhm_z": 2.99318,
  "icvs_csf": 0.197601532730608,
  "icvs_gm": 0.4034952703502734,
  "icvs_wm": 0.39890319691911863,
  "inu_med": 1.0513073205947876,
  "inu_range": 0.3450692296028137,
  "metadata": {
    "EchoTime": 0.0033900000000000002,
    "FlipAngle": 9,
    "MRAcquisitionType": "3D",
    "MagneticFieldStrength": 3,
    "Manufacturer": "SIEMENS",
    "ManufacturerModelName": "TrioTim",
    "RepetitionTime": 2,
    "ScanOptions": "IR",
    "ScanningSequence": "GR\\IR",
    "SequenceName": "tfl3d1_ns",
    "SequenceVariant": "SP\\MP",
    "SliceTiming": [
      0.0025000000000000022,
      0.5,
      -0.030000000000000027,
      0.46625,
      -0.06374999999999997,
      0.43374999999499997,
      -0.09624999999999995,
      0.399999999995,
      -0.1300000000049999,
      0.367499999995,
      -0.16250000000499998,
      0.333750000005,
      -0.19625000001000004,
      0.301250000005,
      -0.228749999995,
      0.26749999999999996,
      -0.26249999999500007,
      0.235,
      -0.29500000000000004,
      0.20124999999999998,
      -0.32875,
      0.168749999995,
      -0.36124999999999996,
      0.134999999995,
      -0.3950000000049999,
      0.10249999999499998,
      -0.427500000005,
      0.06874999998999998,
      -0.46000000000499996,
      0.036250000005000005
    ],
    "TaskName": "MPRAGE",
    "qc_type": "anat",
    "subject_id": "27"
  },
  "qi_1": 5.492098485602302e-06,
  "qi_2": 0.04862067930341956,
  "rpve_csf": 55701.265625,
  "rpve_gm": 109671.875,
  "rpve_wm": 57480.26953125,
  "size_x": 128,
  "size_y": 256,
  "size_z": 256,
  "snr_csf": 3.329973919444998,
  "snr_gm": 10.073759432942156,
  "snr_total": 10.142625575650845,
  "snr_wm": 17.024143374565377,
  "snrd_csf": 32.53559565787185,
  "snrd_gm": 54.911609069029176,
  "snrd_total": 52.850488874266155,
  "snrd_wm": 71.10426189589745,
  "spacing_x": 1.3300000429153442,
  "spacing_y": 1.0,
  "spacing_z": 1.0,
  "summary_bg_k": 13.463498470778717,
  "summary_bg_mean": 3.9269609451293945,
  "summary_bg_p05": 1.0,
  "summary_bg_p95": 9.0,
  "summary_bg_stdv": 2.6773364543914795,
  "summary_csf_k": 1.1653265089335472,
  "summary_csf_mean": 82.05255889892578,
  "summary_csf_p05": 44.0,
  "summary_csf_p95": 123.0,
  "summary_csf_stdv": 25.943159103393555,
  "summary_gm_k": -0.4529598238806072,
  "summary_gm_mean": 147.21395874023438,
  "summary_gm_p05": 111.0,
  "summary_gm_p95": 185.0,
  "summary_gm_stdv": 22.514741897583008,
  "summary_wm_k": -0.5166123108707046,
  "summary_wm_mean": 200.96006774902344,
  "summary_wm_p05": 164.0,
  "summary_wm_p95": 239.0,
  "summary_wm_stdv": 22.87165069580078,
  "tpm_overlap_csf": 0.26668847682326946,
  "tpm_overlap_gm": 0.5311091905182743,
  "tpm_overlap_wm": 0.6162003425718267,
  "wm2max": 0.8063241106719368
}