{
  "aor": 0.0012300000000000002,
  "aqi": 0.003320251397058823,
  "dvars_nstd": 14.866574563259269,
  "dvars_std": 1.0814069612592587,
  "dvars_vstd": 1.007133635777777,
  "efc": 0.5833166279417933,
  "fber": 59.801570892333984,
  "fd_mean": 0.20185944072666664,
  "fd_num": 0,
  "fd_perc": 0.0,
  "fwhm_avg": 6.60812,
  "fwhm_x": 5.84957,
  "fwhm_y": 6.94352,
  "fwhm_z": 7.10443,
  "gcor": 0.021673230563893038,
  "gsr_x": -0.01229245774447918,
  "gsr_y": 0.05565520375967026,
  "metadata": {
    "EchoTime": 0,
    "FlipAngle": 90,
    "MRAcquisitionType": "2D",
    "MagneticFieldStrength": 3,
    "Manufacturer": "SIEMENS",
    "ManufacturerModelName": "TrioTim",
    "RepetitionTime": 2,
    "ScanOptions": "FS",
    "ScanningSequence": "EP",
    "SequenceName": "epfid2d1_64",
    "SequenceVariant": "SK",
    "SliceTiming": [
      0.0037500000050000315,
      0.5,
      -0.030000000000000027,
      0.4675,
      -0.0625,
      0.43375000000999997,
      -0.09624999998999995,
      0.40125000001,
      -0.12874999999000003,
      0.36750000001,
      -0.16249999998999998,
      0.33500000000499996,
      -0.19499999998999995,
      0.301250000005,
      -0.228749999995,
      0.26875000000500004,
      -0.2612499999950001,
      0.235,
      -0.29500000000000004,
      0.2025,
      -0.3275,
      0.16875000001,
      -0.36124999998500007,
      0.13625000000999998,
      -0.39374999999000004,
      0.10250000000999998,
      -0.42749999999,
      0.07000000000500001,
      -0.45999999998999996,
      0.036250000005000005
    ],
    "TaskName": "fb",
    "qc_type": "func",
    "run_id": "02",
    "subject_id": "12",
    "task_id": "fb"
  },
  "size_t": 136,
  "size_x": 64,
  "size_y": 64,
  "size_z": 30,
  "snr": 5.164299333040179,
  "spacing_tr": 1.0,
  "spacing_x": 3.125,
  "spacing_y": 3.125,
  "spacing_z": 3.999999761581421,
  "spikes_num": 0,
  "summary_bg_k": 17.292077085233252,
  "summary_bg_mean": 57.34706497192383,
  "summary_bg_p05": 15.683823585510254,
  "summary_bg_p95": 230.91948089599612,
  "summary_bg_stdv": 84.19651794433594,
  "summary_fg_k": 1.187468620617727,
  "summary_fg_mean": 772.8773193359375,
  "summary_fg_p05": 491.98455505371095,
  "summary_fg_p95": 1006.3610260009765,
  "summary_fg_stdv": 152.5320281982422,
  "tsnr": 89.14027404785156
}