{
  "aor": 0.004481024096385543,
  "aqi": 0.004860535361445783,
  "dvars_nstd": 24.65506610278788,
  "dvars_std": 1.2060318315757574,
  "dvars_vstd": 1.0413757806666668,
  "efc": 0.5595619721542794,
  "fber": 69.28752136230469,
  "fd_mean": 0.34689387804484845,
  "fd_num": 3,
  "fd_perc": 1.8072289156626506,
  "fwhm_avg": 7.02119,
  "fwhm_x": 6.33745,
  "fwhm_y": 7.31279,
  "fwhm_z": 7.46851,
  "gcor": 0.03073373472834208,
  "gsr_x": -0.015273789875209332,
  "gsr_y": 0.049833908677101135,
  "metadata": {
    "EchoTime": 0,
    "FlipAngle": 90,
    "MRAcquisitionType": "2D",
    "MagneticFieldStrength": 3,
    "Manufacturer": "SIEMENS",
    "ManufacturerModelName": "TrioTim",
    "RepetitionTime": 2,
    "ScanOptions": "FS",
    "ScanningSequence": "EP",
    "SequenceName": "epfid2d1_64",
    "SequenceVariant": "SK",
    "SliceTiming": [
      0.0037500000050000315,
      0.5,
      -0.030000000000000027,
      0.46750000001500003,
      -0.0625,
      0.43375000000999997,
      -0.09624999998999995,
      0.40125000001,
      -0.12874999999000003,
      0.36750000001,
      -0.16249999998999998,
      0.33500000000499996,
      -0.19499999998999995,
      0.301250000005,
      -0.228749999995,
      0.26875000000500004,
      -0.2612499999950001,
      0.235,
      -0.29500000000000004,
      0.2025,
      -0.3275,
      0.16875000001,
      -0.36124999998500007,
      0.13625000000999998,
      -0.39374999999000004,
      0.10250000000999998,
      -0.42624999999,
      0.07000000000500001,
      -0.45999999998999996,
      0.036250000005000005
    ],
    "TaskName": "dis",
    "qc_type": "func",
    "run_id": "03",
    "subject_id": "10",
    "task_id": "dis"
  },
  "size_t": 166,
  "size_x": 64,
  "size_y": 64,
  "size_z": 30,
  "snr": 4.701961225251972,
  "spacing_tr": 1.0,
  "spacing_x": 3.125,
  "spacing_y": 3.125,
  "spacing_z": 4.000000476837158,
  "spikes_num": 0,
  "summary_bg_k": 17.040940302925,
  "summary_bg_mean": 59.600955963134766,
  "summary_bg_p05": 16.77710723876953,
  "summary_bg_p95": 230.95782470703125,
  "summary_bg_stdv": 81.03204345703125,
  "summary_fg_k": 0.5966317896951066,
  "summary_fg_mean": 818.4816284179688,
  "summary_fg_p05": 501.03492736816406,
  "summary_fg_p95": 1095.9005615234373,
  "summary_fg_stdv": 176.5538787841797,
  "tsnr": 69.07311248779297
}