{
  "aor": 0.0014948192771084335,
  "aqi": 0.004020391626506023,
  "dvars_nstd": 21.216254147333338,
  "dvars_std": 1.2552959802424242,
  "dvars_vstd": 1.018730881939394,
  "efc": 0.6070548808787043,
  "fber": 72.08203887939453,
  "fd_mean": 0.16960369141090909,
  "fd_num": 1,
  "fd_perc": 0.6024096385542169,
  "fwhm_avg": 7.12157,
  "fwhm_x": 6.31756,
  "fwhm_y": 7.44771,
  "fwhm_z": 7.67634,
  "gcor": 0.015535205243581748,
  "gsr_x": -0.013735869899392128,
  "gsr_y": 0.06533508747816086,
  "metadata": {
    "EchoTime": 0,
    "FlipAngle": 90,
    "MRAcquisitionType": "2D",
    "MagneticFieldStrength": 3,
    "Manufacturer": "SIEMENS",
    "ManufacturerModelName": "TrioTim",
    "RepetitionTime": 2,
    "ScanOptions": "FS",
    "ScanningSequence": "EP",
    "SequenceName": "epfid2d1_64",
    "SequenceVariant": "SK",
    "SliceTiming": [
      0.0024999999900000014,
      0.5,
      -0.030000000014999917,
      0.46625,
      -0.06374999999999997,
      0.43374999999499997,
      -0.09624999999999995,
      0.399999999995,
      -0.1300000000049999,
      0.367499999995,
      -0.16250000000499998,
      0.33374999999,
      -0.19625000001000004,
      0.30124999999,
      -0.22875000001,
      0.26749999998499996,
      -0.26250000000999996,
      0.23499999998499999,
      -0.29500000001499993,
      0.20124999999999998,
      -0.32875,
      0.168749999995,
      -0.36124999999999996,
      0.134999999995,
      -0.3950000000049999,
      0.10249999999499998,
      -0.427500000005,
      0.06874999998999998,
      -0.46125000001000005,
      0.036249999990000004
    ],
    "TaskName": "dis",
    "qc_type": "func",
    "run_id": "03",
    "subject_id": "18",
    "task_id": "dis"
  },
  "size_t": 166,
  "size_x": 64,
  "size_y": 64,
  "size_z": 30,
  "snr": 4.940648971996249,
  "spacing_tr": 1.0,
  "spacing_x": 3.125,
  "spacing_y": 3.125,
  "spacing_z": 3.999999761581421,
  "spikes_num": 0,
  "summary_bg_k": 15.899117139760762,
  "summary_bg_mean": 61.10557556152344,
  "summary_bg_p05": 16.765060424804688,
  "summary_bg_p95": 234.47589111328125,
  "summary_bg_stdv": 82.29102325439453,
  "summary_fg_k": 0.8625898471790956,
  "summary_fg_mean": 852.67138671875,
  "summary_fg_p05": 544.5108215332032,
  "summary_fg_p95": 1136.4155761718748,
  "summary_fg_stdv": 173.85064697265625,
  "tsnr": 87.64091491699219
}