{
  "aor": 0.0031,
  "aqi": 0.004162884819277108,
  "dvars_nstd": 22.61474483375758,
  "dvars_std": 1.1915263624848487,
  "dvars_vstd": 1.0175706730303036,
  "efc": 0.5607736435966363,
  "fber": 67.22439575195312,
  "fd_mean": 0.27455607143757577,
  "fd_num": 3,
  "fd_perc": 1.8072289156626506,
  "fwhm_avg": 6.94861,
  "fwhm_x": 6.24562,
  "fwhm_y": 7.24969,
  "fwhm_z": 7.40967,
  "gcor": 0.022766998015254378,
  "gsr_x": -0.01436139177531004,
  "gsr_y": 0.04991346597671509,
  "metadata": {
    "EchoTime": 0,
    "FlipAngle": 90,
    "MRAcquisitionType": "2D",
    "MagneticFieldStrength": 3,
    "Manufacturer": "SIEMENS",
    "ManufacturerModelName": "TrioTim",
    "RepetitionTime": 2,
    "ScanOptions": "FS",
    "ScanningSequence": "EP",
    "SequenceName": "epfid2d1_64",
    "SequenceVariant": "SK",
    "SliceTiming": [
      0.0024999999900000014,
      0.5,
      -0.030000000014999917,
      0.46625,
      -0.06374999999999997,
      0.43374999999499997,
      -0.09624999999999995,
      0.399999999995,
      -0.1300000000049999,
      0.367499999995,
      -0.16250000000499998,
      0.33374999999,
      -0.19625000001000004,
      0.30124999999,
      -0.22875000001,
      0.26749999998499996,
      -0.26250000000999996,
      0.235,
      -0.29500000001499993,
      0.20124999999999998,
      -0.32875,
      0.168749999995,
      -0.36124999999999996,
      0.134999999995,
      -0.3950000000049999,
      0.10249999999499998,
      -0.427500000005,
      0.06874999998999998,
      -0.46125000001000005,
      0.036249999990000004
    ],
    "TaskName": "dis",
    "qc_type": "func",
    "run_id": "06",
    "subject_id": "10",
    "task_id": "dis"
  },
  "size_t": 166,
  "size_x": 64,
  "size_y": 64,
  "size_z": 30,
  "snr": 4.742305378696042,
  "spacing_tr": 1.0,
  "spacing_x": 3.125,
  "spacing_y": 3.125,
  "spacing_z": 4.000000476837158,
  "spikes_num": 0,
  "summary_bg_k": 16.66860333476591,
  "summary_bg_mean": 60.451595306396484,
  "summary_bg_p05": 16.578311920166016,
  "summary_bg_p95": 237.1322212219238,
  "summary_bg_stdv": 82.52107238769531,
  "summary_fg_k": 0.6354110521601082,
  "summary_fg_mean": 820.1138916015625,
  "summary_fg_p05": 504.9918395996094,
  "summary_fg_p95": 1097.5607482910154,
  "summary_fg_stdv": 175.66285705566406,
  "tsnr": 75.6541748046875
}