{
  "cjv": 0.5950183868408203,
  "cnr": 8.751601219177246,
  "efc": 0.530620011109799,
  "fber": 115.86079406738281,
  "fwhm_avg": 2.48339,
  "fwhm_x": 2.74849,
  "fwhm_y": 2.56261,
  "fwhm_z": 2.17449,
  "icvs_csf": 0.17807073115500133,
  "icvs_gm": 0.46975964070312226,
  "icvs_wm": 0.3521696281418764,
  "inu_med": 0.8959426879882812,
  "inu_range": 0.3334146648645401,
  "metadata": {
    "EchoTime": 0.0033900000000000002,
    "FlipAngle": 9,
    "MRAcquisitionType": "3D",
    "MagneticFieldStrength": 3,
    "Manufacturer": "SIEMENS",
    "ManufacturerModelName": "TrioTim",
    "RepetitionTime": 2,
    "ScanOptions": "IR",
    "ScanningSequence": "GR\\IR",
    "SequenceName": "tfl3d1_ns",
    "SequenceVariant": "SP\\MP",
    "SliceTiming": [
      0.0025000000000000022,
      0.5,
      -0.030000000000000027,
      0.46625000001,
      -0.06374999999999997,
      0.43375000000999997,
      -0.09624999998999995,
      0.40000000001,
      -0.12999999999,
      0.36750000001,
      -0.16249999998999998,
      0.333750000005,
      -0.19624999999500004,
      0.301250000005,
      -0.228749999995,
      0.26749999999999996,
      -0.26249999999500007,
      0.235,
      -0.29500000000000004,
      0.20124999999999998,
      -0.32875,
      0.16875000001,
      -0.36124999999999996,
      0.13500000001,
      -0.39499999999,
      0.10250000000999998,
      -0.42749999999,
      0.06875000000499998,
      -0.46124999999500005,
      0.036250000005000005
    ],
    "TaskName": "MPRAGE",
    "qc_type": "anat",
    "subject_id": "04"
  },
  "qi_1": 0.0,
  "qi_2": 0.06491164066303552,
  "rpve_csf": 72342.0625,
  "rpve_gm": 121033.484375,
  "rpve_wm": 66173.5703125,
  "size_x": 128,
  "size_y": 256,
  "size_z": 256,
  "snr_csf": 2.780550742696219,
  "snr_gm": 10.3243589204697,
  "snr_total": 9.875322290249485,
  "snr_wm": 16.521057207582537,
  "snrd_csf": 25.84104361627678,
  "snrd_gm": 44.676998614595504,
  "snrd_total": 43.261747189052265,
  "snrd_wm": 59.26719933628451,
  "spacing_x": 1.3300000429153442,
  "spacing_y": 1.0,
  "spacing_z": 1.0,
  "summary_bg_k": 5.179380305289266,
  "summary_bg_mean": 3.6824393272399902,
  "summary_bg_p05": 1.0,
  "summary_bg_p95": 7.0,
  "summary_bg_stdv": 1.9758416414260864,
  "summary_csf_k": 2.842129025418121,
  "summary_csf_mean": 76.85357666015625,
  "summary_csf_p05": 10.0,
  "summary_csf_p95": 121.0,
  "summary_csf_stdv": 32.356231689453125,
  "summary_gm_k": -0.5498509334256081,
  "summary_gm_mean": 148.3429412841797,
  "summary_gm_p05": 108.0,
  "summary_gm_p95": 190.0,
  "summary_gm_stdv": 24.870412826538086,
  "summary_wm_k": -0.5817898870870999,
  "summary_wm_mean": 209.1176300048828,
  "summary_wm_p05": 166.0,
  "summary_wm_p95": 248.0,
  "summary_wm_stdv": 25.29328155517578,
  "tpm_overlap_csf": 0.24571531657183232,
  "tpm_overlap_gm": 0.5393777692755416,
  "tpm_overlap_wm": 0.5469240156403445,
  "wm2max": 0.8385826771653543
}