{
  "aor": 0.0014031617647058822,
  "aqi": 0.0038470521323529412,
  "dvars_nstd": 19.128893612222228,
  "dvars_std": 1.1294231417037037,
  "dvars_vstd": 1.0173255346666663,
  "efc": 0.5639326186725162,
  "fber": 59.868011474609375,
  "fd_mean": 0.258042399569037,
  "fd_num": 0,
  "fd_perc": 0.0,
  "fwhm_avg": 6.78216,
  "fwhm_x": 5.88703,
  "fwhm_y": 7.20042,
  "fwhm_z": 7.35954,
  "gcor": 0.027695966117522296,
  "gsr_x": 0.005909391213208437,
  "gsr_y": 0.048140354454517365,
  "metadata": {
    "EchoTime": 0,
    "FlipAngle": 90,
    "MRAcquisitionType": "2D",
    "MagneticFieldStrength": 3,
    "Manufacturer": "SIEMENS",
    "ManufacturerModelName": "TrioTim",
    "RepetitionTime": 2,
    "ScanOptions": "FS",
    "ScanningSequence": "EP",
    "SequenceName": "epfid2d1_64",
    "SequenceVariant": "SK",
    "SliceTiming": [
      0.0037500000050000315,
      0.5,
      -0.030000000000000027,
      0.4675,
      -0.0625,
      0.43375000000999997,
      -0.09624999999999995,
      0.40125000001,
      -0.12874999999000003,
      0.36750000001,
      -0.16249999998999998,
      0.33500000000499996,
      -0.19499999998999995,
      0.301250000005,
      -0.228749999995,
      0.26875000000500004,
      -0.2612499999950001,
      0.235,
      -0.29500000000000004,
      0.2025,
      -0.3275,
      0.168749999995,
      -0.36,
      0.13625000000999998,
      -0.39375000000499993,
      0.10250000000999998,
      -0.42624999999,
      0.07000000000500001,
      -0.45999999998999996,
      0.036250000005000005
    ],
    "TaskName": "fb",
    "qc_type": "func",
    "run_id": "04",
    "subject_id": "15",
    "task_id": "fb"
  },
  "size_t": 136,
  "size_x": 64,
  "size_y": 64,
  "size_z": 30,
  "snr": 5.228579801080849,
  "spacing_tr": 1.0,
  "spacing_x": 3.125,
  "spacing_y": 3.125,
  "spacing_z": 4.000000476837158,
  "spikes_num": 0,
  "summary_bg_k": 13.888696088151192,
  "summary_bg_mean": 63.21128845214844,
  "summary_bg_p05": 16.80882453918457,
  "summary_bg_p95": 262.0827178955078,
  "summary_bg_stdv": 89.8807144165039,
  "summary_fg_k": 0.9779207975326649,
  "summary_fg_mean": 834.05859375,
  "summary_fg_p05": 512.3816101074219,
  "summary_fg_p95": 1070.2930541992187,
  "summary_fg_stdv": 164.93991088867188,
  "tsnr": 83.45074462890625
}