{
  "aor": 0.0008355454545454546,
  "aqi": 0.00370248009090909,
  "dvars_nstd": 20.63606461688072,
  "dvars_std": 1.2002263286238533,
  "dvars_vstd": 1.0042030247706422,
  "efc": 0.5605763933750755,
  "fber": 60.210391998291016,
  "fd_mean": 0.1780712324366972,
  "fd_num": 0,
  "fd_perc": 0.0,
  "fwhm_avg": 6.61708,
  "fwhm_x": 5.95192,
  "fwhm_y": 6.8245,
  "fwhm_z": 7.13298,
  "gcor": 0.018567611954428933,
  "gsr_x": -0.011406837962567806,
  "gsr_y": 0.06566854566335678,
  "metadata": {
    "EchoTime": 0,
    "FlipAngle": 90,
    "MRAcquisitionType": "2D",
    "MagneticFieldStrength": 3,
    "Manufacturer": "SIEMENS",
    "ManufacturerModelName": "TrioTim",
    "RepetitionTime": 2,
    "ScanOptions": "FS",
    "ScanningSequence": "EP",
    "SequenceName": "epfid2d1_64",
    "SequenceVariant": "SK",
    "SliceTiming": [
      0.0025000000000000022,
      0.5,
      -0.030000000000000027,
      0.46625,
      -0.0625,
      0.43374999999499997,
      -0.09624999999999995,
      0.399999999995,
      -0.12875000000499992,
      0.36750000001,
      -0.16250000000499998,
      0.333750000005,
      -0.19499999998999995,
      0.301250000005,
      -0.228749999995,
      0.26749999999999996,
      -0.2612499999950001,
      0.235,
      -0.29500000000000004,
      0.20124999999999998,
      -0.3275,
      0.168749999995,
      -0.36124999999999996,
      0.134999999995,
      -0.39375000000499993,
      0.10249999999499998,
      -0.427500000005,
      0.06875000000499998,
      -0.46000000000499996,
      0.036250000005000005
    ],
    "TaskName": "fb",
    "qc_type": "func",
    "run_id": "03",
    "subject_id": "33",
    "task_id": "fb"
  },
  "size_t": 110,
  "size_x": 64,
  "size_y": 64,
  "size_z": 30,
  "snr": 4.986160438980749,
  "spacing_tr": 1.0,
  "spacing_x": 3.125,
  "spacing_y": 3.125,
  "spacing_z": 4.000001430511475,
  "spikes_num": 0,
  "summary_bg_k": 14.560007441490647,
  "summary_bg_mean": 63.9401741027832,
  "summary_bg_p05": 16.781818389892578,
  "summary_bg_p95": 262.2181701660156,
  "summary_bg_stdv": 91.09700775146484,
  "summary_fg_k": 0.9652821140431538,
  "summary_fg_mean": 846.3560180664062,
  "summary_fg_p05": 535.0522308349609,
  "summary_fg_p95": 1122.0413269042967,
  "summary_fg_stdv": 171.77976989746094,
  "tsnr": 87.51060485839844
}