{
  "cjv": 0.6333606243133545,
  "cnr": 6.159323692321777,
  "efc": 0.519482048841418,
  "fber": 150.72439575195312,
  "fwhm_avg": 2.75219,
  "fwhm_x": 3.0297,
  "fwhm_y": 2.82694,
  "fwhm_z": 2.43399,
  "icvs_csf": 0.16035841617279642,
  "icvs_gm": 0.4217374350555665,
  "icvs_wm": 0.4179041487716371,
  "inu_med": 0.8076199293136597,
  "inu_range": 0.2949766218662262,
  "metadata": {
    "EchoTime": 0.0033900000000000002,
    "FlipAngle": 9,
    "MRAcquisitionType": "3D",
    "MagneticFieldStrength": 3,
    "Manufacturer": "SIEMENS",
    "ManufacturerModelName": "TrioTim",
    "RepetitionTime": 2,
    "ScanOptions": "IR",
    "ScanningSequence": "GR\\IR",
    "SequenceName": "tfl3d1_ns",
    "SequenceVariant": "SP\\MP",
    "SliceTiming": [
      0.0037500000050000315,
      0.5,
      -0.028750000000000053,
      0.4675,
      -0.0625,
      0.43375000000999997,
      -0.09499999999999997,
      0.40125000001,
      -0.12874999999000003,
      0.36750000001,
      -0.16124999999,
      0.33500000000499996,
      -0.19499999998999995,
      0.301250000005,
      -0.22749999999500004,
      0.26875000000500004,
      -0.2612499999950001,
      0.235,
      -0.29374999999500007,
      0.2025,
      -0.3275,
      0.16875000001,
      -0.36,
      0.13625000000999998,
      -0.39374999999000004,
      0.10375000001000001,
      -0.42624999999,
      0.07000000000500001,
      -0.45999999998999996,
      0.03750000000499998
    ],
    "TaskName": "MPRAGE",
    "qc_type": "anat",
    "subject_id": "16"
  },
  "qi_1": 0.0,
  "qi_2": 0.039936356914644505,
  "rpve_csf": 51664.42578125,
  "rpve_gm": 97327.5546875,
  "rpve_wm": 44402.27734375,
  "size_x": 128,
  "size_y": 256,
  "size_z": 256,
  "snr_csf": 3.1460166708466373,
  "snr_gm": 9.794490793464915,
  "snr_total": 10.82513071606828,
  "snr_wm": 19.534884683893285,
  "snrd_csf": 20.509775467648044,
  "snrd_gm": 33.31649661472839,
  "snrd_total": 32.34340753345298,
  "snrd_wm": 43.20395051798251,
  "spacing_x": 1.3300000429153442,
  "spacing_y": 1.0,
  "spacing_z": 1.0,
  "summary_bg_k": 5.336076953691791,
  "summary_bg_mean": 2.9377691745758057,
  "summary_bg_p05": 0.0,
  "summary_bg_p95": 6.0,
  "summary_bg_stdv": 2.1154568195343018,
  "summary_csf_k": 2.056308510302447,
  "summary_csf_mean": 85.85450744628906,
  "summary_csf_p05": 32.0,
  "summary_csf_p95": 127.0,
  "summary_csf_stdv": 30.772167205810547,
  "summary_gm_k": -0.6311074129808669,
  "summary_gm_mean": 153.10137939453125,
  "summary_gm_p05": 113.0,
  "summary_gm_p95": 194.0,
  "summary_gm_stdv": 24.701696395874023,
  "summary_wm_k": -0.34386185589919727,
  "summary_wm_mean": 210.78440856933594,
  "summary_wm_p05": 168.0,
  "summary_wm_p95": 247.0,
  "summary_wm_stdv": 24.021926879882812,
  "tpm_overlap_csf": 0.1977681872051357,
  "tpm_overlap_gm": 0.41861317336317105,
  "tpm_overlap_wm": 0.4757405843718366,
  "wm2max": 0.8503937007874016
}