{
  "aor": 0.0008002941176470588,
  "aqi": 0.005173597573529412,
  "dvars_nstd": 21.833878001555558,
  "dvars_std": 1.1869753613333338,
  "dvars_vstd": 1.0055858377037035,
  "efc": 0.5795936562998957,
  "fber": 70.81713104248047,
  "fd_mean": 0.18422456122016267,
  "fd_num": 0,
  "fd_perc": 0.0,
  "fwhm_avg": 6.55569,
  "fwhm_x": 5.79563,
  "fwhm_y": 6.90265,
  "fwhm_z": 7.04269,
  "gcor": 0.01956766493180219,
  "gsr_x": -0.0023611660581082106,
  "gsr_y": 0.05659617856144905,
  "metadata": {
    "EchoTime": 0,
    "FlipAngle": 90,
    "MRAcquisitionType": "2D",
    "MagneticFieldStrength": 3,
    "Manufacturer": "SIEMENS",
    "ManufacturerModelName": "TrioTim",
    "RepetitionTime": 2,
    "ScanOptions": "FS",
    "ScanningSequence": "EP",
    "SequenceName": "epfid2d1_64",
    "SequenceVariant": "SK",
    "SliceTiming": [
      0.0037500000050000315,
      0.5,
      -0.030000000000000027,
      0.46750000001500003,
      -0.0625,
      0.43375000000999997,
      -0.09624999998999995,
      0.40125000001,
      -0.12874999999000003,
      0.36750000001,
      -0.16249999998999998,
      0.33500000000499996,
      -0.19499999998999995,
      0.301250000005,
      -0.228749999995,
      0.26875000000500004,
      -0.2612499999950001,
      0.235,
      -0.29500000000000004,
      0.20250000001500001,
      -0.3275,
      0.16875000001,
      -0.36124999998500007,
      0.13625000000999998,
      -0.39374999999000004,
      0.10250000000999998,
      -0.42749999999,
      0.07000000000500001,
      -0.45999999998999996,
      0.036250000005000005
    ],
    "TaskName": "fb",
    "qc_type": "func",
    "run_id": "02",
    "subject_id": "03",
    "task_id": "fb"
  },
  "size_t": 136,
  "size_x": 64,
  "size_y": 64,
  "size_z": 30,
  "snr": 5.209875573346018,
  "spacing_tr": 1.0,
  "spacing_x": 3.125,
  "spacing_y": 3.125,
  "spacing_z": 4.000001430511475,
  "spikes_num": 0,
  "summary_bg_k": 19.933107448424522,
  "summary_bg_mean": 53.869258880615234,
  "summary_bg_p05": 15.316176414489746,
  "summary_bg_p95": 205.28529052734376,
  "summary_bg_stdv": 74.8004379272461,
  "summary_fg_k": 0.9612888337706771,
  "summary_fg_mean": 761.3104248046875,
  "summary_fg_p05": 485.02500610351564,
  "summary_fg_p95": 987.5646911621092,
  "summary_fg_stdv": 148.79470825195312,
  "tsnr": 78.49452209472656
}