{
  "aor": 0.0008951807228915664,
  "aqi": 0.00426222608433735,
  "dvars_nstd": 20.62678876363637,
  "dvars_std": 1.1619051780606067,
  "dvars_vstd": 1.0024222460606063,
  "efc": 0.5785231920062066,
  "fber": 51.42941665649414,
  "fd_mean": 0.21510787094874625,
  "fd_num": 0,
  "fd_perc": 0.0,
  "fwhm_avg": 6.74055,
  "fwhm_x": 5.88438,
  "fwhm_y": 7.1321,
  "fwhm_z": 7.29741,
  "gcor": 0.017728050071072865,
  "gsr_x": 0.0011482262052595615,
  "gsr_y": 0.05554061383008957,
  "metadata": {
    "EchoTime": 0,
    "FlipAngle": 90,
    "MRAcquisitionType": "2D",
    "MagneticFieldStrength": 3,
    "Manufacturer": "SIEMENS",
    "ManufacturerModelName": "TrioTim",
    "RepetitionTime": 2,
    "ScanOptions": "FS",
    "ScanningSequence": "EP",
    "SequenceName": "epfid2d1_64",
    "SequenceVariant": "SK",
    "SliceTiming": [
      0.0037500000050000315,
      0.5,
      -0.030000000000000027,
      0.4675,
      -0.0625,
      0.43374999999499997,
      -0.09624999999999995,
      0.401250000005,
      -0.12875000000499992,
      0.3675,
      -0.16249999999999998,
      0.33499999999999996,
      -0.19499999999999995,
      0.301249999995,
      -0.22875,
      0.26875000000500004,
      -0.261250000005,
      0.235,
      -0.29500000000000004,
      0.2025,
      -0.3275,
      0.168749999995,
      -0.36124999999999996,
      0.13625000000499998,
      -0.39375000000499993,
      0.10249999999999998,
      -0.4275,
      0.07,
      -0.45999999999999996,
      0.036249999995000004
    ],
    "TaskName": "dis",
    "qc_type": "func",
    "run_id": "02",
    "subject_id": "29",
    "task_id": "dis"
  },
  "size_t": 166,
  "size_x": 64,
  "size_y": 64,
  "size_z": 30,
  "snr": 4.763798578638667,
  "spacing_tr": 1.0,
  "spacing_x": 3.125,
  "spacing_y": 3.125,
  "spacing_z": 3.9999988079071045,
  "spikes_num": 0,
  "summary_bg_k": 19.264518182794355,
  "summary_bg_mean": 63.528038024902344,
  "summary_bg_p05": 17.867469787597656,
  "summary_bg_p95": 253.92167358398385,
  "summary_bg_stdv": 89.09799194335938,
  "summary_fg_k": 0.7620982129859124,
  "summary_fg_mean": 767.4297485351562,
  "summary_fg_p05": 470.572265625,
  "summary_fg_p95": 1027.8795166015625,
  "summary_fg_stdv": 163.9543914794922,
  "tsnr": 74.83683776855469
}