{
  "aor": 0.001102818181818182,
  "aqi": 0.0036315600909090913,
  "dvars_nstd": 20.146389182568814,
  "dvars_std": 1.224643250733945,
  "dvars_vstd": 1.004846359908257,
  "efc": 0.604481594544458,
  "fber": 74.31670379638672,
  "fd_mean": 0.1409778755123547,
  "fd_num": 0,
  "fd_perc": 0.0,
  "fwhm_avg": 7.1034,
  "fwhm_x": 6.30418,
  "fwhm_y": 7.40733,
  "fwhm_z": 7.67553,
  "gcor": 0.014857516505501487,
  "gsr_x": -0.013092954643070698,
  "gsr_y": 0.06458154320716858,
  "metadata": {
    "EchoTime": 0,
    "FlipAngle": 90,
    "MRAcquisitionType": "2D",
    "MagneticFieldStrength": 3,
    "Manufacturer": "SIEMENS",
    "ManufacturerModelName": "TrioTim",
    "RepetitionTime": 2,
    "ScanOptions": "FS",
    "ScanningSequence": "EP",
    "SequenceName": "epfid2d1_64",
    "SequenceVariant": "SK",
    "SliceTiming": [
      0.0037499999899999747,
      0.5,
      -0.030000000014999917,
      0.4675,
      -0.0625,
      0.43374999999499997,
      -0.09624999999999995,
      0.401249999995,
      -0.12875000000499992,
      0.367499999995,
      -0.16250000000499998,
      0.33499999998999996,
      -0.19500000000499995,
      0.30124999999,
      -0.22875000001,
      0.26874999999,
      -0.26125000001,
      0.23499999998499999,
      -0.29500000001499993,
      0.2025,
      -0.3275000000149999,
      0.168749999995,
      -0.36124999999999996,
      0.13624999999499998,
      -0.39375000000499993,
      0.10249999999499998,
      -0.427500000005,
      0.06999999999,
      -0.46000000000499996,
      0.036249999990000004
    ],
    "TaskName": "fb",
    "qc_type": "func",
    "run_id": "02",
    "subject_id": "18",
    "task_id": "fb"
  },
  "size_t": 110,
  "size_x": 64,
  "size_y": 64,
  "size_z": 30,
  "snr": 4.94255544573187,
  "spacing_tr": 1.0,
  "spacing_x": 3.125,
  "spacing_y": 3.125,
  "spacing_z": 3.999999761581421,
  "spikes_num": 0,
  "summary_bg_k": 15.959211137467289,
  "summary_bg_mean": 59.60993194580078,
  "summary_bg_p05": 16.545454025268555,
  "summary_bg_p95": 229.6286224365234,
  "summary_bg_stdv": 80.88701629638672,
  "summary_fg_k": 0.8654379295449974,
  "summary_fg_mean": 848.710205078125,
  "summary_fg_p05": 542.5558685302734,
  "summary_fg_p95": 1131.5977050781248,
  "summary_fg_stdv": 173.19482421875,
  "tsnr": 90.86558532714844
}