{
  "aor": 0.0020794578313253014,
  "aqi": 0.007086529638554217,
  "dvars_nstd": 35.41619623351515,
  "dvars_std": 1.2170790009090906,
  "dvars_vstd": 1.001382368121212,
  "efc": 0.620920816685582,
  "fber": 48.28675079345703,
  "fd_mean": 0.6113326996424242,
  "fd_num": 19,
  "fd_perc": 11.44578313253012,
  "fwhm_avg": 6.83734,
  "fwhm_x": 5.98187,
  "fwhm_y": 7.18926,
  "fwhm_z": 7.43259,
  "gcor": 0.03521225538598486,
  "gsr_x": -0.008239311166107655,
  "gsr_y": 0.08902546763420105,
  "metadata": {
    "EchoTime": 0,
    "FlipAngle": 90,
    "MRAcquisitionType": "2D",
    "MagneticFieldStrength": 3,
    "Manufacturer": "SIEMENS",
    "ManufacturerModelName": "TrioTim",
    "RepetitionTime": 2,
    "ScanOptions": "FS",
    "ScanningSequence": "EP",
    "SequenceName": "epfid2d1_64",
    "SequenceVariant": "SK",
    "SliceTiming": [
      0.0037500000050000315,
      0.5,
      -0.030000000000000027,
      0.4675,
      -0.0625,
      0.43374999999499997,
      -0.09624999999999995,
      0.401249999995,
      -0.12875000000499992,
      0.367499999995,
      -0.16250000000499998,
      0.33500000000499996,
      -0.19500000000499995,
      0.301250000005,
      -0.228749999995,
      0.26875000000500004,
      -0.2612499999950001,
      0.235,
      -0.29500000000000004,
      0.2025,
      -0.3275,
      0.168749999995,
      -0.36124999999999996,
      0.13624999999499998,
      -0.39375000000499993,
      0.10249999999499998,
      -0.427500000005,
      0.07000000000500001,
      -0.46000000000499996,
      0.036250000005000005
    ],
    "TaskName": "dis",
    "qc_type": "func",
    "run_id": "01",
    "subject_id": "35",
    "task_id": "dis"
  },
  "size_t": 166,
  "size_x": 64,
  "size_y": 64,
  "size_z": 30,
  "snr": 4.640326163129184,
  "spacing_tr": 1.0,
  "spacing_x": 3.125,
  "spacing_y": 3.125,
  "spacing_z": 4.000001430511475,
  "spikes_num": 0,
  "summary_bg_k": 17.03869343888504,
  "summary_bg_mean": 65.4185791015625,
  "summary_bg_p05": 17.222890853881836,
  "summary_bg_p95": 246.9030075073242,
  "summary_bg_stdv": 89.47372436523438,
  "summary_fg_k": 0.8235515391595349,
  "summary_fg_mean": 753.0953369140625,
  "summary_fg_p05": 481.74395446777345,
  "summary_fg_p95": 1027.2782287597656,
  "summary_fg_stdv": 161.4210968017578,
  "tsnr": 58.95344543457031
}