{
  "aor": 0.0030600000000000007,
  "aqi": 0.005062940301204819,
  "dvars_nstd": 28.88902509278789,
  "dvars_std": 1.2139442869090917,
  "dvars_vstd": 1.0288516421818175,
  "efc": 0.6039409542113641,
  "fber": 39.14560317993164,
  "fd_mean": 0.3927458431939394,
  "fd_num": 9,
  "fd_perc": 5.421686746987952,
  "fwhm_avg": 7.40887,
  "fwhm_x": 6.62448,
  "fwhm_y": 7.84003,
  "fwhm_z": 7.83045,
  "gcor": 0.02849102307514972,
  "gsr_x": 0.004112688824534416,
  "gsr_y": 0.049788717180490494,
  "metadata": {
    "EchoTime": 0,
    "FlipAngle": 90,
    "MRAcquisitionType": "2D",
    "MagneticFieldStrength": 3,
    "Manufacturer": "SIEMENS",
    "ManufacturerModelName": "TrioTim",
    "RepetitionTime": 2,
    "ScanOptions": "FS",
    "ScanningSequence": "EP",
    "SequenceName": "epfid2d1_64",
    "SequenceVariant": "SK",
    "SliceTiming": [
      0.0025000000000000022,
      0.5,
      -0.030000000000000027,
      0.46625000001,
      -0.06374999998500008,
      0.43375000000999997,
      -0.09624999998999995,
      0.40000000001,
      -0.12999999999,
      0.36750000001,
      -0.16249999998999998,
      0.333750000005,
      -0.19624999999500004,
      0.301250000005,
      -0.228749999995,
      0.26749999999999996,
      -0.26249999999500007,
      0.235,
      -0.29500000000000004,
      0.20125000001499999,
      -0.3287499999850001,
      0.16875000001,
      -0.36124999998500007,
      0.13500000001,
      -0.39499999999,
      0.10250000000999998,
      -0.42749999999,
      0.06875000000499998,
      -0.46124999999500005,
      0.036250000005000005
    ],
    "TaskName": "dis",
    "qc_type": "func",
    "run_id": "01",
    "subject_id": "45",
    "task_id": "dis"
  },
  "size_t": 166,
  "size_x": 64,
  "size_y": 64,
  "size_z": 30,
  "snr": 4.530887147916772,
  "spacing_tr": 1.0,
  "spacing_x": 3.125,
  "spacing_y": 3.125,
  "spacing_z": 4.000000476837158,
  "spikes_num": 0,
  "summary_bg_k": 14.034020348432819,
  "summary_bg_mean": 84.12091064453125,
  "summary_bg_p05": 18.265060424804688,
  "summary_bg_p95": 333.1927490234375,
  "summary_bg_stdv": 115.42369079589844,
  "summary_fg_k": 0.4403113294715193,
  "summary_fg_mean": 872.136962890625,
  "summary_fg_p05": 534.2581268310547,
  "summary_fg_p95": 1188.03544921875,
  "summary_fg_stdv": 194.69595336914062,
  "tsnr": 65.84513092041016
}