{
  "aor": 0.0009952727272727272,
  "aqi": 0.008558497909090908,
  "dvars_nstd": 44.626983398165144,
  "dvars_std": 1.2209777711926606,
  "dvars_vstd": 0.9728813955963304,
  "efc": 0.5601098630227848,
  "fber": 70.31208801269531,
  "fd_mean": 0.6988442784587156,
  "fd_num": 20,
  "fd_perc": 18.181818181818183,
  "fwhm_avg": 6.85435,
  "fwhm_x": 5.97101,
  "fwhm_y": 7.30027,
  "fwhm_z": 7.38776,
  "gcor": 0.02183256582780318,
  "gsr_x": -0.013867040164768696,
  "gsr_y": 0.048669394105672836,
  "metadata": {
    "EchoTime": 0,
    "FlipAngle": 90,
    "MRAcquisitionType": "2D",
    "MagneticFieldStrength": 3,
    "Manufacturer": "SIEMENS",
    "ManufacturerModelName": "TrioTim",
    "RepetitionTime": 2,
    "ScanOptions": "FS",
    "ScanningSequence": "EP",
    "SequenceName": "epfid2d1_64",
    "SequenceVariant": "SK",
    "SliceTiming": [
      0.0037500000050000315,
      0.5,
      -0.030000000000000027,
      0.4675,
      -0.0625,
      0.43374999999499997,
      -0.09624999999999995,
      0.401249999995,
      -0.12875000000499992,
      0.367499999995,
      -0.16250000000499998,
      0.33499999998999996,
      -0.19500000000499995,
      0.301250000005,
      -0.228749999995,
      0.26875000000500004,
      -0.2612499999950001,
      0.235,
      -0.29500000000000004,
      0.2025,
      -0.3275,
      0.168749999995,
      -0.36124999999999996,
      0.13624999999499998,
      -0.39375000000499993,
      0.10249999999499998,
      -0.427500000005,
      0.06999999999,
      -0.46000000000499996,
      0.036250000005000005
    ],
    "TaskName": "fb",
    "qc_type": "func",
    "run_id": "02",
    "subject_id": "27",
    "task_id": "fb"
  },
  "size_t": 110,
  "size_x": 64,
  "size_y": 64,
  "size_z": 30,
  "snr": 4.850681081776213,
  "spacing_tr": 1.0,
  "spacing_x": 3.125,
  "spacing_y": 3.125,
  "spacing_z": 3.999999761581421,
  "spikes_num": 0,
  "summary_bg_k": 18.080664192852378,
  "summary_bg_mean": 57.92741394042969,
  "summary_bg_p05": 17.53636360168457,
  "summary_bg_p95": 218.58817825317368,
  "summary_bg_stdv": 78.64576721191406,
  "summary_fg_k": 1.2774306466317507,
  "summary_fg_mean": 801.8256225585938,
  "summary_fg_p05": 504.0818099975586,
  "summary_fg_p95": 1069.3931579589844,
  "summary_fg_stdv": 167.04844665527344,
  "tsnr": 62.018348693847656
}