{
  "aor": 0.0013544852941176472,
  "aqi": 0.0036774895588235295,
  "dvars_nstd": 15.903954103555552,
  "dvars_std": 1.1365646148148145,
  "dvars_vstd": 1.0096152261481481,
  "efc": 0.5575383001764642,
  "fber": 68.924560546875,
  "fd_mean": 0.2544326045577778,
  "fd_num": 0,
  "fd_perc": 0.0,
  "fwhm_avg": 6.90123,
  "fwhm_x": 6.07716,
  "fwhm_y": 7.13874,
  "fwhm_z": 7.5763,
  "gcor": 0.0309181809425354,
  "gsr_x": -0.0067322952672839165,
  "gsr_y": 0.03440261632204056,
  "metadata": {
    "EchoTime": 0,
    "FlipAngle": 90,
    "MRAcquisitionType": "2D",
    "MagneticFieldStrength": 3,
    "Manufacturer": "SIEMENS",
    "ManufacturerModelName": "TrioTim",
    "RepetitionTime": 2,
    "ScanOptions": "FS",
    "ScanningSequence": "EP",
    "SequenceName": "epfid2d1_64",
    "SequenceVariant": "SK",
    "SliceTiming": [
      0.0025000000000000022,
      0.5,
      -0.030000000000000027,
      0.46625,
      -0.06374999999999997,
      0.43374999999499997,
      -0.09624999999999995,
      0.399999999995,
      -0.1300000000049999,
      0.367499999995,
      -0.16250000000499998,
      0.333750000005,
      -0.19624999999500004,
      0.301250000005,
      -0.228749999995,
      0.26749999999999996,
      -0.26249999999500007,
      0.235,
      -0.29500000000000004,
      0.20124999999999998,
      -0.32875,
      0.168749999995,
      -0.36124999999999996,
      0.134999999995,
      -0.3950000000049999,
      0.10249999999499998,
      -0.427500000005,
      0.06875000000499998,
      -0.46125000001000005,
      0.036250000005000005
    ],
    "TaskName": "fb",
    "qc_type": "func",
    "run_id": "02",
    "subject_id": "09",
    "task_id": "fb"
  },
  "size_t": 136,
  "size_x": 64,
  "size_y": 64,
  "size_z": 30,
  "snr": 5.1194237650802314,
  "spacing_tr": 1.0,
  "spacing_x": 3.125,
  "spacing_y": 3.125,
  "spacing_z": 3.9999983310699463,
  "spikes_num": 0,
  "summary_bg_k": 20.476413063297024,
  "summary_bg_mean": 47.96994400024414,
  "summary_bg_p05": 14.183823585510254,
  "summary_bg_p95": 187.59926986694336,
  "summary_bg_stdv": 71.45562744140625,
  "summary_fg_k": 0.7839524164866312,
  "summary_fg_mean": 700.5853271484375,
  "summary_fg_p05": 438.00367736816406,
  "summary_fg_p95": 908.5808715820312,
  "summary_fg_stdv": 140.3782958984375,
  "tsnr": 87.74545288085938
}