{
  "aor": 0.007671506024096384,
  "aqi": 0.00716443108433735,
  "dvars_nstd": 26.058045780181818,
  "dvars_std": 1.2293310147878789,
  "dvars_vstd": 1.055279567878788,
  "efc": 0.5566750704481812,
  "fber": 50.220855712890625,
  "fd_mean": 0.42716813372787876,
  "fd_num": 10,
  "fd_perc": 6.024096385542169,
  "fwhm_avg": 7.06575,
  "fwhm_x": 6.24382,
  "fwhm_y": 7.39323,
  "fwhm_z": 7.64172,
  "gcor": 0.06985974024577313,
  "gsr_x": 0.005951604340225458,
  "gsr_y": 0.04309282824397087,
  "metadata": {
    "EchoTime": 0,
    "FlipAngle": 90,
    "MRAcquisitionType": "2D",
    "MagneticFieldStrength": 3,
    "Manufacturer": "SIEMENS",
    "ManufacturerModelName": "TrioTim",
    "RepetitionTime": 2,
    "ScanOptions": "FS",
    "ScanningSequence": "EP",
    "SequenceName": "epfid2d1_64",
    "SequenceVariant": "SK",
    "SliceTiming": [
      0.0024999999900000014,
      0.5,
      -0.030000000014999917,
      0.46625,
      -0.06374999999999997,
      0.43374999999499997,
      -0.09624999999999995,
      0.399999999995,
      -0.1300000000049999,
      0.367499999995,
      -0.16250000000499998,
      0.33374999999,
      -0.19625000001000004,
      0.30124999999,
      -0.22875000001,
      0.26749999998499996,
      -0.26250000000999996,
      0.235,
      -0.29500000001499993,
      0.20124999999999998,
      -0.32875,
      0.168749999995,
      -0.36124999999999996,
      0.134999999995,
      -0.3950000000049999,
      0.10249999999499998,
      -0.427500000005,
      0.06874999998999998,
      -0.46125000001000005,
      0.036249999990000004
    ],
    "TaskName": "dis",
    "qc_type": "func",
    "run_id": "04",
    "subject_id": "28",
    "task_id": "dis"
  },
  "size_t": 166,
  "size_x": 64,
  "size_y": 64,
  "size_z": 30,
  "snr": 5.053283419415466,
  "spacing_tr": 1.0,
  "spacing_x": 3.125,
  "spacing_y": 3.125,
  "spacing_z": 4.000001430511475,
  "spikes_num": 1,
  "summary_bg_k": 14.223182517877778,
  "summary_bg_mean": 61.610469818115234,
  "summary_bg_p05": 16.313251495361328,
  "summary_bg_p95": 252.017463684082,
  "summary_bg_stdv": 88.95279693603516,
  "summary_fg_k": 0.7696841389127349,
  "summary_fg_mean": 751.4515991210938,
  "summary_fg_p05": 465.22135772705076,
  "summary_fg_p95": 982.5177246093749,
  "summary_fg_stdv": 152.73768615722656,
  "tsnr": 58.158416748046875
}