{
  "aor": 0.0018246323529411764,
  "aqi": 0.005836979411764706,
  "dvars_nstd": 21.663210452666668,
  "dvars_std": 1.2218030364444448,
  "dvars_vstd": 1.0049717891851853,
  "efc": 0.561219492093819,
  "fber": 69.25346374511719,
  "fd_mean": 0.22484957160814817,
  "fd_num": 0,
  "fd_perc": 0.0,
  "fwhm_avg": 6.7411,
  "fwhm_x": 5.93099,
  "fwhm_y": 6.98391,
  "fwhm_z": 7.39547,
  "gcor": 0.06429782334495993,
  "gsr_x": -0.011344482190907001,
  "gsr_y": 0.05550633370876312,
  "metadata": {
    "EchoTime": 0,
    "FlipAngle": 90,
    "MRAcquisitionType": "2D",
    "MagneticFieldStrength": 3,
    "Manufacturer": "SIEMENS",
    "ManufacturerModelName": "TrioTim",
    "RepetitionTime": 2,
    "ScanOptions": "FS",
    "ScanningSequence": "EP",
    "SequenceName": "epfid2d1_64",
    "SequenceVariant": "SK",
    "SliceTiming": [
      0.0037500000050000315,
      0.5,
      -0.030000000000000027,
      0.4675,
      -0.0625,
      0.43374999999499997,
      -0.09624999999999995,
      0.401249999995,
      -0.12875000000499992,
      0.367499999995,
      -0.16250000000499998,
      0.33499999998999996,
      -0.19500000000499995,
      0.301250000005,
      -0.228749999995,
      0.26875000000500004,
      -0.2612499999950001,
      0.235,
      -0.29500000000000004,
      0.2025,
      -0.3275,
      0.168749999995,
      -0.36124999999999996,
      0.13624999999499998,
      -0.39375000000499993,
      0.10249999999499998,
      -0.427500000005,
      0.06999999999,
      -0.46000000000499996,
      0.036250000005000005
    ],
    "TaskName": "fb",
    "qc_type": "func",
    "run_id": "02",
    "subject_id": "04",
    "task_id": "fb"
  },
  "size_t": 136,
  "size_x": 64,
  "size_y": 64,
  "size_z": 30,
  "snr": 5.401220149145886,
  "spacing_tr": 1.0,
  "spacing_x": 3.125,
  "spacing_y": 3.125,
  "spacing_z": 4.000001430511475,
  "spikes_num": 0,
  "summary_bg_k": 21.71086858230001,
  "summary_bg_mean": 54.17894744873047,
  "summary_bg_p05": 15.566176414489746,
  "summary_bg_p95": 222.9558868408203,
  "summary_bg_stdv": 84.4950942993164,
  "summary_fg_k": 1.0255430787384254,
  "summary_fg_mean": 820.7377319335938,
  "summary_fg_p05": 527.6037048339845,
  "summary_fg_p95": 1057.9368041992186,
  "summary_fg_stdv": 155.2512664794922,
  "tsnr": 76.4936294555664
}