{
  "aor": 0.00241362962962963,
  "aqi": 0.005624427629629629,
  "dvars_nstd": 23.704668159328364,
  "dvars_std": 1.2663342821641794,
  "dvars_vstd": 1.0178441479850742,
  "efc": 0.5657756810018458,
  "fber": 66.12293243408203,
  "fd_mean": 0.26161711926656717,
  "fd_num": 1,
  "fd_perc": 0.7407407407407407,
  "fwhm_avg": 6.63059,
  "fwhm_x": 5.83389,
  "fwhm_y": 6.97176,
  "fwhm_z": 7.1673,
  "gcor": 0.050504829265453195,
  "gsr_x": -0.01183507964015007,
  "gsr_y": 0.05564823001623154,
  "metadata": {
    "EchoTime": 0,
    "FlipAngle": 90,
    "MRAcquisitionType": "2D",
    "MagneticFieldStrength": 3,
    "Manufacturer": "SIEMENS",
    "ManufacturerModelName": "TrioTim",
    "RepetitionTime": 2,
    "ScanOptions": "FS",
    "ScanningSequence": "EP",
    "SequenceName": "epfid2d1_64",
    "SequenceVariant": "SK",
    "SliceTiming": [
      0.0024999999900000014,
      0.5,
      -0.030000000000000027,
      0.46625,
      -0.06374999999999997,
      0.43374999999499997,
      -0.09624999999999995,
      0.399999999995,
      -0.1300000000049999,
      0.367499999995,
      -0.16250000000499998,
      0.33374999999,
      -0.19625000001000004,
      0.30124999999,
      -0.22875000001,
      0.26749999999999996,
      -0.26250000000999996,
      0.235,
      -0.29500000000000004,
      0.20124999999999998,
      -0.32875,
      0.168749999995,
      -0.36124999999999996,
      0.134999999995,
      -0.3950000000049999,
      0.10249999999499998,
      -0.427500000005,
      0.06874999998999998,
      -0.46125000001000005,
      0.036249999990000004
    ],
    "TaskName": "fb",
    "qc_type": "func",
    "run_id": "03",
    "subject_id": "04",
    "task_id": "fb"
  },
  "size_t": 135,
  "size_x": 64,
  "size_y": 64,
  "size_z": 30,
  "snr": 5.4265203812734635,
  "spacing_tr": 1.0,
  "spacing_x": 3.125,
  "spacing_y": 3.125,
  "spacing_z": 4.000001430511475,
  "spikes_num": 0,
  "summary_bg_k": 20.76668747408394,
  "summary_bg_mean": 56.524818420410156,
  "summary_bg_p05": 16.244443893432617,
  "summary_bg_p95": 234.60554885864258,
  "summary_bg_stdv": 87.25138092041016,
  "summary_fg_k": 1.0760539968893275,
  "summary_fg_mean": 830.7261962890625,
  "summary_fg_p05": 536.1207244873046,
  "summary_fg_p95": 1072.0452148437498,
  "summary_fg_stdv": 156.65631103515625,
  "tsnr": 77.25175476074219
}