{
  "aor": 0.004175542168674698,
  "aqi": 0.0037639665662650605,
  "dvars_nstd": 16.248190469454553,
  "dvars_std": 1.1443953385454546,
  "dvars_vstd": 1.032712303090909,
  "efc": 0.5852481230308947,
  "fber": 59.14223861694336,
  "fd_mean": 0.16306489701818178,
  "fd_num": 2,
  "fd_perc": 1.2048192771084338,
  "fwhm_avg": 6.74882,
  "fwhm_x": 6.06272,
  "fwhm_y": 6.95797,
  "fwhm_z": 7.28674,
  "gcor": 0.018336097878145885,
  "gsr_x": -0.004626164678484201,
  "gsr_y": 0.06105974689126015,
  "metadata": {
    "EchoTime": 0,
    "FlipAngle": 90,
    "MRAcquisitionType": "2D",
    "MagneticFieldStrength": 3,
    "Manufacturer": "SIEMENS",
    "ManufacturerModelName": "TrioTim",
    "RepetitionTime": 2,
    "ScanOptions": "FS",
    "ScanningSequence": "EP",
    "SequenceName": "epfid2d1_64",
    "SequenceVariant": "SK",
    "SliceTiming": [
      0.0037500000050000315,
      0.5,
      -0.030000000000000027,
      0.4675,
      -0.0625,
      0.43374999999499997,
      -0.09624999999999995,
      0.401249999995,
      -0.12875000000499992,
      0.36750000001,
      -0.16249999998999998,
      0.33500000000499996,
      -0.19499999998999995,
      0.301250000005,
      -0.228749999995,
      0.26875000000500004,
      -0.2612499999950001,
      0.235,
      -0.29500000000000004,
      0.2025,
      -0.3275,
      0.168749999995,
      -0.36124999999999996,
      0.13624999999499998,
      -0.39375000000499993,
      0.10250000000999998,
      -0.427500000005,
      0.07000000000500001,
      -0.45999999998999996,
      0.036250000005000005
    ],
    "TaskName": "dis",
    "qc_type": "func",
    "run_id": "01",
    "subject_id": "05",
    "task_id": "dis"
  },
  "size_t": 166,
  "size_x": 64,
  "size_y": 64,
  "size_z": 30,
  "snr": 4.937565938110275,
  "spacing_tr": 1.0,
  "spacing_x": 3.125,
  "spacing_y": 3.125,
  "spacing_z": 3.99999737739563,
  "spikes_num": 0,
  "summary_bg_k": 19.374770634486243,
  "summary_bg_mean": 60.48051071166992,
  "summary_bg_p05": 15.692770957946777,
  "summary_bg_p95": 238.8165557861322,
  "summary_bg_stdv": 84.5411148071289,
  "summary_fg_k": 0.7168443857759201,
  "summary_fg_mean": 783.0936889648438,
  "summary_fg_p05": 490.540348815918,
  "summary_fg_p95": 1036.9261108398437,
  "summary_fg_stdv": 160.6288604736328,
  "tsnr": 83.9179458618164
}