{
  "aor": 0.0015381617647058823,
  "aqi": 0.0037735902941176467,
  "dvars_nstd": 21.472995390666668,
  "dvars_std": 1.1815992053333328,
  "dvars_vstd": 1.0150338942962964,
  "efc": 0.5599327003501505,
  "fber": 68.1668701171875,
  "fd_mean": 0.275725778042963,
  "fd_num": 1,
  "fd_perc": 0.7352941176470589,
  "fwhm_avg": 6.86282,
  "fwhm_x": 6.22132,
  "fwhm_y": 7.12751,
  "fwhm_z": 7.28932,
  "gcor": 0.02047396933331209,
  "gsr_x": -0.014593143947422504,
  "gsr_y": 0.049386054277420044,
  "metadata": {
    "EchoTime": 0,
    "FlipAngle": 90,
    "MRAcquisitionType": "2D",
    "MagneticFieldStrength": 3,
    "Manufacturer": "SIEMENS",
    "ManufacturerModelName": "TrioTim",
    "RepetitionTime": 2,
    "ScanOptions": "FS",
    "ScanningSequence": "EP",
    "SequenceName": "epfid2d1_64",
    "SequenceVariant": "SK",
    "SliceTiming": [
      0.0037500000050000315,
      0.5,
      -0.030000000000000027,
      0.4675,
      -0.0625,
      0.43374999999499997,
      -0.09624999999999995,
      0.40125000001,
      -0.12875000000499992,
      0.36750000001,
      -0.16249999998999998,
      0.33500000000499996,
      -0.19499999998999995,
      0.301250000005,
      -0.228749999995,
      0.26875000000500004,
      -0.2612499999950001,
      0.235,
      -0.29500000000000004,
      0.2025,
      -0.3275,
      0.168749999995,
      -0.36124999999999996,
      0.13625000000999998,
      -0.39375000000499993,
      0.10250000000999998,
      -0.42749999999,
      0.07000000000500001,
      -0.45999999998999996,
      0.036250000005000005
    ],
    "TaskName": "fb",
    "qc_type": "func",
    "run_id": "03",
    "subject_id": "10",
    "task_id": "fb"
  },
  "size_t": 136,
  "size_x": 64,
  "size_y": 64,
  "size_z": 30,
  "snr": 4.731676571944686,
  "spacing_tr": 1.0,
  "spacing_x": 3.125,
  "spacing_y": 3.125,
  "spacing_z": 4.000000476837158,
  "spikes_num": 0,
  "summary_bg_k": 17.478541654969327,
  "summary_bg_mean": 60.02806854248047,
  "summary_bg_p05": 16.639705657958984,
  "summary_bg_p95": 234.32720947265625,
  "summary_bg_stdv": 82.07325744628906,
  "summary_fg_k": 0.6631528223287289,
  "summary_fg_mean": 820.8325805664062,
  "summary_fg_p05": 503.8569763183594,
  "summary_fg_p95": 1099.4415954589842,
  "summary_fg_stdv": 176.1746368408203,
  "tsnr": 79.50251770019531
}