{
  "aor": 0.0006816867469879517,
  "aqi": 0.0030496254819277107,
  "dvars_nstd": 18.876000704909085,
  "dvars_std": 1.118565430181818,
  "dvars_vstd": 1.0017532593939393,
  "efc": 0.5858713719231842,
  "fber": 44.49831771850586,
  "fd_mean": 0.19989237858242423,
  "fd_num": 0,
  "fd_perc": 0.0,
  "fwhm_avg": 7.29932,
  "fwhm_x": 6.48642,
  "fwhm_y": 7.69867,
  "fwhm_z": 7.78801,
  "gcor": 0.037400802934026145,
  "gsr_x": 0.01289020013064146,
  "gsr_y": 0.03282904624938965,
  "metadata": {
    "EchoTime": 0,
    "FlipAngle": 90,
    "MRAcquisitionType": "2D",
    "MagneticFieldStrength": 3,
    "Manufacturer": "SIEMENS",
    "ManufacturerModelName": "TrioTim",
    "RepetitionTime": 2,
    "ScanOptions": "FS",
    "ScanningSequence": "EP",
    "SequenceName": "epfid2d1_64",
    "SequenceVariant": "SK",
    "SliceTiming": [
      0.0037499999899999747,
      0.5,
      -0.028750000010000054,
      0.4675,
      -0.0625,
      0.43374999999499997,
      -0.09499999999999997,
      0.401249999995,
      -0.12875000000499992,
      0.368749999995,
      -0.1612500000049999,
      0.33499999998999996,
      -0.19500000000499995,
      0.30249999999,
      -0.22750000001000004,
      0.26874999999,
      -0.26125000001,
      0.23624999998500001,
      -0.29375000000999996,
      0.2025,
      -0.3275000000149999,
      0.16999999999999998,
      -0.36,
      0.13624999999499998,
      -0.39375000000499993,
      0.10374999999500001,
      -0.4262500000049999,
      0.06999999999,
      -0.46000000000499996,
      0.03749999998999998
    ],
    "TaskName": "dis",
    "qc_type": "func",
    "run_id": "05",
    "subject_id": "42",
    "task_id": "dis"
  },
  "size_t": 166,
  "size_x": 64,
  "size_y": 64,
  "size_z": 30,
  "snr": 4.614122072687426,
  "spacing_tr": 1.0,
  "spacing_x": 3.125,
  "spacing_y": 3.125,
  "spacing_z": 4.000000476837158,
  "spikes_num": 0,
  "summary_bg_k": 25.318550844480626,
  "summary_bg_mean": 73.2506103515625,
  "summary_bg_p05": 17.704818725585938,
  "summary_bg_p95": 291.5921600341795,
  "summary_bg_stdv": 109.53286743164062,
  "summary_fg_k": 0.8017177512795888,
  "summary_fg_mean": 858.5546875,
  "summary_fg_p05": 528.7927490234375,
  "summary_fg_p95": 1169.3216552734375,
  "summary_fg_stdv": 188.4479217529297,
  "tsnr": 85.67234802246094
}