{
  "aor": 0.0007169117647058824,
  "aqi": 0.002762396544117647,
  "dvars_nstd": 19.05651856829629,
  "dvars_std": 1.1202516085925922,
  "dvars_vstd": 1.0026798526666665,
  "efc": 0.5853309098819445,
  "fber": 44.234222412109375,
  "fd_mean": 0.2046164243377778,
  "fd_num": 0,
  "fd_perc": 0.0,
  "fwhm_avg": 7.41935,
  "fwhm_x": 6.55416,
  "fwhm_y": 7.77624,
  "fwhm_z": 8.01328,
  "gcor": 0.020393510075176462,
  "gsr_x": 0.014279663562774658,
  "gsr_y": 0.03184578940272331,
  "metadata": {
    "EchoTime": 0,
    "FlipAngle": 90,
    "MRAcquisitionType": "2D",
    "MagneticFieldStrength": 3,
    "Manufacturer": "SIEMENS",
    "ManufacturerModelName": "TrioTim",
    "RepetitionTime": 2,
    "ScanOptions": "FS",
    "ScanningSequence": "EP",
    "SequenceName": "epfid2d1_64",
    "SequenceVariant": "SK",
    "SliceTiming": [
      0.0037500000050000315,
      0.5,
      -0.030000000000000027,
      0.4675,
      -0.0625,
      0.43375000000999997,
      -0.09624999998999995,
      0.40125000001,
      -0.12874999999000003,
      0.36750000001,
      -0.16249999998999998,
      0.33500000000499996,
      -0.19499999998999995,
      0.301250000005,
      -0.228749999995,
      0.26875000000500004,
      -0.2612499999950001,
      0.235,
      -0.29500000000000004,
      0.2025,
      -0.3275,
      0.16875000001,
      -0.36124999999999996,
      0.13625000000999998,
      -0.39374999999000004,
      0.10250000000999998,
      -0.42749999999,
      0.07000000000500001,
      -0.45999999998999996,
      0.036250000005000005
    ],
    "TaskName": "tom",
    "qc_type": "func",
    "run_id": "01",
    "subject_id": "42",
    "task_id": "tom"
  },
  "size_t": 136,
  "size_x": 64,
  "size_y": 64,
  "size_z": 30,
  "snr": 4.631799182093572,
  "spacing_tr": 1.0,
  "spacing_x": 3.125,
  "spacing_y": 3.125,
  "spacing_z": 4.000000476837158,
  "spikes_num": 0,
  "summary_bg_k": 23.771382926973484,
  "summary_bg_mean": 73.10713195800781,
  "summary_bg_p05": 17.65441131591797,
  "summary_bg_p95": 290.97278747558585,
  "summary_bg_stdv": 109.1095199584961,
  "summary_fg_k": 0.7029458422768853,
  "summary_fg_mean": 853.4437255859375,
  "summary_fg_p05": 526.9264526367188,
  "summary_fg_p95": 1162.2412048339843,
  "summary_fg_stdv": 186.15493774414062,
  "tsnr": 89.40370178222656
}