{
  "aor": 0.001981090909090909,
  "aqi": 0.004316759181818183,
  "dvars_nstd": 23.88648122366973,
  "dvars_std": 1.1853178836697247,
  "dvars_vstd": 1.0164999707339448,
  "efc": 0.5962203820412078,
  "fber": 42.14995574951172,
  "fd_mean": 0.2863871198001835,
  "fd_num": 0,
  "fd_perc": 0.0,
  "fwhm_avg": 6.58845,
  "fwhm_x": 5.80071,
  "fwhm_y": 6.83543,
  "fwhm_z": 7.21279,
  "gcor": 0.022563177889043634,
  "gsr_x": -0.025034496560692787,
  "gsr_y": 0.07276783883571625,
  "metadata": {
    "EchoTime": 0,
    "FlipAngle": 90,
    "MRAcquisitionType": "2D",
    "MagneticFieldStrength": 3,
    "Manufacturer": "SIEMENS",
    "ManufacturerModelName": "TrioTim",
    "RepetitionTime": 2,
    "ScanOptions": "FS",
    "ScanningSequence": "EP",
    "SequenceName": "epfid2d1_64",
    "SequenceVariant": "SK",
    "SliceTiming": [
      0.0037500000050000315,
      0.5,
      -0.030000000000000027,
      0.4675,
      -0.0625,
      0.43374999999499997,
      -0.09624999999999995,
      0.401249999995,
      -0.12875000000499992,
      0.367499999995,
      -0.16250000000499998,
      0.33500000000499996,
      -0.19500000000499995,
      0.301250000005,
      -0.228749999995,
      0.26875000000500004,
      -0.2612499999950001,
      0.235,
      -0.29500000000000004,
      0.2025,
      -0.3275,
      0.168749999995,
      -0.36124999999999996,
      0.13624999999499998,
      -0.39375000000499993,
      0.10249999999499998,
      -0.427500000005,
      0.06999999999,
      -0.46000000000499996,
      0.036250000005000005
    ],
    "TaskName": "fb",
    "qc_type": "func",
    "run_id": "03",
    "subject_id": "17",
    "task_id": "fb"
  },
  "size_t": 110,
  "size_x": 64,
  "size_y": 64,
  "size_z": 30,
  "snr": 4.648346229941916,
  "spacing_tr": 1.0,
  "spacing_x": 3.125,
  "spacing_y": 3.125,
  "spacing_z": 3.999999761581421,
  "spikes_num": 0,
  "summary_bg_k": 12.551222010011127,
  "summary_bg_mean": 73.7779769897461,
  "summary_bg_p05": 17.154544830322266,
  "summary_bg_p95": 301.06908569335917,
  "summary_bg_stdv": 102.04924774169922,
  "summary_fg_k": 1.052934825775897,
  "summary_fg_mean": 798.8770141601562,
  "summary_fg_p05": 492.3149932861328,
  "summary_fg_p95": 1081.7622802734372,
  "summary_fg_stdv": 173.716064453125,
  "tsnr": 73.79173278808594
}