{
  "aor": 0.001219264705882353,
  "aqi": 0.0064097783823529415,
  "dvars_nstd": 35.066543254444454,
  "dvars_std": 1.2842569520740743,
  "dvars_vstd": 0.9943152411851854,
  "efc": 0.5883628817268888,
  "fber": 71.12137603759766,
  "fd_mean": 0.37750644534829625,
  "fd_num": 1,
  "fd_perc": 0.7352941176470589,
  "fwhm_avg": 7.0133,
  "fwhm_x": 6.05313,
  "fwhm_y": 7.41488,
  "fwhm_z": 7.6857,
  "gcor": 0.029621622141669777,
  "gsr_x": -0.014800976030528545,
  "gsr_y": 0.06330166757106781,
  "metadata": {
    "EchoTime": 0,
    "FlipAngle": 90,
    "MRAcquisitionType": "2D",
    "MagneticFieldStrength": 3,
    "Manufacturer": "SIEMENS",
    "ManufacturerModelName": "TrioTim",
    "RepetitionTime": 2,
    "ScanOptions": "FS",
    "ScanningSequence": "EP",
    "SequenceName": "epfid2d1_64",
    "SequenceVariant": "SK",
    "SliceTiming": [
      0.0037500000050000315,
      0.5,
      -0.030000000000000027,
      0.4675,
      -0.0625,
      0.43374999999499997,
      -0.09624999999999995,
      0.401249999995,
      -0.12875000000499992,
      0.367499999995,
      -0.16250000000499998,
      0.33499999998999996,
      -0.19500000000499995,
      0.30124999999,
      -0.22875000001,
      0.26875000000500004,
      -0.26125000001,
      0.235,
      -0.29500000000000004,
      0.2025,
      -0.3275,
      0.168749999995,
      -0.36,
      0.13624999999499998,
      -0.39375000000499993,
      0.10249999999499998,
      -0.4262500000049999,
      0.06999999999,
      -0.46000000000499996,
      0.036249999990000004
    ],
    "TaskName": "tom",
    "qc_type": "func",
    "run_id": "01",
    "subject_id": "39",
    "task_id": "tom"
  },
  "size_t": 136,
  "size_x": 64,
  "size_y": 64,
  "size_z": 30,
  "snr": 4.721589307550477,
  "spacing_tr": 1.0,
  "spacing_x": 3.125,
  "spacing_y": 3.125,
  "spacing_z": 3.999999761581421,
  "spikes_num": 0,
  "summary_bg_k": 14.794601982029839,
  "summary_bg_mean": 64.51705932617188,
  "summary_bg_p05": 18.242647171020508,
  "summary_bg_p95": 245.35293579101562,
  "summary_bg_stdv": 86.3238525390625,
  "summary_fg_k": 1.2935669445167024,
  "summary_fg_mean": 889.0428466796875,
  "summary_fg_p05": 569.8455963134766,
  "summary_fg_p95": 1211.3566284179688,
  "summary_fg_stdv": 188.7454833984375,
  "tsnr": 73.5550537109375
}