{
  "aor": 0.0037890361445783133,
  "aqi": 0.005813034096385542,
  "dvars_nstd": 22.057864449272724,
  "dvars_std": 1.1816965906666677,
  "dvars_vstd": 1.0237376409090904,
  "efc": 0.6029572586201392,
  "fber": 49.89065933227539,
  "fd_mean": 0.28277128641151517,
  "fd_num": 9,
  "fd_perc": 5.421686746987952,
  "fwhm_avg": 6.59854,
  "fwhm_x": 5.82164,
  "fwhm_y": 6.92504,
  "fwhm_z": 7.12649,
  "gcor": 0.05512142755899085,
  "gsr_x": -0.0013038440374657512,
  "gsr_y": 0.0650365948677063,
  "metadata": {
    "EchoTime": 0,
    "FlipAngle": 90,
    "MRAcquisitionType": "2D",
    "MagneticFieldStrength": 3,
    "Manufacturer": "SIEMENS",
    "ManufacturerModelName": "TrioTim",
    "RepetitionTime": 2,
    "ScanOptions": "FS",
    "ScanningSequence": "EP",
    "SequenceName": "epfid2d1_64",
    "SequenceVariant": "SK",
    "SliceTiming": [
      0.003749999994999975,
      0.5,
      -0.030000000004999916,
      0.4675,
      -0.0625,
      0.43374999999499997,
      -0.09624999999999995,
      0.401249999995,
      -0.12875000000499992,
      0.3675,
      -0.16250000000499998,
      0.33499999999999996,
      -0.19499999999999995,
      0.301249999995,
      -0.22875,
      0.268749999995,
      -0.261250000005,
      0.234999999995,
      -0.29500000000499993,
      0.2025,
      -0.3275000000049999,
      0.168749999995,
      -0.36124999999999996,
      0.13624999999499998,
      -0.39375000000499993,
      0.10249999999499998,
      -0.427500000005,
      0.07,
      -0.46000000000499996,
      0.036249999995000004
    ],
    "TaskName": "dis",
    "qc_type": "func",
    "run_id": "06",
    "subject_id": "41",
    "task_id": "dis"
  },
  "size_t": 166,
  "size_x": 64,
  "size_y": 64,
  "size_z": 30,
  "snr": 5.007541681089121,
  "spacing_tr": 1.0,
  "spacing_x": 3.125,
  "spacing_y": 3.125,
  "spacing_z": 3.999999523162842,
  "spikes_num": 0,
  "summary_bg_k": 14.591124803812093,
  "summary_bg_mean": 70.7575912475586,
  "summary_bg_p05": 17.656625747680664,
  "summary_bg_p95": 274.82409667968744,
  "summary_bg_stdv": 94.94879150390625,
  "summary_fg_k": 0.8228249244188595,
  "summary_fg_mean": 819.9612426757812,
  "summary_fg_p05": 530.3969604492188,
  "summary_fg_p95": 1088.660217285156,
  "summary_fg_stdv": 165.00294494628906,
  "tsnr": 67.8236083984375
}