{
  "aor": 0.0008619879518072289,
  "aqi": 0.0032313459036144585,
  "dvars_nstd": 21.901965227878787,
  "dvars_std": 1.150423880666666,
  "dvars_vstd": 0.997597526181818,
  "efc": 0.5756895401339495,
  "fber": 50.95274353027344,
  "fd_mean": 0.3004596427678788,
  "fd_num": 0,
  "fd_perc": 0.0,
  "fwhm_avg": 7.55317,
  "fwhm_x": 6.6978,
  "fwhm_y": 8.06277,
  "fwhm_z": 7.97944,
  "gcor": 0.026113831853292073,
  "gsr_x": 0.00529362540692091,
  "gsr_y": 0.05496779456734657,
  "metadata": {
    "EchoTime": 0,
    "FlipAngle": 90,
    "MRAcquisitionType": "2D",
    "MagneticFieldStrength": 3,
    "Manufacturer": "SIEMENS",
    "ManufacturerModelName": "TrioTim",
    "RepetitionTime": 2,
    "ScanOptions": "FS",
    "ScanningSequence": "EP",
    "SequenceName": "epfid2d1_64",
    "SequenceVariant": "SK",
    "SliceTiming": [
      0.0037499999899999747,
      0.5,
      -0.030000000014999917,
      0.4675,
      -0.0625,
      0.43374999999499997,
      -0.09624999999999995,
      0.401249999995,
      -0.12875000000499992,
      0.367499999995,
      -0.16250000000499998,
      0.33499999998999996,
      -0.19500000000499995,
      0.30124999999,
      -0.22875000001,
      0.26874999999,
      -0.26125000001,
      0.235,
      -0.29500000001499993,
      0.2025,
      -0.3275,
      0.168749999995,
      -0.36124999999999996,
      0.13624999999499998,
      -0.39375000000499993,
      0.10249999999499998,
      -0.427500000005,
      0.06999999999,
      -0.46000000000499996,
      0.036249999990000004
    ],
    "TaskName": "dis",
    "qc_type": "func",
    "run_id": "05",
    "subject_id": "46",
    "task_id": "dis"
  },
  "size_t": 166,
  "size_x": 64,
  "size_y": 64,
  "size_z": 30,
  "snr": 4.650030626789652,
  "spacing_tr": 1.0,
  "spacing_x": 3.125,
  "spacing_y": 3.125,
  "spacing_z": 4.000001907348633,
  "spikes_num": 0,
  "summary_bg_k": 11.692850621993784,
  "summary_bg_mean": 77.65047454833984,
  "summary_bg_p05": 18.249697780609132,
  "summary_bg_p95": 317.35871429443364,
  "summary_bg_stdv": 105.66152954101562,
  "summary_fg_k": 0.6938957212016721,
  "summary_fg_mean": 914.4699096679688,
  "summary_fg_p05": 562.9656494140626,
  "summary_fg_p95": 1235.127062988281,
  "summary_fg_stdv": 199.55902099609375,
  "tsnr": 83.12521362304688
}