{
  "aor": 0.004561617647058823,
  "aqi": 0.007400215000000001,
  "dvars_nstd": 29.201001181037057,
  "dvars_std": 1.2025341874074071,
  "dvars_vstd": 1.0267093473333329,
  "efc": 0.5552925954093295,
  "fber": 69.52725982666016,
  "fd_mean": 0.4630517494444445,
  "fd_num": 12,
  "fd_perc": 8.823529411764707,
  "fwhm_avg": 7.01102,
  "fwhm_x": 6.28921,
  "fwhm_y": 7.32048,
  "fwhm_z": 7.48528,
  "gcor": 0.028917530003715965,
  "gsr_x": -0.014350103214383125,
  "gsr_y": 0.05103329196572304,
  "metadata": {
    "EchoTime": 0,
    "FlipAngle": 90,
    "MRAcquisitionType": "2D",
    "MagneticFieldStrength": 3,
    "Manufacturer": "SIEMENS",
    "ManufacturerModelName": "TrioTim",
    "RepetitionTime": 2,
    "ScanOptions": "FS",
    "ScanningSequence": "EP",
    "SequenceName": "epfid2d1_64",
    "SequenceVariant": "SK",
    "SliceTiming": [
      0.0025000000000000022,
      0.5,
      -0.030000000000000027,
      0.46625000001,
      -0.06374999998500008,
      0.43375000000999997,
      -0.09624999998999995,
      0.40000000001,
      -0.12999999999,
      0.36750000001,
      -0.16249999998999998,
      0.333750000005,
      -0.19624999999500004,
      0.301250000005,
      -0.228749999995,
      0.26749999999999996,
      -0.26249999999500007,
      0.235,
      -0.29500000000000004,
      0.20125000001499999,
      -0.3287499999850001,
      0.16875000001,
      -0.36124999998500007,
      0.13500000001,
      -0.39499999999,
      0.10250000000999998,
      -0.42749999999,
      0.06875000000499998,
      -0.46124999999500005,
      0.036250000005000005
    ],
    "TaskName": "fb",
    "qc_type": "func",
    "run_id": "01",
    "subject_id": "10",
    "task_id": "fb"
  },
  "size_t": 136,
  "size_x": 64,
  "size_y": 64,
  "size_z": 30,
  "snr": 4.733544930355265,
  "spacing_tr": 1.0,
  "spacing_x": 3.125,
  "spacing_y": 3.125,
  "spacing_z": 4.000000476837158,
  "spikes_num": 0,
  "summary_bg_k": 18.347114130573587,
  "summary_bg_mean": 58.54728698730469,
  "summary_bg_p05": 16.27941131591797,
  "summary_bg_p95": 228.6709571838377,
  "summary_bg_stdv": 81.67227172851562,
  "summary_fg_k": 0.611731150147163,
  "summary_fg_mean": 819.2781372070312,
  "summary_fg_p05": 502.2444976806641,
  "summary_fg_p95": 1093.5242675781246,
  "summary_fg_stdv": 175.7259521484375,
  "tsnr": 57.740867614746094
}