{
  "cjv": 0.6681454181671143,
  "cnr": 5.7012176513671875,
  "efc": 0.5764484912748031,
  "fber": 44.407508850097656,
  "fwhm_avg": 2.85784,
  "fwhm_x": 3.11668,
  "fwhm_y": 2.99037,
  "fwhm_z": 2.50436,
  "icvs_csf": 0.17329995400683798,
  "icvs_gm": 0.3988564309930938,
  "icvs_wm": 0.42784361500006823,
  "inu_med": 0.9040199518203735,
  "inu_range": 0.340495389699936,
  "metadata": {
    "EchoTime": 0.0033900000000000002,
    "FlipAngle": 9,
    "MRAcquisitionType": "3D",
    "MagneticFieldStrength": 3,
    "Manufacturer": "SIEMENS",
    "ManufacturerModelName": "TrioTim",
    "RepetitionTime": 2,
    "ScanOptions": "IR",
    "ScanningSequence": "GR\\IR",
    "SequenceName": "tfl3d1_ns",
    "SequenceVariant": "SP\\MP",
    "SliceTiming": [
      0.003749999994999975,
      0.5,
      -0.030000000000000027,
      0.4675,
      -0.0625,
      0.43374999999499997,
      -0.09624999999999995,
      0.401250000005,
      -0.12875000000499992,
      0.3675,
      -0.16249999999999998,
      0.33499999999999996,
      -0.19499999999999995,
      0.301249999995,
      -0.22875,
      0.268749999995,
      -0.261250000005,
      0.235,
      -0.29500000000000004,
      0.2025,
      -0.3275,
      0.168749999995,
      -0.36124999999999996,
      0.13624999999499998,
      -0.39375000000499993,
      0.10249999999999998,
      -0.4275,
      0.07,
      -0.45999999999999996,
      0.036249999995000004
    ],
    "TaskName": "MPRAGE",
    "qc_type": "anat",
    "subject_id": "29"
  },
  "qi_1": 0.0,
  "qi_2": 0.07394258862124295,
  "rpve_csf": 56852.5234375,
  "rpve_gm": 117742.828125,
  "rpve_wm": 57022.96484375,
  "size_x": 128,
  "size_y": 256,
  "size_z": 256,
  "snr_csf": 3.133094280237339,
  "snr_gm": 9.862496200227964,
  "snr_total": 10.781088932816525,
  "snr_wm": 19.34767631798427,
  "snrd_csf": 18.845642531773457,
  "snrd_gm": 31.332122031958228,
  "snrd_total": 30.12253463037089,
  "snrd_wm": 40.18983932738098,
  "spacing_x": 1.3300000429153442,
  "spacing_y": 1.0,
  "spacing_z": 1.0,
  "summary_bg_k": 10.920176836645897,
  "summary_bg_mean": 3.8868067264556885,
  "summary_bg_p05": 2.0,
  "summary_bg_p95": 7.0,
  "summary_bg_stdv": 2.272261619567871,
  "summary_csf_k": 2.2963176637720304,
  "summary_csf_mean": 84.079833984375,
  "summary_csf_p05": 40.0,
  "summary_csf_p95": 128.0,
  "summary_csf_stdv": 29.696533203125,
  "summary_gm_k": -0.5061015710495256,
  "summary_gm_mean": 151.26687622070312,
  "summary_gm_p05": 112.0,
  "summary_gm_p95": 192.0,
  "summary_gm_stdv": 24.18219757080078,
  "summary_wm_k": -0.490068519275753,
  "summary_wm_mean": 205.55213928222656,
  "summary_wm_p05": 164.0,
  "summary_wm_p95": 244.0,
  "summary_wm_stdv": 24.100610733032227,
  "tpm_overlap_csf": 0.26904542685134913,
  "tpm_overlap_gm": 0.5413146043574134,
  "tpm_overlap_wm": 0.636001872871333,
  "wm2max": 0.8267716535433071
}