{
  "aor": 0.0006477575757575757,
  "aqi": 0.003814299696969698,
  "dvars_nstd": 19.747770635121956,
  "dvars_std": 1.1685921007926827,
  "dvars_vstd": 0.9990817867073168,
  "efc": 0.5601618648136452,
  "fber": 60.11058044433594,
  "fd_mean": 0.18288230693182925,
  "fd_num": 0,
  "fd_perc": 0.0,
  "fwhm_avg": 6.62003,
  "fwhm_x": 5.9398,
  "fwhm_y": 6.85324,
  "fwhm_z": 7.12709,
  "gcor": 0.0247058781710538,
  "gsr_x": -0.01076488383114338,
  "gsr_y": 0.06530679762363434,
  "metadata": {
    "EchoTime": 0,
    "FlipAngle": 90,
    "MRAcquisitionType": "2D",
    "MagneticFieldStrength": 3,
    "Manufacturer": "SIEMENS",
    "ManufacturerModelName": "TrioTim",
    "RepetitionTime": 2,
    "ScanOptions": "FS",
    "ScanningSequence": "EP",
    "SequenceName": "epfid2d1_64",
    "SequenceVariant": "SK",
    "SliceTiming": [
      0.0025000000000000022,
      0.5,
      -0.030000000000000027,
      0.46625,
      -0.06374999999999997,
      0.43374999999499997,
      -0.09624999999999995,
      0.399999999995,
      -0.1300000000049999,
      0.36750000001,
      -0.16250000000499998,
      0.333750000005,
      -0.19624999999500004,
      0.301250000005,
      -0.228749999995,
      0.26749999999999996,
      -0.26249999999500007,
      0.235,
      -0.29500000000000004,
      0.20124999999999998,
      -0.32875,
      0.168749999995,
      -0.36124999999999996,
      0.134999999995,
      -0.3950000000049999,
      0.10250000000999998,
      -0.427500000005,
      0.06875000000499998,
      -0.46124999999500005,
      0.036250000005000005
    ],
    "TaskName": "dis",
    "qc_type": "func",
    "run_id": "05",
    "subject_id": "33",
    "task_id": "dis"
  },
  "size_t": 165,
  "size_x": 64,
  "size_y": 64,
  "size_z": 30,
  "snr": 4.969138910767847,
  "spacing_tr": 1.0,
  "spacing_x": 3.125,
  "spacing_y": 3.125,
  "spacing_z": 4.000001430511475,
  "spikes_num": 0,
  "summary_bg_k": 14.465385951855517,
  "summary_bg_mean": 63.72067642211914,
  "summary_bg_p05": 16.81818199157715,
  "summary_bg_p95": 262.78605804443384,
  "summary_bg_stdv": 91.25520324707031,
  "summary_fg_k": 0.9821540005111644,
  "summary_fg_mean": 845.5673828125,
  "summary_fg_p05": 533.4036102294922,
  "summary_fg_p95": 1121.1560546875,
  "summary_fg_stdv": 172.20933532714844,
  "tsnr": 84.84194946289062
}