{
  "aor": 0.003783407407407407,
  "aqi": 0.0037316572592592597,
  "dvars_nstd": 14.633232494029848,
  "dvars_std": 1.1417970223880594,
  "dvars_vstd": 1.035715332985075,
  "efc": 0.529110496024451,
  "fber": 83.4086685180664,
  "fd_mean": 0.1554965472047761,
  "fd_num": 1,
  "fd_perc": 0.7407407407407407,
  "fwhm_avg": 6.72923,
  "fwhm_x": 5.93894,
  "fwhm_y": 7.02352,
  "fwhm_z": 7.30521,
  "gcor": 0.021014285970617223,
  "gsr_x": -0.00153029162902385,
  "gsr_y": 0.03720688074827194,
  "metadata": {
    "EchoTime": 0,
    "FlipAngle": 90,
    "MRAcquisitionType": "2D",
    "MagneticFieldStrength": 3,
    "Manufacturer": "SIEMENS",
    "ManufacturerModelName": "TrioTim",
    "RepetitionTime": 2,
    "ScanOptions": "FS",
    "ScanningSequence": "EP",
    "SequenceName": "epfid2d1_64",
    "SequenceVariant": "SK",
    "SliceTiming": [
      0.0037500000050000315,
      0.5,
      -0.030000000000000027,
      0.4675,
      -0.0625,
      0.43374999999499997,
      -0.09624999999999995,
      0.401249999995,
      -0.12875000000499992,
      0.367499999995,
      -0.16250000000499998,
      0.33499999998999996,
      -0.19500000000499995,
      0.30124999999,
      -0.22875000001,
      0.26875000000500004,
      -0.26125000001,
      0.235,
      -0.29500000000000004,
      0.2025,
      -0.3275,
      0.168749999995,
      -0.36124999999999996,
      0.13624999999499998,
      -0.39375000000499993,
      0.10249999999499998,
      -0.427500000005,
      0.06999999999,
      -0.46000000000499996,
      0.036249999990000004
    ],
    "TaskName": "fb",
    "qc_type": "func",
    "run_id": "04",
    "subject_id": "07",
    "task_id": "fb"
  },
  "size_t": 135,
  "size_x": 64,
  "size_y": 64,
  "size_z": 30,
  "snr": 5.2806632224864,
  "spacing_tr": 1.0,
  "spacing_x": 3.125,
  "spacing_y": 3.125,
  "spacing_z": 3.999999761581421,
  "spikes_num": 0,
  "summary_bg_k": 21.92772774635076,
  "summary_bg_mean": 46.15041732788086,
  "summary_bg_p05": 14.4074068069458,
  "summary_bg_p95": 177.28887939453125,
  "summary_bg_stdv": 68.6972427368164,
  "summary_fg_k": 0.9182801541881411,
  "summary_fg_mean": 741.9051513671875,
  "summary_fg_p05": 460.74072265625,
  "summary_fg_p95": 952.0073852539062,
  "summary_fg_stdv": 144.4195556640625,
  "tsnr": 89.1455307006836
}