{
  "aor": 0.001540602409638554,
  "aqi": 0.004805959096385541,
  "dvars_nstd": 19.503347137151522,
  "dvars_std": 1.148394718181818,
  "dvars_vstd": 1.0078453559393936,
  "efc": 0.6018041263366366,
  "fber": 51.35154724121094,
  "fd_mean": 0.2288264019127273,
  "fd_num": 1,
  "fd_perc": 0.6024096385542169,
  "fwhm_avg": 6.58195,
  "fwhm_x": 5.77921,
  "fwhm_y": 6.93751,
  "fwhm_z": 7.112,
  "gcor": 0.036446637417896686,
  "gsr_x": -0.0030110939405858517,
  "gsr_y": 0.06539180129766464,
  "metadata": {
    "EchoTime": 0,
    "FlipAngle": 90,
    "MRAcquisitionType": "2D",
    "MagneticFieldStrength": 3,
    "Manufacturer": "SIEMENS",
    "ManufacturerModelName": "TrioTim",
    "RepetitionTime": 2,
    "ScanOptions": "FS",
    "ScanningSequence": "EP",
    "SequenceName": "epfid2d1_64",
    "SequenceVariant": "SK",
    "SliceTiming": [
      0.0025000000000000022,
      0.5,
      -0.030000000000000027,
      0.466250000005,
      -0.06374999999999997,
      0.43375000000499997,
      -0.09624999999500006,
      0.4,
      -0.129999999995,
      0.3675,
      -0.16249999999999998,
      0.333750000005,
      -0.19625000000000004,
      0.301250000005,
      -0.228749999995,
      0.26749999999999996,
      -0.26249999999500007,
      0.235,
      -0.29500000000000004,
      0.20125000000499998,
      -0.32875,
      0.168750000005,
      -0.36124999999500007,
      0.135,
      -0.394999999995,
      0.10249999999999998,
      -0.4275,
      0.06874999999999998,
      -0.46125000000000005,
      0.036250000005000005
    ],
    "TaskName": "dis",
    "qc_type": "func",
    "run_id": "02",
    "subject_id": "41",
    "task_id": "dis"
  },
  "size_t": 166,
  "size_x": 64,
  "size_y": 64,
  "size_z": 30,
  "snr": 4.985726075991997,
  "spacing_tr": 1.0,
  "spacing_x": 3.125,
  "spacing_y": 3.125,
  "spacing_z": 3.999999523162842,
  "spikes_num": 0,
  "summary_bg_k": 14.935040418493458,
  "summary_bg_mean": 69.62471008300781,
  "summary_bg_p05": 17.548192977905273,
  "summary_bg_p95": 271.5288970947262,
  "summary_bg_stdv": 93.53722381591797,
  "summary_fg_k": 0.8841912023797516,
  "summary_fg_mean": 819.0540161132812,
  "summary_fg_p05": 531.3554077148438,
  "summary_fg_p95": 1085.277099609375,
  "summary_fg_stdv": 165.43238830566406,
  "tsnr": 74.10748291015625
}