{
  "aor": 0.0007323493975903615,
  "aqi": 0.0033047307831325303,
  "dvars_nstd": 17.178215841999997,
  "dvars_std": 1.1406383161818183,
  "dvars_vstd": 1.000970638181818,
  "efc": 0.5664307252748328,
  "fber": 65.7122802734375,
  "fd_mean": 0.1812585057600279,
  "fd_num": 0,
  "fd_perc": 0.0,
  "fwhm_avg": 6.78471,
  "fwhm_x": 6.03236,
  "fwhm_y": 7.19323,
  "fwhm_z": 7.19754,
  "gcor": 0.03296019083046051,
  "gsr_x": -0.011036665178835392,
  "gsr_y": 0.054033637046813965,
  "metadata": {
    "EchoTime": 0,
    "FlipAngle": 90,
    "MRAcquisitionType": "2D",
    "MagneticFieldStrength": 3,
    "Manufacturer": "SIEMENS",
    "ManufacturerModelName": "TrioTim",
    "RepetitionTime": 2,
    "ScanOptions": "FS",
    "ScanningSequence": "EP",
    "SequenceName": "epfid2d1_64",
    "SequenceVariant": "SK",
    "SliceTiming": [
      0.0025000000000000022,
      0.5,
      -0.030000000000000027,
      0.46625,
      -0.06374999999999997,
      0.43374999999499997,
      -0.09624999999999995,
      0.399999999995,
      -0.1300000000049999,
      0.367499999995,
      -0.16250000000499998,
      0.33374999999,
      -0.19625000001000004,
      0.30124999999,
      -0.22875000001,
      0.26749999999999996,
      -0.26250000000999996,
      0.235,
      -0.29500000000000004,
      0.20124999999999998,
      -0.32875,
      0.168749999995,
      -0.36124999999999996,
      0.134999999995,
      -0.3950000000049999,
      0.10249999999499998,
      -0.427500000005,
      0.06874999998999998,
      -0.46125000001000005,
      0.036249999990000004
    ],
    "TaskName": "dis",
    "qc_type": "func",
    "run_id": "01",
    "subject_id": "47",
    "task_id": "dis"
  },
  "size_t": 166,
  "size_x": 64,
  "size_y": 64,
  "size_z": 30,
  "snr": 4.940560485762206,
  "spacing_tr": 1.0,
  "spacing_x": 3.125,
  "spacing_y": 3.125,
  "spacing_z": 3.9999990463256836,
  "spikes_num": 0,
  "summary_bg_k": 20.273126887313712,
  "summary_bg_mean": 55.585350036621094,
  "summary_bg_p05": 16.096384048461914,
  "summary_bg_p95": 211.79396514892534,
  "summary_bg_stdv": 77.02550506591797,
  "summary_fg_k": 0.8334375426325327,
  "summary_fg_mean": 753.9983520507812,
  "summary_fg_p05": 464.6566162109375,
  "summary_fg_p95": 989.4894104003906,
  "summary_fg_stdv": 156.1603546142578,
  "tsnr": 85.34346008300781
}