{
  "aor": 0.008334277108433735,
  "aqi": 0.007741024036144577,
  "dvars_nstd": 22.94490696309092,
  "dvars_std": 1.1680665049090904,
  "dvars_vstd": 1.0646110495151517,
  "efc": 0.5624801343655119,
  "fber": 69.43363952636719,
  "fd_mean": 0.3713765699557576,
  "fd_num": 7,
  "fd_perc": 4.216867469879518,
  "fwhm_avg": 7.07805,
  "fwhm_x": 6.2301,
  "fwhm_y": 7.43443,
  "fwhm_z": 7.65595,
  "gcor": 0.10464166158653167,
  "gsr_x": -0.001432373421266675,
  "gsr_y": 0.06218642368912697,
  "metadata": {
    "EchoTime": 0,
    "FlipAngle": 90,
    "MRAcquisitionType": "2D",
    "MagneticFieldStrength": 3,
    "Manufacturer": "SIEMENS",
    "ManufacturerModelName": "TrioTim",
    "RepetitionTime": 2,
    "ScanOptions": "FS",
    "ScanningSequence": "EP",
    "SequenceName": "epfid2d1_64",
    "SequenceVariant": "SK",
    "SliceTiming": [
      0.003749999994999975,
      0.5,
      -0.030000000004999916,
      0.4675,
      -0.0625,
      0.43374999999499997,
      -0.09624999999999995,
      0.401249999995,
      -0.12875000000499992,
      0.3675,
      -0.16250000000499998,
      0.33499999999999996,
      -0.19499999999999995,
      0.301249999995,
      -0.22875,
      0.268749999995,
      -0.261250000005,
      0.234999999995,
      -0.29500000000499993,
      0.2025,
      -0.3275000000049999,
      0.168749999995,
      -0.36124999999999996,
      0.13624999999499998,
      -0.39375000000499993,
      0.10249999999499998,
      -0.427500000005,
      0.07,
      -0.46000000000499996,
      0.036249999995000004
    ],
    "TaskName": "dis",
    "qc_type": "func",
    "run_id": "03",
    "subject_id": "24",
    "task_id": "dis"
  },
  "size_t": 166,
  "size_x": 64,
  "size_y": 64,
  "size_z": 30,
  "snr": 4.867302846727481,
  "spacing_tr": 1.0,
  "spacing_x": 3.125,
  "spacing_y": 3.125,
  "spacing_z": 4.000001430511475,
  "spikes_num": 0,
  "summary_bg_k": 15.860876564455193,
  "summary_bg_mean": 55.19255447387695,
  "summary_bg_p05": 16.204818725585938,
  "summary_bg_p95": 225.57168350219706,
  "summary_bg_stdv": 77.01695251464844,
  "summary_fg_k": 0.8842407524324867,
  "summary_fg_mean": 772.5392456054688,
  "summary_fg_p05": 469.9770965576172,
  "summary_fg_p95": 1018.8279754638672,
  "summary_fg_stdv": 162.9309844970703,
  "tsnr": 58.404571533203125
}