{
  "aor": 0.002136987951807229,
  "aqi": 0.007159355963855421,
  "dvars_nstd": 31.272676473818194,
  "dvars_std": 1.1906103349696968,
  "dvars_vstd": 0.9960579607878786,
  "efc": 0.6218528076390369,
  "fber": 47.288612365722656,
  "fd_mean": 0.5217549420848484,
  "fd_num": 12,
  "fd_perc": 7.228915662650603,
  "fwhm_avg": 6.58032,
  "fwhm_x": 5.76632,
  "fwhm_y": 6.85894,
  "fwhm_z": 7.20419,
  "gcor": 0.05819869903196771,
  "gsr_x": -0.009600932709872723,
  "gsr_y": 0.09423280507326126,
  "metadata": {
    "EchoTime": 0,
    "FlipAngle": 90,
    "MRAcquisitionType": "2D",
    "MagneticFieldStrength": 3,
    "Manufacturer": "SIEMENS",
    "ManufacturerModelName": "TrioTim",
    "RepetitionTime": 2,
    "ScanOptions": "FS",
    "ScanningSequence": "EP",
    "SequenceName": "epfid2d1_64",
    "SequenceVariant": "SK",
    "SliceTiming": [
      0.0037500000050000315,
      0.5,
      -0.030000000000000027,
      0.4675,
      -0.0625,
      0.43374999999499997,
      -0.09624999999999995,
      0.40125000001,
      -0.12875000000499992,
      0.36750000001,
      -0.16249999998999998,
      0.33500000000499996,
      -0.19499999998999995,
      0.301250000005,
      -0.228749999995,
      0.26875000000500004,
      -0.2612499999950001,
      0.235,
      -0.29500000000000004,
      0.2025,
      -0.3275,
      0.168749999995,
      -0.36124999999999996,
      0.13625000000999998,
      -0.39375000000499993,
      0.10250000000999998,
      -0.42749999999,
      0.07000000000500001,
      -0.45999999998999996,
      0.036250000005000005
    ],
    "TaskName": "dis",
    "qc_type": "func",
    "run_id": "04",
    "subject_id": "35",
    "task_id": "dis"
  },
  "size_t": 166,
  "size_x": 64,
  "size_y": 64,
  "size_z": 30,
  "snr": 4.6343696175603455,
  "spacing_tr": 1.0,
  "spacing_x": 3.125,
  "spacing_y": 3.125,
  "spacing_z": 4.000001430511475,
  "spikes_num": 0,
  "summary_bg_k": 17.554098911512057,
  "summary_bg_mean": 66.6537857055664,
  "summary_bg_p05": 17.4819278717041,
  "summary_bg_p95": 247.5737869262696,
  "summary_bg_stdv": 90.92084503173828,
  "summary_fg_k": 1.0176601435607742,
  "summary_fg_mean": 758.0020141601562,
  "summary_fg_p05": 486.5602111816406,
  "summary_fg_p95": 1036.1381713867183,
  "summary_fg_stdv": 162.60169982910156,
  "tsnr": 57.61835479736328
}