{
  "aor": 0.0008926363636363637,
  "aqi": 0.003513957818181818,
  "dvars_nstd": 16.399382844587166,
  "dvars_std": 1.098222257798165,
  "dvars_vstd": 1.002816439357798,
  "efc": 0.5560535450438174,
  "fber": 61.6278190612793,
  "fd_mean": 0.15029928511834864,
  "fd_num": 0,
  "fd_perc": 0.0,
  "fwhm_avg": 6.60089,
  "fwhm_x": 5.90254,
  "fwhm_y": 6.83134,
  "fwhm_z": 7.13285,
  "gcor": 0.02839510224082253,
  "gsr_x": -0.009158320724964142,
  "gsr_y": 0.0656159445643425,
  "metadata": {
    "EchoTime": 0,
    "FlipAngle": 90,
    "MRAcquisitionType": "2D",
    "MagneticFieldStrength": 3,
    "Manufacturer": "SIEMENS",
    "ManufacturerModelName": "TrioTim",
    "RepetitionTime": 2,
    "ScanOptions": "FS",
    "ScanningSequence": "EP",
    "SequenceName": "epfid2d1_64",
    "SequenceVariant": "SK",
    "SliceTiming": [
      0.0025000000000000022,
      0.5,
      -0.030000000000000027,
      0.46625,
      -0.06374999999999997,
      0.43374999999499997,
      -0.09624999999999995,
      0.399999999995,
      -0.1300000000049999,
      0.367499999995,
      -0.16250000000499998,
      0.33374999999,
      -0.19625000001000004,
      0.301250000005,
      -0.22875000001,
      0.26749999999999996,
      -0.26249999999500007,
      0.235,
      -0.29500000000000004,
      0.20124999999999998,
      -0.32875,
      0.168749999995,
      -0.36124999999999996,
      0.134999999995,
      -0.3950000000049999,
      0.10249999999499998,
      -0.427500000005,
      0.06874999998999998,
      -0.46125000001000005,
      0.036249999990000004
    ],
    "TaskName": "fb",
    "qc_type": "func",
    "run_id": "02",
    "subject_id": "33",
    "task_id": "fb"
  },
  "size_t": 110,
  "size_x": 64,
  "size_y": 64,
  "size_z": 30,
  "snr": 4.969170442330243,
  "spacing_tr": 1.0,
  "spacing_x": 3.125,
  "spacing_y": 3.125,
  "spacing_z": 4.000001430511475,
  "spikes_num": 0,
  "summary_bg_k": 14.988909420628325,
  "summary_bg_mean": 61.69712448120117,
  "summary_bg_p05": 16.527271270751953,
  "summary_bg_p95": 255.2318115234375,
  "summary_bg_stdv": 89.77751922607422,
  "summary_fg_k": 0.856525955118451,
  "summary_fg_mean": 837.9769897460938,
  "summary_fg_p05": 532.0163696289062,
  "summary_fg_p95": 1111.5872070312498,
  "summary_fg_stdv": 170.59732055664062,
  "tsnr": 86.40118408203125
}