{
  "aor": 0.03576352941176471,
  "aqi": 0.011028064705882353,
  "dvars_nstd": 35.362911105624995,
  "dvars_std": 1.443557428125,
  "dvars_vstd": 1.342762184375,
  "efc": 0.5817190734959429,
  "fber": 73.6494369506836,
  "fd_mean": 0.52923702625,
  "fd_num": 2,
  "fd_perc": 11.764705882352942,
  "fwhm_avg": 6.26023,
  "fwhm_x": 5.59207,
  "fwhm_y": 6.55035,
  "fwhm_z": 6.69783,
  "gcor": 0.045360256643856275,
  "gsr_x": -0.014976083301007748,
  "gsr_y": 0.06388401985168457,
  "metadata": {
    "EchoTime": 0,
    "FlipAngle": 90,
    "MRAcquisitionType": "2D",
    "MagneticFieldStrength": 3,
    "Manufacturer": "SIEMENS",
    "ManufacturerModelName": "TrioTim",
    "RepetitionTime": 2,
    "ScanOptions": "FS",
    "ScanningSequence": "EP",
    "SequenceName": "epfid2d1_64",
    "SequenceVariant": "SK",
    "SliceTiming": [
      0.0037500000050000315,
      0.5,
      -0.030000000000000027,
      0.46750000001500003,
      -0.0625,
      0.43375000000999997,
      -0.09624999998999995,
      0.40125000001,
      -0.12874999999000003,
      0.36750000001,
      -0.16249999998999998,
      0.33500000000499996,
      -0.19499999998999995,
      0.301250000005,
      -0.228749999995,
      0.26875000000500004,
      -0.2612499999950001,
      0.235,
      -0.29500000000000004,
      0.2025,
      -0.3275,
      0.16875000001,
      -0.36124999998500007,
      0.13625000000999998,
      -0.39374999999000004,
      0.10250000000999998,
      -0.42749999999,
      0.07000000000500001,
      -0.45999999998999996,
      0.036250000005000005
    ],
    "TaskName": "fb",
    "qc_type": "func",
    "run_id": "03",
    "subject_id": "32",
    "task_id": "fb"
  },
  "size_t": 17,
  "size_x": 64,
  "size_y": 64,
  "size_z": 30,
  "snr": 5.205851824991631,
  "spacing_tr": 1.0,
  "spacing_x": 3.125,
  "spacing_y": 3.125,
  "spacing_z": 4.0,
  "spikes_num": 0,
  "summary_bg_k": 21.408882552029088,
  "summary_bg_mean": 56.39425277709961,
  "summary_bg_p05": 17.0,
  "summary_bg_p95": 213.50000762939453,
  "summary_bg_stdv": 77.97233581542969,
  "summary_fg_k": 1.3319034974552668,
  "summary_fg_mean": 810.749755859375,
  "summary_fg_p05": 535.6705688476562,
  "summary_fg_p95": 1066.2940673828125,
  "summary_fg_stdv": 157.0934295654297,
  "tsnr": 53.179481506347656
}