{
  "aor": 0.004150602409638555,
  "aqi": 0.014011847349397593,
  "dvars_nstd": 60.8912643203636,
  "dvars_std": 1.2659476612121212,
  "dvars_vstd": 1.0082659219999999,
  "efc": 0.559791136617774,
  "fber": 71.64761352539062,
  "fd_mean": 1.037142917848485,
  "fd_num": 75,
  "fd_perc": 45.18072289156626,
  "fwhm_avg": 6.9369,
  "fwhm_x": 6.08536,
  "fwhm_y": 7.35153,
  "fwhm_z": 7.46161,
  "gcor": 0.07346439361572266,
  "gsr_x": -0.01462771836668253,
  "gsr_y": 0.053244464099407196,
  "metadata": {
    "EchoTime": 0,
    "FlipAngle": 90,
    "MRAcquisitionType": "2D",
    "MagneticFieldStrength": 3,
    "Manufacturer": "SIEMENS",
    "ManufacturerModelName": "TrioTim",
    "RepetitionTime": 2,
    "ScanOptions": "FS",
    "ScanningSequence": "EP",
    "SequenceName": "epfid2d1_64",
    "SequenceVariant": "SK",
    "SliceTiming": [
      0.0037500000050000315,
      0.5,
      -0.030000000000000027,
      0.4675,
      -0.0625,
      0.43374999999499997,
      -0.09624999999999995,
      0.401249999995,
      -0.12875000000499992,
      0.36750000001,
      -0.16250000000499998,
      0.33500000000499996,
      -0.19499999998999995,
      0.301250000005,
      -0.228749999995,
      0.26875000000500004,
      -0.2612499999950001,
      0.235,
      -0.29500000000000004,
      0.2025,
      -0.3275,
      0.168749999995,
      -0.36124999999999996,
      0.13624999999499998,
      -0.39375000000499993,
      0.10250000000999998,
      -0.427500000005,
      0.07000000000500001,
      -0.45999999998999996,
      0.036250000005000005
    ],
    "TaskName": "dis",
    "qc_type": "func",
    "run_id": "06",
    "subject_id": "27",
    "task_id": "dis"
  },
  "size_t": 166,
  "size_x": 64,
  "size_y": 64,
  "size_z": 30,
  "snr": 4.973348069377936,
  "spacing_tr": 1.0,
  "spacing_x": 3.125,
  "spacing_y": 3.125,
  "spacing_z": 3.999999761581421,
  "spikes_num": 0,
  "summary_bg_k": 19.001395150001272,
  "summary_bg_mean": 57.54545974731445,
  "summary_bg_p05": 17.740962982177734,
  "summary_bg_p95": 213.04426498413054,
  "summary_bg_stdv": 76.56643676757812,
  "summary_fg_k": 1.1513528973187013,
  "summary_fg_mean": 794.3955688476562,
  "summary_fg_p05": 503.2015014648438,
  "summary_fg_p95": 1053.2186828613278,
  "summary_fg_stdv": 161.93695068359375,
  "tsnr": 47.0244255065918
}