{
  "aor": 0.017722951807228913,
  "aqi": 0.0068415849397590375,
  "dvars_nstd": 22.35868849909092,
  "dvars_std": 1.302316102484848,
  "dvars_vstd": 1.156411907030303,
  "efc": 0.6065529893086286,
  "fber": 45.738651275634766,
  "fd_mean": 0.22726805950121212,
  "fd_num": 5,
  "fd_perc": 3.0120481927710845,
  "fwhm_avg": 6.63135,
  "fwhm_x": 5.79476,
  "fwhm_y": 6.94583,
  "fwhm_z": 7.24514,
  "gcor": 0.2654726419104151,
  "gsr_x": -0.01100518461316824,
  "gsr_y": 0.0800495371222496,
  "metadata": {
    "EchoTime": 0,
    "FlipAngle": 90,
    "MRAcquisitionType": "2D",
    "MagneticFieldStrength": 3,
    "Manufacturer": "SIEMENS",
    "ManufacturerModelName": "TrioTim",
    "RepetitionTime": 2,
    "ScanOptions": "FS",
    "ScanningSequence": "EP",
    "SequenceName": "epfid2d1_64",
    "SequenceVariant": "SK",
    "SliceTiming": [
      0.0037500000050000315,
      0.5,
      -0.030000000000000027,
      0.4675,
      -0.0625,
      0.43374999999499997,
      -0.09624999999999995,
      0.40125000001,
      -0.12875000000499992,
      0.36750000001,
      -0.16249999998999998,
      0.33500000000499996,
      -0.19499999998999995,
      0.301250000005,
      -0.228749999995,
      0.26875000000500004,
      -0.2612499999950001,
      0.235,
      -0.29500000000000004,
      0.2025,
      -0.3275,
      0.168749999995,
      -0.36124999999999996,
      0.13624999999499998,
      -0.39375000000499993,
      0.10250000000999998,
      -0.42749999999,
      0.07000000000500001,
      -0.45999999998999996,
      0.036250000005000005
    ],
    "TaskName": "dis",
    "qc_type": "func",
    "run_id": "04",
    "subject_id": "30",
    "task_id": "dis"
  },
  "size_t": 166,
  "size_x": 64,
  "size_y": 64,
  "size_z": 30,
  "snr": 5.155401393720444,
  "spacing_tr": 1.0,
  "spacing_x": 3.125,
  "spacing_y": 3.125,
  "spacing_z": 4.000000476837158,
  "spikes_num": 0,
  "summary_bg_k": 17.824230057155695,
  "summary_bg_mean": 68.95211791992188,
  "summary_bg_p05": 17.289155960083008,
  "summary_bg_p95": 287.3376495361321,
  "summary_bg_stdv": 102.56555938720703,
  "summary_fg_k": 0.8053813255344666,
  "summary_fg_mean": 820.0834350585938,
  "summary_fg_p05": 520.1054077148438,
  "summary_fg_p95": 1071.05419921875,
  "summary_fg_stdv": 161.49085998535156,
  "tsnr": 60.005863189697266
}