{
  "aor": 0.008501024096385541,
  "aqi": 0.01444992156626506,
  "dvars_nstd": 62.304760753696975,
  "dvars_std": 1.3073818334545455,
  "dvars_vstd": 1.059828413212121,
  "efc": 0.5605390709468921,
  "fber": 71.1512451171875,
  "fd_mean": 1.1743512944848487,
  "fd_num": 87,
  "fd_perc": 52.40963855421687,
  "fwhm_avg": 7.20592,
  "fwhm_x": 6.35732,
  "fwhm_y": 7.62622,
  "fwhm_z": 7.71765,
  "gcor": 0.11083345528108528,
  "gsr_x": -0.014098063111305237,
  "gsr_y": 0.056252624839544296,
  "metadata": {
    "EchoTime": 0,
    "FlipAngle": 90,
    "MRAcquisitionType": "2D",
    "MagneticFieldStrength": 3,
    "Manufacturer": "SIEMENS",
    "ManufacturerModelName": "TrioTim",
    "RepetitionTime": 2,
    "ScanOptions": "FS",
    "ScanningSequence": "EP",
    "SequenceName": "epfid2d1_64",
    "SequenceVariant": "SK",
    "SliceTiming": [
      0.0037500000050000315,
      0.5,
      -0.030000000000000027,
      0.4675,
      -0.0625,
      0.43374999999499997,
      -0.09624999999999995,
      0.401249999995,
      -0.12875000000499992,
      0.367499999995,
      -0.16250000000499998,
      0.33499999998999996,
      -0.19500000000499995,
      0.301250000005,
      -0.228749999995,
      0.26875000000500004,
      -0.2612499999950001,
      0.235,
      -0.29500000000000004,
      0.2025,
      -0.3275,
      0.168749999995,
      -0.36124999999999996,
      0.13624999999499998,
      -0.39375000000499993,
      0.10249999999499998,
      -0.427500000005,
      0.06999999999,
      -0.46000000000499996,
      0.036250000005000005
    ],
    "TaskName": "dis",
    "qc_type": "func",
    "run_id": "02",
    "subject_id": "27",
    "task_id": "dis"
  },
  "size_t": 166,
  "size_x": 64,
  "size_y": 64,
  "size_z": 30,
  "snr": 5.119721379324506,
  "spacing_tr": 1.0,
  "spacing_x": 3.125,
  "spacing_y": 3.125,
  "spacing_z": 3.999999761581421,
  "spikes_num": 0,
  "summary_bg_k": 19.98662163835969,
  "summary_bg_mean": 57.402164459228516,
  "summary_bg_p05": 17.819276809692383,
  "summary_bg_p95": 212.92619171142553,
  "summary_bg_stdv": 76.33809661865234,
  "summary_fg_k": 0.9679642594323821,
  "summary_fg_mean": 790.1931762695312,
  "summary_fg_p05": 499.95931243896484,
  "summary_fg_p95": 1036.60693359375,
  "summary_fg_stdv": 157.07582092285156,
  "tsnr": 43.97840881347656
}