{
  "aor": 0.002322909090909091,
  "aqi": 0.0049712484545454535,
  "dvars_nstd": 20.34647490155962,
  "dvars_std": 1.1515183413761467,
  "dvars_vstd": 1.0204564087155963,
  "efc": 0.562775920551926,
  "fber": 69.01078033447266,
  "fd_mean": 0.2552688646385321,
  "fd_num": 1,
  "fd_perc": 0.9090909090909091,
  "fwhm_avg": 7.01588,
  "fwhm_x": 6.20645,
  "fwhm_y": 7.34572,
  "fwhm_z": 7.57475,
  "gcor": 0.020619190822948108,
  "gsr_x": -0.0017535366350784898,
  "gsr_y": 0.060635775327682495,
  "metadata": {
    "EchoTime": 0,
    "FlipAngle": 90,
    "MRAcquisitionType": "2D",
    "MagneticFieldStrength": 3,
    "Manufacturer": "SIEMENS",
    "ManufacturerModelName": "TrioTim",
    "RepetitionTime": 2,
    "ScanOptions": "FS",
    "ScanningSequence": "EP",
    "SequenceName": "epfid2d1_64",
    "SequenceVariant": "SK",
    "SliceTiming": [
      0.0037500000050000315,
      0.5,
      -0.030000000000000027,
      0.4675,
      -0.0625,
      0.43375000000499997,
      -0.09624999999999995,
      0.401250000005,
      -0.12874999999500003,
      0.3675,
      -0.16249999999999998,
      0.33499999999999996,
      -0.19499999999999995,
      0.301250000005,
      -0.22875,
      0.26875000000500004,
      -0.2612499999950001,
      0.235,
      -0.29500000000000004,
      0.2025,
      -0.3275,
      0.168750000005,
      -0.36124999999999996,
      0.13625000000499998,
      -0.39374999999500004,
      0.10249999999999998,
      -0.4275,
      0.07,
      -0.45999999999999996,
      0.036249999995000004
    ],
    "TaskName": "fb",
    "qc_type": "func",
    "run_id": "04",
    "subject_id": "24",
    "task_id": "fb"
  },
  "size_t": 110,
  "size_x": 64,
  "size_y": 64,
  "size_z": 30,
  "snr": 4.787065377412131,
  "spacing_tr": 1.0,
  "spacing_x": 3.125,
  "spacing_y": 3.125,
  "spacing_z": 4.000001430511475,
  "spikes_num": 0,
  "summary_bg_k": 16.175478142068936,
  "summary_bg_mean": 55.435890197753906,
  "summary_bg_p05": 16.12727165222168,
  "summary_bg_p95": 224.847262573242,
  "summary_bg_stdv": 77.75430297851562,
  "summary_fg_k": 0.8502322516714846,
  "summary_fg_mean": 775.637939453125,
  "summary_fg_p05": 465.0499725341797,
  "summary_fg_p95": 1028.486328125,
  "summary_fg_stdv": 166.39129638671875,
  "tsnr": 74.00067901611328
}