{
  "cjv": 0.8234992623329163,
  "cnr": 6.129535675048828,
  "efc": 0.5152710400925321,
  "fber": 6.246476173400879,
  "fwhm_avg": 1.54164,
  "fwhm_x": 1.77332,
  "fwhm_y": 1.49712,
  "fwhm_z": 1.38009,
  "icvs_csf": 0.15671228224295283,
  "icvs_gm": 0.3597540206334668,
  "icvs_wm": 0.48353369712358035,
  "inu_med": 0.7299627065658569,
  "inu_range": 0.12087816596031176,
  "metadata": {
    "EchoTime": 0.0033900000000000002,
    "FlipAngle": 9,
    "MRAcquisitionType": "3D",
    "MagneticFieldStrength": 3,
    "Manufacturer": "SIEMENS",
    "ManufacturerModelName": "TrioTim",
    "RepetitionTime": 2,
    "ScanOptions": "IR",
    "ScanningSequence": "GR\\IR",
    "SequenceName": "tfl3d1_ns",
    "SequenceVariant": "SP\\MP",
    "SliceTiming": [
      0.0025000000000000022,
      0.5,
      -0.030000000000000027,
      0.46625000001,
      -0.06374999998500008,
      0.43375000000999997,
      -0.09624999998999995,
      0.40000000001,
      -0.12999999999,
      0.36750000001,
      -0.16249999998999998,
      0.333750000005,
      -0.19624999999500004,
      0.301250000005,
      -0.228749999995,
      0.26749999999999996,
      -0.26249999999500007,
      0.235,
      -0.29500000000000004,
      0.20125000001499999,
      -0.32875,
      0.16875000001,
      -0.36124999998500007,
      0.13500000001,
      -0.39499999999,
      0.10250000000999998,
      -0.42749999999,
      0.06875000000499998,
      -0.46124999999500005,
      0.036250000005000005
    ],
    "TaskName": "MPRAGE",
    "qc_type": "anat",
    "subject_id": "13"
  },
  "qi_1": 0.01349555771344302,
  "qi_2": 0.00377617147039487,
  "rpve_csf": 549.3497314453125,
  "rpve_gm": 1043.6898193359375,
  "rpve_wm": 420.8500061035156,
  "size_x": 128,
  "size_y": 256,
  "size_z": 256,
  "snr_csf": 1.8074366855020163,
  "snr_gm": 5.265537486366007,
  "snr_total": 6.423976709544732,
  "snr_wm": 12.198955956766174,
  "snrd_csf": 19.87348387250438,
  "snrd_gm": 40.22199147924223,
  "snrd_total": 38.97923718924317,
  "snrd_wm": 56.84223621598291,
  "spacing_x": 1.3300000429153442,
  "spacing_y": 1.0,
  "spacing_z": 1.0,
  "summary_bg_k": 488.9182620482548,
  "summary_bg_mean": 3.8597097396850586,
  "summary_bg_p05": 0.0,
  "summary_bg_p95": 8.0,
  "summary_bg_stdv": 5.447188377380371,
  "summary_csf_k": 0.5762754062185294,
  "summary_csf_mean": 67.20977020263672,
  "summary_csf_p05": 3.0,
  "summary_csf_p95": 104.0,
  "summary_csf_stdv": 38.818641662597656,
  "summary_gm_k": -0.5355677352679686,
  "summary_gm_mean": 150.79762268066406,
  "summary_gm_p05": 106.0,
  "summary_gm_p95": 191.0,
  "summary_gm_stdv": 28.21432876586914,
  "summary_wm_k": -0.9735230784387485,
  "summary_wm_mean": 223.6594696044922,
  "summary_wm_p05": 183.0,
  "summary_wm_p95": 253.0,
  "summary_wm_stdv": 22.58588409423828,
  "tpm_overlap_csf": 0.0009105533761733194,
  "tpm_overlap_gm": 0.0020016288568511184,
  "tpm_overlap_wm": 0.002903714035488467,
  "wm2max": 0.9137254901960784
}