{
  "aor": 0.0019121686746987948,
  "aqi": 0.004871353734939759,
  "dvars_nstd": 22.054188635878795,
  "dvars_std": 1.1614850664242422,
  "dvars_vstd": 1.0072806666060607,
  "efc": 0.5771436290676432,
  "fber": 52.33011245727539,
  "fd_mean": 0.27345433858484847,
  "fd_num": 0,
  "fd_perc": 0.0,
  "fwhm_avg": 6.85057,
  "fwhm_x": 5.93958,
  "fwhm_y": 7.28371,
  "fwhm_z": 7.43142,
  "gcor": 0.06942974802959397,
  "gsr_x": 0.0014187947381287813,
  "gsr_y": 0.05640585720539093,
  "metadata": {
    "EchoTime": 0,
    "FlipAngle": 90,
    "MRAcquisitionType": "2D",
    "MagneticFieldStrength": 3,
    "Manufacturer": "SIEMENS",
    "ManufacturerModelName": "TrioTim",
    "RepetitionTime": 2,
    "ScanOptions": "FS",
    "ScanningSequence": "EP",
    "SequenceName": "epfid2d1_64",
    "SequenceVariant": "SK",
    "SliceTiming": [
      0.0025000000000000022,
      0.5,
      -0.030000000000000027,
      0.466250000005,
      -0.06374999999500008,
      0.43375000000499997,
      -0.09624999999500006,
      0.4,
      -0.129999999995,
      0.3675,
      -0.16249999999999998,
      0.333750000005,
      -0.19624999999500004,
      0.301250000005,
      -0.228749999995,
      0.26749999999999996,
      -0.26249999999500007,
      0.235,
      -0.29500000000000004,
      0.20125000000499998,
      -0.3287499999950001,
      0.168750000005,
      -0.36124999999500007,
      0.135,
      -0.394999999995,
      0.10249999999999998,
      -0.4275,
      0.06875000000499998,
      -0.46124999999500005,
      0.036250000005000005
    ],
    "TaskName": "dis",
    "qc_type": "func",
    "run_id": "06",
    "subject_id": "29",
    "task_id": "dis"
  },
  "size_t": 166,
  "size_x": 64,
  "size_y": 64,
  "size_z": 30,
  "snr": 4.751880854005852,
  "spacing_tr": 1.0,
  "spacing_x": 3.125,
  "spacing_y": 3.125,
  "spacing_z": 3.9999988079071045,
  "spikes_num": 0,
  "summary_bg_k": 19.910357235378466,
  "summary_bg_mean": 62.616397857666016,
  "summary_bg_p05": 17.8614444732666,
  "summary_bg_p95": 249.8758949279783,
  "summary_bg_stdv": 87.97420501708984,
  "summary_fg_k": 0.6869241770158876,
  "summary_fg_mean": 763.7783813476562,
  "summary_fg_p05": 464.6686706542969,
  "summary_fg_p95": 1023.8734436035156,
  "summary_fg_stdv": 163.78639221191406,
  "tsnr": 67.00213623046875
}