{
  "aor": 0.0006787951807228916,
  "aqi": 0.003957556746987952,
  "dvars_nstd": 21.39183116072727,
  "dvars_std": 1.2507129103030306,
  "dvars_vstd": 1.0022931117575753,
  "efc": 0.5631840900372167,
  "fber": 58.75950241088867,
  "fd_mean": 0.17302266312121212,
  "fd_num": 0,
  "fd_perc": 0.0,
  "fwhm_avg": 6.64968,
  "fwhm_x": 5.92699,
  "fwhm_y": 6.89739,
  "fwhm_z": 7.19257,
  "gcor": 0.02719909886279738,
  "gsr_x": -0.012761321850121021,
  "gsr_y": 0.0672776997089386,
  "metadata": {
    "EchoTime": 0,
    "FlipAngle": 90,
    "MRAcquisitionType": "2D",
    "MagneticFieldStrength": 3,
    "Manufacturer": "SIEMENS",
    "ManufacturerModelName": "TrioTim",
    "RepetitionTime": 2,
    "ScanOptions": "FS",
    "ScanningSequence": "EP",
    "SequenceName": "epfid2d1_64",
    "SequenceVariant": "SK",
    "SliceTiming": [
      0.0025000000000000022,
      0.5,
      -0.030000000000000027,
      0.46625,
      -0.06374999999999997,
      0.43374999999499997,
      -0.09624999999999995,
      0.399999999995,
      -0.1300000000049999,
      0.367499999995,
      -0.16250000000499998,
      0.33374999999,
      -0.19625000001000004,
      0.30124999999,
      -0.22875000001,
      0.26749999999999996,
      -0.26249999999500007,
      0.235,
      -0.29500000000000004,
      0.20124999999999998,
      -0.32875,
      0.168749999995,
      -0.36124999999999996,
      0.134999999995,
      -0.3950000000049999,
      0.10249999999499998,
      -0.427500000005,
      0.06874999998999998,
      -0.46125000001000005,
      0.036249999990000004
    ],
    "TaskName": "dis",
    "qc_type": "func",
    "run_id": "04",
    "subject_id": "33",
    "task_id": "dis"
  },
  "size_t": 166,
  "size_x": 64,
  "size_y": 64,
  "size_z": 30,
  "snr": 5.0025036143703785,
  "spacing_tr": 1.0,
  "spacing_x": 3.125,
  "spacing_y": 3.125,
  "spacing_z": 4.000001430511475,
  "spikes_num": 0,
  "summary_bg_k": 14.241789624552577,
  "summary_bg_mean": 65.2329330444336,
  "summary_bg_p05": 16.93975830078125,
  "summary_bg_p95": 264.77348327636696,
  "summary_bg_stdv": 92.17916107177734,
  "summary_fg_k": 0.9918679178614354,
  "summary_fg_mean": 848.4913940429688,
  "summary_fg_p05": 540.2484893798828,
  "summary_fg_p95": 1127.6279602050781,
  "summary_fg_stdv": 171.4150848388672,
  "tsnr": 86.53713989257812
}