{
  "aor": 0.0006506626506024096,
  "aqi": 0.0038822025301204818,
  "dvars_nstd": 22.532845734000002,
  "dvars_std": 1.1377716818787875,
  "dvars_vstd": 0.9873761874545456,
  "efc": 0.5806015401526979,
  "fber": 55.306884765625,
  "fd_mean": 0.3386660039696969,
  "fd_num": 0,
  "fd_perc": 0.0,
  "fwhm_avg": 6.79115,
  "fwhm_x": 5.86955,
  "fwhm_y": 7.28986,
  "fwhm_z": 7.31991,
  "gcor": 0.02133397165551243,
  "gsr_x": -0.0066552008502185345,
  "gsr_y": 0.053543396294116974,
  "metadata": {
    "EchoTime": 0,
    "FlipAngle": 90,
    "MRAcquisitionType": "2D",
    "MagneticFieldStrength": 3,
    "Manufacturer": "SIEMENS",
    "ManufacturerModelName": "TrioTim",
    "RepetitionTime": 2,
    "ScanOptions": "FS",
    "ScanningSequence": "EP",
    "SequenceName": "epfid2d1_64",
    "SequenceVariant": "SK",
    "SliceTiming": [
      0.0024999999900000014,
      0.5,
      -0.030000000014999917,
      0.46625,
      -0.06374999999999997,
      0.43374999999499997,
      -0.09624999999999995,
      0.399999999995,
      -0.1300000000049999,
      0.367499999995,
      -0.16250000000499998,
      0.33374999999,
      -0.19500000000499995,
      0.30124999999,
      -0.22875000001,
      0.26749999998499996,
      -0.26125000001,
      0.23499999998499999,
      -0.29500000001499993,
      0.20124999999999998,
      -0.3275000000149999,
      0.168749999995,
      -0.36124999999999996,
      0.134999999995,
      -0.39375000000499993,
      0.10249999999499998,
      -0.427500000005,
      0.06874999998999998,
      -0.46000000000499996,
      0.036249999990000004
    ],
    "TaskName": "dis",
    "qc_type": "func",
    "run_id": "06",
    "subject_id": "38",
    "task_id": "dis"
  },
  "size_t": 166,
  "size_x": 64,
  "size_y": 64,
  "size_z": 30,
  "snr": 5.154733217260904,
  "spacing_tr": 1.0,
  "spacing_x": 3.125,
  "spacing_y": 3.125,
  "spacing_z": 4.000000953674316,
  "spikes_num": 0,
  "summary_bg_k": 17.837656179703654,
  "summary_bg_mean": 64.58525848388672,
  "summary_bg_p05": 16.951807022094727,
  "summary_bg_p95": 254.40450744628893,
  "summary_bg_stdv": 91.16385650634766,
  "summary_fg_k": 0.8769057823087629,
  "summary_fg_mean": 814.953369140625,
  "summary_fg_p05": 503.1249771118164,
  "summary_fg_p95": 1061.1698913574216,
  "summary_fg_stdv": 161.85531616210938,
  "tsnr": 85.66384887695312
}