{
  "aor": 0.006847710843373493,
  "aqi": 0.005750047289156627,
  "dvars_nstd": 21.52686998769696,
  "dvars_std": 1.146525333515152,
  "dvars_vstd": 1.0334382392121209,
  "efc": 0.5498463735642447,
  "fber": 74.56474304199219,
  "fd_mean": 0.3135554394879394,
  "fd_num": 4,
  "fd_perc": 2.4096385542168677,
  "fwhm_avg": 6.85438,
  "fwhm_x": 6.07885,
  "fwhm_y": 7.1879,
  "fwhm_z": 7.37023,
  "gcor": 0.06424247213156827,
  "gsr_x": 0.002873324556276202,
  "gsr_y": 0.051770277321338654,
  "metadata": {
    "EchoTime": 0,
    "FlipAngle": 90,
    "MRAcquisitionType": "2D",
    "MagneticFieldStrength": 3,
    "Manufacturer": "SIEMENS",
    "ManufacturerModelName": "TrioTim",
    "RepetitionTime": 2,
    "ScanOptions": "FS",
    "ScanningSequence": "EP",
    "SequenceName": "epfid2d1_64",
    "SequenceVariant": "SK",
    "SliceTiming": [
      0.0025000000000000022,
      0.5,
      -0.030000000000000027,
      0.46625000001,
      -0.06374999998500008,
      0.43375000000999997,
      -0.09624999998999995,
      0.40000000001,
      -0.12999999999,
      0.36750000001,
      -0.16249999998999998,
      0.333750000005,
      -0.19624999999500004,
      0.301250000005,
      -0.228749999995,
      0.26749999999999996,
      -0.26249999999500007,
      0.235,
      -0.29500000000000004,
      0.20125000001499999,
      -0.3287499999850001,
      0.16875000001,
      -0.36124999998500007,
      0.13500000001,
      -0.39499999999,
      0.10250000000999998,
      -0.42749999999,
      0.06875000000499998,
      -0.46124999999500005,
      0.036250000005000005
    ],
    "TaskName": "dis",
    "qc_type": "func",
    "run_id": "02",
    "subject_id": "13",
    "task_id": "dis"
  },
  "size_t": 166,
  "size_x": 64,
  "size_y": 64,
  "size_z": 30,
  "snr": 4.883920495559558,
  "spacing_tr": 1.0,
  "spacing_x": 3.125,
  "spacing_y": 3.125,
  "spacing_z": 4.000001907348633,
  "spikes_num": 0,
  "summary_bg_k": 20.749605561517296,
  "summary_bg_mean": 53.27059555053711,
  "summary_bg_p05": 16.096384048461914,
  "summary_bg_p95": 210.28463287353526,
  "summary_bg_stdv": 78.24900817871094,
  "summary_fg_k": 0.893398392950719,
  "summary_fg_mean": 800.2213134765625,
  "summary_fg_p05": 494.6303985595703,
  "summary_fg_p95": 1062.3496643066405,
  "summary_fg_stdv": 166.7197723388672,
  "tsnr": 67.95297241210938
}