{
  "aor": 0.004163363636363636,
  "aqi": 0.007380159818181817,
  "dvars_nstd": 44.758463256238535,
  "dvars_std": 1.2584368008256879,
  "dvars_vstd": 1.0150176463302751,
  "efc": 0.6042353140629431,
  "fber": 73.53751373291016,
  "fd_mean": 0.7542868417825687,
  "fd_num": 28,
  "fd_perc": 25.454545454545453,
  "fwhm_avg": 7.46724,
  "fwhm_x": 6.30835,
  "fwhm_y": 8.14382,
  "fwhm_z": 8.1047,
  "gcor": 0.040382645346901634,
  "gsr_x": -0.011369315907359123,
  "gsr_y": 0.0684502124786377,
  "metadata": {
    "EchoTime": 0,
    "FlipAngle": 90,
    "MRAcquisitionType": "2D",
    "MagneticFieldStrength": 3,
    "Manufacturer": "SIEMENS",
    "ManufacturerModelName": "TrioTim",
    "RepetitionTime": 2,
    "ScanOptions": "FS",
    "ScanningSequence": "EP",
    "SequenceName": "epfid2d1_64",
    "SequenceVariant": "SK",
    "SliceTiming": [
      0.0037500000050000315,
      0.5,
      -0.030000000000000027,
      0.4675,
      -0.0625,
      0.43374999999499997,
      -0.09624999999999995,
      0.40125000001,
      -0.12875000000499992,
      0.36750000001,
      -0.16249999998999998,
      0.33500000000499996,
      -0.19499999998999995,
      0.301250000005,
      -0.228749999995,
      0.26875000000500004,
      -0.2612499999950001,
      0.235,
      -0.29500000000000004,
      0.2025,
      -0.3275,
      0.168749999995,
      -0.36124999999999996,
      0.13624999999499998,
      -0.39375000000499993,
      0.10250000000999998,
      -0.42749999999,
      0.07000000000500001,
      -0.45999999998999996,
      0.036250000005000005
    ],
    "TaskName": "fb",
    "qc_type": "func",
    "run_id": "03",
    "subject_id": "19",
    "task_id": "fb"
  },
  "size_t": 110,
  "size_x": 64,
  "size_y": 64,
  "size_z": 30,
  "snr": 4.908491490171427,
  "spacing_tr": 1.0,
  "spacing_x": 3.125,
  "spacing_y": 3.125,
  "spacing_z": 3.9999990463256836,
  "spikes_num": 0,
  "summary_bg_k": 18.921385000589385,
  "summary_bg_mean": 66.82640075683594,
  "summary_bg_p05": 18.972726821899414,
  "summary_bg_p95": 243.60635757446272,
  "summary_bg_stdv": 86.51667022705078,
  "summary_fg_k": 0.568192809905018,
  "summary_fg_mean": 918.1651000976562,
  "summary_fg_p05": 580.8563201904296,
  "summary_fg_p95": 1215.1285705566406,
  "summary_fg_stdv": 189.24188232421875,
  "tsnr": 60.40305709838867
}