{
  "aor": 0.0010750602409638555,
  "aqi": 0.0037322498192771075,
  "dvars_nstd": 22.19895083145455,
  "dvars_std": 1.197438858242424,
  "dvars_vstd": 0.9988799669090902,
  "efc": 0.5732798068607865,
  "fber": 64.37532806396484,
  "fd_mean": 0.17054966393466667,
  "fd_num": 0,
  "fd_perc": 0.0,
  "fwhm_avg": 7.6995,
  "fwhm_x": 6.75881,
  "fwhm_y": 8.00145,
  "fwhm_z": 8.44011,
  "gcor": 0.02128492636852954,
  "gsr_x": -0.021516017615795135,
  "gsr_y": 0.04872240126132965,
  "metadata": {
    "EchoTime": 0,
    "FlipAngle": 90,
    "MRAcquisitionType": "2D",
    "MagneticFieldStrength": 3,
    "Manufacturer": "SIEMENS",
    "ManufacturerModelName": "TrioTim",
    "RepetitionTime": 2,
    "ScanOptions": "FS",
    "ScanningSequence": "EP",
    "SequenceName": "epfid2d1_64",
    "SequenceVariant": "SK",
    "SliceTiming": [
      0.0037500000050000315,
      0.5,
      -0.030000000000000027,
      0.46625,
      -0.0625,
      0.43374999999499997,
      -0.09624999999999995,
      0.399999999995,
      -0.12875000000499992,
      0.367499999995,
      -0.16250000000499998,
      0.333750000005,
      -0.19500000000499995,
      0.301250000005,
      -0.228749999995,
      0.26875000000500004,
      -0.2612499999950001,
      0.235,
      -0.29500000000000004,
      0.2025,
      -0.3275,
      0.168749999995,
      -0.36124999999999996,
      0.13624999999499998,
      -0.39375000000499993,
      0.10249999999499998,
      -0.427500000005,
      0.06999999999,
      -0.46000000000499996,
      0.036250000005000005
    ],
    "TaskName": "dis",
    "qc_type": "func",
    "run_id": "03",
    "subject_id": "16",
    "task_id": "dis"
  },
  "size_t": 166,
  "size_x": 64,
  "size_y": 64,
  "size_z": 30,
  "snr": 4.550051852365372,
  "spacing_tr": 1.0,
  "spacing_x": 3.125,
  "spacing_y": 3.125,
  "spacing_z": 3.9999985694885254,
  "spikes_num": 0,
  "summary_bg_k": 12.175421411948792,
  "summary_bg_mean": 69.11143493652344,
  "summary_bg_p05": 17.77108383178711,
  "summary_bg_p95": 283.3542114257811,
  "summary_bg_stdv": 96.22201538085938,
  "summary_fg_k": 0.556146424765398,
  "summary_fg_mean": 927.7906494140625,
  "summary_fg_p05": 574.1656494140625,
  "summary_fg_p95": 1260.16259765625,
  "summary_fg_stdv": 206.68023681640625,
  "tsnr": 77.43230438232422
}