{
  "cjv": 0.6051470637321472,
  "cnr": 5.8126373291015625,
  "efc": 0.5672051508949775,
  "fber": 56.28326416015625,
  "fwhm_avg": 2.41297,
  "fwhm_x": 2.70315,
  "fwhm_y": 2.50969,
  "fwhm_z": 2.07093,
  "icvs_csf": 0.15245279308803722,
  "icvs_gm": 0.4450187710846486,
  "icvs_wm": 0.4025284358273142,
  "inu_med": 0.7897428870201111,
  "inu_range": 0.3057398796081543,
  "metadata": {
    "EchoTime": 0.0033900000000000002,
    "FlipAngle": 9,
    "MRAcquisitionType": "3D",
    "MagneticFieldStrength": 3,
    "Manufacturer": "SIEMENS",
    "ManufacturerModelName": "TrioTim",
    "RepetitionTime": 2,
    "ScanOptions": "IR",
    "ScanningSequence": "GR\\IR",
    "SequenceName": "tfl3d1_ns",
    "SequenceVariant": "SP\\MP",
    "SliceTiming": [
      0.003749999994999975,
      0.5,
      -0.030000000004999916,
      0.4675,
      -0.0625,
      0.43374999999499997,
      -0.09624999999999995,
      0.401249999995,
      -0.12875000000499992,
      0.367499999995,
      -0.16250000000499998,
      0.33499999999999996,
      -0.19500000000499995,
      0.301249999995,
      -0.22875,
      0.268749999995,
      -0.261250000005,
      0.234999999995,
      -0.29500000000499993,
      0.2025,
      -0.3275000000049999,
      0.168749999995,
      -0.36124999999999996,
      0.13624999999499998,
      -0.39375000000499993,
      0.10249999999499998,
      -0.427500000005,
      0.07,
      -0.46000000000499996,
      0.036249999995000004
    ],
    "TaskName": "MPRAGE",
    "qc_type": "anat",
    "subject_id": "44"
  },
  "qi_1": 0.0,
  "qi_2": 0.07235344610311914,
  "rpve_csf": 58221.26953125,
  "rpve_gm": 116097.7421875,
  "rpve_wm": 54719.0078125,
  "size_x": 128,
  "size_y": 256,
  "size_z": 256,
  "snr_csf": 2.639153108266943,
  "snr_gm": 9.489699338009313,
  "snr_total": 10.663595897971662,
  "snr_wm": 19.861935247638733,
  "snrd_csf": 19.78296539670858,
  "snrd_gm": 34.929190805957006,
  "snrd_total": 33.52160153028108,
  "snrd_wm": 45.85264838817767,
  "spacing_x": 1.3300000429153442,
  "spacing_y": 1.0,
  "spacing_z": 1.0,
  "summary_bg_k": 6.658799713714428,
  "summary_bg_mean": 3.5122177600860596,
  "summary_bg_p05": 0.0,
  "summary_bg_p95": 8.0,
  "summary_bg_stdv": 2.285040855407715,
  "summary_csf_k": 2.163363766928426,
  "summary_csf_mean": 75.86800384521484,
  "summary_csf_p05": 6.0,
  "summary_csf_p95": 121.0,
  "summary_csf_stdv": 33.648475646972656,
  "summary_gm_k": -0.6421821082479138,
  "summary_gm_mean": 151.46099853515625,
  "summary_gm_p05": 109.0,
  "summary_gm_p95": 194.0,
  "summary_gm_stdv": 26.155546188354492,
  "summary_wm_k": -0.415259636329659,
  "summary_wm_mean": 210.22088623046875,
  "summary_wm_p05": 165.0,
  "summary_wm_p95": 248.0,
  "summary_wm_stdv": 24.79424285888672,
  "tpm_overlap_csf": 0.2467390544181956,
  "tpm_overlap_gm": 0.5418837998054608,
  "tpm_overlap_wm": 0.5753372702617853,
  "wm2max": 0.8431372549019608
}