{
  "aor": 0.0029968674698795184,
  "aqi": 0.00451513578313253,
  "dvars_nstd": 24.208988738666665,
  "dvars_std": 1.2001722018787881,
  "dvars_vstd": 1.0215535552121207,
  "efc": 0.5606955517644184,
  "fber": 67.75398254394531,
  "fd_mean": 0.33267960404848484,
  "fd_num": 8,
  "fd_perc": 4.819277108433735,
  "fwhm_avg": 6.98991,
  "fwhm_x": 6.29142,
  "fwhm_y": 7.30846,
  "fwhm_z": 7.42745,
  "gcor": 0.034900156848401906,
  "gsr_x": -0.014615434221923351,
  "gsr_y": 0.049587152898311615,
  "metadata": {
    "EchoTime": 0,
    "FlipAngle": 90,
    "MRAcquisitionType": "2D",
    "MagneticFieldStrength": 3,
    "Manufacturer": "SIEMENS",
    "ManufacturerModelName": "TrioTim",
    "RepetitionTime": 2,
    "ScanOptions": "FS",
    "ScanningSequence": "EP",
    "SequenceName": "epfid2d1_64",
    "SequenceVariant": "SK",
    "SliceTiming": [
      0.0037500000050000315,
      0.5,
      -0.030000000000000027,
      0.4675,
      -0.0625,
      0.43374999999499997,
      -0.09624999999999995,
      0.40125000001,
      -0.12875000000499992,
      0.36750000001,
      -0.16249999998999998,
      0.33500000000499996,
      -0.19499999998999995,
      0.301250000005,
      -0.228749999995,
      0.26875000000500004,
      -0.2612499999950001,
      0.235,
      -0.29500000000000004,
      0.2025,
      -0.3275,
      0.168749999995,
      -0.36124999999999996,
      0.13624999999499998,
      -0.39375000000499993,
      0.10250000000999998,
      -0.42749999999,
      0.07000000000500001,
      -0.45999999998999996,
      0.036250000005000005
    ],
    "TaskName": "dis",
    "qc_type": "func",
    "run_id": "04",
    "subject_id": "10",
    "task_id": "dis"
  },
  "size_t": 166,
  "size_x": 64,
  "size_y": 64,
  "size_z": 30,
  "snr": 4.75081270621521,
  "spacing_tr": 1.0,
  "spacing_x": 3.125,
  "spacing_y": 3.125,
  "spacing_z": 4.000000476837158,
  "spikes_num": 0,
  "summary_bg_k": 17.271449267681227,
  "summary_bg_mean": 60.30952072143555,
  "summary_bg_p05": 16.58433723449707,
  "summary_bg_p95": 235.85089874267578,
  "summary_bg_stdv": 82.15338134765625,
  "summary_fg_k": 0.6352223473323795,
  "summary_fg_mean": 820.3815307617188,
  "summary_fg_p05": 505.31262054443357,
  "summary_fg_p95": 1097.1143737792968,
  "summary_fg_stdv": 175.20094299316406,
  "tsnr": 72.67242431640625
}