{
  "aor": 0.01403790909090909,
  "aqi": 0.007979055363636363,
  "dvars_nstd": 30.034374516697238,
  "dvars_std": 1.3194243543119264,
  "dvars_vstd": 1.1704075228440367,
  "efc": 0.6172019457563351,
  "fber": 49.418758392333984,
  "fd_mean": 0.44865201238532104,
  "fd_num": 6,
  "fd_perc": 5.454545454545454,
  "fwhm_avg": 6.60776,
  "fwhm_x": 5.82644,
  "fwhm_y": 6.8114,
  "fwhm_z": 7.2698,
  "gcor": 0.4212461298162287,
  "gsr_x": -0.006889499258249998,
  "gsr_y": 0.0890660360455513,
  "metadata": {
    "EchoTime": 0,
    "FlipAngle": 90,
    "MRAcquisitionType": "2D",
    "MagneticFieldStrength": 3,
    "Manufacturer": "SIEMENS",
    "ManufacturerModelName": "TrioTim",
    "RepetitionTime": 2,
    "ScanOptions": "FS",
    "ScanningSequence": "EP",
    "SequenceName": "epfid2d1_64",
    "SequenceVariant": "SK",
    "SliceTiming": [
      0.0024999999900000014,
      0.5,
      -0.030000000014999917,
      0.46625,
      -0.06374999999999997,
      0.43374999999499997,
      -0.09624999999999995,
      0.399999999995,
      -0.1300000000049999,
      0.367499999995,
      -0.16250000000499998,
      0.33374999999,
      -0.19625000001000004,
      0.30124999999,
      -0.22875000001,
      0.26749999998499996,
      -0.26250000000999996,
      0.23499999998499999,
      -0.29500000001499993,
      0.20124999999999998,
      -0.32875,
      0.168749999995,
      -0.36124999999999996,
      0.134999999995,
      -0.3950000000049999,
      0.10249999999499998,
      -0.427500000005,
      0.06874999998999998,
      -0.46125000001000005,
      0.036249999990000004
    ],
    "TaskName": "fb",
    "qc_type": "func",
    "run_id": "02",
    "subject_id": "35",
    "task_id": "fb"
  },
  "size_t": 110,
  "size_x": 64,
  "size_y": 64,
  "size_z": 30,
  "snr": 4.620443890722973,
  "spacing_tr": 1.0,
  "spacing_x": 3.125,
  "spacing_y": 3.125,
  "spacing_z": 4.000001430511475,
  "spikes_num": 1,
  "summary_bg_k": 18.248620561413308,
  "summary_bg_mean": 64.51974487304688,
  "summary_bg_p05": 17.14545440673828,
  "summary_bg_p95": 245.92181091308615,
  "summary_bg_stdv": 90.14946746826172,
  "summary_fg_k": 0.8834468608641011,
  "summary_fg_mean": 761.9697875976562,
  "summary_fg_p05": 487.40363159179685,
  "summary_fg_p95": 1042.9617431640618,
  "summary_fg_stdv": 163.53897094726562,
  "tsnr": 46.80967330932617
}