{
  "aor": 0.0014813855421686745,
  "aqi": 0.005035840120481929,
  "dvars_nstd": 18.61557627024243,
  "dvars_std": 1.131508296969697,
  "dvars_vstd": 1.000049157090909,
  "efc": 0.5937324794509173,
  "fber": 60.1209831237793,
  "fd_mean": 0.15987475471515153,
  "fd_num": 0,
  "fd_perc": 0.0,
  "fwhm_avg": 6.6193,
  "fwhm_x": 5.8517,
  "fwhm_y": 6.7893,
  "fwhm_z": 7.30009,
  "gcor": 0.09456686801220997,
  "gsr_x": -0.01374769862741232,
  "gsr_y": 0.07307209819555283,
  "metadata": {
    "EchoTime": 0,
    "FlipAngle": 90,
    "MRAcquisitionType": "2D",
    "MagneticFieldStrength": 3,
    "Manufacturer": "SIEMENS",
    "ManufacturerModelName": "TrioTim",
    "RepetitionTime": 2,
    "ScanOptions": "FS",
    "ScanningSequence": "EP",
    "SequenceName": "epfid2d1_56",
    "SequenceVariant": "SK",
    "SliceTiming": [
      0.0024999999900000014,
      0.5,
      -0.030000000000000027,
      0.46625,
      -0.06374999999999997,
      0.43374999999499997,
      -0.09624999999999995,
      0.399999999995,
      -0.1300000000049999,
      0.367499999995,
      -0.16250000000499998,
      0.33374999999,
      -0.19625000001000004,
      0.30124999999,
      -0.22875000001,
      0.26749999998499996,
      -0.26250000000999996,
      0.235,
      -0.29500000001499993,
      0.20124999999999998,
      -0.32875,
      0.168749999995,
      -0.36124999999999996,
      0.134999999995,
      -0.3950000000049999,
      0.10249999999499998,
      -0.427500000005,
      0.06874999998999998,
      -0.46125000001000005,
      0.036249999990000004
    ],
    "TaskName": "dis",
    "qc_type": "func",
    "run_id": "06",
    "subject_id": "06",
    "task_id": "dis"
  },
  "size_t": 166,
  "size_x": 64,
  "size_y": 56,
  "size_z": 30,
  "snr": 5.11069375506132,
  "spacing_tr": 1.0,
  "spacing_x": 3.125,
  "spacing_y": 3.125,
  "spacing_z": 4.0,
  "spikes_num": 0,
  "summary_bg_k": 11.955100682748274,
  "summary_bg_mean": 60.470947265625,
  "summary_bg_p05": 16.969879150390625,
  "summary_bg_p95": 259.6222763061523,
  "summary_bg_stdv": 86.06058502197266,
  "summary_fg_k": 0.6890950955326791,
  "summary_fg_mean": 799.8994750976562,
  "summary_fg_p05": 507.17287139892574,
  "summary_fg_p95": 1048.9301025390623,
  "summary_fg_stdv": 159.02474975585938,
  "tsnr": 69.19699096679688
}