{
  "aor": 0.0026070481927710845,
  "aqi": 0.004910615722891566,
  "dvars_nstd": 26.991832698545448,
  "dvars_std": 1.1613584367878782,
  "dvars_vstd": 1.0061247181212118,
  "efc": 0.5713109893435019,
  "fber": 62.191261291503906,
  "fd_mean": 0.41586351181575754,
  "fd_num": 4,
  "fd_perc": 2.4096385542168677,
  "fwhm_avg": 6.61481,
  "fwhm_x": 5.76876,
  "fwhm_y": 7.0468,
  "fwhm_z": 7.11997,
  "gcor": 0.027556585978312665,
  "gsr_x": -0.010571024380624294,
  "gsr_y": 0.061732590198516846,
  "metadata": {
    "EchoTime": 0,
    "FlipAngle": 90,
    "MRAcquisitionType": "2D",
    "MagneticFieldStrength": 3,
    "Manufacturer": "SIEMENS",
    "ManufacturerModelName": "TrioTim",
    "RepetitionTime": 2,
    "ScanOptions": "FS",
    "ScanningSequence": "EP",
    "SequenceName": "epfid2d1_64",
    "SequenceVariant": "SK",
    "SliceTiming": [
      0.003749999994999975,
      0.5,
      -0.030000000000000027,
      0.4675,
      -0.0625,
      0.43374999999499997,
      -0.09624999999999995,
      0.401249999995,
      -0.12875000000499992,
      0.3675,
      -0.16250000000499998,
      0.33499999999999996,
      -0.19499999999999995,
      0.301249999995,
      -0.22875,
      0.268749999995,
      -0.261250000005,
      0.235,
      -0.29500000000499993,
      0.2025,
      -0.3275,
      0.168749999995,
      -0.36124999999999996,
      0.13624999999499998,
      -0.39375000000499993,
      0.10249999999999998,
      -0.427500000005,
      0.07,
      -0.45999999999999996,
      0.036249999995000004
    ],
    "TaskName": "dis",
    "qc_type": "func",
    "run_id": "06",
    "subject_id": "44",
    "task_id": "dis"
  },
  "size_t": 166,
  "size_x": 64,
  "size_y": 64,
  "size_z": 30,
  "snr": 4.959678314089173,
  "spacing_tr": 1.0,
  "spacing_x": 3.125,
  "spacing_y": 3.125,
  "spacing_z": 4.000000953674316,
  "spikes_num": 0,
  "summary_bg_k": 30.80757670209941,
  "summary_bg_mean": 62.74749755859375,
  "summary_bg_p05": 18.198795318603516,
  "summary_bg_p95": 231.63644027709967,
  "summary_bg_stdv": 85.25807189941406,
  "summary_fg_k": 0.9082144348202061,
  "summary_fg_mean": 817.8348388671875,
  "summary_fg_p05": 513.2285919189453,
  "summary_fg_p95": 1080.8593017578125,
  "summary_fg_stdv": 167.55023193359375,
  "tsnr": 72.0314712524414
}