{
  "aor": 0.0006286029411764707,
  "aqi": 0.0036782562500000003,
  "dvars_nstd": 19.566113444000003,
  "dvars_std": 1.1158029645925924,
  "dvars_vstd": 0.9905822411111109,
  "efc": 0.561781289726966,
  "fber": 59.70219039916992,
  "fd_mean": 0.28283984679703705,
  "fd_num": 0,
  "fd_perc": 0.0,
  "fwhm_avg": 6.79942,
  "fwhm_x": 5.94412,
  "fwhm_y": 7.24047,
  "fwhm_z": 7.304,
  "gcor": 0.044414839323829204,
  "gsr_x": 0.0057577467523515224,
  "gsr_y": 0.04726867377758026,
  "metadata": {
    "EchoTime": 0,
    "FlipAngle": 90,
    "MRAcquisitionType": "2D",
    "MagneticFieldStrength": 3,
    "Manufacturer": "SIEMENS",
    "ManufacturerModelName": "TrioTim",
    "RepetitionTime": 2,
    "ScanOptions": "FS",
    "ScanningSequence": "EP",
    "SequenceName": "epfid2d1_64",
    "SequenceVariant": "SK",
    "SliceTiming": [
      0.0025000000000000022,
      0.5,
      -0.030000000000000027,
      0.46625,
      -0.0625,
      0.43374999999499997,
      -0.09624999999999995,
      0.40000000001,
      -0.12875000000499992,
      0.36750000001,
      -0.16249999998999998,
      0.333750000005,
      -0.19499999998999995,
      0.301250000005,
      -0.228749999995,
      0.26749999999999996,
      -0.2612499999950001,
      0.235,
      -0.29500000000000004,
      0.20124999999999998,
      -0.3275,
      0.168749999995,
      -0.36124999999999996,
      0.134999999995,
      -0.39375000000499993,
      0.10250000000999998,
      -0.427500000005,
      0.06875000000499998,
      -0.45999999998999996,
      0.036250000005000005
    ],
    "TaskName": "fb",
    "qc_type": "func",
    "run_id": "01",
    "subject_id": "15",
    "task_id": "fb"
  },
  "size_t": 136,
  "size_x": 64,
  "size_y": 64,
  "size_z": 30,
  "snr": 5.251079894970031,
  "spacing_tr": 1.0,
  "spacing_x": 3.125,
  "spacing_y": 3.125,
  "spacing_z": 4.000000476837158,
  "spikes_num": 0,
  "summary_bg_k": 14.048121596834154,
  "summary_bg_mean": 62.20405197143555,
  "summary_bg_p05": 16.514705657958984,
  "summary_bg_p95": 261.43199157714844,
  "summary_bg_stdv": 89.87166595458984,
  "summary_fg_k": 1.0188591163578549,
  "summary_fg_mean": 828.5287475585938,
  "summary_fg_p05": 510.1323547363281,
  "summary_fg_p95": 1062.811749267578,
  "summary_fg_stdv": 163.57859802246094,
  "tsnr": 85.90990447998047
}