{
  "aor": 0.0010531818181818183,
  "aqi": 0.004300761454545454,
  "dvars_nstd": 25.303265702660543,
  "dvars_std": 1.1710218502752296,
  "dvars_vstd": 0.992526165688073,
  "efc": 0.5790224686290848,
  "fber": 52.23720932006836,
  "fd_mean": 0.3443525768715596,
  "fd_num": 0,
  "fd_perc": 0.0,
  "fwhm_avg": 7.01239,
  "fwhm_x": 6.09895,
  "fwhm_y": 7.45247,
  "fwhm_z": 7.58653,
  "gcor": 0.02314661199396307,
  "gsr_x": 0.001112939789891243,
  "gsr_y": 0.054562561213970184,
  "metadata": {
    "EchoTime": 0,
    "FlipAngle": 90,
    "MRAcquisitionType": "2D",
    "MagneticFieldStrength": 3,
    "Manufacturer": "SIEMENS",
    "ManufacturerModelName": "TrioTim",
    "RepetitionTime": 2,
    "ScanOptions": "FS",
    "ScanningSequence": "EP",
    "SequenceName": "epfid2d1_64",
    "SequenceVariant": "SK",
    "SliceTiming": [
      0.003749999994999975,
      0.5,
      -0.030000000000000027,
      0.4675,
      -0.0625,
      0.43374999999499997,
      -0.09624999999999995,
      0.401250000005,
      -0.12875000000499992,
      0.3675,
      -0.16249999999999998,
      0.33499999999999996,
      -0.19499999999999995,
      0.301249999995,
      -0.22875,
      0.268749999995,
      -0.261250000005,
      0.235,
      -0.29500000000000004,
      0.2025,
      -0.3275,
      0.168749999995,
      -0.36124999999999996,
      0.13624999999499998,
      -0.39375000000499993,
      0.10249999999999998,
      -0.4275,
      0.07,
      -0.45999999999999996,
      0.036249999995000004
    ],
    "TaskName": "fb",
    "qc_type": "func",
    "run_id": "04",
    "subject_id": "29",
    "task_id": "fb"
  },
  "size_t": 110,
  "size_x": 64,
  "size_y": 64,
  "size_z": 30,
  "snr": 4.789187548684905,
  "spacing_tr": 1.0,
  "spacing_x": 3.125,
  "spacing_y": 3.125,
  "spacing_z": 3.9999988079071045,
  "spikes_num": 0,
  "summary_bg_k": 18.49563824479198,
  "summary_bg_mean": 63.06570053100586,
  "summary_bg_p05": 17.799999237060547,
  "summary_bg_p95": 251.57090454101538,
  "summary_bg_stdv": 87.74723052978516,
  "summary_fg_k": 0.6496857824957805,
  "summary_fg_mean": 763.861572265625,
  "summary_fg_p05": 468.1227111816406,
  "summary_fg_p95": 1021.5045166015625,
  "summary_fg_stdv": 162.7333221435547,
  "tsnr": 72.7071762084961
}