{
  "aor": 0.00649066265060241,
  "aqi": 0.006613273313253014,
  "dvars_nstd": 41.6877029998182,
  "dvars_std": 1.297793585878788,
  "dvars_vstd": 1.055100481030303,
  "efc": 0.6147361694102792,
  "fber": 65.02445220947266,
  "fd_mean": 0.6475137729939394,
  "fd_num": 18,
  "fd_perc": 10.843373493975903,
  "fwhm_avg": 7.7076,
  "fwhm_x": 6.56159,
  "fwhm_y": 8.38543,
  "fwhm_z": 8.32191,
  "gcor": 0.054670845169618905,
  "gsr_x": -0.01676284521818161,
  "gsr_y": 0.06482867896556854,
  "metadata": {
    "EchoTime": 0,
    "FlipAngle": 90,
    "MRAcquisitionType": "2D",
    "MagneticFieldStrength": 3,
    "Manufacturer": "SIEMENS",
    "ManufacturerModelName": "TrioTim",
    "RepetitionTime": 2,
    "ScanOptions": "FS",
    "ScanningSequence": "EP",
    "SequenceName": "epfid2d1_64",
    "SequenceVariant": "SK",
    "SliceTiming": [
      0.0025000000000000022,
      0.5,
      -0.030000000000000027,
      0.46625,
      -0.06374999999999997,
      0.43374999999499997,
      -0.09624999999999995,
      0.399999999995,
      -0.1300000000049999,
      0.367499999995,
      -0.16250000000499998,
      0.33374999999,
      -0.19625000001000004,
      0.30124999999,
      -0.22875000001,
      0.26749999999999996,
      -0.26250000000999996,
      0.235,
      -0.29500000000000004,
      0.20124999999999998,
      -0.32875,
      0.168749999995,
      -0.36124999999999996,
      0.134999999995,
      -0.3950000000049999,
      0.10249999999499998,
      -0.427500000005,
      0.06874999998999998,
      -0.46125000001000005,
      0.036249999990000004
    ],
    "TaskName": "dis",
    "qc_type": "func",
    "run_id": "05",
    "subject_id": "19",
    "task_id": "dis"
  },
  "size_t": 166,
  "size_x": 64,
  "size_y": 64,
  "size_z": 30,
  "snr": 4.796250051896926,
  "spacing_tr": 1.0,
  "spacing_x": 3.125,
  "spacing_y": 3.125,
  "spacing_z": 3.9999990463256836,
  "spikes_num": 0,
  "summary_bg_k": 15.466943719300616,
  "summary_bg_mean": 72.34851837158203,
  "summary_bg_p05": 19.45783042907715,
  "summary_bg_p95": 263.54154663085865,
  "summary_bg_stdv": 92.71446228027344,
  "summary_fg_k": 0.44540772367305426,
  "summary_fg_mean": 927.9132690429688,
  "summary_fg_p05": 586.3403472900391,
  "summary_fg_p95": 1241.1640930175781,
  "summary_fg_stdv": 195.6608428955078,
  "tsnr": 59.470924377441406
}