{
  "cjv": 0.8230499029159546,
  "cnr": 4.79009485244751,
  "efc": 0.5216827897853075,
  "fber": 54.097442626953125,
  "fwhm_avg": 1.55012,
  "fwhm_x": 1.59681,
  "fwhm_y": 1.82003,
  "fwhm_z": 1.28163,
  "icvs_csf": 0.19674286258332982,
  "icvs_gm": 0.3381897835198835,
  "icvs_wm": 0.46506735389678666,
  "inu_med": 0.6947698593139648,
  "inu_range": 0.02746470272541046,
  "metadata": {
    "EchoTime": 0.0033900000000000002,
    "FlipAngle": 9,
    "MRAcquisitionType": "3D",
    "MagneticFieldStrength": 3,
    "Manufacturer": "SIEMENS",
    "ManufacturerModelName": "TrioTim",
    "RepetitionTime": 2,
    "ScanOptions": "IR",
    "ScanningSequence": "GR\\IR",
    "SequenceName": "tfl3d1_ns",
    "SequenceVariant": "SP\\MP",
    "SliceTiming": [
      0.0037500000050000315,
      0.5,
      -0.030000000000000027,
      0.4675,
      -0.0625,
      0.43374999999499997,
      -0.09624999999999995,
      0.401249999995,
      -0.12875000000499992,
      0.367499999995,
      -0.16250000000499998,
      0.33500000000499996,
      -0.19500000000499995,
      0.301250000005,
      -0.228749999995,
      0.26875000000500004,
      -0.2612499999950001,
      0.235,
      -0.29500000000000004,
      0.2025,
      -0.3275,
      0.168749999995,
      -0.36124999999999996,
      0.13624999999499998,
      -0.39375000000499993,
      0.10249999999499998,
      -0.427500000005,
      0.06999999999,
      -0.46000000000499996,
      0.036250000005000005
    ],
    "TaskName": "MPRAGE",
    "qc_type": "anat",
    "subject_id": "12"
  },
  "qi_1": 0.0,
  "qi_2": 0.05932178776222349,
  "rpve_csf": 114.23994445800781,
  "rpve_gm": 179.32997131347656,
  "rpve_wm": 71.83000183105469,
  "size_x": 128,
  "size_y": 256,
  "size_z": 256,
  "snr_csf": 2.2154387874303483,
  "snr_gm": 6.364634896781639,
  "snr_total": 8.592257050530803,
  "snr_wm": 17.196697467380424,
  "snrd_csf": 26.150598889814365,
  "snrd_gm": 51.0365680010411,
  "snrd_total": 48.4179915491279,
  "snrd_wm": 68.06680775652825,
  "spacing_x": 1.3300000429153442,
  "spacing_y": 1.0,
  "spacing_z": 1.0,
  "summary_bg_k": 8.75632534025644,
  "summary_bg_mean": 3.499854803085327,
  "summary_bg_p05": 0.0,
  "summary_bg_p95": 7.0,
  "summary_bg_stdv": 2.3684256076812744,
  "summary_csf_k": -0.5490611093104687,
  "summary_csf_mean": 76.47019958496094,
  "summary_csf_p05": 4.050000000000001,
  "summary_csf_p95": 117.0,
  "summary_csf_stdv": 37.32953643798828,
  "summary_gm_k": -0.1507907392212453,
  "summary_gm_mean": 163.37908935546875,
  "summary_gm_p05": 124.0,
  "summary_gm_p95": 199.09999999999997,
  "summary_gm_stdv": 25.326108932495117,
  "summary_wm_k": -0.7907967349300336,
  "summary_wm_mean": 226.2055206298828,
  "summary_wm_p05": 196.0,
  "summary_wm_p95": 252.5999999999999,
  "summary_wm_stdv": 17.713441848754883,
  "tpm_overlap_csf": 0.00023760683523471948,
  "tpm_overlap_gm": 0.00023293972773097036,
  "tpm_overlap_wm": 0.0003850115947269152,
  "wm2max": 0.9019607843137255
}