{
  "aor": 0.0005796385542168673,
  "aqi": 0.004153331506024097,
  "dvars_nstd": 22.082886695999996,
  "dvars_std": 1.1354438204848487,
  "dvars_vstd": 0.9880019335151513,
  "efc": 0.5809263284807575,
  "fber": 54.93838882446289,
  "fd_mean": 0.31342602378424245,
  "fd_num": 0,
  "fd_perc": 0.0,
  "fwhm_avg": 6.79428,
  "fwhm_x": 5.91581,
  "fwhm_y": 7.24296,
  "fwhm_z": 7.31981,
  "gcor": 0.032829672457223916,
  "gsr_x": -0.006670618429780006,
  "gsr_y": 0.05387801304459572,
  "metadata": {
    "EchoTime": 0,
    "FlipAngle": 90,
    "MRAcquisitionType": "2D",
    "MagneticFieldStrength": 3,
    "Manufacturer": "SIEMENS",
    "ManufacturerModelName": "TrioTim",
    "RepetitionTime": 2,
    "ScanOptions": "FS",
    "ScanningSequence": "EP",
    "SequenceName": "epfid2d1_64",
    "SequenceVariant": "SK",
    "SliceTiming": [
      0.0037500000050000315,
      0.5,
      -0.030000000000000027,
      0.4675,
      -0.0625,
      0.43375000000999997,
      -0.09624999998999995,
      0.40125000001,
      -0.12874999999000003,
      0.36750000001,
      -0.16249999998999998,
      0.33500000000499996,
      -0.19499999998999995,
      0.301250000005,
      -0.228749999995,
      0.26875000000500004,
      -0.2612499999950001,
      0.235,
      -0.29500000000000004,
      0.2025,
      -0.3275,
      0.16875000001,
      -0.36124999999999996,
      0.13625000000999998,
      -0.39374999999000004,
      0.10250000000999998,
      -0.42749999999,
      0.07000000000500001,
      -0.45999999998999996,
      0.036250000005000005
    ],
    "TaskName": "dis",
    "qc_type": "func",
    "run_id": "04",
    "subject_id": "38",
    "task_id": "dis"
  },
  "size_t": 166,
  "size_x": 64,
  "size_y": 64,
  "size_z": 30,
  "snr": 5.163575388261731,
  "spacing_tr": 1.0,
  "spacing_x": 3.125,
  "spacing_y": 3.125,
  "spacing_z": 4.000000953674316,
  "spikes_num": 0,
  "summary_bg_k": 17.663100287027465,
  "summary_bg_mean": 64.89873504638672,
  "summary_bg_p05": 16.969879150390625,
  "summary_bg_p95": 255.6490821838379,
  "summary_bg_stdv": 91.33909606933594,
  "summary_fg_k": 0.8750548710227308,
  "summary_fg_mean": 814.6259155273438,
  "summary_fg_p05": 505.7614349365234,
  "summary_fg_p95": 1061.2610717773437,
  "summary_fg_stdv": 161.6112823486328,
  "tsnr": 83.78065490722656
}