{
  "aor": 0.004045367647058824,
  "aqi": 0.00406972375,
  "dvars_nstd": 15.91395915014815,
  "dvars_std": 1.153764849333334,
  "dvars_vstd": 1.0350927772592593,
  "efc": 0.5550016231029836,
  "fber": 70.78607177734375,
  "fd_mean": 0.2580649194785185,
  "fd_num": 2,
  "fd_perc": 1.4705882352941178,
  "fwhm_avg": 6.76927,
  "fwhm_x": 6.01005,
  "fwhm_y": 6.96867,
  "fwhm_z": 7.40622,
  "gcor": 0.02494096931289224,
  "gsr_x": -0.006894773803651333,
  "gsr_y": 0.03437423333525658,
  "metadata": {
    "EchoTime": 0,
    "FlipAngle": 90,
    "MRAcquisitionType": "2D",
    "MagneticFieldStrength": 3,
    "Manufacturer": "SIEMENS",
    "ManufacturerModelName": "TrioTim",
    "RepetitionTime": 2,
    "ScanOptions": "FS",
    "ScanningSequence": "EP",
    "SequenceName": "epfid2d1_64",
    "SequenceVariant": "SK",
    "SliceTiming": [
      0.0037500000050000315,
      0.5,
      -0.030000000000000027,
      0.4675,
      -0.0625,
      0.43375000000999997,
      -0.09624999998999995,
      0.40125000001,
      -0.12874999999000003,
      0.36750000001,
      -0.16249999998999998,
      0.33500000000499996,
      -0.19499999998999995,
      0.301250000005,
      -0.228749999995,
      0.26875000000500004,
      -0.2612499999950001,
      0.235,
      -0.29500000000000004,
      0.2025,
      -0.3275,
      0.16875000001,
      -0.36124999999999996,
      0.13625000000999998,
      -0.39374999999000004,
      0.10250000000999998,
      -0.42749999999,
      0.07000000000500001,
      -0.45999999998999996,
      0.036250000005000005
    ],
    "TaskName": "fb",
    "qc_type": "func",
    "run_id": "01",
    "subject_id": "09",
    "task_id": "fb"
  },
  "size_t": 136,
  "size_x": 64,
  "size_y": 64,
  "size_z": 30,
  "snr": 5.110565124683973,
  "spacing_tr": 1.0,
  "spacing_x": 3.125,
  "spacing_y": 3.125,
  "spacing_z": 3.9999983310699463,
  "spikes_num": 0,
  "summary_bg_k": 21.96775202876889,
  "summary_bg_mean": 46.97099304199219,
  "summary_bg_p05": 14.110294342041016,
  "summary_bg_p95": 181.81029357910165,
  "summary_bg_stdv": 70.7394790649414,
  "summary_fg_k": 0.9001031496212306,
  "summary_fg_mean": 700.422119140625,
  "summary_fg_p05": 435.7676513671875,
  "summary_fg_p95": 907.4838500976562,
  "summary_fg_stdv": 140.71632385253906,
  "tsnr": 83.87855529785156
}