{
  "aor": 0.001215481927710843,
  "aqi": 0.0052528699397590365,
  "dvars_nstd": 20.10513213212122,
  "dvars_std": 1.1636640285454547,
  "dvars_vstd": 1.0071723086666673,
  "efc": 0.596353268903338,
  "fber": 54.51083755493164,
  "fd_mean": 0.24492445974787877,
  "fd_num": 1,
  "fd_perc": 0.6024096385542169,
  "fwhm_avg": 6.92661,
  "fwhm_x": 6.11932,
  "fwhm_y": 7.17557,
  "fwhm_z": 7.56838,
  "gcor": 0.015355553971715721,
  "gsr_x": -0.012937004677951336,
  "gsr_y": 0.06379737704992294,
  "metadata": {
    "EchoTime": 0,
    "FlipAngle": 90,
    "MRAcquisitionType": "2D",
    "MagneticFieldStrength": 3,
    "Manufacturer": "SIEMENS",
    "ManufacturerModelName": "TrioTim",
    "RepetitionTime": 2,
    "ScanOptions": "FS",
    "ScanningSequence": "EP",
    "SequenceName": "epfid2d1_64",
    "SequenceVariant": "SK",
    "SliceTiming": [
      0.0025000000000000022,
      0.5,
      -0.030000000000000027,
      0.46625000001,
      -0.06374999999999997,
      0.43375000000999997,
      -0.09624999998999995,
      0.40000000001,
      -0.12999999999,
      0.36750000001,
      -0.16249999998999998,
      0.333750000005,
      -0.19624999999500004,
      0.301250000005,
      -0.228749999995,
      0.26749999999999996,
      -0.26249999999500007,
      0.235,
      -0.29500000000000004,
      0.20125000001499999,
      -0.32875,
      0.16875000001,
      -0.36124999998500007,
      0.13500000001,
      -0.39499999999,
      0.10250000000999998,
      -0.42749999999,
      0.06875000000499998,
      -0.46124999999500005,
      0.036250000005000005
    ],
    "TaskName": "dis",
    "qc_type": "func",
    "run_id": "03",
    "subject_id": "20",
    "task_id": "dis"
  },
  "size_t": 166,
  "size_x": 64,
  "size_y": 64,
  "size_z": 30,
  "snr": 4.912530537302679,
  "spacing_tr": 1.0,
  "spacing_x": 3.125,
  "spacing_y": 3.125,
  "spacing_z": 3.9999990463256836,
  "spikes_num": 0,
  "summary_bg_k": 18.5203979926694,
  "summary_bg_mean": 58.81232452392578,
  "summary_bg_p05": 16.759035110473633,
  "summary_bg_p95": 223.26022644042942,
  "summary_bg_stdv": 79.51699829101562,
  "summary_fg_k": 1.0896107473226753,
  "summary_fg_mean": 715.1192016601562,
  "summary_fg_p05": 450.7686523437501,
  "summary_fg_p95": 946.8662109375,
  "summary_fg_stdv": 147.71939086914062,
  "tsnr": 73.31314086914062
}