{
  "aor": 0.004033363636363636,
  "aqi": 0.007126654090909091,
  "dvars_nstd": 42.84782871651376,
  "dvars_std": 1.2665210216513763,
  "dvars_vstd": 1.0165379957798164,
  "efc": 0.6003956801176638,
  "fber": 73.30155181884766,
  "fd_mean": 0.6678472874128442,
  "fd_num": 12,
  "fd_perc": 10.909090909090908,
  "fwhm_avg": 7.39692,
  "fwhm_x": 6.22807,
  "fwhm_y": 8.089,
  "fwhm_z": 8.0335,
  "gcor": 0.03250894329764626,
  "gsr_x": -0.009202174842357635,
  "gsr_y": 0.06978730112314224,
  "metadata": {
    "EchoTime": 0,
    "FlipAngle": 90,
    "MRAcquisitionType": "2D",
    "MagneticFieldStrength": 3,
    "Manufacturer": "SIEMENS",
    "ManufacturerModelName": "TrioTim",
    "RepetitionTime": 2,
    "ScanOptions": "FS",
    "ScanningSequence": "EP",
    "SequenceName": "epfid2d1_64",
    "SequenceVariant": "SK",
    "SliceTiming": [
      0.0037500000050000315,
      0.5,
      -0.030000000000000027,
      0.4675,
      -0.0625,
      0.43374999999499997,
      -0.09624999999999995,
      0.401249999995,
      -0.12875000000499992,
      0.36750000001,
      -0.16250000000499998,
      0.33500000000499996,
      -0.19499999998999995,
      0.301250000005,
      -0.228749999995,
      0.26875000000500004,
      -0.2612499999950001,
      0.235,
      -0.29500000000000004,
      0.2025,
      -0.3275,
      0.168749999995,
      -0.36124999999999996,
      0.13624999999499998,
      -0.39375000000499993,
      0.10250000000999998,
      -0.427500000005,
      0.07000000000500001,
      -0.45999999998999996,
      0.036250000005000005
    ],
    "TaskName": "fb",
    "qc_type": "func",
    "run_id": "02",
    "subject_id": "19",
    "task_id": "fb"
  },
  "size_t": 110,
  "size_x": 64,
  "size_y": 64,
  "size_z": 30,
  "snr": 5.018976978756944,
  "spacing_tr": 1.0,
  "spacing_x": 3.125,
  "spacing_y": 3.125,
  "spacing_z": 3.9999990463256836,
  "spikes_num": 0,
  "summary_bg_k": 22.514759237378023,
  "summary_bg_mean": 65.1753158569336,
  "summary_bg_p05": 18.69999885559082,
  "summary_bg_p95": 240.68362731933578,
  "summary_bg_stdv": 87.14002990722656,
  "summary_fg_k": 0.5787787731553897,
  "summary_fg_mean": 913.2518920898438,
  "summary_fg_p05": 581.4090576171875,
  "summary_fg_p95": 1202.2635498046875,
  "summary_fg_stdv": 184.25486755371094,
  "tsnr": 61.94403076171875
}