{
  "aor": 0.0010118674698795182,
  "aqi": 0.004116329698795182,
  "dvars_nstd": 21.64613024424242,
  "dvars_std": 1.1565000121818185,
  "dvars_vstd": 0.9874226687272719,
  "efc": 0.5773402849830228,
  "fber": 52.61472702026367,
  "fd_mean": 0.2522613811151515,
  "fd_num": 1,
  "fd_perc": 0.6024096385542169,
  "fwhm_avg": 7.15364,
  "fwhm_x": 6.25893,
  "fwhm_y": 7.60765,
  "fwhm_z": 7.68829,
  "gcor": 0.1586388047919216,
  "gsr_x": 0.0012430219212546945,
  "gsr_y": 0.05492837727069855,
  "metadata": {
    "EchoTime": 0,
    "FlipAngle": 90,
    "MRAcquisitionType": "2D",
    "MagneticFieldStrength": 3,
    "Manufacturer": "SIEMENS",
    "ManufacturerModelName": "TrioTim",
    "RepetitionTime": 2,
    "ScanOptions": "FS",
    "ScanningSequence": "EP",
    "SequenceName": "epfid2d1_64",
    "SequenceVariant": "SK",
    "SliceTiming": [
      0.0037500000050000315,
      0.5,
      -0.030000000000000027,
      0.4675,
      -0.0625,
      0.43375000000499997,
      -0.09624999999500006,
      0.401250000005,
      -0.12874999999500003,
      0.3675,
      -0.16249999999999998,
      0.33499999999999996,
      -0.19499999999999995,
      0.301250000005,
      -0.228749999995,
      0.26875000000500004,
      -0.2612499999950001,
      0.235,
      -0.29500000000000004,
      0.2025,
      -0.3275,
      0.168750000005,
      -0.36124999999500007,
      0.13625000000499998,
      -0.39374999999500004,
      0.10249999999999998,
      -0.4275,
      0.07,
      -0.45999999999999996,
      0.036250000005000005
    ],
    "TaskName": "dis",
    "qc_type": "func",
    "run_id": "03",
    "subject_id": "29",
    "task_id": "dis"
  },
  "size_t": 166,
  "size_x": 64,
  "size_y": 64,
  "size_z": 30,
  "snr": 4.587286051742554,
  "spacing_tr": 1.0,
  "spacing_x": 3.125,
  "spacing_y": 3.125,
  "spacing_z": 3.9999988079071045,
  "spikes_num": 0,
  "summary_bg_k": 19.17481840161287,
  "summary_bg_mean": 61.3831787109375,
  "summary_bg_p05": 17.789155960083008,
  "summary_bg_p95": 244.38854217529297,
  "summary_bg_stdv": 85.56124114990234,
  "summary_fg_k": 0.5118427885827299,
  "summary_fg_mean": 745.521240234375,
  "summary_fg_p05": 444.1409423828125,
  "summary_fg_p95": 1009.1312622070312,
  "summary_fg_stdv": 166.20169067382812,
  "tsnr": 63.688026428222656
}