{
  "aor": 0.0009106024096385544,
  "aqi": 0.004787223313253011,
  "dvars_nstd": 20.473884617212132,
  "dvars_std": 1.147754606181818,
  "dvars_vstd": 0.9984539937575762,
  "efc": 0.5640748361416922,
  "fber": 67.39814758300781,
  "fd_mean": 0.26633004671818183,
  "fd_num": 1,
  "fd_perc": 0.6024096385542169,
  "fwhm_avg": 7.09297,
  "fwhm_x": 6.24943,
  "fwhm_y": 7.47618,
  "fwhm_z": 7.63775,
  "gcor": 0.020135866590293056,
  "gsr_x": -0.00291103171184659,
  "gsr_y": 0.05913693085312843,
  "metadata": {
    "EchoTime": 0,
    "FlipAngle": 90,
    "MRAcquisitionType": "2D",
    "MagneticFieldStrength": 3,
    "Manufacturer": "SIEMENS",
    "ManufacturerModelName": "TrioTim",
    "RepetitionTime": 2,
    "ScanOptions": "FS",
    "ScanningSequence": "EP",
    "SequenceName": "epfid2d1_64",
    "SequenceVariant": "SK",
    "SliceTiming": [
      0.002499999995000002,
      0.5,
      -0.030000000004999916,
      0.46625,
      -0.06374999999999997,
      0.43374999999499997,
      -0.09624999999999995,
      0.399999999995,
      -0.1300000000049999,
      0.367499999995,
      -0.16250000000499998,
      0.33375,
      -0.19625000000000004,
      0.301249999995,
      -0.22875,
      0.26749999999499996,
      -0.26250000000499996,
      0.234999999995,
      -0.29500000000499993,
      0.20124999999999998,
      -0.32875,
      0.168749999995,
      -0.36124999999999996,
      0.134999999995,
      -0.3950000000049999,
      0.10249999999499998,
      -0.427500000005,
      0.06874999999999998,
      -0.46125000000000005,
      0.036249999995000004
    ],
    "TaskName": "dis",
    "qc_type": "func",
    "run_id": "04",
    "subject_id": "24",
    "task_id": "dis"
  },
  "size_t": 166,
  "size_x": 64,
  "size_y": 64,
  "size_z": 30,
  "snr": 4.80479975488385,
  "spacing_tr": 1.0,
  "spacing_x": 3.125,
  "spacing_y": 3.125,
  "spacing_z": 4.000001430511475,
  "spikes_num": 0,
  "summary_bg_k": 17.14782075932384,
  "summary_bg_mean": 56.08132553100586,
  "summary_bg_p05": 16.150602340698242,
  "summary_bg_p95": 229.23492431640625,
  "summary_bg_stdv": 79.51300048828125,
  "summary_fg_k": 0.7862901114138334,
  "summary_fg_mean": 781.0618286132812,
  "summary_fg_p05": 466.9909439086914,
  "summary_fg_p95": 1034.1129455566406,
  "summary_fg_stdv": 167.42129516601562,
  "tsnr": 76.23329162597656
}