{
  "aor": 0.0016596363636363638,
  "aqi": 0.004179613818181818,
  "dvars_nstd": 24.752277837798168,
  "dvars_std": 1.1919134356880727,
  "dvars_vstd": 1.0067237431192664,
  "efc": 0.5989387385143,
  "fber": 43.291786193847656,
  "fd_mean": 0.2840930731899083,
  "fd_num": 0,
  "fd_perc": 0.0,
  "fwhm_avg": 6.86304,
  "fwhm_x": 6.06469,
  "fwhm_y": 7.09524,
  "fwhm_z": 7.5123,
  "gcor": 0.03203240524638783,
  "gsr_x": -0.02789250947535038,
  "gsr_y": 0.07698534429073334,
  "metadata": {
    "EchoTime": 0,
    "FlipAngle": 90,
    "MRAcquisitionType": "2D",
    "MagneticFieldStrength": 3,
    "Manufacturer": "SIEMENS",
    "ManufacturerModelName": "TrioTim",
    "RepetitionTime": 2,
    "ScanOptions": "FS",
    "ScanningSequence": "EP",
    "SequenceName": "epfid2d1_64",
    "SequenceVariant": "SK",
    "SliceTiming": [
      0.0037499999899999747,
      0.5,
      -0.030000000000000027,
      0.4675,
      -0.0625,
      0.43374999999499997,
      -0.09624999999999995,
      0.401249999995,
      -0.12875000000499992,
      0.367499999995,
      -0.16250000000499998,
      0.33499999998999996,
      -0.19500000000499995,
      0.30124999999,
      -0.22875000001,
      0.26875000000500004,
      -0.26125000001,
      0.235,
      -0.29500000000000004,
      0.2025,
      -0.3275,
      0.168749999995,
      -0.36124999999999996,
      0.13624999999499998,
      -0.39375000000499993,
      0.10249999999499998,
      -0.427500000005,
      0.06999999999,
      -0.46000000000499996,
      0.036249999990000004
    ],
    "TaskName": "fb",
    "qc_type": "func",
    "run_id": "02",
    "subject_id": "17",
    "task_id": "fb"
  },
  "size_t": 110,
  "size_x": 64,
  "size_y": 64,
  "size_z": 30,
  "snr": 4.656190590313902,
  "spacing_tr": 1.0,
  "spacing_x": 3.125,
  "spacing_y": 3.125,
  "spacing_z": 3.999999761581421,
  "spikes_num": 0,
  "summary_bg_k": 12.826317704525888,
  "summary_bg_mean": 73.34483337402344,
  "summary_bg_p05": 17.254545211791992,
  "summary_bg_p95": 296.14544677734375,
  "summary_bg_stdv": 99.6714096069336,
  "summary_fg_k": 0.9881826451454407,
  "summary_fg_mean": 795.7363891601562,
  "summary_fg_p05": 492.13453369140626,
  "summary_fg_p95": 1077.3544921875,
  "summary_fg_stdv": 172.53302001953125,
  "tsnr": 74.76200103759766
}