{
  "aor": 0.0015732530120481929,
  "aqi": 0.00487302421686747,
  "dvars_nstd": 20.33824453054545,
  "dvars_std": 1.1389183003030305,
  "dvars_vstd": 1.0053346850909084,
  "efc": 0.5641492432755862,
  "fber": 68.03789520263672,
  "fd_mean": 0.2737481686533333,
  "fd_num": 3,
  "fd_perc": 1.8072289156626506,
  "fwhm_avg": 7.0432,
  "fwhm_x": 6.25689,
  "fwhm_y": 7.38627,
  "fwhm_z": 7.56007,
  "gcor": 0.02732384061238852,
  "gsr_x": -0.003782290033996105,
  "gsr_y": 0.061390459537506104,
  "metadata": {
    "EchoTime": 0,
    "FlipAngle": 90,
    "MRAcquisitionType": "2D",
    "MagneticFieldStrength": 3,
    "Manufacturer": "SIEMENS",
    "ManufacturerModelName": "TrioTim",
    "RepetitionTime": 2,
    "ScanOptions": "FS",
    "ScanningSequence": "EP",
    "SequenceName": "epfid2d1_64",
    "SequenceVariant": "SK",
    "SliceTiming": [
      0.002499999995000002,
      0.5,
      -0.030000000000000027,
      0.46625,
      -0.06374999999999997,
      0.43374999999499997,
      -0.09624999999999995,
      0.4,
      -0.1300000000049999,
      0.3675,
      -0.16249999999999998,
      0.33375,
      -0.19625000000000004,
      0.301249999995,
      -0.22875,
      0.26749999999499996,
      -0.26250000000499996,
      0.235,
      -0.29500000000499993,
      0.20124999999999998,
      -0.32875,
      0.168749999995,
      -0.36124999999999996,
      0.134999999995,
      -0.3950000000049999,
      0.10249999999999998,
      -0.427500000005,
      0.06874999999999998,
      -0.46125000000000005,
      0.036249999995000004
    ],
    "TaskName": "dis",
    "qc_type": "func",
    "run_id": "05",
    "subject_id": "24",
    "task_id": "dis"
  },
  "size_t": 166,
  "size_x": 64,
  "size_y": 64,
  "size_z": 30,
  "snr": 4.779649807512959,
  "spacing_tr": 1.0,
  "spacing_x": 3.125,
  "spacing_y": 3.125,
  "spacing_z": 4.000001430511475,
  "spikes_num": 0,
  "summary_bg_k": 16.51574310994121,
  "summary_bg_mean": 55.95771026611328,
  "summary_bg_p05": 16.16867446899414,
  "summary_bg_p95": 227.49999237060547,
  "summary_bg_stdv": 78.76719665527344,
  "summary_fg_k": 0.8310888233149032,
  "summary_fg_mean": 779.1847534179688,
  "summary_fg_p05": 466.5180603027344,
  "summary_fg_p95": 1032.5216552734373,
  "summary_fg_stdv": 167.45533752441406,
  "tsnr": 74.51586151123047
}