{
  "aor": 0.00174433734939759,
  "aqi": 0.005094873373493976,
  "dvars_nstd": 23.2172737058788,
  "dvars_std": 1.1623046803030297,
  "dvars_vstd": 0.9993165626666667,
  "efc": 0.59903008337436,
  "fber": 43.00785827636719,
  "fd_mean": 0.2644841355503031,
  "fd_num": 2,
  "fd_perc": 1.2048192771084338,
  "fwhm_avg": 6.76568,
  "fwhm_x": 5.94386,
  "fwhm_y": 7.0167,
  "fwhm_z": 7.42562,
  "gcor": 0.03399560250431658,
  "gsr_x": -0.028475990518927574,
  "gsr_y": 0.07750969380140305,
  "metadata": {
    "EchoTime": 0,
    "FlipAngle": 90,
    "MRAcquisitionType": "2D",
    "MagneticFieldStrength": 3,
    "Manufacturer": "SIEMENS",
    "ManufacturerModelName": "TrioTim",
    "RepetitionTime": 2,
    "ScanOptions": "FS",
    "ScanningSequence": "EP",
    "SequenceName": "epfid2d1_64",
    "SequenceVariant": "SK",
    "SliceTiming": [
      0.0037499999899999747,
      0.5,
      -0.030000000014999917,
      0.4675,
      -0.0625,
      0.43374999999499997,
      -0.09624999999999995,
      0.401249999995,
      -0.12875000000499992,
      0.367499999995,
      -0.16250000000499998,
      0.33499999998999996,
      -0.19500000000499995,
      0.30124999999,
      -0.22875000001,
      0.26874999999,
      -0.26125000001,
      0.23499999998499999,
      -0.29500000001499993,
      0.2025,
      -0.3275000000149999,
      0.168749999995,
      -0.36124999999999996,
      0.13624999999499998,
      -0.39375000000499993,
      0.10249999999499998,
      -0.427500000005,
      0.06999999999,
      -0.46000000000499996,
      0.036249999990000004
    ],
    "TaskName": "dis",
    "qc_type": "func",
    "run_id": "01",
    "subject_id": "17",
    "task_id": "dis"
  },
  "size_t": 166,
  "size_x": 64,
  "size_y": 64,
  "size_z": 30,
  "snr": 4.66850315602219,
  "spacing_tr": 1.0,
  "spacing_x": 3.125,
  "spacing_y": 3.125,
  "spacing_z": 3.999999761581421,
  "spikes_num": 0,
  "summary_bg_k": 12.56050704821604,
  "summary_bg_mean": 73.87419891357422,
  "summary_bg_p05": 17.33132553100586,
  "summary_bg_p95": 298.3551010131834,
  "summary_bg_stdv": 100.35960388183594,
  "summary_fg_k": 0.9905450969792953,
  "summary_fg_mean": 798.7161865234375,
  "summary_fg_p05": 493.03522338867185,
  "summary_fg_p95": 1080.4065490722658,
  "summary_fg_stdv": 173.03419494628906,
  "tsnr": 69.22010040283203
}