{
  "aor": 0.0012196987951807229,
  "aqi": 0.003756858554216868,
  "dvars_nstd": 17.36147431472728,
  "dvars_std": 1.1649699924242425,
  "dvars_vstd": 1.0108657870303035,
  "efc": 0.6058499250961956,
  "fber": 45.868141174316406,
  "fd_mean": 0.1303177913018182,
  "fd_num": 0,
  "fd_perc": 0.0,
  "fwhm_avg": 6.53727,
  "fwhm_x": 5.75912,
  "fwhm_y": 6.84577,
  "fwhm_z": 7.08618,
  "gcor": 0.02209297002079975,
  "gsr_x": -0.010345550253987312,
  "gsr_y": 0.07748208194971085,
  "metadata": {
    "EchoTime": 0,
    "FlipAngle": 90,
    "MRAcquisitionType": "2D",
    "MagneticFieldStrength": 3,
    "Manufacturer": "SIEMENS",
    "ManufacturerModelName": "TrioTim",
    "RepetitionTime": 2,
    "ScanOptions": "FS",
    "ScanningSequence": "EP",
    "SequenceName": "epfid2d1_64",
    "SequenceVariant": "SK",
    "SliceTiming": [
      0.0037500000050000315,
      0.5,
      -0.030000000000000027,
      0.46750000001500003,
      -0.0625,
      0.43375000000999997,
      -0.09624999998999995,
      0.40125000001,
      -0.12874999999000003,
      0.36750000001,
      -0.16249999998999998,
      0.33500000000499996,
      -0.19499999998999995,
      0.301250000005,
      -0.228749999995,
      0.26875000000500004,
      -0.2612499999950001,
      0.235,
      -0.29500000000000004,
      0.20250000001500001,
      -0.3275,
      0.16875000001,
      -0.36124999998500007,
      0.13625000000999998,
      -0.39374999999000004,
      0.10250000000999998,
      -0.42749999999,
      0.07000000000500001,
      -0.45999999998999996,
      0.036250000005000005
    ],
    "TaskName": "dis",
    "qc_type": "func",
    "run_id": "05",
    "subject_id": "30",
    "task_id": "dis"
  },
  "size_t": 166,
  "size_x": 64,
  "size_y": 64,
  "size_z": 30,
  "snr": 5.1479592818902145,
  "spacing_tr": 1.0,
  "spacing_x": 3.125,
  "spacing_y": 3.125,
  "spacing_z": 4.000000476837158,
  "spikes_num": 0,
  "summary_bg_k": 17.44119459151338,
  "summary_bg_mean": 68.72676849365234,
  "summary_bg_p05": 17.150602340698242,
  "summary_bg_p95": 289.92198028564417,
  "summary_bg_stdv": 103.1991195678711,
  "summary_fg_k": 0.831455959826993,
  "summary_fg_mean": 823.8847045898438,
  "summary_fg_p05": 525.4171691894531,
  "summary_fg_p95": 1075.7969604492187,
  "summary_fg_stdv": 162.37107849121094,
  "tsnr": 89.09795379638672
}