{
  "aor": 0.003238975903614458,
  "aqi": 0.007207244337349396,
  "dvars_nstd": 36.650089119272735,
  "dvars_std": 1.2188878020606058,
  "dvars_vstd": 1.006489244606061,
  "efc": 0.6189785052239816,
  "fber": 48.920372009277344,
  "fd_mean": 0.658999395590303,
  "fd_num": 24,
  "fd_perc": 14.457831325301205,
  "fwhm_avg": 6.81157,
  "fwhm_x": 5.90976,
  "fwhm_y": 7.04425,
  "fwhm_z": 7.59167,
  "gcor": 0.05216755349952054,
  "gsr_x": -0.005620008800178766,
  "gsr_y": 0.09078522771596909,
  "metadata": {
    "EchoTime": 0,
    "FlipAngle": 90,
    "MRAcquisitionType": "2D",
    "MagneticFieldStrength": 3,
    "Manufacturer": "SIEMENS",
    "ManufacturerModelName": "TrioTim",
    "RepetitionTime": 2,
    "ScanOptions": "FS",
    "ScanningSequence": "EP",
    "SequenceName": "epfid2d1_64",
    "SequenceVariant": "SK",
    "SliceTiming": [
      0.0037500000050000315,
      0.5,
      -0.030000000000000027,
      0.4675,
      -0.0625,
      0.43375000000999997,
      -0.09624999999999995,
      0.40125000001,
      -0.12874999999000003,
      0.36750000001,
      -0.16249999998999998,
      0.33500000000499996,
      -0.19499999998999995,
      0.301250000005,
      -0.228749999995,
      0.26875000000500004,
      -0.2612499999950001,
      0.235,
      -0.29500000000000004,
      0.2025,
      -0.3275,
      0.16875000001,
      -0.36124999999999996,
      0.13625000000999998,
      -0.39374999999000004,
      0.10250000000999998,
      -0.42749999999,
      0.07000000000500001,
      -0.45999999998999996,
      0.036250000005000005
    ],
    "TaskName": "dis",
    "qc_type": "func",
    "run_id": "03",
    "subject_id": "35",
    "task_id": "dis"
  },
  "size_t": 166,
  "size_x": 64,
  "size_y": 64,
  "size_z": 30,
  "snr": 4.707537100732145,
  "spacing_tr": 1.0,
  "spacing_x": 3.125,
  "spacing_y": 3.125,
  "spacing_z": 4.000001430511475,
  "spikes_num": 0,
  "summary_bg_k": 17.79964405206001,
  "summary_bg_mean": 64.71232604980469,
  "summary_bg_p05": 17.222890853881836,
  "summary_bg_p95": 244.14908905029307,
  "summary_bg_stdv": 89.23456573486328,
  "summary_fg_k": 0.7831412004526852,
  "summary_fg_mean": 754.2393798828125,
  "summary_fg_p05": 482.7469787597656,
  "summary_fg_p95": 1024.4324890136713,
  "summary_fg_stdv": 159.77944946289062,
  "tsnr": 57.540504455566406
}