{
  "aor": 0.0007992771084337349,
  "aqi": 0.0031166786746987954,
  "dvars_nstd": 18.5104605240606,
  "dvars_std": 1.109859497030303,
  "dvars_vstd": 1.002367341818182,
  "efc": 0.5666122263825902,
  "fber": 59.18987274169922,
  "fd_mean": 0.2357719565898182,
  "fd_num": 0,
  "fd_perc": 0.0,
  "fwhm_avg": 6.8797,
  "fwhm_x": 6.00936,
  "fwhm_y": 7.35143,
  "fwhm_z": 7.37071,
  "gcor": 0.03331376558326813,
  "gsr_x": 0.004784855060279369,
  "gsr_y": 0.04689127206802368,
  "metadata": {
    "EchoTime": 0,
    "FlipAngle": 90,
    "MRAcquisitionType": "2D",
    "MagneticFieldStrength": 3,
    "Manufacturer": "SIEMENS",
    "ManufacturerModelName": "TrioTim",
    "RepetitionTime": 2,
    "ScanOptions": "FS",
    "ScanningSequence": "EP",
    "SequenceName": "epfid2d1_64",
    "SequenceVariant": "SK",
    "SliceTiming": [
      0.0037500000050000315,
      0.5,
      -0.030000000000000027,
      0.4675,
      -0.0625,
      0.43374999999499997,
      -0.09624999999999995,
      0.401249999995,
      -0.12875000000499992,
      0.36750000001,
      -0.16249999998999998,
      0.33500000000499996,
      -0.19499999998999995,
      0.301250000005,
      -0.228749999995,
      0.26875000000500004,
      -0.2612499999950001,
      0.235,
      -0.29500000000000004,
      0.2025,
      -0.3275,
      0.168749999995,
      -0.36124999999999996,
      0.13624999999499998,
      -0.39375000000499993,
      0.10250000000999998,
      -0.42749999999,
      0.07000000000500001,
      -0.45999999998999996,
      0.036250000005000005
    ],
    "TaskName": "dis",
    "qc_type": "func",
    "run_id": "01",
    "subject_id": "15",
    "task_id": "dis"
  },
  "size_t": 166,
  "size_x": 64,
  "size_y": 64,
  "size_z": 30,
  "snr": 5.13820725490318,
  "spacing_tr": 1.0,
  "spacing_x": 3.125,
  "spacing_y": 3.125,
  "spacing_z": 4.000000476837158,
  "spikes_num": 0,
  "summary_bg_k": 13.643258656849998,
  "summary_bg_mean": 63.948665618896484,
  "summary_bg_p05": 16.91566276550293,
  "summary_bg_p95": 260.74666748046866,
  "summary_bg_stdv": 89.83241271972656,
  "summary_fg_k": 0.9708222901252603,
  "summary_fg_mean": 831.6892700195312,
  "summary_fg_p05": 509.47828521728513,
  "summary_fg_p95": 1071.9484924316407,
  "summary_fg_stdv": 167.332275390625,
  "tsnr": 89.8211669921875
}