{
  "aor": 0.0011159090909090912,
  "aqi": 0.0033427284545454548,
  "dvars_nstd": 16.909102019816515,
  "dvars_std": 1.181148484678899,
  "dvars_vstd": 1.008824948165138,
  "efc": 0.5400142909626828,
  "fber": 71.956787109375,
  "fd_mean": 0.09059121455376148,
  "fd_num": 0,
  "fd_perc": 0.0,
  "fwhm_avg": 6.8765,
  "fwhm_x": 6.17943,
  "fwhm_y": 6.9851,
  "fwhm_z": 7.53323,
  "gcor": 0.012634485418146307,
  "gsr_x": -0.01388546358793974,
  "gsr_y": 0.03605736419558525,
  "metadata": {
    "EchoTime": 0,
    "FlipAngle": 90,
    "MRAcquisitionType": "2D",
    "MagneticFieldStrength": 3,
    "Manufacturer": "SIEMENS",
    "ManufacturerModelName": "TrioTim",
    "RepetitionTime": 2,
    "ScanOptions": "FS",
    "ScanningSequence": "EP",
    "SequenceName": "epfid2d1_64",
    "SequenceVariant": "SK",
    "SliceTiming": [
      0.0037500000050000315,
      0.5,
      -0.030000000000000027,
      0.4675,
      -0.0625,
      0.43374999999499997,
      -0.09624999999999995,
      0.401249999995,
      -0.12875000000499992,
      0.367499999995,
      -0.16250000000499998,
      0.33499999998999996,
      -0.19500000000499995,
      0.301250000005,
      -0.22875000001,
      0.26875000000500004,
      -0.2612499999950001,
      0.235,
      -0.29500000000000004,
      0.2025,
      -0.3275,
      0.168749999995,
      -0.36124999999999996,
      0.13624999999499998,
      -0.39375000000499993,
      0.10249999999499998,
      -0.427500000005,
      0.06999999999,
      -0.46000000000499996,
      0.036250000005000005
    ],
    "TaskName": "fb",
    "qc_type": "func",
    "run_id": "03",
    "subject_id": "22",
    "task_id": "fb"
  },
  "size_t": 110,
  "size_x": 64,
  "size_y": 64,
  "size_z": 30,
  "snr": 5.212460268521207,
  "spacing_tr": 1.0,
  "spacing_x": 3.125,
  "spacing_y": 3.125,
  "spacing_z": 4.000002384185791,
  "spikes_num": 0,
  "summary_bg_k": 28.357454030935603,
  "summary_bg_mean": 56.92169189453125,
  "summary_bg_p05": 15.754545211791992,
  "summary_bg_p95": 221.28363494873003,
  "summary_bg_stdv": 86.0868911743164,
  "summary_fg_k": 0.761638742428667,
  "summary_fg_mean": 858.9252319335938,
  "summary_fg_p05": 536.68359375,
  "summary_fg_p95": 1115.9399658203124,
  "summary_fg_stdv": 169.2967987060547,
  "tsnr": 93.89349365234375
}