{
  "aor": 0.01052078313253012,
  "aqi": 0.003562509337349397,
  "dvars_nstd": 23.724817206545463,
  "dvars_std": 1.260262742121212,
  "dvars_vstd": 1.0351409835151517,
  "efc": 0.5713644768998154,
  "fber": 68.4683609008789,
  "fd_mean": 0.22153430813333336,
  "fd_num": 2,
  "fd_perc": 1.2048192771084338,
  "fwhm_avg": 8.37173,
  "fwhm_x": 7.48135,
  "fwhm_y": 8.61135,
  "fwhm_z": 9.10741,
  "gcor": 0.30203334394707737,
  "gsr_x": -0.022158842533826828,
  "gsr_y": 0.04699091240763664,
  "metadata": {
    "EchoTime": 0,
    "FlipAngle": 90,
    "MRAcquisitionType": "2D",
    "MagneticFieldStrength": 3,
    "Manufacturer": "SIEMENS",
    "ManufacturerModelName": "TrioTim",
    "RepetitionTime": 2,
    "ScanOptions": "FS",
    "ScanningSequence": "EP",
    "SequenceName": "epfid2d1_64",
    "SequenceVariant": "SK",
    "SliceTiming": [
      0.0025000000000000022,
      0.5,
      -0.030000000000000027,
      0.46625,
      -0.06374999999999997,
      0.43374999999499997,
      -0.09624999999999995,
      0.399999999995,
      -0.1300000000049999,
      0.367499999995,
      -0.16250000000499998,
      0.33374999999,
      -0.19625000001000004,
      0.30124999999,
      -0.22875000001,
      0.26749999999999996,
      -0.26249999999500007,
      0.235,
      -0.29500000000000004,
      0.20124999999999998,
      -0.32875,
      0.168749999995,
      -0.36124999999999996,
      0.134999999995,
      -0.3950000000049999,
      0.10249999999499998,
      -0.427500000005,
      0.06874999998999998,
      -0.46125000001000005,
      0.036249999990000004
    ],
    "TaskName": "dis",
    "qc_type": "func",
    "run_id": "02",
    "subject_id": "16",
    "task_id": "dis"
  },
  "size_t": 166,
  "size_x": 64,
  "size_y": 64,
  "size_z": 30,
  "snr": 4.348836943363855,
  "spacing_tr": 1.0,
  "spacing_x": 3.125,
  "spacing_y": 3.125,
  "spacing_z": 3.9999985694885254,
  "spikes_num": 0,
  "summary_bg_k": 10.538327105247282,
  "summary_bg_mean": 65.42365264892578,
  "summary_bg_p05": 17.77108383178711,
  "summary_bg_p95": 261.7295150756836,
  "summary_bg_stdv": 87.35102081298828,
  "summary_fg_k": 0.27154922045466456,
  "summary_fg_mean": 879.3926391601562,
  "summary_fg_p05": 521.9807281494141,
  "summary_fg_p95": 1210.245178222656,
  "summary_fg_stdv": 205.32408142089844,
  "tsnr": 61.9242057800293
}