{
  "aor": 0.004129096385542169,
  "aqi": 0.0038863165060240962,
  "dvars_nstd": 22.217953294606048,
  "dvars_std": 1.1848025116969694,
  "dvars_vstd": 1.0368288692121217,
  "efc": 0.6033653686748118,
  "fber": 38.06131362915039,
  "fd_mean": 0.24443129897842428,
  "fd_num": 4,
  "fd_perc": 2.4096385542168677,
  "fwhm_avg": 7.15786,
  "fwhm_x": 6.39304,
  "fwhm_y": 7.60378,
  "fwhm_z": 7.54419,
  "gcor": 0.050205259438020636,
  "gsr_x": 0.0057891542091965675,
  "gsr_y": 0.051874179393053055,
  "metadata": {
    "EchoTime": 0,
    "FlipAngle": 90,
    "MRAcquisitionType": "2D",
    "MagneticFieldStrength": 3,
    "Manufacturer": "SIEMENS",
    "ManufacturerModelName": "TrioTim",
    "RepetitionTime": 2,
    "ScanOptions": "FS",
    "ScanningSequence": "EP",
    "SequenceName": "epfid2d1_64",
    "SequenceVariant": "SK",
    "SliceTiming": [
      0.0037500000050000315,
      0.5,
      -0.030000000000000027,
      0.4675,
      -0.0625,
      0.43374999999499997,
      -0.09624999999999995,
      0.401249999995,
      -0.12875000000499992,
      0.367499999995,
      -0.16250000000499998,
      0.33499999998999996,
      -0.19500000000499995,
      0.301250000005,
      -0.228749999995,
      0.26875000000500004,
      -0.2612499999950001,
      0.235,
      -0.29500000000000004,
      0.2025,
      -0.3275,
      0.168749999995,
      -0.36124999999999996,
      0.13624999999499998,
      -0.39375000000499993,
      0.10249999999499998,
      -0.427500000005,
      0.06999999999,
      -0.46000000000499996,
      0.036250000005000005
    ],
    "TaskName": "dis",
    "qc_type": "func",
    "run_id": "06",
    "subject_id": "45",
    "task_id": "dis"
  },
  "size_t": 166,
  "size_x": 64,
  "size_y": 64,
  "size_z": 30,
  "snr": 4.569349053866723,
  "spacing_tr": 1.0,
  "spacing_x": 3.125,
  "spacing_y": 3.125,
  "spacing_z": 4.000000476837158,
  "spikes_num": 0,
  "summary_bg_k": 13.993683941971724,
  "summary_bg_mean": 85.16088104248047,
  "summary_bg_p05": 18.530118942260742,
  "summary_bg_p95": 342.6578216552733,
  "summary_bg_stdv": 117.52764129638672,
  "summary_fg_k": 0.6250267919636854,
  "summary_fg_mean": 874.2454223632812,
  "summary_fg_p05": 537.7288818359375,
  "summary_fg_p95": 1185.8914794921875,
  "summary_fg_stdv": 193.5487518310547,
  "tsnr": 71.8687744140625
}