{
  "aor": 0.006608554216867469,
  "aqi": 0.008582911506024096,
  "dvars_nstd": 36.71585208987879,
  "dvars_std": 1.2389706084242424,
  "dvars_vstd": 1.029433065515152,
  "efc": 0.6213802153636975,
  "fber": 48.372737884521484,
  "fd_mean": 0.6841162651939393,
  "fd_num": 28,
  "fd_perc": 16.867469879518072,
  "fwhm_avg": 6.72288,
  "fwhm_x": 5.83144,
  "fwhm_y": 7.10225,
  "fwhm_z": 7.33659,
  "gcor": 0.05960850543286427,
  "gsr_x": -0.008984400890767574,
  "gsr_y": 0.09115184843540192,
  "metadata": {
    "EchoTime": 0,
    "FlipAngle": 90,
    "MRAcquisitionType": "2D",
    "MagneticFieldStrength": 3,
    "Manufacturer": "SIEMENS",
    "ManufacturerModelName": "TrioTim",
    "RepetitionTime": 2,
    "ScanOptions": "FS",
    "ScanningSequence": "EP",
    "SequenceName": "epfid2d1_64",
    "SequenceVariant": "SK",
    "SliceTiming": [
      0.0024999999900000014,
      0.5,
      -0.030000000014999917,
      0.46625,
      -0.06374999999999997,
      0.43374999999499997,
      -0.09624999999999995,
      0.399999999995,
      -0.1300000000049999,
      0.367499999995,
      -0.16250000000499998,
      0.33374999999,
      -0.19625000001000004,
      0.30124999999,
      -0.22875000001,
      0.26749999998499996,
      -0.26250000000999996,
      0.235,
      -0.29500000001499993,
      0.20124999999999998,
      -0.32875,
      0.168749999995,
      -0.36124999999999996,
      0.134999999995,
      -0.3950000000049999,
      0.10249999999499998,
      -0.427500000005,
      0.06874999998999998,
      -0.46125000001000005,
      0.036249999990000004
    ],
    "TaskName": "dis",
    "qc_type": "func",
    "run_id": "06",
    "subject_id": "35",
    "task_id": "dis"
  },
  "size_t": 166,
  "size_x": 64,
  "size_y": 64,
  "size_z": 30,
  "snr": 4.671572594335682,
  "spacing_tr": 1.0,
  "spacing_x": 3.125,
  "spacing_y": 3.125,
  "spacing_z": 4.000001430511475,
  "spikes_num": 0,
  "summary_bg_k": 17.319152651341234,
  "summary_bg_mean": 65.82413482666016,
  "summary_bg_p05": 17.385541915893555,
  "summary_bg_p95": 245.38553619384766,
  "summary_bg_stdv": 89.01825714111328,
  "summary_fg_k": 0.8533531336519755,
  "summary_fg_mean": 753.0795288085938,
  "summary_fg_p05": 481.33973999023436,
  "summary_fg_p95": 1026.48310546875,
  "summary_fg_stdv": 160.558837890625,
  "tsnr": 51.6515007019043
}