{
  "aor": 0.0011232530120481928,
  "aqi": 0.004902685,
  "dvars_nstd": 18.540497803030295,
  "dvars_std": 1.1602739512727271,
  "dvars_vstd": 1.0046057103636368,
  "efc": 0.5824680181455693,
  "fber": 66.42945861816406,
  "fd_mean": 0.18309495266749948,
  "fd_num": 0,
  "fd_perc": 0.0,
  "fwhm_avg": 6.54786,
  "fwhm_x": 5.82856,
  "fwhm_y": 6.83436,
  "fwhm_z": 7.04757,
  "gcor": 0.016969897660864406,
  "gsr_x": -0.001402051537297666,
  "gsr_y": 0.058055002242326736,
  "metadata": {
    "EchoTime": 0,
    "FlipAngle": 90,
    "MRAcquisitionType": "2D",
    "MagneticFieldStrength": 3,
    "Manufacturer": "SIEMENS",
    "ManufacturerModelName": "TrioTim",
    "RepetitionTime": 2,
    "ScanOptions": "FS",
    "ScanningSequence": "EP",
    "SequenceName": "epfid2d1_64",
    "SequenceVariant": "SK",
    "SliceTiming": [
      0.0037500000050000315,
      0.5,
      -0.030000000000000027,
      0.4675,
      -0.0625,
      0.43374999999499997,
      -0.09624999999999995,
      0.401249999995,
      -0.12875000000499992,
      0.36750000001,
      -0.16250000000499998,
      0.33500000000499996,
      -0.19499999998999995,
      0.301250000005,
      -0.228749999995,
      0.26875000000500004,
      -0.2612499999950001,
      0.235,
      -0.29500000000000004,
      0.2025,
      -0.3275,
      0.168749999995,
      -0.36124999999999996,
      0.13624999999499998,
      -0.39375000000499993,
      0.10249999999499998,
      -0.427500000005,
      0.07000000000500001,
      -0.46000000000499996,
      0.036250000005000005
    ],
    "TaskName": "dis",
    "qc_type": "func",
    "run_id": "01",
    "subject_id": "03",
    "task_id": "dis"
  },
  "size_t": 166,
  "size_x": 64,
  "size_y": 64,
  "size_z": 30,
  "snr": 5.288792899836961,
  "spacing_tr": 1.0,
  "spacing_x": 3.125,
  "spacing_y": 3.125,
  "spacing_z": 4.000001430511475,
  "spikes_num": 0,
  "summary_bg_k": 19.467054022026055,
  "summary_bg_mean": 56.212318420410156,
  "summary_bg_p05": 15.620481491088867,
  "summary_bg_p95": 212.50691604614255,
  "summary_bg_stdv": 77.43773651123047,
  "summary_fg_k": 1.0013151124080375,
  "summary_fg_mean": 765.9158935546875,
  "summary_fg_p05": 493.83792572021486,
  "summary_fg_p95": 990.1743408203121,
  "summary_fg_stdv": 147.06924438476562,
  "tsnr": 82.79650115966797
}