{
  "aor": 0.0015376363636363639,
  "aqi": 0.005985015636363637,
  "dvars_nstd": 20.496760569816512,
  "dvars_std": 1.1465805257798172,
  "dvars_vstd": 1.0005725233027523,
  "efc": 0.5678005415920235,
  "fber": 64.13003540039062,
  "fd_mean": 0.22521352101834866,
  "fd_num": 0,
  "fd_perc": 0.0,
  "fwhm_avg": 7.28416,
  "fwhm_x": 6.41755,
  "fwhm_y": 7.67565,
  "fwhm_z": 7.8461,
  "gcor": 0.0335323073647239,
  "gsr_x": -0.007578621618449688,
  "gsr_y": 0.05892119184136391,
  "metadata": {
    "EchoTime": 0,
    "FlipAngle": 90,
    "MRAcquisitionType": "2D",
    "MagneticFieldStrength": 3,
    "Manufacturer": "SIEMENS",
    "ManufacturerModelName": "TrioTim",
    "RepetitionTime": 2,
    "ScanOptions": "FS",
    "ScanningSequence": "EP",
    "SequenceName": "epfid2d1_64",
    "SequenceVariant": "SK",
    "SliceTiming": [
      0.0037500000050000315,
      0.5,
      -0.028750000000000053,
      0.4675,
      -0.0625,
      0.43375000000499997,
      -0.09499999999999997,
      0.401250000005,
      -0.12874999999500003,
      0.3675,
      -0.161249999995,
      0.33499999999999996,
      -0.19499999999999995,
      0.301250000005,
      -0.22750000000000004,
      0.26875000000500004,
      -0.2612499999950001,
      0.235,
      -0.29374999999500007,
      0.2025,
      -0.3275,
      0.168749999995,
      -0.36,
      0.13625000000499998,
      -0.39375000000499993,
      0.10375000000000001,
      -0.426249999995,
      0.07,
      -0.45999999999999996,
      0.03749999999999998
    ],
    "TaskName": "fb",
    "qc_type": "func",
    "run_id": "01",
    "subject_id": "24",
    "task_id": "fb"
  },
  "size_t": 110,
  "size_x": 64,
  "size_y": 64,
  "size_z": 30,
  "snr": 4.726671003472806,
  "spacing_tr": 1.0,
  "spacing_x": 3.125,
  "spacing_y": 3.125,
  "spacing_z": 4.000001430511475,
  "spikes_num": 0,
  "summary_bg_k": 15.407751442659965,
  "summary_bg_mean": 57.9339714050293,
  "summary_bg_p05": 16.16363525390625,
  "summary_bg_p95": 238.9445358276368,
  "summary_bg_stdv": 81.53170776367188,
  "summary_fg_k": 0.7078607149515683,
  "summary_fg_mean": 782.8157348632812,
  "summary_fg_p05": 473.2799926757813,
  "summary_fg_p95": 1044.4527099609375,
  "summary_fg_stdv": 169.5328369140625,
  "tsnr": 69.59125518798828
}