{
  "cjv": 0.6523256301879883,
  "cnr": 3.9593536853790283,
  "efc": 0.6080762958481529,
  "fber": 22.373348236083984,
  "fwhm_avg": 3.60039,
  "fwhm_x": 3.80705,
  "fwhm_y": 3.84075,
  "fwhm_z": 3.19187,
  "icvs_csf": 0.2157971118752308,
  "icvs_gm": 0.37752804978104804,
  "icvs_wm": 0.4066748383437212,
  "inu_med": 0.9719998836517334,
  "inu_range": 0.24253845512866967,
  "metadata": {
    "EchoTime": 0.0033900000000000002,
    "FlipAngle": 9,
    "MRAcquisitionType": "3D",
    "MagneticFieldStrength": 3,
    "Manufacturer": "SIEMENS",
    "ManufacturerModelName": "TrioTim",
    "RepetitionTime": 2,
    "ScanOptions": "IR",
    "ScanningSequence": "GR\\IR",
    "SequenceName": "tfl3d1_ns",
    "SequenceVariant": "SP\\MP",
    "SliceTiming": [
      0.0025000000000000022,
      0.5,
      -0.030000000000000027,
      0.46625,
      -0.06374999999999997,
      0.43374999999499997,
      -0.09624999999999995,
      0.399999999995,
      -0.1300000000049999,
      0.367499999995,
      -0.16250000000499998,
      0.333750000005,
      -0.19625000001000004,
      0.301250000005,
      -0.228749999995,
      0.26749999999999996,
      -0.26249999999500007,
      0.235,
      -0.29500000000000004,
      0.20124999999999998,
      -0.32875,
      0.168749999995,
      -0.36124999999999996,
      0.134999999995,
      -0.3950000000049999,
      0.10249999999499998,
      -0.427500000005,
      0.06875000000499998,
      -0.46125000001000005,
      0.036250000005000005
    ],
    "TaskName": "MPRAGE",
    "qc_type": "anat",
    "subject_id": "20"
  },
  "qi_1": 0.0010166103348235697,
  "qi_2": 0.004453254969304537,
  "rpve_csf": 72602.2421875,
  "rpve_gm": 123320.828125,
  "rpve_wm": 61355.125,
  "size_x": 128,
  "size_y": 256,
  "size_z": 256,
  "snr_csf": 3.7700907946852067,
  "snr_gm": 11.38306764844156,
  "snr_total": 11.818994548193904,
  "snr_wm": 20.30382520145494,
  "snrd_csf": 19.302446987396362,
  "snrd_gm": 29.908917405013344,
  "snrd_total": 28.964763248520228,
  "snrd_wm": 37.68292535315098,
  "spacing_x": 1.3300000429153442,
  "spacing_y": 1.0,
  "spacing_z": 1.0,
  "summary_bg_k": 358.8667750119119,
  "summary_bg_mean": 3.7642948627471924,
  "summary_bg_p05": 0.0,
  "summary_bg_p95": 7.0,
  "summary_bg_stdv": 5.2423224449157715,
  "summary_csf_k": 1.8436327387958835,
  "summary_csf_mean": 87.04180908203125,
  "summary_csf_p05": 49.0,
  "summary_csf_p95": 122.0,
  "summary_csf_stdv": 23.747940063476562,
  "summary_gm_k": -0.25763295253915164,
  "summary_gm_mean": 145.28016662597656,
  "summary_gm_p05": 117.0,
  "summary_gm_p95": 178.0,
  "summary_gm_stdv": 18.187158584594727,
  "summary_wm_k": -0.16754923679166644,
  "summary_wm_mean": 192.82211303710938,
  "summary_wm_p05": 163.0,
  "summary_wm_p95": 223.0,
  "summary_wm_stdv": 17.797243118286133,
  "tpm_overlap_csf": 0.11877032734504142,
  "tpm_overlap_gm": 0.2472862042709847,
  "tpm_overlap_wm": 0.32568276340907504,
  "wm2max": 0.7658730158730159
}