{
  "aor": 0.009534818181818182,
  "aqi": 0.005179169272727273,
  "dvars_nstd": 20.400919687155962,
  "dvars_std": 1.2418458379816515,
  "dvars_vstd": 1.0766003071559638,
  "efc": 0.601255700592568,
  "fber": 49.074134826660156,
  "fd_mean": 0.17576515917633023,
  "fd_num": 3,
  "fd_perc": 2.727272727272727,
  "fwhm_avg": 6.46225,
  "fwhm_x": 5.63182,
  "fwhm_y": 6.78393,
  "fwhm_z": 7.06351,
  "gcor": 0.2512078892100941,
  "gsr_x": -0.010028059594333172,
  "gsr_y": 0.07827626913785934,
  "metadata": {
    "EchoTime": 0,
    "FlipAngle": 90,
    "MRAcquisitionType": "2D",
    "MagneticFieldStrength": 3,
    "Manufacturer": "SIEMENS",
    "ManufacturerModelName": "TrioTim",
    "RepetitionTime": 2,
    "ScanOptions": "FS",
    "ScanningSequence": "EP",
    "SequenceName": "epfid2d1_64",
    "SequenceVariant": "SK",
    "SliceTiming": [
      0.0024999999900000014,
      0.5,
      -0.030000000014999917,
      0.46625,
      -0.06374999999999997,
      0.43374999999499997,
      -0.09624999999999995,
      0.399999999995,
      -0.1300000000049999,
      0.367499999995,
      -0.16250000000499998,
      0.33374999999,
      -0.19625000001000004,
      0.30124999999,
      -0.22875000001,
      0.26749999998499996,
      -0.26250000000999996,
      0.23499999998499999,
      -0.29500000001499993,
      0.20124999999999998,
      -0.32875,
      0.168749999995,
      -0.36124999999999996,
      0.134999999995,
      -0.3950000000049999,
      0.10249999999499998,
      -0.427500000005,
      0.06874999998999998,
      -0.46125000001000005,
      0.036249999990000004
    ],
    "TaskName": "fb",
    "qc_type": "func",
    "run_id": "02",
    "subject_id": "30",
    "task_id": "fb"
  },
  "size_t": 110,
  "size_x": 64,
  "size_y": 64,
  "size_z": 30,
  "snr": 5.114256890323071,
  "spacing_tr": 1.0,
  "spacing_x": 3.125,
  "spacing_y": 3.125,
  "spacing_z": 4.000000476837158,
  "spikes_num": 0,
  "summary_bg_k": 19.558165231334375,
  "summary_bg_mean": 65.72240447998047,
  "summary_bg_p05": 16.872726440429688,
  "summary_bg_p95": 277.0909118652344,
  "summary_bg_stdv": 99.82257843017578,
  "summary_fg_k": 0.8537111596997295,
  "summary_fg_mean": 821.2186889648438,
  "summary_fg_p05": 517.2449676513672,
  "summary_fg_p95": 1074.1213256835936,
  "summary_fg_stdv": 163.0145721435547,
  "tsnr": 68.49458312988281
}