{
  "aor": 0.0023253636363636367,
  "aqi": 0.004360069727272727,
  "dvars_nstd": 20.095299327155967,
  "dvars_std": 1.1610446463302757,
  "dvars_vstd": 1.0230336377064222,
  "efc": 0.5533451729145703,
  "fber": 50.4544563293457,
  "fd_mean": 0.23302640559082569,
  "fd_num": 2,
  "fd_perc": 1.8181818181818181,
  "fwhm_avg": 6.97291,
  "fwhm_x": 6.14319,
  "fwhm_y": 7.2544,
  "fwhm_z": 7.60758,
  "gcor": 0.0171154184774919,
  "gsr_x": 0.005643635522574186,
  "gsr_y": 0.044776689261198044,
  "metadata": {
    "EchoTime": 0,
    "FlipAngle": 90,
    "MRAcquisitionType": "2D",
    "MagneticFieldStrength": 3,
    "Manufacturer": "SIEMENS",
    "ManufacturerModelName": "TrioTim",
    "RepetitionTime": 2,
    "ScanOptions": "FS",
    "ScanningSequence": "EP",
    "SequenceName": "epfid2d1_64",
    "SequenceVariant": "SK",
    "SliceTiming": [
      0.0025000000000000022,
      0.5,
      -0.030000000000000027,
      0.46625,
      -0.06374999999999997,
      0.43374999999499997,
      -0.09624999999999995,
      0.399999999995,
      -0.1300000000049999,
      0.367499999995,
      -0.16250000000499998,
      0.33374999999,
      -0.19625000001000004,
      0.30124999999,
      -0.22875000001,
      0.26749999999999996,
      -0.26249999999500007,
      0.235,
      -0.29500000000000004,
      0.20124999999999998,
      -0.32875,
      0.168749999995,
      -0.36124999999999996,
      0.134999999995,
      -0.3950000000049999,
      0.10249999999499998,
      -0.427500000005,
      0.06874999998999998,
      -0.46125000001000005,
      0.036249999990000004
    ],
    "TaskName": "fb",
    "qc_type": "func",
    "run_id": "04",
    "subject_id": "28",
    "task_id": "fb"
  },
  "size_t": 110,
  "size_x": 64,
  "size_y": 64,
  "size_z": 30,
  "snr": 4.992462396388403,
  "spacing_tr": 1.0,
  "spacing_x": 3.125,
  "spacing_y": 3.125,
  "spacing_z": 4.000001430511475,
  "spikes_num": 0,
  "summary_bg_k": 15.32160718489078,
  "summary_bg_mean": 60.368309020996094,
  "summary_bg_p05": 16.23636245727539,
  "summary_bg_p95": 248.463623046875,
  "summary_bg_stdv": 88.75800323486328,
  "summary_fg_k": 0.7705007069421774,
  "summary_fg_mean": 746.8887939453125,
  "summary_fg_p05": 459.26543884277345,
  "summary_fg_p95": 978.4331573486328,
  "summary_fg_stdv": 153.32772827148438,
  "tsnr": 73.84169006347656
}