{
  "aor": 0.0025059036144578313,
  "aqi": 0.005969410120481927,
  "dvars_nstd": 39.92081925363637,
  "dvars_std": 1.2794436421212114,
  "dvars_vstd": 1.0113526290303028,
  "efc": 0.6203127820315328,
  "fber": 63.27113342285156,
  "fd_mean": 0.5834560812266666,
  "fd_num": 15,
  "fd_perc": 9.036144578313253,
  "fwhm_avg": 7.96295,
  "fwhm_x": 6.8469,
  "fwhm_y": 8.47694,
  "fwhm_z": 8.6994,
  "gcor": 0.04222253719008112,
  "gsr_x": -0.021714961156249046,
  "gsr_y": 0.06226591020822525,
  "metadata": {
    "EchoTime": 0,
    "FlipAngle": 90,
    "MRAcquisitionType": "2D",
    "MagneticFieldStrength": 3,
    "Manufacturer": "SIEMENS",
    "ManufacturerModelName": "TrioTim",
    "RepetitionTime": 2,
    "ScanOptions": "FS",
    "ScanningSequence": "EP",
    "SequenceName": "epfid2d1_64",
    "SequenceVariant": "SK",
    "SliceTiming": [
      0.0037500000050000315,
      0.5,
      -0.030000000000000027,
      0.46750000001500003,
      -0.0625,
      0.43375000000999997,
      -0.09624999998999995,
      0.40125000001,
      -0.12874999999000003,
      0.36750000001,
      -0.16249999998999998,
      0.33500000000499996,
      -0.19499999998999995,
      0.301250000005,
      -0.228749999995,
      0.26875000000500004,
      -0.2612499999950001,
      0.235,
      -0.29500000000000004,
      0.2025,
      -0.3275,
      0.16875000001,
      -0.36124999998500007,
      0.13625000000999998,
      -0.39374999999000004,
      0.10250000000999998,
      -0.42749999999,
      0.07000000000500001,
      -0.45999999998999996,
      0.036250000005000005
    ],
    "TaskName": "dis",
    "qc_type": "func",
    "run_id": "03",
    "subject_id": "19",
    "task_id": "dis"
  },
  "size_t": 166,
  "size_x": 64,
  "size_y": 64,
  "size_z": 30,
  "snr": 4.670634939624447,
  "spacing_tr": 1.0,
  "spacing_x": 3.125,
  "spacing_y": 3.125,
  "spacing_z": 3.9999990463256836,
  "spikes_num": 0,
  "summary_bg_k": 12.919046293683548,
  "summary_bg_mean": 76.30689239501953,
  "summary_bg_p05": 19.789155960083008,
  "summary_bg_p95": 279.3819274902343,
  "summary_bg_stdv": 94.79662322998047,
  "summary_fg_k": 0.32697267104169203,
  "summary_fg_mean": 946.0969848632812,
  "summary_fg_p05": 590.7939514160156,
  "summary_fg_p95": 1276.8957763671874,
  "summary_fg_stdv": 204.6744842529297,
  "tsnr": 63.043556213378906
}