{
  "aor": 0.008804179104477613,
  "aqi": 0.00537260895522388,
  "dvars_nstd": 25.50329566818182,
  "dvars_std": 1.2289741765151518,
  "dvars_vstd": 1.0550784625757572,
  "efc": 0.5995985966673553,
  "fber": 42.36629104614258,
  "fd_mean": 0.29357448068787884,
  "fd_num": 3,
  "fd_perc": 4.477611940298507,
  "fwhm_avg": 6.73028,
  "fwhm_x": 5.98372,
  "fwhm_y": 6.91992,
  "fwhm_z": 7.36251,
  "gcor": 0.03342540584393402,
  "gsr_x": -0.02758367732167244,
  "gsr_y": 0.07688083499670029,
  "metadata": {
    "EchoTime": 0,
    "FlipAngle": 90,
    "MRAcquisitionType": "2D",
    "MagneticFieldStrength": 3,
    "Manufacturer": "SIEMENS",
    "ManufacturerModelName": "TrioTim",
    "RepetitionTime": 2,
    "ScanOptions": "FS",
    "ScanningSequence": "EP",
    "SequenceName": "epfid2d1_64",
    "SequenceVariant": "SK",
    "SliceTiming": [
      0.0037500000050000315,
      0.5,
      -0.028750000000000053,
      0.4675,
      -0.0625,
      0.43374999999499997,
      -0.09499999999999997,
      0.401249999995,
      -0.12875000000499992,
      0.367499999995,
      -0.1612500000049999,
      0.33499999998999996,
      -0.19500000000499995,
      0.301250000005,
      -0.22750000001000004,
      0.26875000000500004,
      -0.2612499999950001,
      0.235,
      -0.29374999999500007,
      0.2025,
      -0.3275,
      0.168749999995,
      -0.36,
      0.13624999999499998,
      -0.39375000000499993,
      0.10249999999499998,
      -0.4262500000049999,
      0.06999999999,
      -0.46000000000499996,
      0.03749999998999998
    ],
    "TaskName": "dis",
    "qc_type": "func",
    "run_id": "02",
    "subject_id": "17",
    "task_id": "dis"
  },
  "size_t": 67,
  "size_x": 64,
  "size_y": 64,
  "size_z": 30,
  "snr": 4.631729301026626,
  "spacing_tr": 1.0,
  "spacing_x": 3.125,
  "spacing_y": 3.125,
  "spacing_z": 3.999999761581421,
  "spikes_num": 0,
  "summary_bg_k": 12.360422827240656,
  "summary_bg_mean": 74.36829376220703,
  "summary_bg_p05": 17.26865577697754,
  "summary_bg_p95": 301.0149230957031,
  "summary_bg_stdv": 101.18904113769531,
  "summary_fg_k": 1.0347594394978934,
  "summary_fg_mean": 798.56884765625,
  "summary_fg_p05": 490.45446929931643,
  "summary_fg_p95": 1082.583605957031,
  "summary_fg_stdv": 174.35162353515625,
  "tsnr": 66.38829803466797
}