{
  "aor": 0.0005871686746987952,
  "aqi": 0.00747056048192771,
  "dvars_nstd": 41.59349243866665,
  "dvars_std": 1.2146680221212118,
  "dvars_vstd": 0.9714015674545454,
  "efc": 0.5586364591382,
  "fber": 70.93531799316406,
  "fd_mean": 0.6630812717830303,
  "fd_num": 22,
  "fd_perc": 13.25301204819277,
  "fwhm_avg": 6.82905,
  "fwhm_x": 5.90226,
  "fwhm_y": 7.42863,
  "fwhm_z": 7.26361,
  "gcor": 0.016192923109215426,
  "gsr_x": -0.013439414091408253,
  "gsr_y": 0.048992056399583817,
  "metadata": {
    "EchoTime": 0,
    "FlipAngle": 90,
    "MRAcquisitionType": "2D",
    "MagneticFieldStrength": 3,
    "Manufacturer": "SIEMENS",
    "ManufacturerModelName": "TrioTim",
    "RepetitionTime": 2,
    "ScanOptions": "FS",
    "ScanningSequence": "EP",
    "SequenceName": "epfid2d1_64",
    "SequenceVariant": "SK",
    "SliceTiming": [
      0.0025000000000000022,
      0.5,
      -0.030000000000000027,
      0.46625,
      -0.06374999999999997,
      0.43374999999499997,
      -0.09624999999999995,
      0.399999999995,
      -0.1300000000049999,
      0.367499999995,
      -0.16250000000499998,
      0.333750000005,
      -0.19625000001000004,
      0.301250000005,
      -0.228749999995,
      0.26749999999999996,
      -0.26249999999500007,
      0.235,
      -0.29500000000000004,
      0.20124999999999998,
      -0.32875,
      0.168749999995,
      -0.36124999999999996,
      0.134999999995,
      -0.3950000000049999,
      0.10249999999499998,
      -0.427500000005,
      0.06875000000499998,
      -0.46125000001000005,
      0.036250000005000005
    ],
    "TaskName": "dis",
    "qc_type": "func",
    "run_id": "01",
    "subject_id": "27",
    "task_id": "dis"
  },
  "size_t": 166,
  "size_x": 64,
  "size_y": 64,
  "size_z": 30,
  "snr": 4.895469532519872,
  "spacing_tr": 1.0,
  "spacing_x": 3.125,
  "spacing_y": 3.125,
  "spacing_z": 3.999999761581421,
  "spikes_num": 0,
  "summary_bg_k": 18.174450401277387,
  "summary_bg_mean": 57.992061614990234,
  "summary_bg_p05": 17.60843276977539,
  "summary_bg_p95": 220.5331207275389,
  "summary_bg_stdv": 79.1531753540039,
  "summary_fg_k": 1.286521304924471,
  "summary_fg_mean": 809.3711547851562,
  "summary_fg_p05": 514.113232421875,
  "summary_fg_p95": 1077.5951660156247,
  "summary_fg_stdv": 167.0481414794922,
  "tsnr": 66.82421875
}