{
  "aor": 0.003201909090909091,
  "aqi": 0.005780170454545454,
  "dvars_nstd": 21.348584332018348,
  "dvars_std": 1.1679196035779813,
  "dvars_vstd": 1.0163750244036696,
  "efc": 0.597816510152223,
  "fber": 54.21010208129883,
  "fd_mean": 0.2714366080697248,
  "fd_num": 1,
  "fd_perc": 0.9090909090909091,
  "fwhm_avg": 6.97395,
  "fwhm_x": 6.17393,
  "fwhm_y": 7.1864,
  "fwhm_z": 7.64474,
  "gcor": 0.03655121976679022,
  "gsr_x": -0.01376146636903286,
  "gsr_y": 0.06495965272188187,
  "metadata": {
    "EchoTime": 0,
    "FlipAngle": 90,
    "MRAcquisitionType": "2D",
    "MagneticFieldStrength": 3,
    "Manufacturer": "SIEMENS",
    "ManufacturerModelName": "TrioTim",
    "RepetitionTime": 2,
    "ScanOptions": "FS",
    "ScanningSequence": "EP",
    "SequenceName": "epfid2d1_64",
    "SequenceVariant": "SK",
    "SliceTiming": [
      0.0037500000050000315,
      0.5,
      -0.030000000000000027,
      0.4675,
      -0.0625,
      0.43374999999499997,
      -0.09624999999999995,
      0.401249999995,
      -0.12875000000499992,
      0.36750000001,
      -0.16249999998999998,
      0.33500000000499996,
      -0.19499999998999995,
      0.301250000005,
      -0.228749999995,
      0.26875000000500004,
      -0.2612499999950001,
      0.235,
      -0.29500000000000004,
      0.2025,
      -0.3275,
      0.168749999995,
      -0.36124999999999996,
      0.13624999999499998,
      -0.39375000000499993,
      0.10250000000999998,
      -0.42749999999,
      0.07000000000500001,
      -0.45999999998999996,
      0.036250000005000005
    ],
    "TaskName": "fb",
    "qc_type": "func",
    "run_id": "03",
    "subject_id": "20",
    "task_id": "fb"
  },
  "size_t": 110,
  "size_x": 64,
  "size_y": 64,
  "size_z": 30,
  "snr": 4.94223059861034,
  "spacing_tr": 1.0,
  "spacing_x": 3.125,
  "spacing_y": 3.125,
  "spacing_z": 3.9999990463256836,
  "spikes_num": 0,
  "summary_bg_k": 19.068680703600453,
  "summary_bg_mean": 59.39734649658203,
  "summary_bg_p05": 16.77272605895996,
  "summary_bg_p95": 221.8186294555667,
  "summary_bg_stdv": 79.28872680664062,
  "summary_fg_k": 1.064757039511143,
  "summary_fg_mean": 714.4847412109375,
  "summary_fg_p05": 449.9940750122071,
  "summary_fg_p95": 945.0145172119137,
  "summary_fg_stdv": 146.86729431152344,
  "tsnr": 69.82498168945312
}