{
  "aor": 0.006407771084337348,
  "aqi": 0.004962548072289156,
  "dvars_nstd": 17.382260467030303,
  "dvars_std": 1.1304742912727272,
  "dvars_vstd": 1.037980951333334,
  "efc": 0.5839720882291071,
  "fber": 61.127079010009766,
  "fd_mean": 0.2626933960060606,
  "fd_num": 3,
  "fd_perc": 1.8072289156626506,
  "fwhm_avg": 6.72268,
  "fwhm_x": 5.96296,
  "fwhm_y": 7.08186,
  "fwhm_z": 7.19478,
  "gcor": 0.07412949527602598,
  "gsr_x": -0.012233107350766659,
  "gsr_y": 0.055384859442710876,
  "metadata": {
    "EchoTime": 0,
    "FlipAngle": 90,
    "MRAcquisitionType": "2D",
    "MagneticFieldStrength": 3,
    "Manufacturer": "SIEMENS",
    "ManufacturerModelName": "TrioTim",
    "RepetitionTime": 2,
    "ScanOptions": "FS",
    "ScanningSequence": "EP",
    "SequenceName": "epfid2d1_64",
    "SequenceVariant": "SK",
    "SliceTiming": [
      0.0037500000050000315,
      0.5,
      -0.028750000000000053,
      0.4675,
      -0.0625,
      0.43374999999499997,
      -0.09499999999999997,
      0.401249999995,
      -0.12875000000499992,
      0.368749999995,
      -0.1612500000049999,
      0.33499999998999996,
      -0.19500000000499995,
      0.302500000005,
      -0.22750000001000004,
      0.26875000000500004,
      -0.2612499999950001,
      0.23625000000000002,
      -0.29374999999500007,
      0.2025,
      -0.3275,
      0.16999999999999998,
      -0.36,
      0.13624999999499998,
      -0.39375000000499993,
      0.10374999999500001,
      -0.4262500000049999,
      0.06999999999,
      -0.46000000000499996,
      0.03749999998999998
    ],
    "TaskName": "dis",
    "qc_type": "func",
    "run_id": "01",
    "subject_id": "12",
    "task_id": "dis"
  },
  "size_t": 166,
  "size_x": 64,
  "size_y": 64,
  "size_z": 30,
  "snr": 5.217767754356338,
  "spacing_tr": 1.0,
  "spacing_x": 3.125,
  "spacing_y": 3.125,
  "spacing_z": 3.999999761581421,
  "spikes_num": 0,
  "summary_bg_k": 16.526556565841524,
  "summary_bg_mean": 57.2384033203125,
  "summary_bg_p05": 15.692770957946777,
  "summary_bg_p95": 228.46204376220703,
  "summary_bg_stdv": 82.66069793701172,
  "summary_fg_k": 1.1332356353188056,
  "summary_fg_mean": 771.5027465820312,
  "summary_fg_p05": 490.5939575195313,
  "summary_fg_p95": 999.890319824219,
  "summary_fg_stdv": 150.72781372070312,
  "tsnr": 75.4509048461914
}