{
  "cjv": 0.6091327667236328,
  "cnr": 6.332037448883057,
  "efc": 0.5611189355741589,
  "fber": 81.94270324707031,
  "fwhm_avg": 2.44866,
  "fwhm_x": 2.71839,
  "fwhm_y": 2.47777,
  "fwhm_z": 2.17977,
  "icvs_csf": 0.1531548139919155,
  "icvs_gm": 0.4537247555318737,
  "icvs_wm": 0.3931204304762108,
  "inu_med": 0.7648113369941711,
  "inu_range": 0.2694234549999237,
  "metadata": {
    "EchoTime": 0.0033900000000000002,
    "FlipAngle": 9,
    "MRAcquisitionType": "3D",
    "MagneticFieldStrength": 3,
    "Manufacturer": "SIEMENS",
    "ManufacturerModelName": "TrioTim",
    "RepetitionTime": 2,
    "ScanOptions": "IR",
    "ScanningSequence": "GR\\IR",
    "SequenceName": "tfl3d1_ns",
    "SequenceVariant": "SP\\MP",
    "SliceTiming": [
      0.0037500000050000315,
      0.5,
      -0.028750000000000053,
      0.4675,
      -0.0625,
      0.43374999999499997,
      -0.09499999999999997,
      0.401249999995,
      -0.12875000000499992,
      0.36750000001,
      -0.1612500000049999,
      0.33500000000499996,
      -0.19499999998999995,
      0.301250000005,
      -0.22749999999500004,
      0.26875000000500004,
      -0.2612499999950001,
      0.235,
      -0.29374999999500007,
      0.2025,
      -0.3275,
      0.168749999995,
      -0.36,
      0.13624999999499998,
      -0.39375000000499993,
      0.10374999999500001,
      -0.4262500000049999,
      0.07000000000500001,
      -0.45999999998999996,
      0.03750000000499998
    ],
    "TaskName": "MPRAGE",
    "qc_type": "anat",
    "subject_id": "03"
  },
  "qi_1": 0.0,
  "qi_2": 0.07036671571317922,
  "rpve_csf": 70312.71875,
  "rpve_gm": 134389.6875,
  "rpve_wm": 64206.91796875,
  "size_x": 128,
  "size_y": 256,
  "size_z": 256,
  "snr_csf": 2.8116606151022783,
  "snr_gm": 9.916168118538708,
  "snr_total": 10.43917045864026,
  "snr_wm": 18.589682642279797,
  "snrd_csf": 21.156443939400432,
  "snrd_gm": 35.06789905249955,
  "snrd_total": 34.037188515330705,
  "snrd_wm": 45.887222554092126,
  "spacing_x": 1.3300000429153442,
  "spacing_y": 1.0,
  "spacing_z": 1.0,
  "summary_bg_k": 1.313568635835618,
  "summary_bg_mean": 3.812238931655884,
  "summary_bg_p05": 1.0,
  "summary_bg_p95": 7.0,
  "summary_bg_stdv": 2.128025531768799,
  "summary_csf_k": 2.3497771767311892,
  "summary_csf_mean": 82.13666534423828,
  "summary_csf_p05": 10.0,
  "summary_csf_p95": 127.0,
  "summary_csf_stdv": 33.452186584472656,
  "summary_gm_k": -0.4186217009303155,
  "summary_gm_mean": 152.2146759033203,
  "summary_gm_p05": 114.0,
  "summary_gm_p95": 193.0,
  "summary_gm_stdv": 23.101825714111328,
  "summary_wm_k": -0.5163221599867915,
  "summary_wm_mean": 211.86773681640625,
  "summary_wm_p05": 170.0,
  "summary_wm_p95": 248.0,
  "summary_wm_stdv": 23.70610237121582,
  "tpm_overlap_csf": 0.2227574787468586,
  "tpm_overlap_gm": 0.5410903358829944,
  "tpm_overlap_wm": 0.5662659672329458,
  "wm2max": 0.8503937007874016
}