{
  "cjv": 0.6409683227539062,
  "cnr": 6.782292366027832,
  "efc": 0.5393639675505234,
  "fber": 79.96986389160156,
  "fwhm_avg": 2.38295,
  "fwhm_x": 2.64702,
  "fwhm_y": 2.46775,
  "fwhm_z": 2.0715,
  "icvs_csf": 0.20447549283704913,
  "icvs_gm": 0.42373643971843833,
  "icvs_wm": 0.37178806744451254,
  "inu_med": 0.8228258490562439,
  "inu_range": 0.28526160717010485,
  "metadata": {
    "EchoTime": 0.0033900000000000002,
    "FlipAngle": 9,
    "MRAcquisitionType": "3D",
    "MagneticFieldStrength": 3,
    "Manufacturer": "SIEMENS",
    "ManufacturerModelName": "TrioTim",
    "RepetitionTime": 2,
    "ScanOptions": "IR",
    "ScanningSequence": "GR\\IR",
    "SequenceName": "tfl3d1_ns",
    "SequenceVariant": "SP\\MP",
    "SliceTiming": [
      0.0037500000050000315,
      0.5,
      -0.030000000000000027,
      0.4675,
      -0.0625,
      0.43374999999499997,
      -0.09624999999999995,
      0.401249999995,
      -0.12875000000499992,
      0.367499999995,
      -0.16250000000499998,
      0.33499999998999996,
      -0.19500000000499995,
      0.301250000005,
      -0.228749999995,
      0.26875000000500004,
      -0.2612499999950001,
      0.235,
      -0.29500000000000004,
      0.2025,
      -0.3275,
      0.168749999995,
      -0.36124999999999996,
      0.13624999999499998,
      -0.39375000000499993,
      0.10249999999499998,
      -0.427500000005,
      0.06999999999,
      -0.46000000000499996,
      0.036250000005000005
    ],
    "TaskName": "MPRAGE",
    "qc_type": "anat",
    "subject_id": "33"
  },
  "qi_1": 0.0,
  "qi_2": 0.038033453398184924,
  "rpve_csf": 61942.48828125,
  "rpve_gm": 104880.953125,
  "rpve_wm": 53220.85546875,
  "size_x": 128,
  "size_y": 256,
  "size_z": 256,
  "snr_csf": 2.6854013882510945,
  "snr_gm": 9.802359765766568,
  "snr_total": 10.281774651368353,
  "snr_wm": 18.357562800087397,
  "snrd_csf": 18.72836641257739,
  "snrd_gm": 34.61518750239071,
  "snrd_total": 32.74442945735171,
  "snrd_wm": 44.88973445708703,
  "spacing_x": 1.3300000429153442,
  "spacing_y": 1.0,
  "spacing_z": 1.0,
  "summary_bg_k": 62.09473192478946,
  "summary_bg_mean": 3.6066081523895264,
  "summary_bg_p05": 1.0,
  "summary_bg_p95": 7.0,
  "summary_bg_stdv": 2.355687379837036,
  "summary_csf_k": 1.8092059849366127,
  "summary_csf_mean": 76.69829559326172,
  "summary_csf_p05": 7.0,
  "summary_csf_p95": 120.0,
  "summary_csf_stdv": 31.867883682250977,
  "summary_gm_k": -0.5931970327852549,
  "summary_gm_mean": 153.75320434570312,
  "summary_gm_p05": 114.0,
  "summary_gm_p95": 195.0,
  "summary_gm_stdv": 24.630449295043945,
  "summary_wm_k": -0.5025938750499774,
  "summary_wm_mean": 212.28565979003906,
  "summary_wm_p05": 169.0,
  "summary_wm_p95": 248.0,
  "summary_wm_stdv": 24.00333595275879,
  "tpm_overlap_csf": 0.24884241551757744,
  "tpm_overlap_gm": 0.5157874192287732,
  "tpm_overlap_wm": 0.5633115458098932,
  "wm2max": 0.8549019607843137
}