{
  "aor": 0.0009036746987951807,
  "aqi": 0.0036435396987951805,
  "dvars_nstd": 20.487709403515158,
  "dvars_std": 1.1321928673939397,
  "dvars_vstd": 1.0017261506060604,
  "efc": 0.5633407491465974,
  "fber": 60.5227165222168,
  "fd_mean": 0.3090639732125576,
  "fd_num": 0,
  "fd_perc": 0.0,
  "fwhm_avg": 6.75985,
  "fwhm_x": 5.90813,
  "fwhm_y": 7.20796,
  "fwhm_z": 7.25352,
  "gcor": 0.03244726916393602,
  "gsr_x": 0.004377253353595734,
  "gsr_y": 0.04900755360722542,
  "metadata": {
    "EchoTime": 0,
    "FlipAngle": 90,
    "MRAcquisitionType": "2D",
    "MagneticFieldStrength": 3,
    "Manufacturer": "SIEMENS",
    "ManufacturerModelName": "TrioTim",
    "RepetitionTime": 2,
    "ScanOptions": "FS",
    "ScanningSequence": "EP",
    "SequenceName": "epfid2d1_64",
    "SequenceVariant": "SK",
    "SliceTiming": [
      0.0037499999899999747,
      0.5,
      -0.030000000014999917,
      0.4675,
      -0.0625,
      0.43374999999499997,
      -0.09624999999999995,
      0.401249999995,
      -0.12875000000499992,
      0.367499999995,
      -0.16250000000499998,
      0.33499999998999996,
      -0.19500000000499995,
      0.30124999999,
      -0.22875000001,
      0.26874999999,
      -0.26125000001,
      0.235,
      -0.29500000001499993,
      0.2025,
      -0.3275,
      0.168749999995,
      -0.36124999999999996,
      0.13624999999499998,
      -0.39375000000499993,
      0.10249999999499998,
      -0.427500000005,
      0.06999999999,
      -0.46000000000499996,
      0.036249999990000004
    ],
    "TaskName": "dis",
    "qc_type": "func",
    "run_id": "04",
    "subject_id": "15",
    "task_id": "dis"
  },
  "size_t": 166,
  "size_x": 64,
  "size_y": 64,
  "size_z": 30,
  "snr": 5.218606027908004,
  "spacing_tr": 1.0,
  "spacing_x": 3.125,
  "spacing_y": 3.125,
  "spacing_z": 4.000000476837158,
  "spikes_num": 0,
  "summary_bg_k": 13.959157150493628,
  "summary_bg_mean": 62.77473831176758,
  "summary_bg_p05": 16.783132553100586,
  "summary_bg_p95": 260.7867309570312,
  "summary_bg_stdv": 89.28984069824219,
  "summary_fg_k": 1.062041106526121,
  "summary_fg_mean": 832.949951171875,
  "summary_fg_p05": 512.5530151367187,
  "summary_fg_p95": 1067.6849487304687,
  "summary_fg_stdv": 164.99142456054688,
  "tsnr": 85.57618713378906
}