{
  "cjv": 0.7337491512298584,
  "cnr": 4.115408897399902,
  "efc": 0.5510530033373366,
  "fber": 45.00055694580078,
  "fwhm_avg": 2.16332,
  "fwhm_x": 2.44279,
  "fwhm_y": 2.26286,
  "fwhm_z": 1.83155,
  "icvs_csf": 0.15385042486460093,
  "icvs_gm": 0.4128016684027837,
  "icvs_wm": 0.43334790673261536,
  "inu_med": 0.6679725646972656,
  "inu_range": 0.24396606087684636,
  "metadata": {
    "EchoTime": 0.0033900000000000002,
    "FlipAngle": 9,
    "MRAcquisitionType": "3D",
    "MagneticFieldStrength": 3,
    "Manufacturer": "SIEMENS",
    "ManufacturerModelName": "TrioTim",
    "RepetitionTime": 2,
    "ScanOptions": "IR",
    "ScanningSequence": "GR\\IR",
    "SequenceName": "tfl3d1_ns",
    "SequenceVariant": "SP\\MP",
    "SliceTiming": [
      0.0025000000000000022,
      0.5,
      -0.030000000000000027,
      0.46625,
      -0.06374999999999997,
      0.43374999999499997,
      -0.09624999999999995,
      0.399999999995,
      -0.1300000000049999,
      0.367499999995,
      -0.16250000000499998,
      0.33374999999,
      -0.19625000001000004,
      0.301250000005,
      -0.22875000001,
      0.26749999999999996,
      -0.26249999999500007,
      0.235,
      -0.29500000000000004,
      0.20124999999999998,
      -0.32875,
      0.168749999995,
      -0.36124999999999996,
      0.134999999995,
      -0.3950000000049999,
      0.10249999999499998,
      -0.427500000005,
      0.06874999998999998,
      -0.46125000001000005,
      0.036249999990000004
    ],
    "TaskName": "MPRAGE",
    "qc_type": "anat",
    "subject_id": "17"
  },
  "qi_1": 0.0,
  "qi_2": 0.0565707525891179,
  "rpve_csf": 57479.640625,
  "rpve_gm": 95835.9296875,
  "rpve_wm": 53729.31640625,
  "size_x": 128,
  "size_y": 256,
  "size_z": 256,
  "snr_csf": 2.386426519273459,
  "snr_gm": 9.322985190375055,
  "snr_total": 9.055481696170801,
  "snr_wm": 15.457033378863892,
  "snrd_csf": 15.424901172931962,
  "snrd_gm": 28.165160693034714,
  "snrd_total": 26.571188302072443,
  "snrd_wm": 36.12350304025065,
  "spacing_x": 1.3300000429153442,
  "spacing_y": 1.0,
  "spacing_z": 1.0,
  "summary_bg_k": 18.087248391377898,
  "summary_bg_mean": 3.988969326019287,
  "summary_bg_p05": 0.0,
  "summary_bg_p95": 9.0,
  "summary_bg_stdv": 3.256263017654419,
  "summary_csf_k": 0.9564954172986293,
  "summary_csf_mean": 72.77174377441406,
  "summary_csf_p05": 3.0,
  "summary_csf_p95": 118.0,
  "summary_csf_stdv": 34.971683502197266,
  "summary_gm_k": -0.4950327384019335,
  "summary_gm_mean": 155.00462341308594,
  "summary_gm_p05": 115.0,
  "summary_gm_p95": 194.0,
  "summary_gm_stdv": 24.257211685180664,
  "summary_wm_k": -0.3591528781095814,
  "summary_wm_mean": 216.0337371826172,
  "summary_wm_p05": 173.0,
  "summary_wm_p95": 250.0,
  "summary_wm_stdv": 23.479948043823242,
  "tpm_overlap_csf": 0.08480310512058375,
  "tpm_overlap_gm": 0.20219915758051726,
  "tpm_overlap_wm": 0.26664776475687574,
  "wm2max": 0.8700787401574803
}