{
  "aor": 0.0010155454545454545,
  "aqi": 0.003965753181818183,
  "dvars_nstd": 18.607898152293572,
  "dvars_std": 1.121978327155963,
  "dvars_vstd": 0.997772657614679,
  "efc": 0.5550482761382127,
  "fber": 63.02093505859375,
  "fd_mean": 0.18422157743302756,
  "fd_num": 0,
  "fd_perc": 0.0,
  "fwhm_avg": 6.68512,
  "fwhm_x": 5.9512,
  "fwhm_y": 6.99897,
  "fwhm_z": 7.1728,
  "gcor": 0.044927332618019795,
  "gsr_x": -0.009643137454986572,
  "gsr_y": 0.06575769931077957,
  "metadata": {
    "EchoTime": 0,
    "FlipAngle": 90,
    "MRAcquisitionType": "2D",
    "MagneticFieldStrength": 3,
    "Manufacturer": "SIEMENS",
    "ManufacturerModelName": "TrioTim",
    "RepetitionTime": 2,
    "ScanOptions": "FS",
    "ScanningSequence": "EP",
    "SequenceName": "epfid2d1_64",
    "SequenceVariant": "SK",
    "SliceTiming": [
      0.0025000000000000022,
      0.5,
      -0.030000000000000027,
      0.46625000001,
      -0.06374999999999997,
      0.43375000000999997,
      -0.09624999998999995,
      0.40000000001,
      -0.12999999999,
      0.36750000001,
      -0.16249999998999998,
      0.333750000005,
      -0.19624999999500004,
      0.301250000005,
      -0.228749999995,
      0.26749999999999996,
      -0.26249999999500007,
      0.235,
      -0.29500000000000004,
      0.20125000001499999,
      -0.32875,
      0.16875000001,
      -0.36124999998500007,
      0.13500000001,
      -0.39499999999,
      0.10250000000999998,
      -0.42749999999,
      0.06875000000499998,
      -0.46124999999500005,
      0.036250000005000005
    ],
    "TaskName": "fb",
    "qc_type": "func",
    "run_id": "01",
    "subject_id": "33",
    "task_id": "fb"
  },
  "size_t": 110,
  "size_x": 64,
  "size_y": 64,
  "size_z": 30,
  "snr": 4.961131401223262,
  "spacing_tr": 1.0,
  "spacing_x": 3.125,
  "spacing_y": 3.125,
  "spacing_z": 4.000001430511475,
  "spikes_num": 0,
  "summary_bg_k": 15.256632408889605,
  "summary_bg_mean": 60.75827407836914,
  "summary_bg_p05": 16.436363220214844,
  "summary_bg_p95": 251.12954330444336,
  "summary_bg_stdv": 88.0903549194336,
  "summary_fg_k": 0.7702103245494469,
  "summary_fg_mean": 832.3255615234375,
  "summary_fg_p05": 522.4695343017578,
  "summary_fg_p95": 1107.237237548828,
  "summary_fg_stdv": 170.04969787597656,
  "tsnr": 81.49972534179688
}