{
  "aor": 0.0007409558823529412,
  "aqi": 0.005482825,
  "dvars_nstd": 21.459472147777785,
  "dvars_std": 1.1925943819999998,
  "dvars_vstd": 1.0019946071851855,
  "efc": 0.5783611841411946,
  "fber": 72.08786010742188,
  "fd_mean": 0.19238789960888888,
  "fd_num": 0,
  "fd_perc": 0.0,
  "fwhm_avg": 6.61078,
  "fwhm_x": 5.86182,
  "fwhm_y": 6.93922,
  "fwhm_z": 7.10255,
  "gcor": 0.01526596791603986,
  "gsr_x": -0.002476566703990102,
  "gsr_y": 0.056208182126283646,
  "metadata": {
    "EchoTime": 0,
    "FlipAngle": 90,
    "MRAcquisitionType": "2D",
    "MagneticFieldStrength": 3,
    "Manufacturer": "SIEMENS",
    "ManufacturerModelName": "TrioTim",
    "RepetitionTime": 2,
    "ScanOptions": "FS",
    "ScanningSequence": "EP",
    "SequenceName": "epfid2d1_64",
    "SequenceVariant": "SK",
    "SliceTiming": [
      0.0037500000050000315,
      0.5,
      -0.030000000000000027,
      0.4675,
      -0.0625,
      0.43374999999499997,
      -0.09624999999999995,
      0.40125000001,
      -0.12875000000499992,
      0.36750000001,
      -0.16249999998999998,
      0.33500000000499996,
      -0.19499999998999995,
      0.301250000005,
      -0.228749999995,
      0.26875000000500004,
      -0.2612499999950001,
      0.235,
      -0.29500000000000004,
      0.2025,
      -0.3275,
      0.168749999995,
      -0.36124999999999996,
      0.13624999999499998,
      -0.39375000000499993,
      0.10250000000999998,
      -0.42749999999,
      0.07000000000500001,
      -0.45999999998999996,
      0.036250000005000005
    ],
    "TaskName": "fb",
    "qc_type": "func",
    "run_id": "01",
    "subject_id": "03",
    "task_id": "fb"
  },
  "size_t": 136,
  "size_x": 64,
  "size_y": 64,
  "size_z": 30,
  "snr": 5.2146411467249125,
  "spacing_tr": 1.0,
  "spacing_x": 3.125,
  "spacing_y": 3.125,
  "spacing_z": 4.000001430511475,
  "spikes_num": 0,
  "summary_bg_k": 18.959607491006675,
  "summary_bg_mean": 53.36267852783203,
  "summary_bg_p05": 15.25,
  "summary_bg_p95": 202.73529052734375,
  "summary_bg_stdv": 73.82181549072266,
  "summary_fg_k": 0.9232758683409079,
  "summary_fg_mean": 759.0313720703125,
  "summary_fg_p05": 480.77574157714844,
  "summary_fg_p95": 984.7867736816406,
  "summary_fg_stdv": 148.328125,
  "tsnr": 75.77450561523438
}