{
  "aor": 0.003069879518072288,
  "aqi": 0.005054666807228916,
  "dvars_nstd": 26.297089756181826,
  "dvars_std": 1.1657597861212128,
  "dvars_vstd": 1.015505437575758,
  "efc": 0.5736044763276099,
  "fber": 60.89503860473633,
  "fd_mean": 0.40805992585454554,
  "fd_num": 5,
  "fd_perc": 3.0120481927710845,
  "fwhm_avg": 6.62642,
  "fwhm_x": 5.81391,
  "fwhm_y": 7.09414,
  "fwhm_z": 7.05453,
  "gcor": 0.0250939001519996,
  "gsr_x": -0.012049789540469646,
  "gsr_y": 0.06214696541428566,
  "metadata": {
    "EchoTime": 0,
    "FlipAngle": 90,
    "MRAcquisitionType": "2D",
    "MagneticFieldStrength": 3,
    "Manufacturer": "SIEMENS",
    "ManufacturerModelName": "TrioTim",
    "RepetitionTime": 2,
    "ScanOptions": "FS",
    "ScanningSequence": "EP",
    "SequenceName": "epfid2d1_64",
    "SequenceVariant": "SK",
    "SliceTiming": [
      0.003749999994999975,
      0.5,
      -0.030000000000000027,
      0.4675,
      -0.0625,
      0.43374999999499997,
      -0.09624999999999995,
      0.401250000005,
      -0.12875000000499992,
      0.3675,
      -0.16249999999999998,
      0.33499999999999996,
      -0.19499999999999995,
      0.301249999995,
      -0.22875,
      0.26875000000500004,
      -0.261250000005,
      0.235,
      -0.29500000000000004,
      0.2025,
      -0.3275,
      0.168749999995,
      -0.36124999999999996,
      0.13625000000499998,
      -0.39375000000499993,
      0.10249999999999998,
      -0.4275,
      0.07,
      -0.45999999999999996,
      0.036249999995000004
    ],
    "TaskName": "dis",
    "qc_type": "func",
    "run_id": "04",
    "subject_id": "44",
    "task_id": "dis"
  },
  "size_t": 166,
  "size_x": 64,
  "size_y": 64,
  "size_z": 30,
  "snr": 4.976418151659551,
  "spacing_tr": 1.0,
  "spacing_x": 3.125,
  "spacing_y": 3.125,
  "spacing_z": 4.000000953674316,
  "spikes_num": 0,
  "summary_bg_k": 30.461218115697754,
  "summary_bg_mean": 63.70001983642578,
  "summary_bg_p05": 18.29517936706543,
  "summary_bg_p95": 236.23010864257802,
  "summary_bg_stdv": 85.80289459228516,
  "summary_fg_k": 0.8198766331828655,
  "summary_fg_mean": 817.0744018554688,
  "summary_fg_p05": 516.4035949707031,
  "summary_fg_p95": 1077.725830078125,
  "summary_fg_stdv": 166.73451232910156,
  "tsnr": 70.60905456542969
}