{
  "aor": 0.007436029411764705,
  "aqi": 0.007180030367647059,
  "dvars_nstd": 22.144811114740754,
  "dvars_std": 1.2143603354814814,
  "dvars_vstd": 1.0627488131111114,
  "efc": 0.6278758630636546,
  "fber": 43.43190383911133,
  "fd_mean": 0.27645901427925923,
  "fd_num": 4,
  "fd_perc": 2.9411764705882355,
  "fwhm_avg": 6.83748,
  "fwhm_x": 6.05016,
  "fwhm_y": 6.99594,
  "fwhm_z": 7.55222,
  "gcor": 0.09195888042449951,
  "gsr_x": 0.0017182936426252127,
  "gsr_y": 0.06570392102003098,
  "metadata": {
    "EchoTime": 0,
    "FlipAngle": 90,
    "MRAcquisitionType": "2D",
    "MagneticFieldStrength": 3,
    "Manufacturer": "SIEMENS",
    "ManufacturerModelName": "TrioTim",
    "RepetitionTime": 2,
    "ScanOptions": "FS",
    "ScanningSequence": "EP",
    "SequenceName": "epfid2d1_64",
    "SequenceVariant": "SK",
    "SliceTiming": [
      0.0037500000050000315,
      0.5,
      -0.030000000000000027,
      0.4675,
      -0.0625,
      0.43374999999499997,
      -0.09624999999999995,
      0.40125000001,
      -0.12875000000499992,
      0.36750000001,
      -0.16249999998999998,
      0.33500000000499996,
      -0.19499999998999995,
      0.301250000005,
      -0.228749999995,
      0.26875000000500004,
      -0.2612499999950001,
      0.235,
      -0.29500000000000004,
      0.2025,
      -0.3275,
      0.168749999995,
      -0.36124999999999996,
      0.13625000000999998,
      -0.39375000000499993,
      0.10250000000999998,
      -0.42749999999,
      0.07000000000500001,
      -0.45999999998999996,
      0.036250000005000005
    ],
    "TaskName": "fb",
    "qc_type": "func",
    "run_id": "03",
    "subject_id": "08",
    "task_id": "fb"
  },
  "size_t": 136,
  "size_x": 64,
  "size_y": 64,
  "size_z": 30,
  "snr": 5.281410944672551,
  "spacing_tr": 1.0,
  "spacing_x": 3.125,
  "spacing_y": 3.125,
  "spacing_z": 3.999999523162842,
  "spikes_num": 0,
  "summary_bg_k": 8.364043171777714,
  "summary_bg_mean": 73.32038879394531,
  "summary_bg_p05": 16.875,
  "summary_bg_p95": 288.8529357910156,
  "summary_bg_stdv": 96.98944091796875,
  "summary_fg_k": 0.9350520008156966,
  "summary_fg_mean": 786.7130737304688,
  "summary_fg_p05": 508.1463287353516,
  "summary_fg_p95": 1022.2970703125,
  "summary_fg_stdv": 152.0825653076172,
  "tsnr": 64.52149200439453
}