{
  "aor": 0.005332090909090909,
  "aqi": 0.004205741727272728,
  "dvars_nstd": 19.858152354495413,
  "dvars_std": 1.171328779174312,
  "dvars_vstd": 1.0392577305504587,
  "efc": 0.548453022722276,
  "fber": 52.484092712402344,
  "fd_mean": 0.23876752251669725,
  "fd_num": 4,
  "fd_perc": 3.6363636363636362,
  "fwhm_avg": 7.01244,
  "fwhm_x": 6.24947,
  "fwhm_y": 7.37307,
  "fwhm_z": 7.4837,
  "gcor": 0.015654812075875022,
  "gsr_x": 0.006548648700118065,
  "gsr_y": 0.04282423108816147,
  "metadata": {
    "EchoTime": 0,
    "FlipAngle": 90,
    "MRAcquisitionType": "2D",
    "MagneticFieldStrength": 3,
    "Manufacturer": "SIEMENS",
    "ManufacturerModelName": "TrioTim",
    "RepetitionTime": 2,
    "ScanOptions": "FS",
    "ScanningSequence": "EP",
    "SequenceName": "epfid2d1_64",
    "SequenceVariant": "SK",
    "SliceTiming": [
      0.0037500000050000315,
      0.5,
      -0.030000000000000027,
      0.4675,
      -0.0625,
      0.43374999999499997,
      -0.09624999999999995,
      0.401249999995,
      -0.12875000000499992,
      0.36750000001,
      -0.16249999998999998,
      0.33500000000499996,
      -0.19499999998999995,
      0.301250000005,
      -0.228749999995,
      0.26875000000500004,
      -0.2612499999950001,
      0.235,
      -0.29500000000000004,
      0.2025,
      -0.3275,
      0.168749999995,
      -0.36124999999999996,
      0.13624999999499998,
      -0.39375000000499993,
      0.10250000000999998,
      -0.42749999999,
      0.07000000000500001,
      -0.45999999998999996,
      0.036250000005000005
    ],
    "TaskName": "fb",
    "qc_type": "func",
    "run_id": "02",
    "subject_id": "28",
    "task_id": "fb"
  },
  "size_t": 110,
  "size_x": 64,
  "size_y": 64,
  "size_z": 30,
  "snr": 4.916505789793446,
  "spacing_tr": 1.0,
  "spacing_x": 3.125,
  "spacing_y": 3.125,
  "spacing_z": 4.000001430511475,
  "spikes_num": 0,
  "summary_bg_k": 15.836446254918872,
  "summary_bg_mean": 58.31425857543945,
  "summary_bg_p05": 16.07272720336914,
  "summary_bg_p95": 241.7772674560547,
  "summary_bg_stdv": 86.98750305175781,
  "summary_fg_k": 0.7286252644624218,
  "summary_fg_mean": 742.6183471679688,
  "summary_fg_p05": 450.6945251464844,
  "summary_fg_p95": 975.9508911132812,
  "summary_fg_stdv": 155.34164428710938,
  "tsnr": 72.953125
}