{
  "aor": 0.0005796385542168674,
  "aqi": 0.002893490361445783,
  "dvars_nstd": 20.67867131066666,
  "dvars_std": 1.1303277384242423,
  "dvars_vstd": 0.9918989876969695,
  "efc": 0.5764255289088244,
  "fber": 50.14662170410156,
  "fd_mean": 0.2662901005581818,
  "fd_num": 0,
  "fd_perc": 0.0,
  "fwhm_avg": 7.5135,
  "fwhm_x": 6.694,
  "fwhm_y": 8.0343,
  "fwhm_z": 7.88667,
  "gcor": 0.02731147444391825,
  "gsr_x": 0.005094190593808889,
  "gsr_y": 0.054960254579782486,
  "metadata": {
    "EchoTime": 0,
    "FlipAngle": 90,
    "MRAcquisitionType": "2D",
    "MagneticFieldStrength": 3,
    "Manufacturer": "SIEMENS",
    "ManufacturerModelName": "TrioTim",
    "RepetitionTime": 2,
    "ScanOptions": "FS",
    "ScanningSequence": "EP",
    "SequenceName": "epfid2d1_64",
    "SequenceVariant": "SK",
    "SliceTiming": [
      0.0037499999899999747,
      0.5,
      -0.030000000014999917,
      0.46625,
      -0.0625,
      0.43374999999499997,
      -0.09624999999999995,
      0.399999999995,
      -0.12875000000499992,
      0.367499999995,
      -0.16250000000499998,
      0.33374999999,
      -0.19500000000499995,
      0.30124999999,
      -0.22875000001,
      0.26749999998499996,
      -0.26125000001,
      0.23499999998499999,
      -0.29500000001499993,
      0.20124999999999998,
      -0.3275000000149999,
      0.168749999995,
      -0.36124999999999996,
      0.134999999995,
      -0.39375000000499993,
      0.10249999999499998,
      -0.427500000005,
      0.06874999998999998,
      -0.46000000000499996,
      0.036249999990000004
    ],
    "TaskName": "dis",
    "qc_type": "func",
    "run_id": "06",
    "subject_id": "46",
    "task_id": "dis"
  },
  "size_t": 166,
  "size_x": 64,
  "size_y": 64,
  "size_z": 30,
  "snr": 4.600653333458615,
  "spacing_tr": 1.0,
  "spacing_x": 3.125,
  "spacing_y": 3.125,
  "spacing_z": 4.000001907348633,
  "spikes_num": 0,
  "summary_bg_k": 11.65463653593432,
  "summary_bg_mean": 78.144287109375,
  "summary_bg_p05": 18.289155960083008,
  "summary_bg_p95": 317.87528686523376,
  "summary_bg_stdv": 106.7353286743164,
  "summary_fg_k": 0.764627731859536,
  "summary_fg_mean": 914.7919311523438,
  "summary_fg_p05": 559.2096069335938,
  "summary_fg_p95": 1239.2131591796872,
  "summary_fg_stdv": 201.66648864746094,
  "tsnr": 86.7658920288086
}