{
  "aor": 0.011759036144578313,
  "aqi": 0.009114590963855421,
  "dvars_nstd": 32.81212777751514,
  "dvars_std": 1.3119371027878786,
  "dvars_vstd": 1.1086308883030307,
  "efc": 0.5824244555024828,
  "fber": 73.1905517578125,
  "fd_mean": 0.5384110299446667,
  "fd_num": 21,
  "fd_perc": 12.650602409638553,
  "fwhm_avg": 6.41318,
  "fwhm_x": 5.68159,
  "fwhm_y": 6.69481,
  "fwhm_z": 6.93445,
  "gcor": 0.05529615677982928,
  "gsr_x": -0.014707157388329506,
  "gsr_y": 0.06415408849716187,
  "metadata": {
    "EchoTime": 0,
    "FlipAngle": 90,
    "MRAcquisitionType": "2D",
    "MagneticFieldStrength": 3,
    "Manufacturer": "SIEMENS",
    "ManufacturerModelName": "TrioTim",
    "RepetitionTime": 2,
    "ScanOptions": "FS",
    "ScanningSequence": "EP",
    "SequenceName": "epfid2d1_64",
    "SequenceVariant": "SK",
    "SliceTiming": [
      0.0037500000050000315,
      0.5,
      -0.030000000000000027,
      0.46625,
      -0.0625,
      0.43374999999499997,
      -0.09624999999999995,
      0.399999999995,
      -0.12875000000499992,
      0.367499999995,
      -0.16250000000499998,
      0.333750000005,
      -0.19500000000499995,
      0.301250000005,
      -0.228749999995,
      0.26749999999999996,
      -0.2612499999950001,
      0.235,
      -0.29500000000000004,
      0.20124999999999998,
      -0.3275,
      0.168749999995,
      -0.36124999999999996,
      0.134999999995,
      -0.39375000000499993,
      0.10249999999499998,
      -0.427500000005,
      0.06999999999,
      -0.46000000000499996,
      0.036250000005000005
    ],
    "TaskName": "dis",
    "qc_type": "func",
    "run_id": "06",
    "subject_id": "32",
    "task_id": "dis"
  },
  "size_t": 166,
  "size_x": 64,
  "size_y": 64,
  "size_z": 30,
  "snr": 5.290208481828771,
  "spacing_tr": 1.0,
  "spacing_x": 3.125,
  "spacing_y": 3.125,
  "spacing_z": 4.0,
  "spikes_num": 1,
  "summary_bg_k": 20.318672968089782,
  "summary_bg_mean": 56.609718322753906,
  "summary_bg_p05": 17.66867446899414,
  "summary_bg_p95": 214.7252975463865,
  "summary_bg_stdv": 77.71170806884766,
  "summary_fg_k": 1.225097014708938,
  "summary_fg_mean": 807.9295654296875,
  "summary_fg_p05": 534.838525390625,
  "summary_fg_p95": 1057.5276611328125,
  "summary_fg_stdv": 154.2933807373047,
  "tsnr": 58.744747161865234
}