{
  "aor": 0.003884518072289156,
  "aqi": 0.0044372146385542165,
  "dvars_nstd": 14.908726946363638,
  "dvars_std": 1.1488911589090915,
  "dvars_vstd": 1.0463415013939392,
  "efc": 0.5200419185739564,
  "fber": 89.71773529052734,
  "fd_mean": 0.15739940888533333,
  "fd_num": 0,
  "fd_perc": 0.0,
  "fwhm_avg": 6.67038,
  "fwhm_x": 5.92672,
  "fwhm_y": 6.89026,
  "fwhm_z": 7.26776,
  "gcor": 0.022997563143810594,
  "gsr_x": 0.0036554920952767134,
  "gsr_y": 0.04112355038523674,
  "metadata": {
    "EchoTime": 0,
    "FlipAngle": 90,
    "MRAcquisitionType": "2D",
    "MagneticFieldStrength": 3,
    "Manufacturer": "SIEMENS",
    "ManufacturerModelName": "TrioTim",
    "RepetitionTime": 2,
    "ScanOptions": "FS",
    "ScanningSequence": "EP",
    "SequenceName": "epfid2d1_64",
    "SequenceVariant": "SK",
    "SliceTiming": [
      0.0037500000050000315,
      0.5,
      -0.030000000000000027,
      0.46625000001,
      -0.0625,
      0.43375000000999997,
      -0.09624999998999995,
      0.40125000001,
      -0.12874999999000003,
      0.36750000001,
      -0.16249999998999998,
      0.33500000000499996,
      -0.19499999998999995,
      0.301250000005,
      -0.228749999995,
      0.26875000000500004,
      -0.2612499999950001,
      0.235,
      -0.29500000000000004,
      0.20250000001500001,
      -0.3275,
      0.16875000001,
      -0.36124999998500007,
      0.13625000000999998,
      -0.39374999999000004,
      0.10250000000999998,
      -0.42749999999,
      0.07000000000500001,
      -0.45999999998999996,
      0.036250000005000005
    ],
    "TaskName": "dis",
    "qc_type": "func",
    "run_id": "03",
    "subject_id": "07",
    "task_id": "dis"
  },
  "size_t": 166,
  "size_x": 64,
  "size_y": 64,
  "size_z": 30,
  "snr": 5.38280735499548,
  "spacing_tr": 1.0,
  "spacing_x": 3.125,
  "spacing_y": 3.125,
  "spacing_z": 3.999999761581421,
  "spikes_num": 0,
  "summary_bg_k": 23.95108366520925,
  "summary_bg_mean": 44.16657638549805,
  "summary_bg_p05": 14.831324577331543,
  "summary_bg_p95": 164.6930656433104,
  "summary_bg_stdv": 66.32444763183594,
  "summary_fg_k": 0.9555681151802187,
  "summary_fg_mean": 741.2808837890625,
  "summary_fg_p05": 462.6987838745117,
  "summary_fg_p95": 950.3719635009766,
  "summary_fg_stdv": 142.04238891601562,
  "tsnr": 83.49346160888672
}