{
  "aor": 0.0006501470588235294,
  "aqi": 0.003681255294117647,
  "dvars_nstd": 21.127609521259263,
  "dvars_std": 1.1355991565925927,
  "dvars_vstd": 0.9941812314074081,
  "efc": 0.5796973627285259,
  "fber": 54.409454345703125,
  "fd_mean": 0.3013556650192592,
  "fd_num": 0,
  "fd_perc": 0.0,
  "fwhm_avg": 6.82017,
  "fwhm_x": 5.92312,
  "fwhm_y": 7.28795,
  "fwhm_z": 7.34904,
  "gcor": 0.018045798820607802,
  "gsr_x": -0.005275885108858347,
  "gsr_y": 0.051442164927721024,
  "metadata": {
    "EchoTime": 0,
    "FlipAngle": 90,
    "MRAcquisitionType": "2D",
    "MagneticFieldStrength": 3,
    "Manufacturer": "SIEMENS",
    "ManufacturerModelName": "TrioTim",
    "RepetitionTime": 2,
    "ScanOptions": "FS",
    "ScanningSequence": "EP",
    "SequenceName": "epfid2d1_64",
    "SequenceVariant": "SK",
    "SliceTiming": [
      0.0037500000050000315,
      0.5,
      -0.030000000000000027,
      0.46750000001500003,
      -0.0625,
      0.43375000000999997,
      -0.09624999998999995,
      0.40125000001,
      -0.12874999999000003,
      0.36750000001,
      -0.16249999998999998,
      0.33500000000499996,
      -0.19499999998999995,
      0.301250000005,
      -0.228749999995,
      0.26875000000500004,
      -0.2612499999950001,
      0.235,
      -0.29500000000000004,
      0.2025,
      -0.3275,
      0.16875000001,
      -0.36124999998500007,
      0.13625000000999998,
      -0.39374999999000004,
      0.10250000000999998,
      -0.42749999999,
      0.07000000000500001,
      -0.45999999998999996,
      0.036250000005000005
    ],
    "TaskName": "tom",
    "qc_type": "func",
    "run_id": "02",
    "subject_id": "38",
    "task_id": "tom"
  },
  "size_t": 136,
  "size_x": 64,
  "size_y": 64,
  "size_z": 30,
  "snr": 5.160991205507457,
  "spacing_tr": 1.0,
  "spacing_x": 3.125,
  "spacing_y": 3.125,
  "spacing_z": 4.000000953674316,
  "spikes_num": 0,
  "summary_bg_k": 17.84864658727451,
  "summary_bg_mean": 64.61405181884766,
  "summary_bg_p05": 16.867647171020508,
  "summary_bg_p95": 255.47867126464848,
  "summary_bg_stdv": 92.25395965576172,
  "summary_fg_k": 0.8955442599050625,
  "summary_fg_mean": 814.9493408203125,
  "summary_fg_p05": 505.57278289794925,
  "summary_fg_p95": 1060.5033081054687,
  "summary_fg_stdv": 161.5032958984375,
  "tsnr": 89.07875061035156
}