{
  "aor": 0.0015565441176470587,
  "aqi": 0.002735551544117647,
  "dvars_nstd": 19.1283983934074,
  "dvars_std": 1.1335827642962966,
  "dvars_vstd": 1.0098108551111113,
  "efc": 0.5743065302195347,
  "fber": 52.20020294189453,
  "fd_mean": 0.24322319210237034,
  "fd_num": 1,
  "fd_perc": 0.7352941176470589,
  "fwhm_avg": 7.44709,
  "fwhm_x": 6.64525,
  "fwhm_y": 7.94363,
  "fwhm_z": 7.82401,
  "gcor": 0.022437688182382023,
  "gsr_x": 0.005758879706263542,
  "gsr_y": 0.051582153886556625,
  "metadata": {
    "EchoTime": 0,
    "FlipAngle": 90,
    "MRAcquisitionType": "2D",
    "MagneticFieldStrength": 3,
    "Manufacturer": "SIEMENS",
    "ManufacturerModelName": "TrioTim",
    "RepetitionTime": 2,
    "ScanOptions": "FS",
    "ScanningSequence": "EP",
    "SequenceName": "epfid2d1_64",
    "SequenceVariant": "SK",
    "SliceTiming": [
      0.0024999999900000014,
      0.5,
      -0.030000000014999917,
      0.46625,
      -0.06374999999999997,
      0.43374999999499997,
      -0.09624999999999995,
      0.399999999995,
      -0.1300000000049999,
      0.367499999995,
      -0.16250000000499998,
      0.33374999999,
      -0.19625000001000004,
      0.30124999999,
      -0.22875000001,
      0.26749999998499996,
      -0.26250000000999996,
      0.23499999998499999,
      -0.29500000001499993,
      0.20124999999999998,
      -0.32875,
      0.168749999995,
      -0.36124999999999996,
      0.134999999995,
      -0.3950000000049999,
      0.10249999999499998,
      -0.427500000005,
      0.06874999998999998,
      -0.46125000001000005,
      0.036249999990000004
    ],
    "TaskName": "tom",
    "qc_type": "func",
    "run_id": "01",
    "subject_id": "46",
    "task_id": "tom"
  },
  "size_t": 136,
  "size_x": 64,
  "size_y": 64,
  "size_z": 30,
  "snr": 4.604151220625485,
  "spacing_tr": 1.0,
  "spacing_x": 3.125,
  "spacing_y": 3.125,
  "spacing_z": 4.000001907348633,
  "spikes_num": 0,
  "summary_bg_k": 11.952512132628565,
  "summary_bg_mean": 76.3330078125,
  "summary_bg_p05": 18.15441131591797,
  "summary_bg_p95": 311.9411926269531,
  "summary_bg_stdv": 104.52721405029297,
  "summary_fg_k": 0.7548587255318844,
  "summary_fg_mean": 913.208740234375,
  "summary_fg_p05": 556.5882324218751,
  "summary_fg_p95": 1236.680932617187,
  "summary_fg_stdv": 201.35121154785156,
  "tsnr": 88.00514221191406
}