{
  "aor": 0.001095542168674699,
  "aqi": 0.005397796927710844,
  "dvars_nstd": 22.654392144121218,
  "dvars_std": 1.2479403621818177,
  "dvars_vstd": 1.0001896037575764,
  "efc": 0.5658527625135555,
  "fber": 66.53154754638672,
  "fd_mean": 0.24449573230303032,
  "fd_num": 0,
  "fd_perc": 0.0,
  "fwhm_avg": 6.5916,
  "fwhm_x": 5.80861,
  "fwhm_y": 6.92802,
  "fwhm_z": 7.1169,
  "gcor": 0.057391229882297744,
  "gsr_x": -0.01292923279106617,
  "gsr_y": 0.054749902337789536,
  "metadata": {
    "EchoTime": 0,
    "FlipAngle": 90,
    "MRAcquisitionType": "2D",
    "MagneticFieldStrength": 3,
    "Manufacturer": "SIEMENS",
    "ManufacturerModelName": "TrioTim",
    "RepetitionTime": 2,
    "ScanOptions": "FS",
    "ScanningSequence": "EP",
    "SequenceName": "epfid2d1_64",
    "SequenceVariant": "SK",
    "SliceTiming": [
      0.0037499999899999747,
      0.5,
      -0.030000000000000027,
      0.4675,
      -0.0625,
      0.43374999999499997,
      -0.09624999999999995,
      0.401249999995,
      -0.12875000000499992,
      0.367499999995,
      -0.16250000000499998,
      0.33499999998999996,
      -0.19500000000499995,
      0.30124999999,
      -0.22875000001,
      0.26875000000500004,
      -0.26125000001,
      0.235,
      -0.29500000000000004,
      0.2025,
      -0.3275,
      0.168749999995,
      -0.36124999999999996,
      0.13624999999499998,
      -0.39375000000499993,
      0.10249999999499998,
      -0.427500000005,
      0.06999999999,
      -0.46000000000499996,
      0.036249999990000004
    ],
    "TaskName": "dis",
    "qc_type": "func",
    "run_id": "02",
    "subject_id": "04",
    "task_id": "dis"
  },
  "size_t": 166,
  "size_x": 64,
  "size_y": 64,
  "size_z": 30,
  "snr": 5.434925158992684,
  "spacing_tr": 1.0,
  "spacing_x": 3.125,
  "spacing_y": 3.125,
  "spacing_z": 4.000001430511475,
  "spikes_num": 0,
  "summary_bg_k": 20.94815684645291,
  "summary_bg_mean": 56.51829528808594,
  "summary_bg_p05": 15.92771053314209,
  "summary_bg_p95": 233.23614044189458,
  "summary_bg_stdv": 87.35352325439453,
  "summary_fg_k": 1.125582913211236,
  "summary_fg_mean": 834.0531616210938,
  "summary_fg_p05": 546.1313110351563,
  "summary_fg_p95": 1075.5421142578125,
  "summary_fg_stdv": 156.70469665527344,
  "tsnr": 80.76020812988281
}