{
  "aor": 0.007256102941176471,
  "aqi": 0.005261717352941175,
  "dvars_nstd": 16.968500066814823,
  "dvars_std": 1.188364776444444,
  "dvars_vstd": 1.066105370148148,
  "efc": 0.5242947736070671,
  "fber": 85.85409545898438,
  "fd_mean": 0.22800654654444447,
  "fd_num": 2,
  "fd_perc": 1.4705882352941178,
  "fwhm_avg": 6.72297,
  "fwhm_x": 5.93181,
  "fwhm_y": 6.96188,
  "fwhm_z": 7.35818,
  "gcor": 0.02768284433028277,
  "gsr_x": 0.000732738699298352,
  "gsr_y": 0.03889145329594612,
  "metadata": {
    "EchoTime": 0,
    "FlipAngle": 90,
    "MRAcquisitionType": "2D",
    "MagneticFieldStrength": 3,
    "Manufacturer": "SIEMENS",
    "ManufacturerModelName": "TrioTim",
    "RepetitionTime": 2,
    "ScanOptions": "FS",
    "ScanningSequence": "EP",
    "SequenceName": "epfid2d1_64",
    "SequenceVariant": "SK",
    "SliceTiming": [
      0.0025000000000000022,
      0.5,
      -0.030000000000000027,
      0.46625,
      -0.06374999999999997,
      0.43374999999499997,
      -0.09624999999999995,
      0.399999999995,
      -0.1300000000049999,
      0.367499999995,
      -0.16250000000499998,
      0.33374999999,
      -0.19625000001000004,
      0.301250000005,
      -0.22875000001,
      0.26749999999999996,
      -0.26249999999500007,
      0.235,
      -0.29500000000000004,
      0.20124999999999998,
      -0.32875,
      0.168749999995,
      -0.36124999999999996,
      0.134999999995,
      -0.3950000000049999,
      0.10249999999499998,
      -0.427500000005,
      0.06874999998999998,
      -0.46125000001000005,
      0.036249999990000004
    ],
    "TaskName": "fb",
    "qc_type": "func",
    "run_id": "03",
    "subject_id": "07",
    "task_id": "fb"
  },
  "size_t": 136,
  "size_x": 64,
  "size_y": 64,
  "size_z": 30,
  "snr": 5.353138305953419,
  "spacing_tr": 1.0,
  "spacing_x": 3.125,
  "spacing_y": 3.125,
  "spacing_z": 3.999999761581421,
  "spikes_num": 0,
  "summary_bg_k": 21.978207772684943,
  "summary_bg_mean": 45.1444091796875,
  "summary_bg_p05": 14.352941513061523,
  "summary_bg_p95": 172.71691436767588,
  "summary_bg_stdv": 67.77790832519531,
  "summary_fg_k": 0.8674309120664963,
  "summary_fg_mean": 741.0897216796875,
  "summary_fg_p05": 463.73970336914067,
  "summary_fg_p95": 949.5397094726563,
  "summary_fg_stdv": 141.98028564453125,
  "tsnr": 76.84841918945312
}