{
  "aor": 0.002586181818181818,
  "aqi": 0.015138493636363638,
  "dvars_nstd": 58.44645419688072,
  "dvars_std": 1.2467968090825692,
  "dvars_vstd": 0.9965509677981655,
  "efc": 0.5574811279218268,
  "fber": 71.05039978027344,
  "fd_mean": 1.0303089313761469,
  "fd_num": 56,
  "fd_perc": 50.90909090909091,
  "fwhm_avg": 6.7899,
  "fwhm_x": 5.9126,
  "fwhm_y": 7.25667,
  "fwhm_z": 7.29581,
  "gcor": 0.06841265938498757,
  "gsr_x": -0.013751350343227386,
  "gsr_y": 0.05533061549067497,
  "metadata": {
    "EchoTime": 0,
    "FlipAngle": 90,
    "MRAcquisitionType": "2D",
    "MagneticFieldStrength": 3,
    "Manufacturer": "SIEMENS",
    "ManufacturerModelName": "TrioTim",
    "RepetitionTime": 2,
    "ScanOptions": "FS",
    "ScanningSequence": "EP",
    "SequenceName": "epfid2d1_64",
    "SequenceVariant": "SK",
    "SliceTiming": [
      0.0025000000000000022,
      0.5,
      -0.030000000000000027,
      0.46625,
      -0.06374999999999997,
      0.43374999999499997,
      -0.09624999999999995,
      0.399999999995,
      -0.1300000000049999,
      0.367499999995,
      -0.16250000000499998,
      0.333750000005,
      -0.19625000001000004,
      0.301250000005,
      -0.228749999995,
      0.26749999999999996,
      -0.26249999999500007,
      0.235,
      -0.29500000000000004,
      0.20124999999999998,
      -0.32875,
      0.168749999995,
      -0.36124999999999996,
      0.134999999995,
      -0.3950000000049999,
      0.10249999999499998,
      -0.427500000005,
      0.06874999998999998,
      -0.46000000000499996,
      0.036250000005000005
    ],
    "TaskName": "fb",
    "qc_type": "func",
    "run_id": "04",
    "subject_id": "27",
    "task_id": "fb"
  },
  "size_t": 110,
  "size_x": 64,
  "size_y": 64,
  "size_z": 30,
  "snr": 4.959943990300685,
  "spacing_tr": 1.0,
  "spacing_x": 3.125,
  "spacing_y": 3.125,
  "spacing_z": 3.999999761581421,
  "spikes_num": 0,
  "summary_bg_k": 20.631815797364474,
  "summary_bg_mean": 57.11809539794922,
  "summary_bg_p05": 17.690908432006836,
  "summary_bg_p95": 211.81454010009745,
  "summary_bg_stdv": 77.98517608642578,
  "summary_fg_k": 1.1268723623296326,
  "summary_fg_mean": 798.3331909179688,
  "summary_fg_p05": 508.164533996582,
  "summary_fg_p95": 1059.801312255859,
  "summary_fg_stdv": 163.0052032470703,
  "tsnr": 43.50703430175781
}