{
  "aor": 0.008349939759036145,
  "aqi": 0.004964179457831325,
  "dvars_nstd": 19.53394107242424,
  "dvars_std": 1.2377857592121213,
  "dvars_vstd": 1.1102234130909086,
  "efc": 0.6070793662933723,
  "fber": 44.88251495361328,
  "fd_mean": 0.19609566753333332,
  "fd_num": 3,
  "fd_perc": 1.8072289156626506,
  "fwhm_avg": 6.51997,
  "fwhm_x": 5.74827,
  "fwhm_y": 6.81896,
  "fwhm_z": 7.07101,
  "gcor": 0.14529309789818454,
  "gsr_x": -0.011284575797617435,
  "gsr_y": 0.07860863953828812,
  "metadata": {
    "EchoTime": 0,
    "FlipAngle": 90,
    "MRAcquisitionType": "2D",
    "MagneticFieldStrength": 3,
    "Manufacturer": "SIEMENS",
    "ManufacturerModelName": "TrioTim",
    "RepetitionTime": 2,
    "ScanOptions": "FS",
    "ScanningSequence": "EP",
    "SequenceName": "epfid2d1_64",
    "SequenceVariant": "SK",
    "SliceTiming": [
      0.0025000000000000022,
      0.5,
      -0.030000000000000027,
      0.46625000001,
      -0.06374999999999997,
      0.43375000000999997,
      -0.09624999998999995,
      0.40000000001,
      -0.12999999999,
      0.36750000001,
      -0.16249999998999998,
      0.333750000005,
      -0.19624999999500004,
      0.301250000005,
      -0.228749999995,
      0.26749999999999996,
      -0.26249999999500007,
      0.235,
      -0.29500000000000004,
      0.20124999999999998,
      -0.32875,
      0.16875000001,
      -0.36124999999999996,
      0.13500000001,
      -0.39499999999,
      0.10250000000999998,
      -0.42749999999,
      0.06875000000499998,
      -0.46124999999500005,
      0.036250000005000005
    ],
    "TaskName": "dis",
    "qc_type": "func",
    "run_id": "06",
    "subject_id": "30",
    "task_id": "dis"
  },
  "size_t": 166,
  "size_x": 64,
  "size_y": 64,
  "size_z": 30,
  "snr": 5.11472445153566,
  "spacing_tr": 1.0,
  "spacing_x": 3.125,
  "spacing_y": 3.125,
  "spacing_z": 4.000000476837158,
  "spikes_num": 0,
  "summary_bg_k": 17.27733898711476,
  "summary_bg_mean": 69.42130279541016,
  "summary_bg_p05": 17.246986389160156,
  "summary_bg_p95": 292.07228088378906,
  "summary_bg_stdv": 103.9486312866211,
  "summary_fg_k": 0.7676945104771868,
  "summary_fg_mean": 821.4300537109375,
  "summary_fg_p05": 522.259033203125,
  "summary_fg_p95": 1077.0565673828123,
  "summary_fg_stdv": 162.8669891357422,
  "tsnr": 71.41573333740234
}