{
  "aor": 0.0008191851851851852,
  "aqi": 0.003271811185185185,
  "dvars_nstd": 16.47401666641792,
  "dvars_std": 1.1847223158955222,
  "dvars_vstd": 1.0050344789552244,
  "efc": 0.5809405918291078,
  "fber": 61.87555694580078,
  "fd_mean": 0.09053709799776119,
  "fd_num": 0,
  "fd_perc": 0.0,
  "fwhm_avg": 6.78241,
  "fwhm_x": 6.10138,
  "fwhm_y": 7.00179,
  "fwhm_z": 7.30322,
  "gcor": 0.011679566348040545,
  "gsr_x": -0.005326446145772934,
  "gsr_y": 0.060635991394519806,
  "metadata": {
    "EchoTime": 0,
    "FlipAngle": 90,
    "MRAcquisitionType": "2D",
    "MagneticFieldStrength": 3,
    "Manufacturer": "SIEMENS",
    "ManufacturerModelName": "TrioTim",
    "RepetitionTime": 2,
    "ScanOptions": "FS",
    "ScanningSequence": "EP",
    "SequenceName": "epfid2d1_64",
    "SequenceVariant": "SK",
    "SliceTiming": [
      0.0037500000050000315,
      0.5,
      -0.030000000000000027,
      0.4675,
      -0.0625,
      0.43375000000999997,
      -0.09624999998999995,
      0.40125000001,
      -0.12874999999000003,
      0.36750000001,
      -0.16249999998999998,
      0.33500000000499996,
      -0.19499999998999995,
      0.301250000005,
      -0.228749999995,
      0.26875000000500004,
      -0.2612499999950001,
      0.235,
      -0.29500000000000004,
      0.2025,
      -0.3275,
      0.16875000001,
      -0.36124999999999996,
      0.13625000000999998,
      -0.39374999999000004,
      0.10250000000999998,
      -0.42749999999,
      0.07000000000500001,
      -0.45999999998999996,
      0.036250000005000005
    ],
    "TaskName": "fb",
    "qc_type": "func",
    "run_id": "02",
    "subject_id": "05",
    "task_id": "fb"
  },
  "size_t": 135,
  "size_x": 64,
  "size_y": 64,
  "size_z": 30,
  "snr": 4.918790293422818,
  "spacing_tr": 1.0,
  "spacing_x": 3.125,
  "spacing_y": 3.125,
  "spacing_z": 3.99999737739563,
  "spikes_num": 0,
  "summary_bg_k": 21.0213774745569,
  "summary_bg_mean": 57.99363708496094,
  "summary_bg_p05": 15.459259033203125,
  "summary_bg_p95": 230.05184936523438,
  "summary_bg_stdv": 82.10688781738281,
  "summary_fg_k": 0.6127709124657521,
  "summary_fg_mean": 774.5283203125,
  "summary_fg_p05": 483.491845703125,
  "summary_fg_p95": 1026.2962646484375,
  "summary_fg_stdv": 159.20481872558594,
  "tsnr": 89.51407623291016
}