{
  "aor": 0.002132090909090909,
  "aqi": 0.007575746545454546,
  "dvars_nstd": 35.011931515229364,
  "dvars_std": 1.1756420091743118,
  "dvars_vstd": 0.982797566146789,
  "efc": 0.61998555704813,
  "fber": 49.09693145751953,
  "fd_mean": 0.6498936448440366,
  "fd_num": 18,
  "fd_perc": 16.363636363636363,
  "fwhm_avg": 6.82848,
  "fwhm_x": 5.92279,
  "fwhm_y": 7.18815,
  "fwhm_z": 7.47875,
  "gcor": 0.04196833263744008,
  "gsr_x": -0.006722782738506794,
  "gsr_y": 0.09189794212579727,
  "metadata": {
    "EchoTime": 0,
    "FlipAngle": 90,
    "MRAcquisitionType": "2D",
    "MagneticFieldStrength": 3,
    "Manufacturer": "SIEMENS",
    "ManufacturerModelName": "TrioTim",
    "RepetitionTime": 2,
    "ScanOptions": "FS",
    "ScanningSequence": "EP",
    "SequenceName": "epfid2d1_64",
    "SequenceVariant": "SK",
    "SliceTiming": [
      0.0025000000000000022,
      0.5,
      -0.030000000000000027,
      0.46625000001,
      -0.06374999998500008,
      0.43375000000999997,
      -0.09624999998999995,
      0.40000000001,
      -0.12999999999,
      0.36750000001,
      -0.16249999998999998,
      0.333750000005,
      -0.19624999999500004,
      0.301250000005,
      -0.228749999995,
      0.26749999999999996,
      -0.26249999999500007,
      0.235,
      -0.29500000000000004,
      0.20125000001499999,
      -0.32875,
      0.16875000001,
      -0.36124999998500007,
      0.13500000001,
      -0.39499999999,
      0.10250000000999998,
      -0.42749999999,
      0.06875000000499998,
      -0.46124999999500005,
      0.036250000005000005
    ],
    "TaskName": "fb",
    "qc_type": "func",
    "run_id": "04",
    "subject_id": "35",
    "task_id": "fb"
  },
  "size_t": 110,
  "size_x": 64,
  "size_y": 64,
  "size_z": 30,
  "snr": 4.712039616613078,
  "spacing_tr": 1.0,
  "spacing_x": 3.125,
  "spacing_y": 3.125,
  "spacing_z": 4.000001430511475,
  "spikes_num": 0,
  "summary_bg_k": 17.136834135022955,
  "summary_bg_mean": 65.2907485961914,
  "summary_bg_p05": 17.263635635375977,
  "summary_bg_p95": 243.8454475402832,
  "summary_bg_stdv": 88.2713851928711,
  "summary_fg_k": 0.8501460499615012,
  "summary_fg_mean": 752.6758422851562,
  "summary_fg_p05": 480.83907318115234,
  "summary_fg_p95": 1021.5672363281249,
  "summary_fg_stdv": 159.15061950683594,
  "tsnr": 57.30268478393555
}