{
  "aor": 0.0006382352941176469,
  "aqi": 0.0033821027205882355,
  "dvars_nstd": 19.294601157555558,
  "dvars_std": 1.1083249430370368,
  "dvars_vstd": 0.9917258174074068,
  "efc": 0.5624788268919132,
  "fber": 60.31784439086914,
  "fd_mean": 0.2677291487496296,
  "fd_num": 0,
  "fd_perc": 0.0,
  "fwhm_avg": 6.71235,
  "fwhm_x": 5.84841,
  "fwhm_y": 7.18471,
  "fwhm_z": 7.1974,
  "gcor": 0.039988861364476824,
  "gsr_x": 0.005528451409190893,
  "gsr_y": 0.047544240951538086,
  "metadata": {
    "EchoTime": 0,
    "FlipAngle": 90,
    "MRAcquisitionType": "2D",
    "MagneticFieldStrength": 3,
    "Manufacturer": "SIEMENS",
    "ManufacturerModelName": "TrioTim",
    "RepetitionTime": 2,
    "ScanOptions": "FS",
    "ScanningSequence": "EP",
    "SequenceName": "epfid2d1_64",
    "SequenceVariant": "SK",
    "SliceTiming": [
      0.0025000000000000022,
      0.5,
      -0.030000000000000027,
      0.46625,
      -0.0625,
      0.43374999999499997,
      -0.09624999999999995,
      0.40000000001,
      -0.12875000000499992,
      0.36750000001,
      -0.16249999998999998,
      0.333750000005,
      -0.19499999998999995,
      0.301250000005,
      -0.228749999995,
      0.26749999999999996,
      -0.2612499999950001,
      0.235,
      -0.29500000000000004,
      0.20124999999999998,
      -0.3275,
      0.168749999995,
      -0.36124999999999996,
      0.134999999995,
      -0.39375000000499993,
      0.10250000000999998,
      -0.427500000005,
      0.06875000000499998,
      -0.45999999998999996,
      0.036250000005000005
    ],
    "TaskName": "fb",
    "qc_type": "func",
    "run_id": "02",
    "subject_id": "15",
    "task_id": "fb"
  },
  "size_t": 136,
  "size_x": 64,
  "size_y": 64,
  "size_z": 30,
  "snr": 5.208727970909085,
  "spacing_tr": 1.0,
  "spacing_x": 3.125,
  "spacing_y": 3.125,
  "spacing_z": 4.000000476837158,
  "spikes_num": 0,
  "summary_bg_k": 14.11992734634023,
  "summary_bg_mean": 62.15222930908203,
  "summary_bg_p05": 16.610294342041016,
  "summary_bg_p95": 257.66213684082004,
  "summary_bg_stdv": 89.155517578125,
  "summary_fg_k": 1.0677071211550162,
  "summary_fg_mean": 827.860595703125,
  "summary_fg_p05": 506.2095489501953,
  "summary_fg_p95": 1061.5180480957029,
  "summary_fg_stdv": 164.61314392089844,
  "tsnr": 88.46925354003906
}