{
  "aor": 0.0015489090909090906,
  "aqi": 0.0033366924545454534,
  "dvars_nstd": 16.68154274669724,
  "dvars_std": 1.175635879266055,
  "dvars_vstd": 1.010782982110092,
  "efc": 0.535890935246469,
  "fber": 75.33293151855469,
  "fd_mean": 0.08257163095761468,
  "fd_num": 0,
  "fd_perc": 0.0,
  "fwhm_avg": 6.85789,
  "fwhm_x": 6.11582,
  "fwhm_y": 7.05568,
  "fwhm_z": 7.47442,
  "gcor": 0.0542919245633212,
  "gsr_x": -0.013888854533433914,
  "gsr_y": 0.03717232123017311,
  "metadata": {
    "EchoTime": 0,
    "FlipAngle": 90,
    "MRAcquisitionType": "2D",
    "MagneticFieldStrength": 3,
    "Manufacturer": "SIEMENS",
    "ManufacturerModelName": "TrioTim",
    "RepetitionTime": 2,
    "ScanOptions": "FS",
    "ScanningSequence": "EP",
    "SequenceName": "epfid2d1_64",
    "SequenceVariant": "SK",
    "SliceTiming": [
      0.0024999999900000014,
      0.5,
      -0.030000000014999917,
      0.46625,
      -0.06374999999999997,
      0.43374999999499997,
      -0.09624999999999995,
      0.399999999995,
      -0.1300000000049999,
      0.367499999995,
      -0.16250000000499998,
      0.33374999999,
      -0.19625000001000004,
      0.30124999999,
      -0.22875000001,
      0.26749999998499996,
      -0.26250000000999996,
      0.235,
      -0.29500000001499993,
      0.20124999999999998,
      -0.32875,
      0.168749999995,
      -0.36124999999999996,
      0.134999999995,
      -0.3950000000049999,
      0.10249999999499998,
      -0.427500000005,
      0.06874999998999998,
      -0.46125000001000005,
      0.036249999990000004
    ],
    "TaskName": "fb",
    "qc_type": "func",
    "run_id": "02",
    "subject_id": "22",
    "task_id": "fb"
  },
  "size_t": 110,
  "size_x": 64,
  "size_y": 64,
  "size_z": 30,
  "snr": 5.136656281401787,
  "spacing_tr": 1.0,
  "spacing_x": 3.125,
  "spacing_y": 3.125,
  "spacing_z": 4.000002384185791,
  "spikes_num": 0,
  "summary_bg_k": 31.290645092840016,
  "summary_bg_mean": 55.080291748046875,
  "summary_bg_p05": 15.57272720336914,
  "summary_bg_p95": 212.93545074462872,
  "summary_bg_stdv": 84.17571258544922,
  "summary_fg_k": 0.7920446717455856,
  "summary_fg_mean": 856.1995849609375,
  "summary_fg_p05": 532.5654418945312,
  "summary_fg_p95": 1116.7126953124996,
  "summary_fg_stdv": 171.01300048828125,
  "tsnr": 90.83570861816406
}