{
  "aor": 0.0012512650602409638,
  "aqi": 0.0029150049397590363,
  "dvars_nstd": 15.79084816533333,
  "dvars_std": 1.1628221186666658,
  "dvars_vstd": 1.0190652865454548,
  "efc": 0.5825478334657127,
  "fber": 59.667457580566406,
  "fd_mean": 0.09971374404374547,
  "fd_num": 0,
  "fd_perc": 0.0,
  "fwhm_avg": 6.6741,
  "fwhm_x": 6.00257,
  "fwhm_y": 6.88419,
  "fwhm_z": 7.19429,
  "gcor": 0.02042160982108978,
  "gsr_x": -0.00511146942153573,
  "gsr_y": 0.06085461005568504,
  "metadata": {
    "EchoTime": 0,
    "FlipAngle": 90,
    "MRAcquisitionType": "2D",
    "MagneticFieldStrength": 3,
    "Manufacturer": "SIEMENS",
    "ManufacturerModelName": "TrioTim",
    "RepetitionTime": 2,
    "ScanOptions": "FS",
    "ScanningSequence": "EP",
    "SequenceName": "epfid2d1_64",
    "SequenceVariant": "SK",
    "SliceTiming": [
      0.0037499999899999747,
      0.5,
      -0.030000000000000027,
      0.4675,
      -0.0625,
      0.43374999999499997,
      -0.09624999999999995,
      0.401249999995,
      -0.12875000000499992,
      0.367499999995,
      -0.16250000000499998,
      0.33499999998999996,
      -0.19500000000499995,
      0.30124999999,
      -0.22875000001,
      0.26875000000500004,
      -0.26125000001,
      0.235,
      -0.29500000000000004,
      0.2025,
      -0.3275,
      0.168749999995,
      -0.36124999999999996,
      0.13624999999499998,
      -0.39375000000499993,
      0.10249999999499998,
      -0.427500000005,
      0.06999999999,
      -0.46000000000499996,
      0.036249999990000004
    ],
    "TaskName": "dis",
    "qc_type": "func",
    "run_id": "06",
    "subject_id": "05",
    "task_id": "dis"
  },
  "size_t": 166,
  "size_x": 64,
  "size_y": 64,
  "size_z": 30,
  "snr": 4.922166506578194,
  "spacing_tr": 1.0,
  "spacing_x": 3.125,
  "spacing_y": 3.125,
  "spacing_z": 3.99999737739563,
  "spikes_num": 0,
  "summary_bg_k": 20.990224674334566,
  "summary_bg_mean": 59.55784225463867,
  "summary_bg_p05": 16.060239791870117,
  "summary_bg_p95": 236.30722045898438,
  "summary_bg_stdv": 84.202880859375,
  "summary_fg_k": 0.7003611120072608,
  "summary_fg_mean": 780.4072265625,
  "summary_fg_p05": 487.86143798828124,
  "summary_fg_p95": 1035.5011962890626,
  "summary_fg_stdv": 160.1968536376953,
  "tsnr": 90.67720031738281
}