{
  "aor": 0.0008285542168674698,
  "aqi": 0.00274263656626506,
  "dvars_nstd": 19.999182672303032,
  "dvars_std": 1.1384167309090907,
  "dvars_vstd": 0.9990649190303021,
  "efc": 0.5742832334172293,
  "fber": 51.80232620239258,
  "fd_mean": 0.26779091662303034,
  "fd_num": 0,
  "fd_perc": 0.0,
  "fwhm_avg": 7.46918,
  "fwhm_x": 6.64638,
  "fwhm_y": 7.92049,
  "fwhm_z": 7.91556,
  "gcor": 0.0318058973335358,
  "gsr_x": 0.0069498298689723015,
  "gsr_y": 0.051114097237586975,
  "metadata": {
    "EchoTime": 0,
    "FlipAngle": 90,
    "MRAcquisitionType": "2D",
    "MagneticFieldStrength": 3,
    "Manufacturer": "SIEMENS",
    "ManufacturerModelName": "TrioTim",
    "RepetitionTime": 2,
    "ScanOptions": "FS",
    "ScanningSequence": "EP",
    "SequenceName": "epfid2d1_64",
    "SequenceVariant": "SK",
    "SliceTiming": [
      0.0024999999900000014,
      0.5,
      -0.030000000000000027,
      0.46625,
      -0.06374999999999997,
      0.43374999999499997,
      -0.09624999999999995,
      0.399999999995,
      -0.1300000000049999,
      0.367499999995,
      -0.16250000000499998,
      0.33374999999,
      -0.19625000001000004,
      0.30124999999,
      -0.22875000001,
      0.26749999998499996,
      -0.26250000000999996,
      0.235,
      -0.29500000001499993,
      0.20124999999999998,
      -0.32875,
      0.168749999995,
      -0.36124999999999996,
      0.134999999995,
      -0.3950000000049999,
      0.10249999999499998,
      -0.427500000005,
      0.06874999998999998,
      -0.46125000001000005,
      0.036249999990000004
    ],
    "TaskName": "dis",
    "qc_type": "func",
    "run_id": "03",
    "subject_id": "46",
    "task_id": "dis"
  },
  "size_t": 166,
  "size_x": 64,
  "size_y": 64,
  "size_z": 30,
  "snr": 4.637220337830701,
  "spacing_tr": 1.0,
  "spacing_x": 3.125,
  "spacing_y": 3.125,
  "spacing_z": 4.000001907348633,
  "spikes_num": 0,
  "summary_bg_k": 11.791322375065858,
  "summary_bg_mean": 76.44538879394531,
  "summary_bg_p05": 18.10240936279297,
  "summary_bg_p95": 312.97589111328125,
  "summary_bg_stdv": 104.927490234375,
  "summary_fg_k": 0.7282445331366922,
  "summary_fg_mean": 912.7139282226562,
  "summary_fg_p05": 559.4451538085938,
  "summary_fg_p95": 1233.2354736328125,
  "summary_fg_stdv": 200.03216552734375,
  "tsnr": 87.43343353271484
}