{
  "aor": 0.0013590000000000004,
  "aqi": 0.0035228091818181816,
  "dvars_nstd": 19.66274550201835,
  "dvars_std": 1.2615883166972475,
  "dvars_vstd": 1.0164720995412844,
  "efc": 0.6034570106879624,
  "fber": 74.74986267089844,
  "fd_mean": 0.10869757895229358,
  "fd_num": 0,
  "fd_perc": 0.0,
  "fwhm_avg": 7.07334,
  "fwhm_x": 6.25109,
  "fwhm_y": 7.36771,
  "fwhm_z": 7.68397,
  "gcor": 0.014870841936631636,
  "gsr_x": -0.013537444174289703,
  "gsr_y": 0.06410447508096695,
  "metadata": {
    "EchoTime": 0,
    "FlipAngle": 90,
    "MRAcquisitionType": "2D",
    "MagneticFieldStrength": 3,
    "Manufacturer": "SIEMENS",
    "ManufacturerModelName": "TrioTim",
    "RepetitionTime": 2,
    "ScanOptions": "FS",
    "ScanningSequence": "EP",
    "SequenceName": "epfid2d1_64",
    "SequenceVariant": "SK",
    "SliceTiming": [
      0.0037499999899999747,
      0.5,
      -0.030000000000000027,
      0.4675,
      -0.0625,
      0.43374999999499997,
      -0.09624999999999995,
      0.401249999995,
      -0.12875000000499992,
      0.367499999995,
      -0.16250000000499998,
      0.33499999998999996,
      -0.19500000000499995,
      0.30124999999,
      -0.22875000001,
      0.26874999999,
      -0.26125000001,
      0.235,
      -0.29500000000000004,
      0.2025,
      -0.3275,
      0.168749999995,
      -0.36124999999999996,
      0.13624999999499998,
      -0.39375000000499993,
      0.10249999999499998,
      -0.427500000005,
      0.06999999999,
      -0.46000000000499996,
      0.036249999990000004
    ],
    "TaskName": "fb",
    "qc_type": "func",
    "run_id": "01",
    "subject_id": "18",
    "task_id": "fb"
  },
  "size_t": 110,
  "size_x": 64,
  "size_y": 64,
  "size_z": 30,
  "snr": 4.926774254672104,
  "spacing_tr": 1.0,
  "spacing_x": 3.125,
  "spacing_y": 3.125,
  "spacing_z": 3.999999761581421,
  "spikes_num": 0,
  "summary_bg_k": 15.911685713363156,
  "summary_bg_mean": 59.162986755371094,
  "summary_bg_p05": 16.42727279663086,
  "summary_bg_p95": 228.43817443847655,
  "summary_bg_stdv": 80.56224822998047,
  "summary_fg_k": 0.8576108083237011,
  "summary_fg_mean": 846.6237182617188,
  "summary_fg_p05": 543.2454223632812,
  "summary_fg_p95": 1131.3272705078125,
  "summary_fg_stdv": 173.26112365722656,
  "tsnr": 93.44271850585938
}