{
  "aor": 0.004245,
  "aqi": 0.0067968585454545455,
  "dvars_nstd": 24.74428365862386,
  "dvars_std": 1.1943566876146787,
  "dvars_vstd": 1.0187366157798166,
  "efc": 0.5976149809261572,
  "fber": 54.575435638427734,
  "fd_mean": 0.4115677549357798,
  "fd_num": 5,
  "fd_perc": 4.545454545454546,
  "fwhm_avg": 7.0921,
  "fwhm_x": 6.22572,
  "fwhm_y": 7.43164,
  "fwhm_z": 7.70991,
  "gcor": 0.06285048831592907,
  "gsr_x": -0.012994186021387577,
  "gsr_y": 0.06659303605556488,
  "metadata": {
    "EchoTime": 0,
    "FlipAngle": 90,
    "MRAcquisitionType": "2D",
    "MagneticFieldStrength": 3,
    "Manufacturer": "SIEMENS",
    "ManufacturerModelName": "TrioTim",
    "RepetitionTime": 2,
    "ScanOptions": "FS",
    "ScanningSequence": "EP",
    "SequenceName": "epfid2d1_64",
    "SequenceVariant": "SK",
    "SliceTiming": [
      0.0025000000000000022,
      0.5,
      -0.030000000000000027,
      0.46625,
      -0.06374999999999997,
      0.43374999999499997,
      -0.09624999999999995,
      0.399999999995,
      -0.1300000000049999,
      0.367499999995,
      -0.16250000000499998,
      0.333750000005,
      -0.19625000001000004,
      0.301250000005,
      -0.228749999995,
      0.26749999999999996,
      -0.26249999999500007,
      0.235,
      -0.29500000000000004,
      0.20124999999999998,
      -0.32875,
      0.168749999995,
      -0.36124999999999996,
      0.134999999995,
      -0.3950000000049999,
      0.10249999999499998,
      -0.427500000005,
      0.06875000000499998,
      -0.46125000001000005,
      0.036250000005000005
    ],
    "TaskName": "fb",
    "qc_type": "func",
    "run_id": "04",
    "subject_id": "20",
    "task_id": "fb"
  },
  "size_t": 110,
  "size_x": 64,
  "size_y": 64,
  "size_z": 30,
  "snr": 5.010887793745865,
  "spacing_tr": 1.0,
  "spacing_x": 3.125,
  "spacing_y": 3.125,
  "spacing_z": 3.9999990463256836,
  "spikes_num": 0,
  "summary_bg_k": 18.84030374024461,
  "summary_bg_mean": 59.443302154541016,
  "summary_bg_p05": 16.80908966064453,
  "summary_bg_p95": 221.21363372802682,
  "summary_bg_stdv": 78.60786437988281,
  "summary_fg_k": 1.0561572967155248,
  "summary_fg_mean": 713.6006469726562,
  "summary_fg_p05": 457.03725585937497,
  "summary_fg_p95": 940.7990783691405,
  "summary_fg_stdv": 144.3924102783203,
  "tsnr": 64.80970764160156
}