{
  "aor": 0.000944277108433735,
  "aqi": 0.0034744200602409643,
  "dvars_nstd": 20.804032689939394,
  "dvars_std": 1.2555449778181824,
  "dvars_vstd": 1.010239513757576,
  "efc": 0.6093130066450273,
  "fber": 69.43838500976562,
  "fd_mean": 0.13483502882787882,
  "fd_num": 0,
  "fd_perc": 0.0,
  "fwhm_avg": 7.08156,
  "fwhm_x": 6.28867,
  "fwhm_y": 7.38804,
  "fwhm_z": 7.64363,
  "gcor": 0.010627801877906523,
  "gsr_x": -0.014248242601752281,
  "gsr_y": 0.06623320281505585,
  "metadata": {
    "EchoTime": 0,
    "FlipAngle": 90,
    "MRAcquisitionType": "2D",
    "MagneticFieldStrength": 3,
    "Manufacturer": "SIEMENS",
    "ManufacturerModelName": "TrioTim",
    "RepetitionTime": 2,
    "ScanOptions": "FS",
    "ScanningSequence": "EP",
    "SequenceName": "epfid2d1_64",
    "SequenceVariant": "SK",
    "SliceTiming": [
      0.0025000000000000022,
      0.5,
      -0.030000000000000027,
      0.46625000001,
      -0.06374999999999997,
      0.43375000000999997,
      -0.09624999998999995,
      0.40000000001,
      -0.12999999999,
      0.36750000001,
      -0.16249999998999998,
      0.333750000005,
      -0.19624999999500004,
      0.301250000005,
      -0.228749999995,
      0.26749999999999996,
      -0.26249999999500007,
      0.235,
      -0.29500000000000004,
      0.20124999999999998,
      -0.32875,
      0.16875000001,
      -0.36124999999999996,
      0.13500000001,
      -0.39499999999,
      0.10250000000999998,
      -0.42749999999,
      0.06875000000499998,
      -0.46124999999500005,
      0.036250000005000005
    ],
    "TaskName": "dis",
    "qc_type": "func",
    "run_id": "05",
    "subject_id": "18",
    "task_id": "dis"
  },
  "size_t": 166,
  "size_x": 64,
  "size_y": 64,
  "size_z": 30,
  "snr": 4.931189025040563,
  "spacing_tr": 1.0,
  "spacing_x": 3.125,
  "spacing_y": 3.125,
  "spacing_z": 3.999999761581421,
  "spikes_num": 0,
  "summary_bg_k": 15.354268612517174,
  "summary_bg_mean": 62.577796936035156,
  "summary_bg_p05": 16.92168617248535,
  "summary_bg_p95": 241.11144256591797,
  "summary_bg_stdv": 84.16060638427734,
  "summary_fg_k": 0.887073379471071,
  "summary_fg_mean": 856.1919555664062,
  "summary_fg_p05": 548.5855102539062,
  "summary_fg_p95": 1142.3951416015625,
  "summary_fg_stdv": 175.17799377441406,
  "tsnr": 94.10110473632812
}