{
  "aor": 0.001194779411764706,
  "aqi": 0.0034246958823529413,
  "dvars_nstd": 17.77304007955555,
  "dvars_std": 1.1459569131851854,
  "dvars_vstd": 1.0104922533333334,
  "efc": 0.5655835418134438,
  "fber": 66.31668090820312,
  "fd_mean": 0.21347093937037037,
  "fd_num": 0,
  "fd_perc": 0.0,
  "fwhm_avg": 6.88292,
  "fwhm_x": 6.1064,
  "fwhm_y": 7.34237,
  "fwhm_z": 7.27272,
  "gcor": 0.015335938509772806,
  "gsr_x": -0.011356214992702007,
  "gsr_y": 0.05428652465343475,
  "metadata": {
    "EchoTime": 0,
    "FlipAngle": 90,
    "MRAcquisitionType": "2D",
    "MagneticFieldStrength": 3,
    "Manufacturer": "SIEMENS",
    "ManufacturerModelName": "TrioTim",
    "RepetitionTime": 2,
    "ScanOptions": "FS",
    "ScanningSequence": "EP",
    "SequenceName": "epfid2d1_64",
    "SequenceVariant": "SK",
    "SliceTiming": [
      0.0037500000050000315,
      0.5,
      -0.030000000000000027,
      0.4675,
      -0.0625,
      0.43374999999499997,
      -0.09624999999999995,
      0.401249999995,
      -0.12875000000499992,
      0.36750000001,
      -0.16249999998999998,
      0.33500000000499996,
      -0.19499999998999995,
      0.301250000005,
      -0.228749999995,
      0.26875000000500004,
      -0.2612499999950001,
      0.235,
      -0.29500000000000004,
      0.2025,
      -0.3275,
      0.168749999995,
      -0.36124999999999996,
      0.13624999999499998,
      -0.39375000000499993,
      0.10250000000999998,
      -0.427500000005,
      0.07000000000500001,
      -0.45999999998999996,
      0.036250000005000005
    ],
    "TaskName": "tom",
    "qc_type": "func",
    "run_id": "01",
    "subject_id": "47",
    "task_id": "tom"
  },
  "size_t": 136,
  "size_x": 64,
  "size_y": 64,
  "size_z": 30,
  "snr": 4.951794344666808,
  "spacing_tr": 1.0,
  "spacing_x": 3.125,
  "spacing_y": 3.125,
  "spacing_z": 3.9999990463256836,
  "spikes_num": 0,
  "summary_bg_k": 19.861279564343352,
  "summary_bg_mean": 55.40622329711914,
  "summary_bg_p05": 16.0,
  "summary_bg_p95": 210.9617645263669,
  "summary_bg_stdv": 76.69187927246094,
  "summary_fg_k": 0.8067889700124709,
  "summary_fg_mean": 754.5458374023438,
  "summary_fg_p05": 465.92941589355473,
  "summary_fg_p95": 989.9551452636717,
  "summary_fg_stdv": 155.8657989501953,
  "tsnr": 85.71338653564453
}