{
  "aor": 0.0008248795180722891,
  "aqi": 0.0052205430120481925,
  "dvars_nstd": 21.351640637818182,
  "dvars_std": 1.1808430824242429,
  "dvars_vstd": 1.0047703742424245,
  "efc": 0.5804482685885504,
  "fber": 69.53205871582031,
  "fd_mean": 0.1796237409612121,
  "fd_num": 0,
  "fd_perc": 0.0,
  "fwhm_avg": 6.59545,
  "fwhm_x": 5.82306,
  "fwhm_y": 6.94153,
  "fwhm_z": 7.09784,
  "gcor": 0.021068288619259756,
  "gsr_x": -0.002825378207489848,
  "gsr_y": 0.0567745715379715,
  "metadata": {
    "EchoTime": 0,
    "FlipAngle": 90,
    "MRAcquisitionType": "2D",
    "MagneticFieldStrength": 3,
    "Manufacturer": "SIEMENS",
    "ManufacturerModelName": "TrioTim",
    "RepetitionTime": 2,
    "ScanOptions": "FS",
    "ScanningSequence": "EP",
    "SequenceName": "epfid2d1_64",
    "SequenceVariant": "SK",
    "SliceTiming": [
      0.0037499999899999747,
      0.5,
      -0.030000000014999917,
      0.4675,
      -0.0625,
      0.43374999999499997,
      -0.09624999999999995,
      0.401249999995,
      -0.12875000000499992,
      0.367499999995,
      -0.16250000000499998,
      0.33499999998999996,
      -0.19500000000499995,
      0.30124999999,
      -0.22875000001,
      0.26874999999,
      -0.26125000001,
      0.23499999998499999,
      -0.29500000001499993,
      0.2025,
      -0.3275000000149999,
      0.168749999995,
      -0.36124999999999996,
      0.13624999999499998,
      -0.39375000000499993,
      0.10249999999499998,
      -0.427500000005,
      0.06999999999,
      -0.46000000000499996,
      0.036249999990000004
    ],
    "TaskName": "dis",
    "qc_type": "func",
    "run_id": "03",
    "subject_id": "03",
    "task_id": "dis"
  },
  "size_t": 166,
  "size_x": 64,
  "size_y": 64,
  "size_z": 30,
  "snr": 5.233657008880436,
  "spacing_tr": 1.0,
  "spacing_x": 3.125,
  "spacing_y": 3.125,
  "spacing_z": 4.000001430511475,
  "spikes_num": 0,
  "summary_bg_k": 19.59790188855724,
  "summary_bg_mean": 54.54060363769531,
  "summary_bg_p05": 15.421686172485352,
  "summary_bg_p95": 207.33613586425764,
  "summary_bg_stdv": 75.69549560546875,
  "summary_fg_k": 0.9207054992462766,
  "summary_fg_mean": 763.6951904296875,
  "summary_fg_p05": 488.5752868652344,
  "summary_fg_p95": 991.1776733398438,
  "summary_fg_stdv": 148.35910034179688,
  "tsnr": 78.10211181640625
}