{
  "aor": 0.0013955454545454544,
  "aqi": 0.004423297545454546,
  "dvars_nstd": 24.068313196422018,
  "dvars_std": 1.1475034061467893,
  "dvars_vstd": 0.9926215255963307,
  "efc": 0.5960305606469127,
  "fber": 42.69412612915039,
  "fd_mean": 0.28534153759633024,
  "fd_num": 0,
  "fd_perc": 0.0,
  "fwhm_avg": 6.60821,
  "fwhm_x": 5.84035,
  "fwhm_y": 6.81969,
  "fwhm_z": 7.24516,
  "gcor": 0.037885548851706766,
  "gsr_x": -0.025229638442397118,
  "gsr_y": 0.07311028987169266,
  "metadata": {
    "EchoTime": 0,
    "FlipAngle": 90,
    "MRAcquisitionType": "2D",
    "MagneticFieldStrength": 3,
    "Manufacturer": "SIEMENS",
    "ManufacturerModelName": "TrioTim",
    "RepetitionTime": 2,
    "ScanOptions": "FS",
    "ScanningSequence": "EP",
    "SequenceName": "epfid2d1_64",
    "SequenceVariant": "SK",
    "SliceTiming": [
      0.0025000000000000022,
      0.5,
      -0.030000000000000027,
      0.46625,
      -0.06374999999999997,
      0.43374999999499997,
      -0.09624999999999995,
      0.399999999995,
      -0.1300000000049999,
      0.367499999995,
      -0.16250000000499998,
      0.33374999999,
      -0.19625000001000004,
      0.301250000005,
      -0.22875000001,
      0.26749999999999996,
      -0.26249999999500007,
      0.235,
      -0.29500000000000004,
      0.20124999999999998,
      -0.32875,
      0.168749999995,
      -0.36124999999999996,
      0.134999999995,
      -0.3950000000049999,
      0.10249999999499998,
      -0.427500000005,
      0.06874999998999998,
      -0.46125000001000005,
      0.036249999990000004
    ],
    "TaskName": "fb",
    "qc_type": "func",
    "run_id": "04",
    "subject_id": "17",
    "task_id": "fb"
  },
  "size_t": 110,
  "size_x": 64,
  "size_y": 64,
  "size_z": 30,
  "snr": 4.638651092178396,
  "spacing_tr": 1.0,
  "spacing_x": 3.125,
  "spacing_y": 3.125,
  "spacing_z": 3.999999761581421,
  "spikes_num": 0,
  "summary_bg_k": 12.526682287238357,
  "summary_bg_mean": 73.59245300292969,
  "summary_bg_p05": 17.154544830322266,
  "summary_bg_p95": 300.29771423339815,
  "summary_bg_stdv": 101.26813507080078,
  "summary_fg_k": 1.0812443087038677,
  "summary_fg_mean": 799.22607421875,
  "summary_fg_p05": 491.44179534912115,
  "summary_fg_p95": 1080.963623046875,
  "summary_fg_stdv": 174.07167053222656,
  "tsnr": 71.50188446044922
}