{
  "aor": 0.0007495180722891567,
  "aqi": 0.0031721195783132533,
  "dvars_nstd": 19.743461025151504,
  "dvars_std": 1.1284227162424243,
  "dvars_vstd": 0.9980486449696974,
  "efc": 0.5869062372766156,
  "fber": 46.342857360839844,
  "fd_mean": 0.21299713695757577,
  "fd_num": 0,
  "fd_perc": 0.0,
  "fwhm_avg": 7.31754,
  "fwhm_x": 6.49653,
  "fwhm_y": 7.68976,
  "fwhm_z": 7.84335,
  "gcor": 0.027636677385812783,
  "gsr_x": 0.016061721369624138,
  "gsr_y": 0.03373301774263382,
  "metadata": {
    "EchoTime": 0,
    "FlipAngle": 90,
    "MRAcquisitionType": "2D",
    "MagneticFieldStrength": 3,
    "Manufacturer": "SIEMENS",
    "ManufacturerModelName": "TrioTim",
    "RepetitionTime": 2,
    "ScanOptions": "FS",
    "ScanningSequence": "EP",
    "SequenceName": "epfid2d1_64",
    "SequenceVariant": "SK",
    "SliceTiming": [
      0.0037500000050000315,
      0.5,
      -0.030000000000000027,
      0.4675,
      -0.0625,
      0.43375000000999997,
      -0.09499999999999997,
      0.40125000001,
      -0.12874999999000003,
      0.36750000001,
      -0.16124999999,
      0.33500000000499996,
      -0.19499999998999995,
      0.301250000005,
      -0.22749999999500004,
      0.26875000000500004,
      -0.2612499999950001,
      0.235,
      -0.29374999999500007,
      0.2025,
      -0.3275,
      0.16875000001,
      -0.36,
      0.13625000000999998,
      -0.39374999999000004,
      0.10250000000999998,
      -0.42624999999,
      0.07000000000500001,
      -0.45999999998999996,
      0.036250000005000005
    ],
    "TaskName": "dis",
    "qc_type": "func",
    "run_id": "04",
    "subject_id": "42",
    "task_id": "dis"
  },
  "size_t": 166,
  "size_x": 64,
  "size_y": 64,
  "size_z": 30,
  "snr": 4.570902408916669,
  "spacing_tr": 1.0,
  "spacing_x": 3.125,
  "spacing_y": 3.125,
  "spacing_z": 4.000000476837158,
  "spikes_num": 0,
  "summary_bg_k": 25.637166802842028,
  "summary_bg_mean": 72.79981231689453,
  "summary_bg_p05": 17.807228088378906,
  "summary_bg_p95": 286.2126388549804,
  "summary_bg_stdv": 107.01705169677734,
  "summary_fg_k": 0.7488370146495211,
  "summary_fg_mean": 860.22412109375,
  "summary_fg_p05": 528.5521118164063,
  "summary_fg_p95": 1175.547894287109,
  "summary_fg_stdv": 190.71279907226562,
  "tsnr": 84.75904083251953
}