{
  "aor": 0.004590240963855421,
  "aqi": 0.005482780963855421,
  "dvars_nstd": 21.815247581878772,
  "dvars_std": 1.1631030373939393,
  "dvars_vstd": 1.0203996849696966,
  "efc": 0.6042952795566324,
  "fber": 50.03715515136719,
  "fd_mean": 0.2915525000363637,
  "fd_num": 8,
  "fd_perc": 4.819277108433735,
  "fwhm_avg": 6.67051,
  "fwhm_x": 5.86462,
  "fwhm_y": 7.00009,
  "fwhm_z": 7.22991,
  "gcor": 0.03846866538725704,
  "gsr_x": -0.002160443225875497,
  "gsr_y": 0.06540688872337341,
  "metadata": {
    "EchoTime": 0,
    "FlipAngle": 90,
    "MRAcquisitionType": "2D",
    "MagneticFieldStrength": 3,
    "Manufacturer": "SIEMENS",
    "ManufacturerModelName": "TrioTim",
    "RepetitionTime": 2,
    "ScanOptions": "FS",
    "ScanningSequence": "EP",
    "SequenceName": "epfid2d1_64",
    "SequenceVariant": "SK",
    "SliceTiming": [
      0.003749999994999975,
      0.5,
      -0.030000000000000027,
      0.4675,
      -0.0625,
      0.43374999999499997,
      -0.09624999999999995,
      0.401249999995,
      -0.12875000000499992,
      0.3675,
      -0.16249999999999998,
      0.33499999999999996,
      -0.19499999999999995,
      0.301249999995,
      -0.22875,
      0.268749999995,
      -0.261250000005,
      0.235,
      -0.29500000000000004,
      0.2025,
      -0.3275,
      0.168749999995,
      -0.36124999999999996,
      0.13624999999499998,
      -0.39375000000499993,
      0.10249999999999998,
      -0.427500000005,
      0.07,
      -0.45999999999999996,
      0.036249999995000004
    ],
    "TaskName": "dis",
    "qc_type": "func",
    "run_id": "05",
    "subject_id": "41",
    "task_id": "dis"
  },
  "size_t": 166,
  "size_x": 64,
  "size_y": 64,
  "size_z": 30,
  "snr": 5.057361660199386,
  "spacing_tr": 1.0,
  "spacing_x": 3.125,
  "spacing_y": 3.125,
  "spacing_z": 3.999999523162842,
  "spikes_num": 0,
  "summary_bg_k": 14.254935822134147,
  "summary_bg_mean": 71.2911605834961,
  "summary_bg_p05": 17.807228088378906,
  "summary_bg_p95": 274.63401794433594,
  "summary_bg_stdv": 94.55245208740234,
  "summary_fg_k": 0.7884771965855437,
  "summary_fg_mean": 821.4368286132812,
  "summary_fg_p05": 534.9493713378906,
  "summary_fg_p95": 1088.8963256835934,
  "summary_fg_stdv": 163.9886016845703,
  "tsnr": 70.2032470703125
}