{
  "aor": 0.006383970588235294,
  "aqi": 0.005108328602941176,
  "dvars_nstd": 21.28128326570371,
  "dvars_std": 1.188675863777778,
  "dvars_vstd": 1.0395675882962963,
  "efc": 0.60064540757503,
  "fber": 50.74679946899414,
  "fd_mean": 0.25233224015555555,
  "fd_num": 4,
  "fd_perc": 2.9411764705882355,
  "fwhm_avg": 6.62942,
  "fwhm_x": 5.7868,
  "fwhm_y": 6.98714,
  "fwhm_z": 7.20592,
  "gcor": 0.08092869029325597,
  "gsr_x": -0.0009454872342757881,
  "gsr_y": 0.06692163646221161,
  "metadata": {
    "EchoTime": 0,
    "FlipAngle": 90,
    "MRAcquisitionType": "2D",
    "MagneticFieldStrength": 3,
    "Manufacturer": "SIEMENS",
    "ManufacturerModelName": "TrioTim",
    "RepetitionTime": 2,
    "ScanOptions": "FS",
    "ScanningSequence": "EP",
    "SequenceName": "epfid2d1_64",
    "SequenceVariant": "SK",
    "SliceTiming": [
      0.0037500000050000315,
      0.5,
      -0.030000000000000027,
      0.4675,
      -0.0625,
      0.43375000000499997,
      -0.09624999999999995,
      0.401250000005,
      -0.12874999999500003,
      0.3675,
      -0.16249999999999998,
      0.33499999999999996,
      -0.19499999999999995,
      0.301250000005,
      -0.22875,
      0.26875000000500004,
      -0.2612499999950001,
      0.235,
      -0.29500000000000004,
      0.2025,
      -0.3275,
      0.168749999995,
      -0.36124999999999996,
      0.13625000000499998,
      -0.39375000000499993,
      0.10249999999999998,
      -0.4275,
      0.07,
      -0.45999999999999996,
      0.036249999995000004
    ],
    "TaskName": "tomloc",
    "qc_type": "func",
    "run_id": "02",
    "subject_id": "41",
    "task_id": "tomloc"
  },
  "size_t": 136,
  "size_x": 64,
  "size_y": 64,
  "size_z": 30,
  "snr": 5.006136309418342,
  "spacing_tr": 1.0,
  "spacing_x": 3.125,
  "spacing_y": 3.125,
  "spacing_z": 3.999999523162842,
  "spikes_num": 0,
  "summary_bg_k": 14.787231408231154,
  "summary_bg_mean": 69.74808502197266,
  "summary_bg_p05": 17.53676414489746,
  "summary_bg_p95": 270.36617431640616,
  "summary_bg_stdv": 94.08065032958984,
  "summary_fg_k": 0.889790328782178,
  "summary_fg_mean": 817.87744140625,
  "summary_fg_p05": 530.0308593750001,
  "summary_fg_p95": 1084.8000122070312,
  "summary_fg_stdv": 164.67442321777344,
  "tsnr": 71.94000244140625
}