{
  "aor": 0.0016785542168674698,
  "aqi": 0.0052344248192771085,
  "dvars_nstd": 17.62749587545454,
  "dvars_std": 1.1510032573939395,
  "dvars_vstd": 1.0097521582424236,
  "efc": 0.5643823895904952,
  "fber": 55.9631233215332,
  "fd_mean": 0.25289300832969697,
  "fd_num": 0,
  "fd_perc": 0.0,
  "fwhm_avg": 6.57792,
  "fwhm_x": 5.90352,
  "fwhm_y": 6.74007,
  "fwhm_z": 7.15303,
  "gcor": 0.06594021923570748,
  "gsr_x": -0.006234358064830303,
  "gsr_y": 0.044007714837789536,
  "metadata": {
    "EchoTime": 0,
    "FlipAngle": 90,
    "MRAcquisitionType": "2D",
    "MagneticFieldStrength": 3,
    "Manufacturer": "SIEMENS",
    "ManufacturerModelName": "TrioTim",
    "RepetitionTime": 2,
    "ScanOptions": "FS",
    "ScanningSequence": "EP",
    "SequenceName": "epfid2d1_64",
    "SequenceVariant": "SK",
    "SliceTiming": [
      0.0037500000050000315,
      0.5,
      -0.030000000000000027,
      0.4675,
      -0.0625,
      0.43375000000499997,
      -0.09624999999999995,
      0.401250000005,
      -0.12874999999500003,
      0.3675,
      -0.16249999999999998,
      0.33499999999999996,
      -0.19499999999999995,
      0.301250000005,
      -0.22875,
      0.26875000000500004,
      -0.2612499999950001,
      0.235,
      -0.29500000000000004,
      0.2025,
      -0.3275,
      0.168750000005,
      -0.36124999999999996,
      0.13625000000499998,
      -0.39374999999500004,
      0.10249999999999998,
      -0.4275,
      0.07,
      -0.45999999999999996,
      0.036249999995000004
    ],
    "TaskName": "dis",
    "qc_type": "func",
    "run_id": "04",
    "subject_id": "11",
    "task_id": "dis"
  },
  "size_t": 166,
  "size_x": 64,
  "size_y": 64,
  "size_z": 30,
  "snr": 5.046749605045785,
  "spacing_tr": 1.0,
  "spacing_x": 3.125,
  "spacing_y": 3.125,
  "spacing_z": 4.000000476837158,
  "spikes_num": 0,
  "summary_bg_k": 29.415190776728267,
  "summary_bg_mean": 55.64014434814453,
  "summary_bg_p05": 14.849396705627441,
  "summary_bg_p95": 221.04065704345703,
  "summary_bg_stdv": 87.89116668701172,
  "summary_fg_k": 1.189772924206152,
  "summary_fg_mean": 762.9061279296875,
  "summary_fg_p05": 492.0641387939453,
  "summary_fg_p95": 1001.496353149414,
  "summary_fg_stdv": 153.40554809570312,
  "tsnr": 77.77822875976562
}