{
  "aor": 0.00086644578313253,
  "aqi": 0.004013137891566266,
  "dvars_nstd": 17.10972523533334,
  "dvars_std": 1.1270354755151513,
  "dvars_vstd": 0.9991525547272729,
  "efc": 0.5590265022849623,
  "fber": 60.4309196472168,
  "fd_mean": 0.13938908133575756,
  "fd_num": 0,
  "fd_perc": 0.0,
  "fwhm_avg": 6.63483,
  "fwhm_x": 5.95364,
  "fwhm_y": 6.87997,
  "fwhm_z": 7.1305,
  "gcor": 0.035975958927568184,
  "gsr_x": -0.009890669025480747,
  "gsr_y": 0.0654541403055191,
  "metadata": {
    "EchoTime": 0,
    "FlipAngle": 90,
    "MRAcquisitionType": "2D",
    "MagneticFieldStrength": 3,
    "Manufacturer": "SIEMENS",
    "ManufacturerModelName": "TrioTim",
    "RepetitionTime": 2,
    "ScanOptions": "FS",
    "ScanningSequence": "EP",
    "SequenceName": "epfid2d1_64",
    "SequenceVariant": "SK",
    "SliceTiming": [
      0.0025000000000000022,
      0.5,
      -0.030000000000000027,
      0.46625,
      -0.06374999999999997,
      0.43374999999499997,
      -0.09624999999999995,
      0.399999999995,
      -0.1300000000049999,
      0.367499999995,
      -0.16250000000499998,
      0.333750000005,
      -0.19625000001000004,
      0.301250000005,
      -0.228749999995,
      0.26749999999999996,
      -0.26249999999500007,
      0.235,
      -0.29500000000000004,
      0.20124999999999998,
      -0.32875,
      0.168749999995,
      -0.36124999999999996,
      0.134999999995,
      -0.3950000000049999,
      0.10249999999499998,
      -0.427500000005,
      0.06874999998999998,
      -0.46125000001000005,
      0.036250000005000005
    ],
    "TaskName": "dis",
    "qc_type": "func",
    "run_id": "03",
    "subject_id": "33",
    "task_id": "dis"
  },
  "size_t": 166,
  "size_x": 64,
  "size_y": 64,
  "size_z": 30,
  "snr": 4.976612486206837,
  "spacing_tr": 1.0,
  "spacing_x": 3.125,
  "spacing_y": 3.125,
  "spacing_z": 4.000001430511475,
  "spikes_num": 0,
  "summary_bg_k": 14.62512457698179,
  "summary_bg_mean": 63.192012786865234,
  "summary_bg_p05": 16.783132553100586,
  "summary_bg_p95": 260.6084289550781,
  "summary_bg_stdv": 90.9839859008789,
  "summary_fg_k": 0.908031952056843,
  "summary_fg_mean": 843.8590087890625,
  "summary_fg_p05": 535.2915618896484,
  "summary_fg_p95": 1120.2962890625,
  "summary_fg_stdv": 171.66526794433594,
  "tsnr": 83.76546478271484
}