{
  "cjv": 0.6256465911865234,
  "cnr": 5.708779335021973,
  "efc": 0.5545219155397553,
  "fber": 37.09518051147461,
  "fwhm_avg": 2.80346,
  "fwhm_x": 3.02125,
  "fwhm_y": 2.87217,
  "fwhm_z": 2.53913,
  "icvs_csf": 0.1587028097801986,
  "icvs_gm": 0.43396668315027626,
  "icvs_wm": 0.40733050706952517,
  "inu_med": 0.7464582920074463,
  "inu_range": 0.24979993104934706,
  "metadata": {
    "EchoTime": 0.0033900000000000002,
    "FlipAngle": 9,
    "MRAcquisitionType": "3D",
    "MagneticFieldStrength": 3,
    "Manufacturer": "SIEMENS",
    "ManufacturerModelName": "TrioTim",
    "RepetitionTime": 2,
    "ScanOptions": "IR",
    "ScanningSequence": "GR\\IR",
    "SequenceName": "tfl3d1_ns",
    "SequenceVariant": "SP\\MP",
    "SliceTiming": [
      0.0025000000000000022,
      0.5,
      -0.030000000000000027,
      0.46625,
      -0.06374999999999997,
      0.43374999999499997,
      -0.09624999999999995,
      0.399999999995,
      -0.1300000000049999,
      0.367499999995,
      -0.16250000000499998,
      0.333750000005,
      -0.19624999999500004,
      0.301250000005,
      -0.228749999995,
      0.26749999999999996,
      -0.26249999999500007,
      0.235,
      -0.29500000000000004,
      0.20124999999999998,
      -0.32875,
      0.168749999995,
      -0.36124999999999996,
      0.134999999995,
      -0.3950000000049999,
      0.10249999999499998,
      -0.427500000005,
      0.06875000000499998,
      -0.46125000001000005,
      0.036250000005000005
    ],
    "TaskName": "MPRAGE",
    "qc_type": "anat",
    "subject_id": "15"
  },
  "qi_1": 0.0,
  "qi_2": 0.04315857718157558,
  "rpve_csf": 45547.03125,
  "rpve_gm": 91945.5859375,
  "rpve_wm": 41478.5859375,
  "size_x": 128,
  "size_y": 256,
  "size_z": 256,
  "snr_csf": 3.295760297237475,
  "snr_gm": 10.159455437442224,
  "snr_total": 11.100462510688885,
  "snr_wm": 19.846171797386955,
  "snrd_csf": 30.496421359542797,
  "snrd_gm": 48.64708561688312,
  "snrd_total": 47.33104970743446,
  "snrd_wm": 62.84964214587746,
  "spacing_x": 1.3300000429153442,
  "spacing_y": 1.0,
  "spacing_z": 1.0,
  "summary_bg_k": 20.165302590624197,
  "summary_bg_mean": 4.192086696624756,
  "summary_bg_p05": 1.0,
  "summary_bg_p95": 8.0,
  "summary_bg_stdv": 2.2530648708343506,
  "summary_csf_k": 1.186270810309228,
  "summary_csf_mean": 87.81798553466797,
  "summary_csf_p05": 37.0,
  "summary_csf_p95": 129.0,
  "summary_csf_stdv": 29.775239944458008,
  "summary_gm_k": -0.5779869129295236,
  "summary_gm_mean": 157.76181030273438,
  "summary_gm_p05": 120.0,
  "summary_gm_p95": 197.0,
  "summary_gm_stdv": 23.27361297607422,
  "summary_wm_k": -0.5013705836106537,
  "summary_wm_mean": 215.30516052246094,
  "summary_wm_p05": 175.0,
  "summary_wm_p95": 249.0,
  "summary_wm_stdv": 22.527990341186523,
  "tpm_overlap_csf": 0.1793619871312956,
  "tpm_overlap_gm": 0.3825187116617132,
  "tpm_overlap_wm": 0.42118723578159545,
  "wm2max": 0.8627450980392157
}