{
  "aor": 0.0027150602409638552,
  "aqi": 0.006337305240963855,
  "dvars_nstd": 19.071068046969703,
  "dvars_std": 1.1555687680000002,
  "dvars_vstd": 1.006877290787879,
  "efc": 0.5629464864259482,
  "fber": 57.532039642333984,
  "fd_mean": 0.2883502775393939,
  "fd_num": 3,
  "fd_perc": 1.8072289156626506,
  "fwhm_avg": 6.78276,
  "fwhm_x": 6.0872,
  "fwhm_y": 6.91838,
  "fwhm_z": 7.40965,
  "gcor": 0.05021590497120317,
  "gsr_x": -0.007148365490138531,
  "gsr_y": 0.044818926602602005,
  "metadata": {
    "EchoTime": 0,
    "FlipAngle": 90,
    "MRAcquisitionType": "2D",
    "MagneticFieldStrength": 3,
    "Manufacturer": "SIEMENS",
    "ManufacturerModelName": "TrioTim",
    "RepetitionTime": 2,
    "ScanOptions": "FS",
    "ScanningSequence": "EP",
    "SequenceName": "epfid2d1_64",
    "SequenceVariant": "SK",
    "SliceTiming": [
      0.003749999994999975,
      0.5,
      -0.030000000000000027,
      0.4675,
      -0.0625,
      0.43374999999499997,
      -0.09624999999999995,
      0.401249999995,
      -0.12875000000499992,
      0.3675,
      -0.16249999999999998,
      0.33499999999999996,
      -0.19499999999999995,
      0.301249999995,
      -0.22875,
      0.268749999995,
      -0.261250000005,
      0.235,
      -0.29500000000499993,
      0.2025,
      -0.3275,
      0.168749999995,
      -0.36124999999999996,
      0.13624999999499998,
      -0.39375000000499993,
      0.10249999999999998,
      -0.427500000005,
      0.07,
      -0.45999999999999996,
      0.036249999995000004
    ],
    "TaskName": "dis",
    "qc_type": "func",
    "run_id": "01",
    "subject_id": "11",
    "task_id": "dis"
  },
  "size_t": 166,
  "size_x": 64,
  "size_y": 64,
  "size_z": 30,
  "snr": 5.061160899769882,
  "spacing_tr": 1.0,
  "spacing_x": 3.125,
  "spacing_y": 3.125,
  "spacing_z": 4.000000476837158,
  "spikes_num": 0,
  "summary_bg_k": 28.02386934798642,
  "summary_bg_mean": 54.759159088134766,
  "summary_bg_p05": 14.644577980041504,
  "summary_bg_p95": 218.64667968749995,
  "summary_bg_stdv": 86.02014923095703,
  "summary_fg_k": 1.0928372156342974,
  "summary_fg_mean": 758.3258666992188,
  "summary_fg_p05": 485.18312072753906,
  "summary_fg_p95": 993.5963745117188,
  "summary_fg_stdv": 152.19024658203125,
  "tsnr": 74.20023345947266
}