{
  "aor": 0.0015020481927710847,
  "aqi": 0.003774083072289156,
  "dvars_nstd": 18.081399876787877,
  "dvars_std": 1.1363874309696973,
  "dvars_vstd": 1.013899629333333,
  "efc": 0.5915462047508627,
  "fber": 61.81341552734375,
  "fd_mean": 0.1794311810085576,
  "fd_num": 0,
  "fd_perc": 0.0,
  "fwhm_avg": 6.65754,
  "fwhm_x": 5.88467,
  "fwhm_y": 6.89231,
  "fwhm_z": 7.27536,
  "gcor": 0.0275618340595659,
  "gsr_x": -0.01398241426795721,
  "gsr_y": 0.07295870035886765,
  "metadata": {
    "EchoTime": 0,
    "FlipAngle": 90,
    "MRAcquisitionType": "2D",
    "MagneticFieldStrength": 3,
    "Manufacturer": "SIEMENS",
    "ManufacturerModelName": "TrioTim",
    "RepetitionTime": 2,
    "ScanOptions": "FS",
    "ScanningSequence": "EP",
    "SequenceName": "epfid2d1_56",
    "SequenceVariant": "SK",
    "SliceTiming": [
      0.0037500000050000315,
      0.5,
      -0.030000000000000027,
      0.4675,
      -0.0625,
      0.43374999999499997,
      -0.09624999999999995,
      0.401249999995,
      -0.12875000000499992,
      0.36750000001,
      -0.16249999998999998,
      0.33500000000499996,
      -0.19499999998999995,
      0.301250000005,
      -0.228749999995,
      0.26875000000500004,
      -0.2612499999950001,
      0.235,
      -0.29500000000000004,
      0.2025,
      -0.3275,
      0.168749999995,
      -0.36124999999999996,
      0.13624999999499998,
      -0.39375000000499993,
      0.10250000000999998,
      -0.427500000005,
      0.07000000000500001,
      -0.45999999998999996,
      0.036250000005000005
    ],
    "TaskName": "dis",
    "qc_type": "func",
    "run_id": "01",
    "subject_id": "06",
    "task_id": "dis"
  },
  "size_t": 166,
  "size_x": 64,
  "size_y": 56,
  "size_z": 30,
  "snr": 5.102301418015623,
  "spacing_tr": 1.0,
  "spacing_x": 3.125,
  "spacing_y": 3.125,
  "spacing_z": 4.0,
  "spikes_num": 0,
  "summary_bg_k": 12.06289464633276,
  "summary_bg_mean": 59.318443298339844,
  "summary_bg_p05": 16.993974685668945,
  "summary_bg_p95": 254.565051269531,
  "summary_bg_stdv": 84.49959564208984,
  "summary_fg_k": 0.677274917475855,
  "summary_fg_mean": 796.0596923828125,
  "summary_fg_p05": 505.0174499511719,
  "summary_fg_p95": 1043.6686767578124,
  "summary_fg_stdv": 158.5857391357422,
  "tsnr": 80.05601501464844
}