{
  "aor": 0.0014652409638554217,
  "aqi": 0.006985327530120482,
  "dvars_nstd": 37.504804887999974,
  "dvars_std": 1.2745090353939394,
  "dvars_vstd": 0.9989678823636364,
  "efc": 0.590432731294988,
  "fber": 70.71196746826172,
  "fd_mean": 0.4644464005939393,
  "fd_num": 5,
  "fd_perc": 3.0120481927710845,
  "fwhm_avg": 7.05385,
  "fwhm_x": 6.12214,
  "fwhm_y": 7.41829,
  "fwhm_z": 7.72807,
  "gcor": 0.03541898152914392,
  "gsr_x": -0.01560948695987463,
  "gsr_y": 0.06402311474084854,
  "metadata": {
    "EchoTime": 0,
    "FlipAngle": 90,
    "MRAcquisitionType": "2D",
    "MagneticFieldStrength": 3,
    "Manufacturer": "SIEMENS",
    "ManufacturerModelName": "TrioTim",
    "RepetitionTime": 2,
    "ScanOptions": "FS",
    "ScanningSequence": "EP",
    "SequenceName": "epfid2d1_64",
    "SequenceVariant": "SK",
    "SliceTiming": [
      0.0024999999900000014,
      0.5,
      -0.030000000014999917,
      0.46625,
      -0.06374999999999997,
      0.43374999999499997,
      -0.09624999999999995,
      0.399999999995,
      -0.1300000000049999,
      0.367499999995,
      -0.16250000000499998,
      0.33374999999,
      -0.19625000001000004,
      0.30124999999,
      -0.22875000001,
      0.26749999998499996,
      -0.26250000000999996,
      0.235,
      -0.29500000001499993,
      0.20124999999999998,
      -0.32875,
      0.168749999995,
      -0.36124999999999996,
      0.134999999995,
      -0.3950000000049999,
      0.10249999999499998,
      -0.427500000005,
      0.06874999998999998,
      -0.46125000001000005,
      0.036249999990000004
    ],
    "TaskName": "dis",
    "qc_type": "func",
    "run_id": "06",
    "subject_id": "39",
    "task_id": "dis"
  },
  "size_t": 166,
  "size_x": 64,
  "size_y": 64,
  "size_z": 30,
  "snr": 4.755125548769679,
  "spacing_tr": 1.0,
  "spacing_x": 3.125,
  "spacing_y": 3.125,
  "spacing_z": 3.999999761581421,
  "spikes_num": 0,
  "summary_bg_k": 14.092495171889084,
  "summary_bg_mean": 65.31678009033203,
  "summary_bg_p05": 18.42168617248535,
  "summary_bg_p95": 247.17890167236317,
  "summary_bg_stdv": 86.19862365722656,
  "summary_fg_k": 1.2959082066164713,
  "summary_fg_mean": 889.8438720703125,
  "summary_fg_p05": 574.0647430419922,
  "summary_fg_p95": 1208.9834289550781,
  "summary_fg_stdv": 187.77377319335938,
  "tsnr": 69.77201843261719
}