{
  "aor": 0.02838993975903615,
  "aqi": 0.012595561686746987,
  "dvars_nstd": 44.471956276242445,
  "dvars_std": 1.5108761763636362,
  "dvars_vstd": 1.2922127204848493,
  "efc": 0.5830159090140746,
  "fber": 62.03014373779297,
  "fd_mean": 0.9157509593775758,
  "fd_num": 39,
  "fd_perc": 23.49397590361446,
  "fwhm_avg": 7.73833,
  "fwhm_x": 6.79637,
  "fwhm_y": 8.29376,
  "fwhm_z": 8.22078,
  "gcor": 0.3552747060017413,
  "gsr_x": -0.013321696780622005,
  "gsr_y": 0.058270931243896484,
  "metadata": {
    "EchoTime": 0,
    "FlipAngle": 90,
    "MRAcquisitionType": "2D",
    "MagneticFieldStrength": 3,
    "Manufacturer": "SIEMENS",
    "ManufacturerModelName": "TrioTim",
    "RepetitionTime": 2,
    "ScanOptions": "FS",
    "ScanningSequence": "EP",
    "SequenceName": "epfid2d1_64",
    "SequenceVariant": "SK",
    "SliceTiming": [
      0.0025000000000000022,
      0.5,
      -0.030000000000000027,
      0.46625,
      -0.06374999999999997,
      0.43374999999499997,
      -0.09624999999999995,
      0.399999999995,
      -0.1300000000049999,
      0.36750000001,
      -0.16250000000499998,
      0.333750000005,
      -0.19624999999500004,
      0.301250000005,
      -0.228749999995,
      0.26749999999999996,
      -0.26249999999500007,
      0.235,
      -0.29500000000000004,
      0.20124999999999998,
      -0.32875,
      0.168749999995,
      -0.36124999999999996,
      0.134999999995,
      -0.3950000000049999,
      0.10249999999499998,
      -0.427500000005,
      0.06875000000499998,
      -0.46124999999500005,
      0.036250000005000005
    ],
    "TaskName": "dis",
    "qc_type": "func",
    "run_id": "05",
    "subject_id": "31",
    "task_id": "dis"
  },
  "size_t": 166,
  "size_x": 64,
  "size_y": 64,
  "size_z": 30,
  "snr": 4.872258017770344,
  "spacing_tr": 1.0,
  "spacing_x": 3.125,
  "spacing_y": 3.125,
  "spacing_z": 4.000000953674316,
  "spikes_num": 0,
  "summary_bg_k": 17.637749176826336,
  "summary_bg_mean": 66.12191772460938,
  "summary_bg_p05": 18.62650489807129,
  "summary_bg_p95": 243.61806259155296,
  "summary_bg_stdv": 86.03300476074219,
  "summary_fg_k": 0.6088847475950177,
  "summary_fg_mean": 836.2981567382812,
  "summary_fg_p05": 511.00119323730473,
  "summary_fg_p95": 1107.6396911621093,
  "summary_fg_stdv": 175.8839111328125,
  "tsnr": 39.9835319519043
}