{
  "cjv": 0.7574580907821655,
  "cnr": 3.8790442943573,
  "efc": 0.573621553495876,
  "fber": 18.593294143676758,
  "fwhm_avg": 2.08986,
  "fwhm_x": 2.31542,
  "fwhm_y": 2.19879,
  "fwhm_z": 1.79284,
  "icvs_csf": 0.1557599349706886,
  "icvs_gm": 0.3870595635512495,
  "icvs_wm": 0.45718050147806194,
  "inu_med": 0.7508854866027832,
  "inu_range": 0.29779837727546676,
  "metadata": {
    "EchoTime": 0.0033900000000000002,
    "FlipAngle": 9,
    "MRAcquisitionType": "3D",
    "MagneticFieldStrength": 3,
    "Manufacturer": "SIEMENS",
    "ManufacturerModelName": "TrioTim",
    "RepetitionTime": 2,
    "ScanOptions": "IR",
    "ScanningSequence": "GR\\IR",
    "SequenceName": "tfl3d1_ns",
    "SequenceVariant": "SP\\MP",
    "SliceTiming": [
      0.0037500000050000315,
      0.5,
      -0.030000000000000027,
      0.4675,
      -0.0625,
      0.43374999999499997,
      -0.09624999999999995,
      0.401249999995,
      -0.12875000000499992,
      0.36750000001,
      -0.16250000000499998,
      0.33500000000499996,
      -0.19499999998999995,
      0.301250000005,
      -0.228749999995,
      0.26875000000500004,
      -0.2612499999950001,
      0.235,
      -0.29500000000000004,
      0.2025,
      -0.3275,
      0.168749999995,
      -0.36124999999999996,
      0.13624999999499998,
      -0.39375000000499993,
      0.10250000000999998,
      -0.427500000005,
      0.07000000000500001,
      -0.45999999998999996,
      0.036250000005000005
    ],
    "TaskName": "MPRAGE",
    "qc_type": "anat",
    "subject_id": "31"
  },
  "qi_1": 0.0014471982962151915,
  "qi_2": 0.002737289552597391,
  "rpve_csf": 54098.98828125,
  "rpve_gm": 93608.2890625,
  "rpve_wm": 62123.703125,
  "size_x": 128,
  "size_y": 256,
  "size_z": 256,
  "snr_csf": 1.765387868371288,
  "snr_gm": 7.29559764323152,
  "snr_total": 7.624076939679365,
  "snr_wm": 13.811245307435287,
  "snrd_csf": 9.97921477959635,
  "snrd_gm": 21.834675525370997,
  "snrd_total": 20.39050744479017,
  "snrd_wm": 29.35763202940316,
  "spacing_x": 1.3300000429153442,
  "spacing_y": 1.0,
  "spacing_z": 1.0,
  "summary_bg_k": 158.93743456399375,
  "summary_bg_mean": 5.62723445892334,
  "summary_bg_p05": 0.0,
  "summary_bg_p95": 14.0,
  "summary_bg_stdv": 9.055943489074707,
  "summary_csf_k": 3.345653832752081,
  "summary_csf_mean": 52.072654724121094,
  "summary_csf_p05": 4.0,
  "summary_csf_p95": 100.0,
  "summary_csf_stdv": 36.00407028198242,
  "summary_gm_k": -0.6968024912517441,
  "summary_gm_mean": 141.37698364257812,
  "summary_gm_p05": 94.0,
  "summary_gm_p95": 188.0,
  "summary_gm_stdv": 28.648969650268555,
  "summary_wm_k": -0.5027921770336832,
  "summary_wm_mean": 209.44203186035156,
  "summary_wm_p05": 160.0,
  "summary_wm_p95": 249.0,
  "summary_wm_stdv": 27.59263038635254,
  "tpm_overlap_csf": 0.06138215548779144,
  "tpm_overlap_gm": 0.1772891535753047,
  "tpm_overlap_wm": 0.24731849363372618,
  "wm2max": 0.8392156862745098
}