{
  "aor": 0.03549972727272728,
  "aqi": 0.01445371509090909,
  "dvars_nstd": 49.36994202669724,
  "dvars_std": 1.5840407192660548,
  "dvars_vstd": 1.3629921993577987,
  "efc": 0.5791380017507222,
  "fber": 64.19107055664062,
  "fd_mean": 1.0337107345779817,
  "fd_num": 30,
  "fd_perc": 27.272727272727273,
  "fwhm_avg": 7.85388,
  "fwhm_x": 6.86505,
  "fwhm_y": 8.31875,
  "fwhm_z": 8.48303,
  "gcor": 0.5820782748135653,
  "gsr_x": -0.014607070945203304,
  "gsr_y": 0.05413508787751198,
  "metadata": {
    "EchoTime": 0,
    "FlipAngle": 90,
    "MRAcquisitionType": "2D",
    "MagneticFieldStrength": 3,
    "Manufacturer": "SIEMENS",
    "ManufacturerModelName": "TrioTim",
    "RepetitionTime": 2,
    "ScanOptions": "FS",
    "ScanningSequence": "EP",
    "SequenceName": "epfid2d1_64",
    "SequenceVariant": "SK",
    "SliceTiming": [
      0.0025000000000000022,
      0.5,
      -0.030000000000000027,
      0.46625,
      -0.06374999999999997,
      0.43374999999499997,
      -0.09624999999999995,
      0.399999999995,
      -0.1300000000049999,
      0.367499999995,
      -0.16250000000499998,
      0.33374999999,
      -0.19625000001000004,
      0.30124999999,
      -0.22875000001,
      0.26749999999999996,
      -0.26249999999500007,
      0.235,
      -0.29500000000000004,
      0.20124999999999998,
      -0.32875,
      0.168749999995,
      -0.36124999999999996,
      0.134999999995,
      -0.3950000000049999,
      0.10249999999499998,
      -0.427500000005,
      0.06874999998999998,
      -0.46125000001000005,
      0.036249999990000004
    ],
    "TaskName": "fb",
    "qc_type": "func",
    "run_id": "01",
    "subject_id": "31",
    "task_id": "fb"
  },
  "size_t": 110,
  "size_x": 64,
  "size_y": 64,
  "size_z": 30,
  "snr": 4.991863155185162,
  "spacing_tr": 1.0,
  "spacing_x": 3.125,
  "spacing_y": 3.125,
  "spacing_z": 4.000000953674316,
  "spikes_num": 0,
  "summary_bg_k": 15.942012867061258,
  "summary_bg_mean": 65.35957336425781,
  "summary_bg_p05": 18.35454559326172,
  "summary_bg_p95": 241.02453918457016,
  "summary_bg_stdv": 84.99020385742188,
  "summary_fg_k": 0.5573448736566271,
  "summary_fg_mean": 841.386474609375,
  "summary_fg_p05": 516.4409027099609,
  "summary_fg_p95": 1104.9136047363281,
  "summary_fg_stdv": 173.0851593017578,
  "tsnr": 37.358482360839844
}