{
  "aor": 0.0007431617647058823,
  "aqi": 0.003108150073529412,
  "dvars_nstd": 21.132093394518527,
  "dvars_std": 1.1404151402962968,
  "dvars_vstd": 0.9969273311851855,
  "efc": 0.5749394663025787,
  "fber": 51.40303421020508,
  "fd_mean": 0.2811325390651852,
  "fd_num": 0,
  "fd_perc": 0.0,
  "fwhm_avg": 7.49378,
  "fwhm_x": 6.68722,
  "fwhm_y": 7.98643,
  "fwhm_z": 7.87962,
  "gcor": 0.02420489752993864,
  "gsr_x": 0.005200863815844059,
  "gsr_y": 0.053646840155124664,
  "metadata": {
    "EchoTime": 0,
    "FlipAngle": 90,
    "MRAcquisitionType": "2D",
    "MagneticFieldStrength": 3,
    "Manufacturer": "SIEMENS",
    "ManufacturerModelName": "TrioTim",
    "RepetitionTime": 2,
    "ScanOptions": "FS",
    "ScanningSequence": "EP",
    "SequenceName": "epfid2d1_64",
    "SequenceVariant": "SK",
    "SliceTiming": [
      0.0025000000000000022,
      0.5,
      -0.030000000000000027,
      0.46625,
      -0.06374999999999997,
      0.43374999999499997,
      -0.09624999999999995,
      0.40000000001,
      -0.12999999999,
      0.36750000001,
      -0.16249999998999998,
      0.333750000005,
      -0.19624999999500004,
      0.301250000005,
      -0.228749999995,
      0.26749999999999996,
      -0.26249999999500007,
      0.235,
      -0.29500000000000004,
      0.20124999999999998,
      -0.32875,
      0.168749999995,
      -0.36124999999999996,
      0.13500000001,
      -0.3950000000049999,
      0.10250000000999998,
      -0.42749999999,
      0.06875000000499998,
      -0.46124999999500005,
      0.036250000005000005
    ],
    "TaskName": "tom",
    "qc_type": "func",
    "run_id": "02",
    "subject_id": "46",
    "task_id": "tom"
  },
  "size_t": 136,
  "size_x": 64,
  "size_y": 64,
  "size_z": 30,
  "snr": 4.589665043622794,
  "spacing_tr": 1.0,
  "spacing_x": 3.125,
  "spacing_y": 3.125,
  "spacing_z": 4.000001907348633,
  "spikes_num": 0,
  "summary_bg_k": 12.209903466890397,
  "summary_bg_mean": 76.8930892944336,
  "summary_bg_p05": 18.169116973876953,
  "summary_bg_p95": 314.70588378906217,
  "summary_bg_stdv": 105.423095703125,
  "summary_fg_k": 0.7299056351276443,
  "summary_fg_mean": 913.46484375,
  "summary_fg_p05": 556.9779663085938,
  "summary_fg_p95": 1240.114013671875,
  "summary_fg_stdv": 201.98983764648438,
  "tsnr": 84.96976470947266
}