{
  "aor": 0.0012363636363636361,
  "aqi": 0.005810973909090908,
  "dvars_nstd": 20.284432288532102,
  "dvars_std": 1.1235554021100915,
  "dvars_vstd": 0.9846106225688074,
  "efc": 0.5949617604105312,
  "fber": 55.354248046875,
  "fd_mean": 0.22996660434862393,
  "fd_num": 1,
  "fd_perc": 0.9090909090909091,
  "fwhm_avg": 7.06747,
  "fwhm_x": 6.21363,
  "fwhm_y": 7.297,
  "fwhm_z": 7.78579,
  "gcor": 0.021704348650845615,
  "gsr_x": -0.013412672095000744,
  "gsr_y": 0.06403492391109467,
  "metadata": {
    "EchoTime": 0,
    "FlipAngle": 90,
    "MRAcquisitionType": "2D",
    "MagneticFieldStrength": 3,
    "Manufacturer": "SIEMENS",
    "ManufacturerModelName": "TrioTim",
    "RepetitionTime": 2,
    "ScanOptions": "FS",
    "ScanningSequence": "EP",
    "SequenceName": "epfid2d1_64",
    "SequenceVariant": "SK",
    "SliceTiming": [
      0.0025000000000000022,
      0.5,
      -0.030000000000000027,
      0.46625000001,
      -0.06374999998500008,
      0.43375000000999997,
      -0.09624999998999995,
      0.40000000001,
      -0.12999999999,
      0.36750000001,
      -0.16249999998999998,
      0.333750000005,
      -0.19624999999500004,
      0.301250000005,
      -0.228749999995,
      0.26749999999999996,
      -0.26249999999500007,
      0.235,
      -0.29500000000000004,
      0.20125000001499999,
      -0.32875,
      0.16875000001,
      -0.36124999998500007,
      0.13500000001,
      -0.39499999999,
      0.10250000000999998,
      -0.42749999999,
      0.06875000000499998,
      -0.46124999999500005,
      0.036250000005000005
    ],
    "TaskName": "fb",
    "qc_type": "func",
    "run_id": "02",
    "subject_id": "20",
    "task_id": "fb"
  },
  "size_t": 110,
  "size_x": 64,
  "size_y": 64,
  "size_z": 30,
  "snr": 4.951950542635271,
  "spacing_tr": 1.0,
  "spacing_x": 3.125,
  "spacing_y": 3.125,
  "spacing_z": 3.9999990463256836,
  "spikes_num": 0,
  "summary_bg_k": 19.27861133243155,
  "summary_bg_mean": 57.9343147277832,
  "summary_bg_p05": 16.654544830322266,
  "summary_bg_p95": 219.93726730346634,
  "summary_bg_stdv": 78.45602416992188,
  "summary_fg_k": 0.9767188409069729,
  "summary_fg_mean": 710.871826171875,
  "summary_fg_p05": 455.3068084716797,
  "summary_fg_p95": 941.3795013427734,
  "summary_fg_stdv": 145.51980590820312,
  "tsnr": 71.524169921875
}