{
  "aor": 0.004591084337349397,
  "aqi": 0.005615015542168675,
  "dvars_nstd": 23.472367772000002,
  "dvars_std": 1.2332406981212127,
  "dvars_vstd": 1.051358280848485,
  "efc": 0.5493324770093075,
  "fber": 52.60491943359375,
  "fd_mean": 0.3723084988715151,
  "fd_num": 7,
  "fd_perc": 4.216867469879518,
  "fwhm_avg": 7.00567,
  "fwhm_x": 6.2434,
  "fwhm_y": 7.32973,
  "fwhm_z": 7.51346,
  "gcor": 0.026322152241166817,
  "gsr_x": 0.006398653611540794,
  "gsr_y": 0.042644865810871124,
  "metadata": {
    "EchoTime": 0,
    "FlipAngle": 90,
    "MRAcquisitionType": "2D",
    "MagneticFieldStrength": 3,
    "Manufacturer": "SIEMENS",
    "ManufacturerModelName": "TrioTim",
    "RepetitionTime": 2,
    "ScanOptions": "FS",
    "ScanningSequence": "EP",
    "SequenceName": "epfid2d1_64",
    "SequenceVariant": "SK",
    "SliceTiming": [
      0.0037500000050000315,
      0.5,
      -0.030000000000000027,
      0.4675,
      -0.0625,
      0.43374999999499997,
      -0.09624999999999995,
      0.401249999995,
      -0.12875000000499992,
      0.367499999995,
      -0.16250000000499998,
      0.33499999998999996,
      -0.19500000000499995,
      0.301250000005,
      -0.22875000001,
      0.26875000000500004,
      -0.2612499999950001,
      0.235,
      -0.29500000000000004,
      0.2025,
      -0.3275,
      0.168749999995,
      -0.36124999999999996,
      0.13624999999499998,
      -0.39375000000499993,
      0.10249999999499998,
      -0.427500000005,
      0.06999999999,
      -0.46000000000499996,
      0.036250000005000005
    ],
    "TaskName": "dis",
    "qc_type": "func",
    "run_id": "01",
    "subject_id": "28",
    "task_id": "dis"
  },
  "size_t": 166,
  "size_x": 64,
  "size_y": 64,
  "size_z": 30,
  "snr": 4.952369269418524,
  "spacing_tr": 1.0,
  "spacing_x": 3.125,
  "spacing_y": 3.125,
  "spacing_z": 4.000001430511475,
  "spikes_num": 1,
  "summary_bg_k": 15.36960380174817,
  "summary_bg_mean": 58.721343994140625,
  "summary_bg_p05": 16.156625747680664,
  "summary_bg_p95": 242.97107543945327,
  "summary_bg_stdv": 86.96331787109375,
  "summary_fg_k": 0.7565150937123195,
  "summary_fg_mean": 745.2117309570312,
  "summary_fg_p05": 456.7397430419922,
  "summary_fg_p95": 977.1252868652343,
  "summary_fg_stdv": 154.5401153564453,
  "tsnr": 65.71037292480469
}