{
  "aor": 0.0011149397590361446,
  "aqi": 0.0034921607228915663,
  "dvars_nstd": 15.906227331333326,
  "dvars_std": 1.1322924247272723,
  "dvars_vstd": 1.0064077029696967,
  "efc": 0.5570223829805107,
  "fber": 70.53588104248047,
  "fd_mean": 0.24092355515573521,
  "fd_num": 0,
  "fd_perc": 0.0,
  "fwhm_avg": 6.77672,
  "fwhm_x": 5.97631,
  "fwhm_y": 6.99278,
  "fwhm_z": 7.4469,
  "gcor": 0.02682596229645143,
  "gsr_x": -0.006004572845995426,
  "gsr_y": 0.03227943181991577,
  "metadata": {
    "EchoTime": 0,
    "FlipAngle": 90,
    "MRAcquisitionType": "2D",
    "MagneticFieldStrength": 3,
    "Manufacturer": "SIEMENS",
    "ManufacturerModelName": "TrioTim",
    "RepetitionTime": 2,
    "ScanOptions": "FS",
    "ScanningSequence": "EP",
    "SequenceName": "epfid2d1_64",
    "SequenceVariant": "SK",
    "SliceTiming": [
      0.0025000000000000022,
      0.5,
      -0.030000000000000027,
      0.46625,
      -0.06374999999999997,
      0.43374999999499997,
      -0.09624999999999995,
      0.399999999995,
      -0.1300000000049999,
      0.367499999995,
      -0.16250000000499998,
      0.333750000005,
      -0.19624999999500004,
      0.301250000005,
      -0.228749999995,
      0.26749999999999996,
      -0.26249999999500007,
      0.235,
      -0.29500000000000004,
      0.20124999999999998,
      -0.32875,
      0.168749999995,
      -0.36124999999999996,
      0.134999999995,
      -0.3950000000049999,
      0.10249999999499998,
      -0.427500000005,
      0.06875000000499998,
      -0.46124999999500005,
      0.036250000005000005
    ],
    "TaskName": "dis",
    "qc_type": "func",
    "run_id": "03",
    "subject_id": "09",
    "task_id": "dis"
  },
  "size_t": 166,
  "size_x": 64,
  "size_y": 64,
  "size_z": 30,
  "snr": 5.066886582622154,
  "spacing_tr": 1.0,
  "spacing_x": 3.125,
  "spacing_y": 3.125,
  "spacing_z": 3.9999983310699463,
  "spikes_num": 0,
  "summary_bg_k": 20.367187355512307,
  "summary_bg_mean": 47.6500129699707,
  "summary_bg_p05": 14.222890853881836,
  "summary_bg_p95": 185.0617446899414,
  "summary_bg_stdv": 70.83495330810547,
  "summary_fg_k": 0.8107480280402961,
  "summary_fg_mean": 702.7327270507812,
  "summary_fg_p05": 437.62921142578125,
  "summary_fg_p95": 912.8044799804687,
  "summary_fg_stdv": 142.26829528808594,
  "tsnr": 85.99275970458984
}