{
  "aor": 0.0016060240963855423,
  "aqi": 0.005346336506024097,
  "dvars_nstd": 19.99769787078788,
  "dvars_std": 1.151103457151515,
  "dvars_vstd": 1.0056899761818179,
  "efc": 0.5944950631715102,
  "fber": 59.631526947021484,
  "fd_mean": 0.2027871581818182,
  "fd_num": 0,
  "fd_perc": 0.0,
  "fwhm_avg": 6.72719,
  "fwhm_x": 5.93053,
  "fwhm_y": 6.89271,
  "fwhm_z": 7.44761,
  "gcor": 0.07657502645469573,
  "gsr_x": -0.014032486826181412,
  "gsr_y": 0.07497715204954147,
  "metadata": {
    "EchoTime": 0,
    "FlipAngle": 90,
    "MRAcquisitionType": "2D",
    "MagneticFieldStrength": 3,
    "Manufacturer": "SIEMENS",
    "ManufacturerModelName": "TrioTim",
    "RepetitionTime": 2,
    "ScanOptions": "FS",
    "ScanningSequence": "EP",
    "SequenceName": "epfid2d1_56",
    "SequenceVariant": "SK",
    "SliceTiming": [
      0.0037500000050000315,
      0.5,
      -0.030000000000000027,
      0.46625000001,
      -0.0625,
      0.43375000000999997,
      -0.09624999998999995,
      0.40000000001,
      -0.12874999999000003,
      0.36750000001,
      -0.16249999998999998,
      0.333750000005,
      -0.19499999998999995,
      0.301250000005,
      -0.228749999995,
      0.26749999999999996,
      -0.2612499999950001,
      0.235,
      -0.29500000000000004,
      0.20124999999999998,
      -0.3275,
      0.16875000001,
      -0.36124999999999996,
      0.13500000001,
      -0.39374999999000004,
      0.10250000000999998,
      -0.42749999999,
      0.06875000000499998,
      -0.45999999998999996,
      0.036250000005000005
    ],
    "TaskName": "dis",
    "qc_type": "func",
    "run_id": "04",
    "subject_id": "06",
    "task_id": "dis"
  },
  "size_t": 166,
  "size_x": 64,
  "size_y": 56,
  "size_z": 30,
  "snr": 5.129115314636278,
  "spacing_tr": 1.0,
  "spacing_x": 3.125,
  "spacing_y": 3.125,
  "spacing_z": 4.0,
  "spikes_num": 0,
  "summary_bg_k": 11.892871314909351,
  "summary_bg_mean": 60.538089752197266,
  "summary_bg_p05": 16.987951278686523,
  "summary_bg_p95": 259.2373413085937,
  "summary_bg_stdv": 86.07654571533203,
  "summary_fg_k": 0.6776916145137379,
  "summary_fg_mean": 797.10791015625,
  "summary_fg_p05": 505.61865539550786,
  "summary_fg_p95": 1044.2632080078122,
  "summary_fg_stdv": 158.05178833007812,
  "tsnr": 69.44730377197266
}