{
  "aor": 0.0016488235294117646,
  "aqi": 0.005661875661764706,
  "dvars_nstd": 18.475863167555545,
  "dvars_std": 1.1363535794814812,
  "dvars_vstd": 0.9998445218518519,
  "efc": 0.5640086304330997,
  "fber": 56.463985443115234,
  "fd_mean": 0.28886041629629633,
  "fd_num": 2,
  "fd_perc": 1.4705882352941178,
  "fwhm_avg": 6.69453,
  "fwhm_x": 6.05484,
  "fwhm_y": 6.83856,
  "fwhm_z": 7.24589,
  "gcor": 0.04721959198222441,
  "gsr_x": -0.006563691888004541,
  "gsr_y": 0.044580694288015366,
  "metadata": {
    "EchoTime": 0,
    "FlipAngle": 90,
    "MRAcquisitionType": "2D",
    "MagneticFieldStrength": 3,
    "Manufacturer": "SIEMENS",
    "ManufacturerModelName": "TrioTim",
    "RepetitionTime": 2,
    "ScanOptions": "FS",
    "ScanningSequence": "EP",
    "SequenceName": "epfid2d1_64",
    "SequenceVariant": "SK",
    "SliceTiming": [
      0.003749999994999975,
      0.5,
      -0.030000000000000027,
      0.4675,
      -0.0625,
      0.43374999999499997,
      -0.09624999999999995,
      0.401249999995,
      -0.12875000000499992,
      0.3675,
      -0.16250000000499998,
      0.33499999999999996,
      -0.19499999999999995,
      0.301249999995,
      -0.22875,
      0.268749999995,
      -0.261250000005,
      0.235,
      -0.29500000000499993,
      0.2025,
      -0.3275,
      0.168749999995,
      -0.36124999999999996,
      0.13624999999499998,
      -0.39375000000499993,
      0.10249999999999998,
      -0.427500000005,
      0.07,
      -0.45999999999999996,
      0.036249999995000004
    ],
    "TaskName": "fb",
    "qc_type": "func",
    "run_id": "03",
    "subject_id": "11",
    "task_id": "fb"
  },
  "size_t": 136,
  "size_x": 64,
  "size_y": 64,
  "size_z": 30,
  "snr": 5.031832317609451,
  "spacing_tr": 1.0,
  "spacing_x": 3.125,
  "spacing_y": 3.125,
  "spacing_z": 4.000000476837158,
  "spikes_num": 0,
  "summary_bg_k": 28.203150251533152,
  "summary_bg_mean": 55.26772689819336,
  "summary_bg_p05": 14.654412269592285,
  "summary_bg_p95": 219.5764739990234,
  "summary_bg_stdv": 86.981689453125,
  "summary_fg_k": 1.1841129873721892,
  "summary_fg_mean": 759.0676879882812,
  "summary_fg_p05": 484.3661743164062,
  "summary_fg_p95": 997.0867553710938,
  "summary_fg_stdv": 153.24072265625,
  "tsnr": 78.30111694335938
}