{
  "aor": 0.028550963855421684,
  "aqi": 0.017750059337349397,
  "dvars_nstd": 53.3625674161212,
  "dvars_std": 1.4824545495757575,
  "dvars_vstd": 1.2771640615757576,
  "efc": 0.5867325215798327,
  "fber": 58.77750778198242,
  "fd_mean": 1.0631259650533333,
  "fd_num": 52,
  "fd_perc": 31.325301204819276,
  "fwhm_avg": 7.76939,
  "fwhm_x": 6.87419,
  "fwhm_y": 8.26123,
  "fwhm_z": 8.25839,
  "gcor": 0.4132300227521414,
  "gsr_x": -0.017169004306197166,
  "gsr_y": 0.05604065954685211,
  "metadata": {
    "EchoTime": 0,
    "FlipAngle": 90,
    "MRAcquisitionType": "2D",
    "MagneticFieldStrength": 3,
    "Manufacturer": "SIEMENS",
    "ManufacturerModelName": "TrioTim",
    "RepetitionTime": 2,
    "ScanOptions": "FS",
    "ScanningSequence": "EP",
    "SequenceName": "epfid2d1_64",
    "SequenceVariant": "SK",
    "SliceTiming": [
      0.0037499999899999747,
      0.5,
      -0.030000000014999917,
      0.4675,
      -0.0625,
      0.43374999999499997,
      -0.09624999999999995,
      0.401249999995,
      -0.12875000000499992,
      0.367499999995,
      -0.16250000000499998,
      0.33499999998999996,
      -0.19500000000499995,
      0.30124999999,
      -0.22875000001,
      0.26874999999,
      -0.26125000001,
      0.235,
      -0.29500000001499993,
      0.2025,
      -0.3275,
      0.168749999995,
      -0.36124999999999996,
      0.13624999999499998,
      -0.39375000000499993,
      0.10249999999499998,
      -0.427500000005,
      0.06999999999,
      -0.46000000000499996,
      0.036249999990000004
    ],
    "TaskName": "dis",
    "qc_type": "func",
    "run_id": "01",
    "subject_id": "31",
    "task_id": "dis"
  },
  "size_t": 166,
  "size_x": 64,
  "size_y": 64,
  "size_z": 30,
  "snr": 4.836758255707616,
  "spacing_tr": 1.0,
  "spacing_x": 3.125,
  "spacing_y": 3.125,
  "spacing_z": 4.000000953674316,
  "spikes_num": 1,
  "summary_bg_k": 17.579866935305947,
  "summary_bg_mean": 68.68014526367188,
  "summary_bg_p05": 18.746986389160156,
  "summary_bg_p95": 251.63011169433588,
  "summary_bg_stdv": 88.36598205566406,
  "summary_fg_k": 0.6096108537616849,
  "summary_fg_mean": 839.435791015625,
  "summary_fg_p05": 513.1867065429688,
  "summary_fg_p95": 1115.3463745117188,
  "summary_fg_stdv": 177.6680908203125,
  "tsnr": 32.57891845703125
}