{
  "cjv": 0.9180231094360352,
  "cnr": 3.9123756885528564,
  "efc": 0.5545385391115041,
  "fber": 6.491468906402588,
  "fwhm_avg": 1.6603,
  "fwhm_x": 1.8094,
  "fwhm_y": 1.79039,
  "fwhm_z": 1.41278,
  "icvs_csf": 0.2044449762786036,
  "icvs_gm": 0.3464364071819847,
  "icvs_wm": 0.4491186165394117,
  "inu_med": 0.7033787369728088,
  "inu_range": 0.13350936770439148,
  "metadata": {
    "EchoTime": 0.0033900000000000002,
    "FlipAngle": 9,
    "MRAcquisitionType": "3D",
    "MagneticFieldStrength": 3,
    "Manufacturer": "SIEMENS",
    "ManufacturerModelName": "TrioTim",
    "RepetitionTime": 2,
    "ScanOptions": "IR",
    "ScanningSequence": "GR\\IR",
    "SequenceName": "tfl3d1_ns",
    "SequenceVariant": "SP\\MP",
    "SliceTiming": [
      0.0037500000050000315,
      0.5,
      -0.030000000000000027,
      0.4675,
      -0.0625,
      0.43374999999499997,
      -0.09624999999999995,
      0.401249999995,
      -0.12875000000499992,
      0.367499999995,
      -0.16250000000499998,
      0.33499999998999996,
      -0.19500000000499995,
      0.301250000005,
      -0.22875000001,
      0.26875000000500004,
      -0.2612499999950001,
      0.235,
      -0.29500000000000004,
      0.2025,
      -0.3275,
      0.168749999995,
      -0.36124999999999996,
      0.13624999999499998,
      -0.39375000000499993,
      0.10249999999499998,
      -0.427500000005,
      0.06999999999,
      -0.46000000000499996,
      0.036250000005000005
    ],
    "TaskName": "MPRAGE",
    "qc_type": "anat",
    "subject_id": "30"
  },
  "qi_1": 0.007778997059373937,
  "qi_2": 0.0022845033941298588,
  "rpve_csf": 16464.28125,
  "rpve_gm": 21314.7421875,
  "rpve_wm": 20526.1015625,
  "size_x": 128,
  "size_y": 256,
  "size_z": 256,
  "snr_csf": 0.6719413415541533,
  "snr_gm": 7.097818651020244,
  "snr_total": 6.09645813384574,
  "snr_wm": 10.519614408962822,
  "snrd_csf": 4.489117607218239,
  "snrd_gm": 27.673546956812572,
  "snrd_total": 22.728198437637243,
  "snrd_wm": 36.02193074888091,
  "spacing_x": 1.3300000429153442,
  "spacing_y": 1.0,
  "spacing_z": 1.0,
  "summary_bg_k": 66.04894929892868,
  "summary_bg_mean": 6.694857597351074,
  "summary_bg_p05": 0.0,
  "summary_bg_p95": 11.0,
  "summary_bg_stdv": 16.094831466674805,
  "summary_csf_k": 0.5669647704016723,
  "summary_csf_mean": 37.367095947265625,
  "summary_csf_p05": 3.0,
  "summary_csf_p95": 92.0,
  "summary_csf_stdv": 31.502479553222656,
  "summary_gm_k": -0.547256670483657,
  "summary_gm_mean": 153.2689971923828,
  "summary_gm_p05": 104.0,
  "summary_gm_p95": 189.0,
  "summary_gm_stdv": 26.93085289001465,
  "summary_wm_k": -0.6246482180993334,
  "summary_wm_mean": 216.02105712890625,
  "summary_wm_p05": 182.0,
  "summary_wm_p95": 250.0,
  "summary_wm_stdv": 21.89249038696289,
  "tpm_overlap_csf": 0.018522239126748097,
  "tpm_overlap_gm": 0.06279181830178249,
  "tpm_overlap_wm": 0.05815636867411564,
  "wm2max": 0.8464566929133859
}