{
  "aor": 0.0013510843373493976,
  "aqi": 0.006540951566265062,
  "dvars_nstd": 21.71617906187878,
  "dvars_std": 1.1687212969090905,
  "dvars_vstd": 1.005701591878788,
  "efc": 0.5982034034762246,
  "fber": 53.82466125488281,
  "fd_mean": 0.3237781830454546,
  "fd_num": 3,
  "fd_perc": 1.8072289156626506,
  "fwhm_avg": 6.95098,
  "fwhm_x": 6.13313,
  "fwhm_y": 7.24799,
  "fwhm_z": 7.55508,
  "gcor": 0.03390695675309882,
  "gsr_x": -0.012559127993881702,
  "gsr_y": 0.06737639009952545,
  "metadata": {
    "EchoTime": 0,
    "FlipAngle": 90,
    "MRAcquisitionType": "2D",
    "MagneticFieldStrength": 3,
    "Manufacturer": "SIEMENS",
    "ManufacturerModelName": "TrioTim",
    "RepetitionTime": 2,
    "ScanOptions": "FS",
    "ScanningSequence": "EP",
    "SequenceName": "epfid2d1_64",
    "SequenceVariant": "SK",
    "SliceTiming": [
      0.0037500000050000315,
      0.5,
      -0.030000000000000027,
      0.4675,
      -0.0625,
      0.43374999999499997,
      -0.09499999999999997,
      0.401249999995,
      -0.12875000000499992,
      0.36750000001,
      -0.1612500000049999,
      0.33500000000499996,
      -0.19499999998999995,
      0.301250000005,
      -0.22749999999500004,
      0.26875000000500004,
      -0.2612499999950001,
      0.235,
      -0.29374999999500007,
      0.2025,
      -0.3275,
      0.168749999995,
      -0.36,
      0.13624999999499998,
      -0.39375000000499993,
      0.10250000000999998,
      -0.4262500000049999,
      0.07000000000500001,
      -0.45999999998999996,
      0.036250000005000005
    ],
    "TaskName": "dis",
    "qc_type": "func",
    "run_id": "02",
    "subject_id": "20",
    "task_id": "dis"
  },
  "size_t": 166,
  "size_x": 64,
  "size_y": 64,
  "size_z": 30,
  "snr": 4.975427501962048,
  "spacing_tr": 1.0,
  "spacing_x": 3.125,
  "spacing_y": 3.125,
  "spacing_z": 3.9999990463256836,
  "spikes_num": 0,
  "summary_bg_k": 18.54429859093705,
  "summary_bg_mean": 59.81240463256836,
  "summary_bg_p05": 16.849397659301758,
  "summary_bg_p95": 222.14908599853516,
  "summary_bg_stdv": 78.84999084472656,
  "summary_fg_k": 1.0845507566892998,
  "summary_fg_mean": 711.5081176757812,
  "summary_fg_p05": 456.9788848876953,
  "summary_fg_p95": 940.2656372070312,
  "summary_fg_stdv": 144.77711486816406,
  "tsnr": 68.0743637084961
}