{
  "aor": 0.0030576363636363635,
  "aqi": 0.00475143790909091,
  "dvars_nstd": 25.23685982862385,
  "dvars_std": 1.2109018422018345,
  "dvars_vstd": 1.018117952293578,
  "efc": 0.5992632891198872,
  "fber": 43.597503662109375,
  "fd_mean": 0.296411070146789,
  "fd_num": 2,
  "fd_perc": 1.8181818181818181,
  "fwhm_avg": 6.98128,
  "fwhm_x": 6.14536,
  "fwhm_y": 7.25383,
  "fwhm_z": 7.63292,
  "gcor": 0.05771031379699707,
  "gsr_x": -0.028529589995741844,
  "gsr_y": 0.07687225937843323,
  "metadata": {
    "EchoTime": 0,
    "FlipAngle": 90,
    "MRAcquisitionType": "2D",
    "MagneticFieldStrength": 3,
    "Manufacturer": "SIEMENS",
    "ManufacturerModelName": "TrioTim",
    "RepetitionTime": 2,
    "ScanOptions": "FS",
    "ScanningSequence": "EP",
    "SequenceName": "epfid2d1_64",
    "SequenceVariant": "SK",
    "SliceTiming": [
      0.0037499999899999747,
      0.5,
      -0.030000000014999917,
      0.4675,
      -0.0625,
      0.43374999999499997,
      -0.09624999999999995,
      0.401249999995,
      -0.12875000000499992,
      0.367499999995,
      -0.16250000000499998,
      0.33499999998999996,
      -0.19500000000499995,
      0.30124999999,
      -0.22875000001,
      0.26874999999,
      -0.26125000001,
      0.23499999998499999,
      -0.29500000001499993,
      0.2025,
      -0.3275000000149999,
      0.168749999995,
      -0.36124999999999996,
      0.13624999999499998,
      -0.39375000000499993,
      0.10249999999499998,
      -0.427500000005,
      0.06999999999,
      -0.46000000000499996,
      0.036249999990000004
    ],
    "TaskName": "fb",
    "qc_type": "func",
    "run_id": "01",
    "subject_id": "17",
    "task_id": "fb"
  },
  "size_t": 110,
  "size_x": 64,
  "size_y": 64,
  "size_z": 30,
  "snr": 4.685685810878645,
  "spacing_tr": 1.0,
  "spacing_x": 3.125,
  "spacing_y": 3.125,
  "spacing_z": 3.999999761581421,
  "spikes_num": 0,
  "summary_bg_k": 12.596140634871862,
  "summary_bg_mean": 73.1919937133789,
  "summary_bg_p05": 17.19999885559082,
  "summary_bg_p95": 296.1399871826161,
  "summary_bg_stdv": 98.99198913574219,
  "summary_fg_k": 0.9685751682806343,
  "summary_fg_mean": 794.6315307617188,
  "summary_fg_p05": 492.5090637207031,
  "summary_fg_p95": 1072.1090087890625,
  "summary_fg_stdv": 171.3052215576172,
  "tsnr": 68.30135345458984
}