{
  "aor": 0.002975963855421687,
  "aqi": 0.005319557530120482,
  "dvars_nstd": 25.452999548484843,
  "dvars_std": 1.190600339090909,
  "dvars_vstd": 1.0198094844848489,
  "efc": 0.597360142435632,
  "fber": 41.89066696166992,
  "fd_mean": 0.32327290381818186,
  "fd_num": 6,
  "fd_perc": 3.6144578313253013,
  "fwhm_avg": 6.69935,
  "fwhm_x": 5.9093,
  "fwhm_y": 6.91799,
  "fwhm_z": 7.35498,
  "gcor": 0.03376078892903155,
  "gsr_x": -0.025213507935404778,
  "gsr_y": 0.07377815246582031,
  "metadata": {
    "EchoTime": 0,
    "FlipAngle": 90,
    "MRAcquisitionType": "2D",
    "MagneticFieldStrength": 3,
    "Manufacturer": "SIEMENS",
    "ManufacturerModelName": "TrioTim",
    "RepetitionTime": 2,
    "ScanOptions": "FS",
    "ScanningSequence": "EP",
    "SequenceName": "epfid2d1_64",
    "SequenceVariant": "SK",
    "SliceTiming": [
      0.0025000000000000022,
      0.5,
      -0.030000000000000027,
      0.46625,
      -0.06374999999999997,
      0.43374999999499997,
      -0.09624999999999995,
      0.399999999995,
      -0.1300000000049999,
      0.36750000001,
      -0.16250000000499998,
      0.333750000005,
      -0.19624999999500004,
      0.301250000005,
      -0.228749999995,
      0.26749999999999996,
      -0.26249999999500007,
      0.235,
      -0.29500000000000004,
      0.20124999999999998,
      -0.32875,
      0.168749999995,
      -0.36124999999999996,
      0.134999999995,
      -0.3950000000049999,
      0.10250000000999998,
      -0.427500000005,
      0.06875000000499998,
      -0.46124999999500005,
      0.036250000005000005
    ],
    "TaskName": "dis",
    "qc_type": "func",
    "run_id": "04",
    "subject_id": "17",
    "task_id": "dis"
  },
  "size_t": 166,
  "size_x": 64,
  "size_y": 64,
  "size_z": 30,
  "snr": 4.692139445563503,
  "spacing_tr": 1.0,
  "spacing_x": 3.125,
  "spacing_y": 3.125,
  "spacing_z": 3.999999761581421,
  "spikes_num": 0,
  "summary_bg_k": 12.630103855098206,
  "summary_bg_mean": 74.12545013427734,
  "summary_bg_p05": 17.25301170349121,
  "summary_bg_p95": 301.7921661376955,
  "summary_bg_stdv": 102.12316131591797,
  "summary_fg_k": 0.9987359104616758,
  "summary_fg_mean": 798.4010009765625,
  "summary_fg_p05": 494.5289016723633,
  "summary_fg_p95": 1076.1891174316404,
  "summary_fg_stdv": 172.078369140625,
  "tsnr": 66.96046447753906
}