{
  "aor": 0.0007320000000000002,
  "aqi": 0.00316810609090909,
  "dvars_nstd": 20.937553537247705,
  "dvars_std": 1.1388423332110087,
  "dvars_vstd": 0.9977532740366969,
  "efc": 0.5725705618640685,
  "fber": 53.702117919921875,
  "fd_mean": 0.24932838666267673,
  "fd_num": 0,
  "fd_perc": 0.0,
  "fwhm_avg": 6.92051,
  "fwhm_x": 6.01133,
  "fwhm_y": 7.3696,
  "fwhm_z": 7.4817,
  "gcor": 0.033414173126220706,
  "gsr_x": 0.0020076881628483534,
  "gsr_y": 0.05343080312013626,
  "metadata": {
    "EchoTime": 0,
    "FlipAngle": 90,
    "MRAcquisitionType": "2D",
    "MagneticFieldStrength": 3,
    "Manufacturer": "SIEMENS",
    "ManufacturerModelName": "TrioTim",
    "RepetitionTime": 2,
    "ScanOptions": "FS",
    "ScanningSequence": "EP",
    "SequenceName": "epfid2d1_64",
    "SequenceVariant": "SK",
    "SliceTiming": [
      0.0037500000050000315,
      0.5,
      -0.030000000000000027,
      0.467500000005,
      -0.0625,
      0.43375000000499997,
      -0.09624999999500006,
      0.401250000005,
      -0.12874999999500003,
      0.3675,
      -0.16249999999999998,
      0.33500000000499996,
      -0.19499999999999995,
      0.301250000005,
      -0.228749999995,
      0.26875000000500004,
      -0.2612499999950001,
      0.235,
      -0.29500000000000004,
      0.202500000005,
      -0.3275,
      0.168750000005,
      -0.36124999999500007,
      0.13625000000499998,
      -0.39374999999500004,
      0.10249999999999998,
      -0.4275,
      0.07,
      -0.45999999999999996,
      0.036250000005000005
    ],
    "TaskName": "fb",
    "qc_type": "func",
    "run_id": "01",
    "subject_id": "29",
    "task_id": "fb"
  },
  "size_t": 110,
  "size_x": 64,
  "size_y": 64,
  "size_z": 30,
  "snr": 4.635094116027204,
  "spacing_tr": 1.0,
  "spacing_x": 3.125,
  "spacing_y": 3.125,
  "spacing_z": 3.9999988079071045,
  "spikes_num": 0,
  "summary_bg_k": 20.086546453827854,
  "summary_bg_mean": 60.37027359008789,
  "summary_bg_p05": 17.409090042114258,
  "summary_bg_p95": 245.72726440429688,
  "summary_bg_stdv": 86.34557342529297,
  "summary_fg_k": 0.6125697601217692,
  "summary_fg_mean": 754.119873046875,
  "summary_fg_p05": 457.44545288085936,
  "summary_fg_p95": 1018.4872314453123,
  "summary_fg_stdv": 165.5399932861328,
  "tsnr": 77.64688873291016
}