{
  "aor": 0.0015575301204819277,
  "aqi": 0.004911120421686747,
  "dvars_nstd": 24.139320442787888,
  "dvars_std": 1.1902078415151516,
  "dvars_vstd": 1.0088539377575763,
  "efc": 0.5960127908920929,
  "fber": 42.340484619140625,
  "fd_mean": 0.26649738832727277,
  "fd_num": 0,
  "fd_perc": 0.0,
  "fwhm_avg": 6.6909,
  "fwhm_x": 5.91362,
  "fwhm_y": 6.93114,
  "fwhm_z": 7.30796,
  "gcor": 0.029857888279190982,
  "gsr_x": -0.024913182482123375,
  "gsr_y": 0.07340791821479797,
  "metadata": {
    "EchoTime": 0,
    "FlipAngle": 90,
    "MRAcquisitionType": "2D",
    "MagneticFieldStrength": 3,
    "Manufacturer": "SIEMENS",
    "ManufacturerModelName": "TrioTim",
    "RepetitionTime": 2,
    "ScanOptions": "FS",
    "ScanningSequence": "EP",
    "SequenceName": "epfid2d1_64",
    "SequenceVariant": "SK",
    "SliceTiming": [
      0.0037499999899999747,
      0.5,
      -0.030000000000000027,
      0.4675,
      -0.0625,
      0.43374999999499997,
      -0.09624999999999995,
      0.401249999995,
      -0.12875000000499992,
      0.367499999995,
      -0.16250000000499998,
      0.33499999998999996,
      -0.19500000000499995,
      0.30124999999,
      -0.22875000001,
      0.26874999999,
      -0.26125000001,
      0.235,
      -0.29500000000000004,
      0.2025,
      -0.3275,
      0.168749999995,
      -0.36124999999999996,
      0.13624999999499998,
      -0.39375000000499993,
      0.10249999999499998,
      -0.427500000005,
      0.06999999999,
      -0.46000000000499996,
      0.036249999990000004
    ],
    "TaskName": "dis",
    "qc_type": "func",
    "run_id": "06",
    "subject_id": "17",
    "task_id": "dis"
  },
  "size_t": 166,
  "size_x": 64,
  "size_y": 64,
  "size_z": 30,
  "snr": 4.638723808379546,
  "spacing_tr": 1.0,
  "spacing_x": 3.125,
  "spacing_y": 3.125,
  "spacing_z": 3.999999761581421,
  "spikes_num": 0,
  "summary_bg_k": 12.489309495021416,
  "summary_bg_mean": 73.71685791015625,
  "summary_bg_p05": 17.174697875976562,
  "summary_bg_p95": 300.7710876464844,
  "summary_bg_stdv": 101.78502655029297,
  "summary_fg_k": 1.056818212287955,
  "summary_fg_mean": 799.0321044921875,
  "summary_fg_p05": 493.3168579101563,
  "summary_fg_p95": 1079.6071533203124,
  "summary_fg_stdv": 174.03753662109375,
  "tsnr": 71.23853302001953
}