{
  "aor": 0.03898295180722892,
  "aqi": 0.011542493554216868,
  "dvars_nstd": 30.24159114709092,
  "dvars_std": 1.5185563740606058,
  "dvars_vstd": 1.3789277612121211,
  "efc": 0.5948842628844946,
  "fber": 60.30459976196289,
  "fd_mean": 0.8217179096969696,
  "fd_num": 40,
  "fd_perc": 24.096385542168676,
  "fwhm_avg": 7.6391,
  "fwhm_x": 6.70823,
  "fwhm_y": 8.29167,
  "fwhm_z": 8.0145,
  "gcor": 0.5729209716061512,
  "gsr_x": -0.013150236569344997,
  "gsr_y": 0.060869090259075165,
  "metadata": {
    "EchoTime": 0,
    "FlipAngle": 90,
    "MRAcquisitionType": "2D",
    "MagneticFieldStrength": 3,
    "Manufacturer": "SIEMENS",
    "ManufacturerModelName": "TrioTim",
    "RepetitionTime": 2,
    "ScanOptions": "FS",
    "ScanningSequence": "EP",
    "SequenceName": "epfid2d1_64",
    "SequenceVariant": "SK",
    "SliceTiming": [
      0.0037500000050000315,
      0.5,
      -0.030000000000000027,
      0.4675,
      -0.0625,
      0.43374999999499997,
      -0.09624999999999995,
      0.401249999995,
      -0.12875000000499992,
      0.36750000001,
      -0.16249999998999998,
      0.33500000000499996,
      -0.19499999998999995,
      0.301250000005,
      -0.228749999995,
      0.26875000000500004,
      -0.2612499999950001,
      0.235,
      -0.29500000000000004,
      0.2025,
      -0.3275,
      0.168749999995,
      -0.36124999999999996,
      0.13624999999499998,
      -0.39375000000499993,
      0.10250000000999998,
      -0.42749999999,
      0.07000000000500001,
      -0.45999999998999996,
      0.036250000005000005
    ],
    "TaskName": "dis",
    "qc_type": "func",
    "run_id": "04",
    "subject_id": "12",
    "task_id": "dis"
  },
  "size_t": 166,
  "size_x": 64,
  "size_y": 64,
  "size_z": 30,
  "snr": 5.348992957624788,
  "spacing_tr": 1.0,
  "spacing_x": 3.125,
  "spacing_y": 3.125,
  "spacing_z": 3.999999761581421,
  "spikes_num": 1,
  "summary_bg_k": 14.124303779862114,
  "summary_bg_mean": 59.60725402832031,
  "summary_bg_p05": 16.066265106201172,
  "summary_bg_p95": 232.55240631103504,
  "summary_bg_stdv": 80.08317565917969,
  "summary_fg_k": 0.793225588429125,
  "summary_fg_mean": 761.3530883789062,
  "summary_fg_p05": 475.6279830932617,
  "summary_fg_p95": 978.0918426513672,
  "summary_fg_stdv": 146.142333984375,
  "tsnr": 47.64546585083008
}