{
  "aor": 0.006683308823529411,
  "aqi": 0.005040244411764706,
  "dvars_nstd": 22.140815762888895,
  "dvars_std": 1.1805331994814812,
  "dvars_vstd": 1.0324986933333333,
  "efc": 0.6016417618879158,
  "fber": 51.46767807006836,
  "fd_mean": 0.2999923720444444,
  "fd_num": 3,
  "fd_perc": 2.2058823529411766,
  "fwhm_avg": 6.77114,
  "fwhm_x": 5.93563,
  "fwhm_y": 7.17536,
  "fwhm_z": 7.28911,
  "gcor": 0.10893107863033519,
  "gsr_x": -0.001404242473654449,
  "gsr_y": 0.06706392019987106,
  "metadata": {
    "EchoTime": 0,
    "FlipAngle": 90,
    "MRAcquisitionType": "2D",
    "MagneticFieldStrength": 3,
    "Manufacturer": "SIEMENS",
    "ManufacturerModelName": "TrioTim",
    "RepetitionTime": 2,
    "ScanOptions": "FS",
    "ScanningSequence": "EP",
    "SequenceName": "epfid2d1_64",
    "SequenceVariant": "SK",
    "SliceTiming": [
      0.0025000000000000022,
      0.5,
      -0.030000000000000027,
      0.46625,
      -0.06374999999999997,
      0.43374999999499997,
      -0.09624999999999995,
      0.4,
      -0.1300000000049999,
      0.3675,
      -0.16249999999999998,
      0.33375,
      -0.19499999999999995,
      0.301249999995,
      -0.22875,
      0.26749999999999996,
      -0.261250000005,
      0.235,
      -0.29500000000000004,
      0.20124999999999998,
      -0.3275,
      0.168749999995,
      -0.36124999999999996,
      0.135,
      -0.39375000000499993,
      0.10249999999999998,
      -0.4275,
      0.06874999999999998,
      -0.45999999999999996,
      0.036249999995000004
    ],
    "TaskName": "tomloc",
    "qc_type": "func",
    "run_id": "01",
    "subject_id": "41",
    "task_id": "tomloc"
  },
  "size_t": 136,
  "size_x": 64,
  "size_y": 64,
  "size_z": 30,
  "snr": 5.101590748888825,
  "spacing_tr": 1.0,
  "spacing_x": 3.125,
  "spacing_y": 3.125,
  "spacing_z": 3.999999523162842,
  "spikes_num": 0,
  "summary_bg_k": 14.405331663248589,
  "summary_bg_mean": 69.76759338378906,
  "summary_bg_p05": 17.551469802856445,
  "summary_bg_p95": 268.56434631347656,
  "summary_bg_stdv": 92.74762725830078,
  "summary_fg_k": 0.7536357669516094,
  "summary_fg_mean": 816.7968139648438,
  "summary_fg_p05": 532.4477813720703,
  "summary_fg_p95": 1077.2418884277342,
  "summary_fg_stdv": 161.53636169433594,
  "tsnr": 70.35691833496094
}