{
  "aor": 0.000727289156626506,
  "aqi": 0.004998846325301205,
  "dvars_nstd": 19.393266122909093,
  "dvars_std": 1.143575888060606,
  "dvars_vstd": 0.99772299339394,
  "efc": 0.5815744788020418,
  "fber": 68.29320526123047,
  "fd_mean": 0.16700607059030304,
  "fd_num": 0,
  "fd_perc": 0.0,
  "fwhm_avg": 6.63263,
  "fwhm_x": 5.86978,
  "fwhm_y": 6.96393,
  "fwhm_z": 7.13807,
  "gcor": 0.01473275868289442,
  "gsr_x": -0.002710673725232482,
  "gsr_y": 0.05723430961370468,
  "metadata": {
    "EchoTime": 0,
    "FlipAngle": 90,
    "MRAcquisitionType": "2D",
    "MagneticFieldStrength": 3,
    "Manufacturer": "SIEMENS",
    "ManufacturerModelName": "TrioTim",
    "RepetitionTime": 2,
    "ScanOptions": "FS",
    "ScanningSequence": "EP",
    "SequenceName": "epfid2d1_64",
    "SequenceVariant": "SK",
    "SliceTiming": [
      0.0037500000050000315,
      0.5,
      -0.030000000000000027,
      0.4675,
      -0.0625,
      0.43374999999499997,
      -0.09624999999999995,
      0.401249999995,
      -0.12875000000499992,
      0.36750000001,
      -0.16250000000499998,
      0.33500000000499996,
      -0.19499999998999995,
      0.301250000005,
      -0.228749999995,
      0.26875000000500004,
      -0.2612499999950001,
      0.235,
      -0.29500000000000004,
      0.2025,
      -0.3275,
      0.168749999995,
      -0.36124999999999996,
      0.13624999999499998,
      -0.39375000000499993,
      0.10250000000999998,
      -0.427500000005,
      0.07000000000500001,
      -0.45999999998999996,
      0.036250000005000005
    ],
    "TaskName": "dis",
    "qc_type": "func",
    "run_id": "05",
    "subject_id": "03",
    "task_id": "dis"
  },
  "size_t": 166,
  "size_x": 64,
  "size_y": 64,
  "size_z": 30,
  "snr": 5.236043429303617,
  "spacing_tr": 1.0,
  "spacing_x": 3.125,
  "spacing_y": 3.125,
  "spacing_z": 4.000001430511475,
  "spikes_num": 0,
  "summary_bg_k": 19.435497133810493,
  "summary_bg_mean": 55.24382019042969,
  "summary_bg_p05": 15.451807022094727,
  "summary_bg_p95": 209.54728164672863,
  "summary_bg_stdv": 76.36312103271484,
  "summary_fg_k": 0.9503776236631598,
  "summary_fg_mean": 764.5988159179688,
  "summary_fg_p05": 489.0533050537109,
  "summary_fg_p95": 990.8412353515624,
  "summary_fg_stdv": 148.49636840820312,
  "tsnr": 80.8994140625
}