{
  "aor": 0.004257818181818182,
  "aqi": 0.009925048363636361,
  "dvars_nstd": 41.65024638376147,
  "dvars_std": 1.2281551806422013,
  "dvars_vstd": 1.0107348708256882,
  "efc": 0.6197005872342148,
  "fber": 49.35831832885742,
  "fd_mean": 0.7690431665724771,
  "fd_num": 31,
  "fd_perc": 28.181818181818183,
  "fwhm_avg": 6.67393,
  "fwhm_x": 5.78997,
  "fwhm_y": 6.95632,
  "fwhm_z": 7.38056,
  "gcor": 0.05393017855557528,
  "gsr_x": -0.008804470300674438,
  "gsr_y": 0.08975107222795486,
  "metadata": {
    "EchoTime": 0,
    "FlipAngle": 90,
    "MRAcquisitionType": "2D",
    "MagneticFieldStrength": 3,
    "Manufacturer": "SIEMENS",
    "ManufacturerModelName": "TrioTim",
    "RepetitionTime": 2,
    "ScanOptions": "FS",
    "ScanningSequence": "EP",
    "SequenceName": "epfid2d1_64",
    "SequenceVariant": "SK",
    "SliceTiming": [
      0.0037500000050000315,
      0.5,
      -0.030000000000000027,
      0.4675,
      -0.0625,
      0.43374999999499997,
      -0.09624999999999995,
      0.401249999995,
      -0.12875000000499992,
      0.367499999995,
      -0.16250000000499998,
      0.33500000000499996,
      -0.19500000000499995,
      0.301250000005,
      -0.228749999995,
      0.26875000000500004,
      -0.2612499999950001,
      0.235,
      -0.29500000000000004,
      0.2025,
      -0.3275,
      0.168749999995,
      -0.36124999999999996,
      0.13624999999499998,
      -0.39375000000499993,
      0.10249999999499998,
      -0.427500000005,
      0.06999999999,
      -0.46000000000499996,
      0.036250000005000005
    ],
    "TaskName": "fb",
    "qc_type": "func",
    "run_id": "03",
    "subject_id": "35",
    "task_id": "fb"
  },
  "size_t": 110,
  "size_x": 64,
  "size_y": 64,
  "size_z": 30,
  "snr": 4.638969738015265,
  "spacing_tr": 1.0,
  "spacing_x": 3.125,
  "spacing_y": 3.125,
  "spacing_z": 4.000001430511475,
  "spikes_num": 0,
  "summary_bg_k": 18.196296566862195,
  "summary_bg_mean": 64.85234832763672,
  "summary_bg_p05": 17.263635635375977,
  "summary_bg_p95": 243.23499450683585,
  "summary_bg_stdv": 88.30029296875,
  "summary_fg_k": 0.9255875731635337,
  "summary_fg_mean": 752.4882202148438,
  "summary_fg_p05": 477.7454299926758,
  "summary_fg_p95": 1026.0272216796875,
  "summary_fg_stdv": 161.8577880859375,
  "tsnr": 49.4348258972168
}