{
  "aor": 0.0025593382352941175,
  "aqi": 0.003722014632352941,
  "dvars_nstd": 22.449740911629636,
  "dvars_std": 1.1918281134814817,
  "dvars_vstd": 1.0229878780740742,
  "efc": 0.5606758207992005,
  "fber": 67.72587585449219,
  "fd_mean": 0.29032727068,
  "fd_num": 2,
  "fd_perc": 1.4705882352941178,
  "fwhm_avg": 6.92288,
  "fwhm_x": 6.249,
  "fwhm_y": 7.26976,
  "fwhm_z": 7.30348,
  "gcor": 0.022455473156536326,
  "gsr_x": -0.014074099250137806,
  "gsr_y": 0.049608830362558365,
  "metadata": {
    "EchoTime": 0,
    "FlipAngle": 90,
    "MRAcquisitionType": "2D",
    "MagneticFieldStrength": 3,
    "Manufacturer": "SIEMENS",
    "ManufacturerModelName": "TrioTim",
    "RepetitionTime": 2,
    "ScanOptions": "FS",
    "ScanningSequence": "EP",
    "SequenceName": "epfid2d1_64",
    "SequenceVariant": "SK",
    "SliceTiming": [
      0.0025000000000000022,
      0.5,
      -0.030000000000000027,
      0.46625,
      -0.06374999999999997,
      0.43374999999499997,
      -0.09624999999999995,
      0.399999999995,
      -0.1300000000049999,
      0.36750000001,
      -0.16250000000499998,
      0.333750000005,
      -0.19624999999500004,
      0.301250000005,
      -0.228749999995,
      0.26749999999999996,
      -0.26249999999500007,
      0.235,
      -0.29500000000000004,
      0.20124999999999998,
      -0.32875,
      0.168749999995,
      -0.36124999999999996,
      0.134999999995,
      -0.3950000000049999,
      0.10249999999499998,
      -0.427500000005,
      0.06875000000499998,
      -0.46124999999500005,
      0.036250000005000005
    ],
    "TaskName": "fb",
    "qc_type": "func",
    "run_id": "04",
    "subject_id": "10",
    "task_id": "fb"
  },
  "size_t": 136,
  "size_x": 64,
  "size_y": 64,
  "size_z": 30,
  "snr": 4.739335827470459,
  "spacing_tr": 1.0,
  "spacing_x": 3.125,
  "spacing_y": 3.125,
  "spacing_z": 4.000000476837158,
  "spikes_num": 0,
  "summary_bg_k": 16.72336260521306,
  "summary_bg_mean": 60.290496826171875,
  "summary_bg_p05": 16.610294342041016,
  "summary_bg_p95": 234.89632568359252,
  "summary_bg_stdv": 82.10888671875,
  "summary_fg_k": 0.6263046908809415,
  "summary_fg_mean": 819.7591552734375,
  "summary_fg_p05": 503.4411926269531,
  "summary_fg_p95": 1095.558837890625,
  "summary_fg_stdv": 175.42434692382812,
  "tsnr": 79.0325698852539
}