{
  "aor": 0.003763012048192772,
  "aqi": 0.005324115843373494,
  "dvars_nstd": 25.26330261812121,
  "dvars_std": 1.1763616558787877,
  "dvars_vstd": 1.0354708875151517,
  "efc": 0.5701222581197416,
  "fber": 62.12379455566406,
  "fd_mean": 0.40025405377939394,
  "fd_num": 6,
  "fd_perc": 3.6144578313253013,
  "fwhm_avg": 6.64355,
  "fwhm_x": 5.80291,
  "fwhm_y": 7.04058,
  "fwhm_z": 7.17707,
  "gcor": 0.02835808891847909,
  "gsr_x": -0.009521725587546825,
  "gsr_y": 0.06065858155488968,
  "metadata": {
    "EchoTime": 0,
    "FlipAngle": 90,
    "MRAcquisitionType": "2D",
    "MagneticFieldStrength": 3,
    "Manufacturer": "SIEMENS",
    "ManufacturerModelName": "TrioTim",
    "RepetitionTime": 2,
    "ScanOptions": "FS",
    "ScanningSequence": "EP",
    "SequenceName": "epfid2d1_64",
    "SequenceVariant": "SK",
    "SliceTiming": [
      0.003749999994999975,
      0.5,
      -0.028750000004999943,
      0.4675,
      -0.0625,
      0.43374999999499997,
      -0.09499999999999997,
      0.401249999995,
      -0.12875000000499992,
      0.3675,
      -0.1612500000049999,
      0.33499999999999996,
      -0.19499999999999995,
      0.301249999995,
      -0.22750000000000004,
      0.268749999995,
      -0.261250000005,
      0.235,
      -0.29375000000499996,
      0.2025,
      -0.3275,
      0.16999999999999998,
      -0.36,
      0.13624999999499998,
      -0.39375000000499993,
      0.10374999999500001,
      -0.4262500000049999,
      0.07,
      -0.45999999999999996,
      0.03749999999999998
    ],
    "TaskName": "dis",
    "qc_type": "func",
    "run_id": "01",
    "subject_id": "44",
    "task_id": "dis"
  },
  "size_t": 166,
  "size_x": 64,
  "size_y": 64,
  "size_z": 30,
  "snr": 4.896575722714166,
  "spacing_tr": 1.0,
  "spacing_x": 3.125,
  "spacing_y": 3.125,
  "spacing_z": 4.000000953674316,
  "spikes_num": 0,
  "summary_bg_k": 29.158700364903083,
  "summary_bg_mean": 62.020851135253906,
  "summary_bg_p05": 17.96385383605957,
  "summary_bg_p95": 228.83131408691406,
  "summary_bg_stdv": 84.25540924072266,
  "summary_fg_k": 0.8053609165021869,
  "summary_fg_mean": 807.4059448242188,
  "summary_fg_p05": 502.30962524414065,
  "summary_fg_p95": 1069.6384765625,
  "summary_fg_stdv": 167.55735778808594,
  "tsnr": 67.9537124633789
}