{
  "aor": 0.0011672289156626503,
  "aqi": 0.004209291385542168,
  "dvars_nstd": 19.548930630969693,
  "dvars_std": 1.158020469030303,
  "dvars_vstd": 1.0035541133333334,
  "efc": 0.5471259964501362,
  "fber": 75.65284729003906,
  "fd_mean": 0.2516641986654546,
  "fd_num": 1,
  "fd_perc": 0.6024096385542169,
  "fwhm_avg": 6.7324,
  "fwhm_x": 5.99972,
  "fwhm_y": 6.96148,
  "fwhm_z": 7.30596,
  "gcor": 0.0270815297781703,
  "gsr_x": -0.01505950279533863,
  "gsr_y": 0.049378082156181335,
  "metadata": {
    "EchoTime": 0,
    "FlipAngle": 90,
    "MRAcquisitionType": "2D",
    "MagneticFieldStrength": 3,
    "Manufacturer": "SIEMENS",
    "ManufacturerModelName": "TrioTim",
    "RepetitionTime": 2,
    "ScanOptions": "FS",
    "ScanningSequence": "EP",
    "SequenceName": "epfid2d1_64",
    "SequenceVariant": "SK",
    "SliceTiming": [
      0.0037500000050000315,
      0.5,
      -0.030000000000000027,
      0.4675,
      -0.0625,
      0.43374999999499997,
      -0.09624999999999995,
      0.40125000001,
      -0.12875000000499992,
      0.36750000001,
      -0.16249999998999998,
      0.33500000000499996,
      -0.19499999998999995,
      0.301250000005,
      -0.228749999995,
      0.26875000000500004,
      -0.2612499999950001,
      0.235,
      -0.29500000000000004,
      0.2025,
      -0.3275,
      0.168749999995,
      -0.36124999999999996,
      0.13624999999499998,
      -0.39375000000499993,
      0.10250000000999998,
      -0.42749999999,
      0.07000000000500001,
      -0.45999999998999996,
      0.036250000005000005
    ],
    "TaskName": "dis",
    "qc_type": "func",
    "run_id": "05",
    "subject_id": "34",
    "task_id": "dis"
  },
  "size_t": 166,
  "size_x": 64,
  "size_y": 64,
  "size_z": 30,
  "snr": 4.939824804809781,
  "spacing_tr": 1.0,
  "spacing_x": 3.125,
  "spacing_y": 3.125,
  "spacing_z": 3.9999990463256836,
  "spikes_num": 0,
  "summary_bg_k": 23.506729279460956,
  "summary_bg_mean": 50.805110931396484,
  "summary_bg_p05": 16.487951278686523,
  "summary_bg_p95": 198.21806335449216,
  "summary_bg_stdv": 74.78031921386719,
  "summary_fg_k": 1.1373442418182025,
  "summary_fg_mean": 770.414306640625,
  "summary_fg_p05": 489.6331115722656,
  "summary_fg_p95": 1022.1879272460936,
  "summary_fg_stdv": 157.45445251464844,
  "tsnr": 81.13109588623047
}