{
  "aor": 0.001146,
  "aqi": 0.007529912727272726,
  "dvars_nstd": 41.992466392477056,
  "dvars_std": 1.2369085611009178,
  "dvars_vstd": 0.9852019455045873,
  "efc": 0.5585482046702827,
  "fber": 70.47950744628906,
  "fd_mean": 0.660780817972477,
  "fd_num": 19,
  "fd_perc": 17.272727272727273,
  "fwhm_avg": 6.86989,
  "fwhm_x": 6.00292,
  "fwhm_y": 7.43016,
  "fwhm_z": 7.26924,
  "gcor": 0.010498105395923961,
  "gsr_x": -0.013450137339532375,
  "gsr_y": 0.04807264357805252,
  "metadata": {
    "EchoTime": 0,
    "FlipAngle": 90,
    "MRAcquisitionType": "2D",
    "MagneticFieldStrength": 3,
    "Manufacturer": "SIEMENS",
    "ManufacturerModelName": "TrioTim",
    "RepetitionTime": 2,
    "ScanOptions": "FS",
    "ScanningSequence": "EP",
    "SequenceName": "epfid2d1_64",
    "SequenceVariant": "SK",
    "SliceTiming": [
      0.0037500000050000315,
      0.5,
      -0.030000000000000027,
      0.46750000001500003,
      -0.0625,
      0.43375000000999997,
      -0.09624999998999995,
      0.40125000001,
      -0.12874999999000003,
      0.36750000001,
      -0.16249999998999998,
      0.33500000000499996,
      -0.19499999998999995,
      0.301250000005,
      -0.228749999995,
      0.26875000000500004,
      -0.2612499999950001,
      0.235,
      -0.29500000000000004,
      0.20250000001500001,
      -0.3275,
      0.16875000001,
      -0.36124999998500007,
      0.13625000000999998,
      -0.39374999999000004,
      0.10250000000999998,
      -0.42749999999,
      0.07000000000500001,
      -0.45999999998999996,
      0.036250000005000005
    ],
    "TaskName": "fb",
    "qc_type": "func",
    "run_id": "01",
    "subject_id": "27",
    "task_id": "fb"
  },
  "size_t": 110,
  "size_x": 64,
  "size_y": 64,
  "size_z": 30,
  "snr": 4.83692891399187,
  "spacing_tr": 1.0,
  "spacing_x": 3.125,
  "spacing_y": 3.125,
  "spacing_z": 3.999999761581421,
  "spikes_num": 0,
  "summary_bg_k": 17.803168295277437,
  "summary_bg_mean": 57.57630157470703,
  "summary_bg_p05": 17.445453643798828,
  "summary_bg_p95": 219.75271606445315,
  "summary_bg_stdv": 79.13957214355469,
  "summary_fg_k": 1.3051464450656782,
  "summary_fg_mean": 804.26025390625,
  "summary_fg_p05": 506.18906555175784,
  "summary_fg_p95": 1074.8172485351563,
  "summary_fg_stdv": 168.0043487548828,
  "tsnr": 66.22308349609375
}