{
  "aor": 0.0015128915662650604,
  "aqi": 0.005487420361445783,
  "dvars_nstd": 34.16607138915152,
  "dvars_std": 1.2354633772121217,
  "dvars_vstd": 0.9905228121818181,
  "efc": 0.6035999413245559,
  "fber": 73.62129211425781,
  "fd_mean": 0.4658324935999999,
  "fd_num": 9,
  "fd_perc": 5.421686746987952,
  "fwhm_avg": 7.42186,
  "fwhm_x": 6.28742,
  "fwhm_y": 8.06528,
  "fwhm_z": 8.06207,
  "gcor": 0.020221674298665608,
  "gsr_x": -0.010934282094240189,
  "gsr_y": 0.06732544302940369,
  "metadata": {
    "EchoTime": 0,
    "FlipAngle": 90,
    "MRAcquisitionType": "2D",
    "MagneticFieldStrength": 3,
    "Manufacturer": "SIEMENS",
    "ManufacturerModelName": "TrioTim",
    "RepetitionTime": 2,
    "ScanOptions": "FS",
    "ScanningSequence": "EP",
    "SequenceName": "epfid2d1_64",
    "SequenceVariant": "SK",
    "SliceTiming": [
      0.0025000000000000022,
      0.5,
      -0.030000000000000027,
      0.46625,
      -0.06374999999999997,
      0.43374999999499997,
      -0.09624999999999995,
      0.399999999995,
      -0.1300000000049999,
      0.367499999995,
      -0.16250000000499998,
      0.33374999999,
      -0.19625000001000004,
      0.30124999999,
      -0.22875000001,
      0.26749999999999996,
      -0.26250000000999996,
      0.235,
      -0.29500000000000004,
      0.20124999999999998,
      -0.32875,
      0.168749999995,
      -0.36124999999999996,
      0.134999999995,
      -0.3950000000049999,
      0.10249999999499998,
      -0.427500000005,
      0.06874999998999998,
      -0.46125000001000005,
      0.036249999990000004
    ],
    "TaskName": "dis",
    "qc_type": "func",
    "run_id": "06",
    "subject_id": "19",
    "task_id": "dis"
  },
  "size_t": 166,
  "size_x": 64,
  "size_y": 64,
  "size_z": 30,
  "snr": 4.937051195532821,
  "spacing_tr": 1.0,
  "spacing_x": 3.125,
  "spacing_y": 3.125,
  "spacing_z": 3.9999990463256836,
  "spikes_num": 0,
  "summary_bg_k": 18.54775584599016,
  "summary_bg_mean": 66.67774963378906,
  "summary_bg_p05": 18.987951278686523,
  "summary_bg_p95": 244.9174575805664,
  "summary_bg_stdv": 86.86102294921875,
  "summary_fg_k": 0.5483772700942131,
  "summary_fg_mean": 920.4067993164062,
  "summary_fg_p05": 584.3915649414063,
  "summary_fg_p95": 1218.7842529296872,
  "summary_fg_stdv": 188.74937438964844,
  "tsnr": 71.3390121459961
}