{
  "aor": 0.0007147794117647058,
  "aqi": 0.0031291959558823524,
  "dvars_nstd": 19.45254210681482,
  "dvars_std": 1.1215656884444445,
  "dvars_vstd": 0.9991073863703701,
  "efc": 0.5852257176878611,
  "fber": 44.49662399291992,
  "fd_mean": 0.20693853994666664,
  "fd_num": 0,
  "fd_perc": 0.0,
  "fwhm_avg": 7.30703,
  "fwhm_x": 6.47432,
  "fwhm_y": 7.61977,
  "fwhm_z": 7.90836,
  "gcor": 0.02505200049456428,
  "gsr_x": 0.011663708835840225,
  "gsr_y": 0.03252499923110008,
  "metadata": {
    "EchoTime": 0,
    "FlipAngle": 90,
    "MRAcquisitionType": "2D",
    "MagneticFieldStrength": 3,
    "Manufacturer": "SIEMENS",
    "ManufacturerModelName": "TrioTim",
    "RepetitionTime": 2,
    "ScanOptions": "FS",
    "ScanningSequence": "EP",
    "SequenceName": "epfid2d1_64",
    "SequenceVariant": "SK",
    "SliceTiming": [
      0.0025000000000000022,
      0.5,
      -0.030000000000000027,
      0.46625000001,
      -0.06374999998500008,
      0.43375000000999997,
      -0.09624999998999995,
      0.40000000001,
      -0.12999999999,
      0.36750000001,
      -0.16249999998999998,
      0.333750000005,
      -0.19624999999500004,
      0.301250000005,
      -0.228749999995,
      0.26749999999999996,
      -0.26249999999500007,
      0.235,
      -0.29500000000000004,
      0.20125000001499999,
      -0.32875,
      0.16875000001,
      -0.36124999998500007,
      0.13500000001,
      -0.39499999999,
      0.10250000000999998,
      -0.42749999999,
      0.06875000000499998,
      -0.46124999999500005,
      0.036250000005000005
    ],
    "TaskName": "tom",
    "qc_type": "func",
    "run_id": "02",
    "subject_id": "42",
    "task_id": "tom"
  },
  "size_t": 136,
  "size_x": 64,
  "size_y": 64,
  "size_z": 30,
  "snr": 4.58151461784066,
  "spacing_tr": 1.0,
  "spacing_x": 3.125,
  "spacing_y": 3.125,
  "spacing_z": 4.000000476837158,
  "spikes_num": 0,
  "summary_bg_k": 26.169821528295074,
  "summary_bg_mean": 72.96709442138672,
  "summary_bg_p05": 17.68382453918457,
  "summary_bg_p95": 290.6279418945313,
  "summary_bg_stdv": 109.39026641845703,
  "summary_fg_k": 0.804615684149693,
  "summary_fg_mean": 856.520263671875,
  "summary_fg_p05": 525.5463134765625,
  "summary_fg_p95": 1169.6955932617186,
  "summary_fg_stdv": 189.04714965820312,
  "tsnr": 84.41138458251953
}