{
  "aor": 0.0017733132530120483,
  "aqi": 0.00508354891566265,
  "dvars_nstd": 17.679458710606063,
  "dvars_std": 1.1499753709090905,
  "dvars_vstd": 1.0101535540606066,
  "efc": 0.5628865209322589,
  "fber": 56.779541015625,
  "fd_mean": 0.2621687748,
  "fd_num": 1,
  "fd_perc": 0.6024096385542169,
  "fwhm_avg": 6.61454,
  "fwhm_x": 5.95695,
  "fwhm_y": 6.80071,
  "fwhm_z": 7.14365,
  "gcor": 0.04156190803252071,
  "gsr_x": -0.006435371935367584,
  "gsr_y": 0.04437122121453285,
  "metadata": {
    "EchoTime": 0,
    "FlipAngle": 90,
    "MRAcquisitionType": "2D",
    "MagneticFieldStrength": 3,
    "Manufacturer": "SIEMENS",
    "ManufacturerModelName": "TrioTim",
    "RepetitionTime": 2,
    "ScanOptions": "FS",
    "ScanningSequence": "EP",
    "SequenceName": "epfid2d1_64",
    "SequenceVariant": "SK",
    "SliceTiming": [
      0.0025000000000000022,
      0.5,
      -0.030000000000000027,
      0.466250000005,
      -0.06374999999999997,
      0.43375000000499997,
      -0.09624999999500006,
      0.4,
      -0.129999999995,
      0.3675,
      -0.16249999999999998,
      0.333750000005,
      -0.19625000000000004,
      0.301250000005,
      -0.228749999995,
      0.26749999999999996,
      -0.26249999999500007,
      0.235,
      -0.29500000000000004,
      0.20125000000499998,
      -0.32875,
      0.168750000005,
      -0.36124999999500007,
      0.135,
      -0.394999999995,
      0.10249999999999998,
      -0.4275,
      0.06875000000499998,
      -0.46125000000000005,
      0.036250000005000005
    ],
    "TaskName": "dis",
    "qc_type": "func",
    "run_id": "05",
    "subject_id": "11",
    "task_id": "dis"
  },
  "size_t": 166,
  "size_x": 64,
  "size_y": 64,
  "size_z": 30,
  "snr": 5.002428298034295,
  "spacing_tr": 1.0,
  "spacing_x": 3.125,
  "spacing_y": 3.125,
  "spacing_z": 4.000000476837158,
  "spikes_num": 0,
  "summary_bg_k": 29.434639891184396,
  "summary_bg_mean": 54.98003005981445,
  "summary_bg_p05": 14.710843086242676,
  "summary_bg_p95": 218.17047653198233,
  "summary_bg_stdv": 87.33628845214844,
  "summary_fg_k": 1.204609206380038,
  "summary_fg_mean": 762.1495361328125,
  "summary_fg_p05": 487.2755752563477,
  "summary_fg_p95": 1002.9544525146482,
  "summary_fg_stdv": 154.4496612548828,
  "tsnr": 81.10035705566406
}