{
  "aor": 0.0015386144578313247,
  "aqi": 0.006524569156626507,
  "dvars_nstd": 21.412134216787877,
  "dvars_std": 1.172159080363637,
  "dvars_vstd": 1.0104748180000003,
  "efc": 0.5982424493923335,
  "fber": 53.53054428100586,
  "fd_mean": 0.2852368881333333,
  "fd_num": 2,
  "fd_perc": 1.2048192771084338,
  "fwhm_avg": 6.92509,
  "fwhm_x": 6.12849,
  "fwhm_y": 7.17395,
  "fwhm_z": 7.5538,
  "gcor": 0.048941543303340315,
  "gsr_x": -0.01301106158643961,
  "gsr_y": 0.06680644303560257,
  "metadata": {
    "EchoTime": 0,
    "FlipAngle": 90,
    "MRAcquisitionType": "2D",
    "MagneticFieldStrength": 3,
    "Manufacturer": "SIEMENS",
    "ManufacturerModelName": "TrioTim",
    "RepetitionTime": 2,
    "ScanOptions": "FS",
    "ScanningSequence": "EP",
    "SequenceName": "epfid2d1_64",
    "SequenceVariant": "SK",
    "SliceTiming": [
      0.0025000000000000022,
      0.5,
      -0.030000000000000027,
      0.46625,
      -0.06374999999999997,
      0.43374999999499997,
      -0.09624999999999995,
      0.399999999995,
      -0.1300000000049999,
      0.367499999995,
      -0.16250000000499998,
      0.333750000005,
      -0.19624999999500004,
      0.301250000005,
      -0.228749999995,
      0.26749999999999996,
      -0.26249999999500007,
      0.235,
      -0.29500000000000004,
      0.20124999999999998,
      -0.32875,
      0.168749999995,
      -0.36124999999999996,
      0.134999999995,
      -0.3950000000049999,
      0.10249999999499998,
      -0.427500000005,
      0.06875000000499998,
      -0.46124999999500005,
      0.036250000005000005
    ],
    "TaskName": "dis",
    "qc_type": "func",
    "run_id": "04",
    "subject_id": "20",
    "task_id": "dis"
  },
  "size_t": 166,
  "size_x": 64,
  "size_y": 64,
  "size_z": 30,
  "snr": 4.998459161800809,
  "spacing_tr": 1.0,
  "spacing_x": 3.125,
  "spacing_y": 3.125,
  "spacing_z": 3.9999990463256836,
  "spikes_num": 0,
  "summary_bg_k": 18.366610853438193,
  "summary_bg_mean": 60.0263557434082,
  "summary_bg_p05": 16.83734893798828,
  "summary_bg_p95": 223.05120086669922,
  "summary_bg_stdv": 79.38948059082031,
  "summary_fg_k": 1.117586798696193,
  "summary_fg_mean": 713.6969604492188,
  "summary_fg_p05": 459.1337097167969,
  "summary_fg_p95": 942.03974609375,
  "summary_fg_stdv": 144.57659912109375,
  "tsnr": 67.47615814208984
}