{
  "aor": 0.002288493975903615,
  "aqi": 0.005003460843373494,
  "dvars_nstd": 23.87426207006062,
  "dvars_std": 1.1605452761212127,
  "dvars_vstd": 1.0003574008484841,
  "efc": 0.5956552562934457,
  "fber": 43.48616409301758,
  "fd_mean": 0.26648809601248485,
  "fd_num": 2,
  "fd_perc": 1.2048192771084338,
  "fwhm_avg": 6.84696,
  "fwhm_x": 6.01693,
  "fwhm_y": 7.03878,
  "fwhm_z": 7.57915,
  "gcor": 0.031979988856487965,
  "gsr_x": -0.025123611092567444,
  "gsr_y": 0.0732409730553627,
  "metadata": {
    "EchoTime": 0,
    "FlipAngle": 90,
    "MRAcquisitionType": "2D",
    "MagneticFieldStrength": 3,
    "Manufacturer": "SIEMENS",
    "ManufacturerModelName": "TrioTim",
    "RepetitionTime": 2,
    "ScanOptions": "FS",
    "ScanningSequence": "EP",
    "SequenceName": "epfid2d1_64",
    "SequenceVariant": "SK",
    "SliceTiming": [
      0.0025000000000000022,
      0.5,
      -0.030000000000000027,
      0.46625,
      -0.06374999999999997,
      0.43374999999499997,
      -0.09624999999999995,
      0.399999999995,
      -0.1300000000049999,
      0.367499999995,
      -0.16250000000499998,
      0.33374999999,
      -0.19625000001000004,
      0.30124999999,
      -0.22875000001,
      0.26749999999999996,
      -0.26250000000999996,
      0.235,
      -0.29500000000000004,
      0.20124999999999998,
      -0.32875,
      0.168749999995,
      -0.36124999999999996,
      0.134999999995,
      -0.3950000000049999,
      0.10249999999499998,
      -0.427500000005,
      0.06874999998999998,
      -0.46125000001000005,
      0.036249999990000004
    ],
    "TaskName": "dis",
    "qc_type": "func",
    "run_id": "05",
    "subject_id": "17",
    "task_id": "dis"
  },
  "size_t": 166,
  "size_x": 64,
  "size_y": 64,
  "size_z": 30,
  "snr": 4.697023806788742,
  "spacing_tr": 1.0,
  "spacing_x": 3.125,
  "spacing_y": 3.125,
  "spacing_z": 3.999999761581421,
  "spikes_num": 0,
  "summary_bg_k": 12.185777574588883,
  "summary_bg_mean": 73.15209197998047,
  "summary_bg_p05": 17.180723190307617,
  "summary_bg_p95": 297.49757385253895,
  "summary_bg_stdv": 99.93092346191406,
  "summary_fg_k": 1.004533284065209,
  "summary_fg_mean": 798.3305053710938,
  "summary_fg_p05": 491.0481872558594,
  "summary_fg_p95": 1074.3244079589845,
  "summary_fg_stdv": 172.1451416015625,
  "tsnr": 70.89335632324219
}