{
  "aor": 0.0011169090909090911,
  "aqi": 0.005076176090909091,
  "dvars_nstd": 22.10224765770643,
  "dvars_std": 1.1542370520183491,
  "dvars_vstd": 0.988675953944954,
  "efc": 0.5943023182718028,
  "fber": 55.894107818603516,
  "fd_mean": 0.28252000608807337,
  "fd_num": 1,
  "fd_perc": 0.9090909090909091,
  "fwhm_avg": 7.11638,
  "fwhm_x": 6.23955,
  "fwhm_y": 7.31767,
  "fwhm_z": 7.89315,
  "gcor": 0.021783787553960626,
  "gsr_x": -0.012720445170998573,
  "gsr_y": 0.06216542422771454,
  "metadata": {
    "EchoTime": 0,
    "FlipAngle": 90,
    "MRAcquisitionType": "2D",
    "MagneticFieldStrength": 3,
    "Manufacturer": "SIEMENS",
    "ManufacturerModelName": "TrioTim",
    "RepetitionTime": 2,
    "ScanOptions": "FS",
    "ScanningSequence": "EP",
    "SequenceName": "epfid2d1_64",
    "SequenceVariant": "SK",
    "SliceTiming": [
      0.0037500000050000315,
      0.5,
      -0.030000000000000027,
      0.46750000001500003,
      -0.0625,
      0.43375000000999997,
      -0.09624999998999995,
      0.40125000001,
      -0.12874999999000003,
      0.36750000001,
      -0.16249999998999998,
      0.33500000000499996,
      -0.19499999998999995,
      0.301250000005,
      -0.228749999995,
      0.26875000000500004,
      -0.2612499999950001,
      0.235,
      -0.29500000000000004,
      0.2025,
      -0.3275,
      0.16875000001,
      -0.36124999998500007,
      0.13625000000999998,
      -0.39374999999000004,
      0.10250000000999998,
      -0.42749999999,
      0.07000000000500001,
      -0.45999999998999996,
      0.036250000005000005
    ],
    "TaskName": "fb",
    "qc_type": "func",
    "run_id": "01",
    "subject_id": "20",
    "task_id": "fb"
  },
  "size_t": 110,
  "size_x": 64,
  "size_y": 64,
  "size_z": 30,
  "snr": 4.959084097884863,
  "spacing_tr": 1.0,
  "spacing_x": 3.125,
  "spacing_y": 3.125,
  "spacing_z": 3.9999990463256836,
  "spikes_num": 0,
  "summary_bg_k": 19.46573067477715,
  "summary_bg_mean": 57.725494384765625,
  "summary_bg_p05": 16.60909080505371,
  "summary_bg_p95": 219.5272674560547,
  "summary_bg_stdv": 78.200439453125,
  "summary_fg_k": 0.9747427845199095,
  "summary_fg_mean": 711.8834228515625,
  "summary_fg_p05": 455.5890686035156,
  "summary_fg_p95": 943.6281677246094,
  "summary_fg_stdv": 145.89041137695312,
  "tsnr": 75.19493103027344
}