{
  "aor": 0.0010465454545454545,
  "aqi": 0.0036363125454545453,
  "dvars_nstd": 18.34914774422019,
  "dvars_std": 1.1397228888073392,
  "dvars_vstd": 1.0058106393577984,
  "efc": 0.5476185574131661,
  "fber": 75.80272674560547,
  "fd_mean": 0.21759806110642202,
  "fd_num": 0,
  "fd_perc": 0.0,
  "fwhm_avg": 6.80413,
  "fwhm_x": 6.01877,
  "fwhm_y": 7.10716,
  "fwhm_z": 7.36398,
  "gcor": 0.025469365986910734,
  "gsr_x": -0.015158713795244694,
  "gsr_y": 0.050580330193042755,
  "metadata": {
    "EchoTime": 0,
    "FlipAngle": 90,
    "MRAcquisitionType": "2D",
    "MagneticFieldStrength": 3,
    "Manufacturer": "SIEMENS",
    "ManufacturerModelName": "TrioTim",
    "RepetitionTime": 2,
    "ScanOptions": "FS",
    "ScanningSequence": "EP",
    "SequenceName": "epfid2d1_64",
    "SequenceVariant": "SK",
    "SliceTiming": [
      0.0025000000000000022,
      0.5,
      -0.030000000000000027,
      0.46625,
      -0.06374999999999997,
      0.43374999999499997,
      -0.09624999999999995,
      0.399999999995,
      -0.1300000000049999,
      0.367499999995,
      -0.16250000000499998,
      0.33374999999,
      -0.19625000001000004,
      0.301250000005,
      -0.22875000001,
      0.26749999999999996,
      -0.26249999999500007,
      0.235,
      -0.29500000000000004,
      0.20124999999999998,
      -0.32875,
      0.168749999995,
      -0.36124999999999996,
      0.134999999995,
      -0.3950000000049999,
      0.10249999999499998,
      -0.427500000005,
      0.06874999998999998,
      -0.46125000001000005,
      0.036250000005000005
    ],
    "TaskName": "fb",
    "qc_type": "func",
    "run_id": "03",
    "subject_id": "34",
    "task_id": "fb"
  },
  "size_t": 110,
  "size_x": 64,
  "size_y": 64,
  "size_z": 30,
  "snr": 4.916063717127856,
  "spacing_tr": 1.0,
  "spacing_x": 3.125,
  "spacing_y": 3.125,
  "spacing_z": 3.9999990463256836,
  "spikes_num": 0,
  "summary_bg_k": 22.702017478123718,
  "summary_bg_mean": 50.95265579223633,
  "summary_bg_p05": 16.490907669067383,
  "summary_bg_p95": 198.27090148925757,
  "summary_bg_stdv": 74.41883850097656,
  "summary_fg_k": 1.1784506774217416,
  "summary_fg_mean": 769.200927734375,
  "summary_fg_p05": 487.48634338378906,
  "summary_fg_p95": 1021.5045166015625,
  "summary_fg_stdv": 157.90797424316406,
  "tsnr": 85.00471496582031
}