{
  "aor": 0.0021339705882352945,
  "aqi": 0.004739073088235294,
  "dvars_nstd": 25.444586760888892,
  "dvars_std": 1.164811708592592,
  "dvars_vstd": 1.0136613196296294,
  "efc": 0.5724558607710849,
  "fber": 61.26136016845703,
  "fd_mean": 0.36182192798518514,
  "fd_num": 3,
  "fd_perc": 2.2058823529411766,
  "fwhm_avg": 6.56092,
  "fwhm_x": 5.77606,
  "fwhm_y": 6.92313,
  "fwhm_z": 7.06252,
  "gcor": 0.016181200742721558,
  "gsr_x": -0.011815749108791351,
  "gsr_y": 0.06132998317480087,
  "metadata": {
    "EchoTime": 0,
    "FlipAngle": 90,
    "MRAcquisitionType": "2D",
    "MagneticFieldStrength": 3,
    "Manufacturer": "SIEMENS",
    "ManufacturerModelName": "TrioTim",
    "RepetitionTime": 2,
    "ScanOptions": "FS",
    "ScanningSequence": "EP",
    "SequenceName": "epfid2d1_64",
    "SequenceVariant": "SK",
    "SliceTiming": [
      0.003749999994999975,
      0.5,
      -0.030000000004999916,
      0.4675,
      -0.0625,
      0.43374999999499997,
      -0.09624999999999995,
      0.401249999995,
      -0.12875000000499992,
      0.367499999995,
      -0.16250000000499998,
      0.33499999999999996,
      -0.19500000000499995,
      0.301249999995,
      -0.22875,
      0.268749999995,
      -0.261250000005,
      0.234999999995,
      -0.29500000000499993,
      0.2025,
      -0.3275000000049999,
      0.168749999995,
      -0.36124999999999996,
      0.13624999999499998,
      -0.39375000000499993,
      0.10249999999499998,
      -0.427500000005,
      0.07,
      -0.46000000000499996,
      0.036249999995000004
    ],
    "TaskName": "tom",
    "qc_type": "func",
    "run_id": "02",
    "subject_id": "44",
    "task_id": "tom"
  },
  "size_t": 136,
  "size_x": 64,
  "size_y": 64,
  "size_z": 30,
  "snr": 4.965454257662019,
  "spacing_tr": 1.0,
  "spacing_x": 3.125,
  "spacing_y": 3.125,
  "spacing_z": 4.000000953674316,
  "spikes_num": 0,
  "summary_bg_k": 30.7518156060367,
  "summary_bg_mean": 63.287960052490234,
  "summary_bg_p05": 18.16176414489746,
  "summary_bg_p95": 233.8382385253904,
  "summary_bg_stdv": 85.63580322265625,
  "summary_fg_k": 0.8268844794996411,
  "summary_fg_mean": 816.5629272460938,
  "summary_fg_p05": 516.480908203125,
  "summary_fg_p95": 1079.0183837890622,
  "summary_fg_stdv": 166.9091033935547,
  "tsnr": 73.4564208984375
}