{
  "cjv": 0.7398936152458191,
  "cnr": 6.171067714691162,
  "efc": 0.5150486310842487,
  "fber": 16.040401458740234,
  "fwhm_avg": 1.82,
  "fwhm_x": 2.02507,
  "fwhm_y": 1.8979,
  "fwhm_z": 1.56856,
  "icvs_csf": 0.15321304720692047,
  "icvs_gm": 0.42324651890771253,
  "icvs_wm": 0.423540433885367,
  "inu_med": 0.6749825477600098,
  "inu_range": 0.24786889553070057,
  "metadata": {
    "EchoTime": 0.0033900000000000002,
    "FlipAngle": 9,
    "MRAcquisitionType": "3D",
    "MagneticFieldStrength": 3,
    "Manufacturer": "SIEMENS",
    "ManufacturerModelName": "TrioTim",
    "RepetitionTime": 2,
    "ScanOptions": "IR",
    "ScanningSequence": "GR\\IR",
    "SequenceName": "tfl3d1_ns",
    "SequenceVariant": "SP\\MP",
    "SliceTiming": [
      0.0025000000000000022,
      0.5,
      -0.030000000000000027,
      0.46625,
      -0.06374999999999997,
      0.43374999999499997,
      -0.09624999999999995,
      0.399999999995,
      -0.1300000000049999,
      0.36750000001,
      -0.16250000000499998,
      0.333750000005,
      -0.19624999999500004,
      0.301250000005,
      -0.228749999995,
      0.26749999999999996,
      -0.26249999999500007,
      0.235,
      -0.29500000000000004,
      0.20124999999999998,
      -0.32875,
      0.168749999995,
      -0.36124999999999996,
      0.134999999995,
      -0.3950000000049999,
      0.10249999999499998,
      -0.427500000005,
      0.06875000000499998,
      -0.46124999999500005,
      0.036250000005000005
    ],
    "TaskName": "MPRAGE",
    "qc_type": "anat",
    "subject_id": "10"
  },
  "qi_1": 0.0009759674836042605,
  "qi_2": 0.0019429419418765068,
  "rpve_csf": 51694.015625,
  "rpve_gm": 80995.59375,
  "rpve_wm": 54713.96484375,
  "size_x": 128,
  "size_y": 256,
  "size_z": 256,
  "snr_csf": 1.5906259803553253,
  "snr_gm": 7.503036811737407,
  "snr_total": 7.342139299427687,
  "snr_wm": 12.93275510619033,
  "snrd_csf": 12.308970126357956,
  "snrd_gm": 30.407733613133022,
  "snrd_total": 27.903932644699797,
  "snrd_wm": 40.99509419460842,
  "spacing_x": 1.3300000429153442,
  "spacing_y": 1.0,
  "spacing_z": 1.0,
  "summary_bg_k": 210.13974857753556,
  "summary_bg_mean": 4.194244384765625,
  "summary_bg_p05": 0.0,
  "summary_bg_p95": 9.0,
  "summary_bg_stdv": 8.996609687805176,
  "summary_csf_k": 3.2503542991853616,
  "summary_csf_mean": 46.7739372253418,
  "summary_csf_p05": 1.0,
  "summary_csf_p95": 97.0,
  "summary_csf_stdv": 37.93365478515625,
  "summary_gm_k": -0.5906306006783724,
  "summary_gm_mean": 145.90211486816406,
  "summary_gm_p05": 97.0,
  "summary_gm_p95": 190.0,
  "summary_gm_stdv": 27.684694290161133,
  "summary_wm_k": -0.6892924880791385,
  "summary_wm_mean": 216.24887084960938,
  "summary_wm_p05": 171.0,
  "summary_wm_p95": 252.0,
  "summary_wm_stdv": 25.702106475830078,
  "tpm_overlap_csf": 0.1379106429874494,
  "tpm_overlap_gm": 0.34144478291176433,
  "tpm_overlap_wm": 0.3562255085632258,
  "wm2max": 0.8705882352941177
}