{
  "aor": 0.0014515060240963859,
  "aqi": 0.005022781927710843,
  "dvars_nstd": 22.830120502424244,
  "dvars_std": 1.248569824727272,
  "dvars_vstd": 1.0017827906666668,
  "efc": 0.5661653081342812,
  "fber": 65.99649810791016,
  "fd_mean": 0.2563084023878788,
  "fd_num": 1,
  "fd_perc": 0.6024096385542169,
  "fwhm_avg": 6.72303,
  "fwhm_x": 5.94201,
  "fwhm_y": 7.15056,
  "fwhm_z": 7.1519,
  "gcor": 0.05007334789597845,
  "gsr_x": -0.012006704695522785,
  "gsr_y": 0.05578996241092682,
  "metadata": {
    "EchoTime": 0,
    "FlipAngle": 90,
    "MRAcquisitionType": "2D",
    "MagneticFieldStrength": 3,
    "Manufacturer": "SIEMENS",
    "ManufacturerModelName": "TrioTim",
    "RepetitionTime": 2,
    "ScanOptions": "FS",
    "ScanningSequence": "EP",
    "SequenceName": "epfid2d1_64",
    "SequenceVariant": "SK",
    "SliceTiming": [
      0.0037499999899999747,
      0.5,
      -0.030000000000000027,
      0.4675,
      -0.0625,
      0.43374999999499997,
      -0.09624999999999995,
      0.401249999995,
      -0.12875000000499992,
      0.367499999995,
      -0.16250000000499998,
      0.33499999998999996,
      -0.19500000000499995,
      0.30124999999,
      -0.22875000001,
      0.26875000000500004,
      -0.26125000001,
      0.235,
      -0.29500000000000004,
      0.2025,
      -0.3275,
      0.168749999995,
      -0.36124999999999996,
      0.13624999999499998,
      -0.39375000000499993,
      0.10249999999499998,
      -0.427500000005,
      0.06999999999,
      -0.46000000000499996,
      0.036249999990000004
    ],
    "TaskName": "dis",
    "qc_type": "func",
    "run_id": "04",
    "subject_id": "04",
    "task_id": "dis"
  },
  "size_t": 166,
  "size_x": 64,
  "size_y": 64,
  "size_z": 30,
  "snr": 5.428736244052529,
  "spacing_tr": 1.0,
  "spacing_x": 3.125,
  "spacing_y": 3.125,
  "spacing_z": 4.000001430511475,
  "spikes_num": 0,
  "summary_bg_k": 20.558172391023223,
  "summary_bg_mean": 56.391666412353516,
  "summary_bg_p05": 15.921686172485352,
  "summary_bg_p95": 231.9810127258302,
  "summary_bg_stdv": 87.0196762084961,
  "summary_fg_k": 1.0764597618017184,
  "summary_fg_mean": 827.8297119140625,
  "summary_fg_p05": 538.6909423828125,
  "summary_fg_p95": 1066.4370056152343,
  "summary_fg_stdv": 155.9537811279297,
  "tsnr": 83.49907684326172
}