{
  "aor": 0.009826265060240964,
  "aqi": 0.005554897650602409,
  "dvars_nstd": 17.891718592909086,
  "dvars_std": 1.1413366133333336,
  "dvars_vstd": 1.0606811196969699,
  "efc": 0.5862774613368404,
  "fber": 60.1325569152832,
  "fd_mean": 0.25040923234909085,
  "fd_num": 5,
  "fd_perc": 3.0120481927710845,
  "fwhm_avg": 6.76616,
  "fwhm_x": 5.98188,
  "fwhm_y": 7.09125,
  "fwhm_z": 7.30243,
  "gcor": 0.08708516660943089,
  "gsr_x": -0.012996158562600613,
  "gsr_y": 0.05525236204266548,
  "metadata": {
    "EchoTime": 0,
    "FlipAngle": 90,
    "MRAcquisitionType": "2D",
    "MagneticFieldStrength": 3,
    "Manufacturer": "SIEMENS",
    "ManufacturerModelName": "TrioTim",
    "RepetitionTime": 2,
    "ScanOptions": "FS",
    "ScanningSequence": "EP",
    "SequenceName": "epfid2d1_64",
    "SequenceVariant": "SK",
    "SliceTiming": [
      0.0037500000050000315,
      0.5,
      -0.030000000000000027,
      0.4675,
      -0.0625,
      0.43374999999499997,
      -0.09624999999999995,
      0.401249999995,
      -0.12875000000499992,
      0.367499999995,
      -0.16250000000499998,
      0.33499999998999996,
      -0.19500000000499995,
      0.301250000005,
      -0.22875000001,
      0.26875000000500004,
      -0.2612499999950001,
      0.235,
      -0.29500000000000004,
      0.2025,
      -0.3275,
      0.168749999995,
      -0.36124999999999996,
      0.13624999999499998,
      -0.39375000000499993,
      0.10249999999499998,
      -0.427500000005,
      0.06999999999,
      -0.46000000000499996,
      0.036250000005000005
    ],
    "TaskName": "dis",
    "qc_type": "func",
    "run_id": "05",
    "subject_id": "12",
    "task_id": "dis"
  },
  "size_t": 166,
  "size_x": 64,
  "size_y": 64,
  "size_z": 30,
  "snr": 5.184218820135046,
  "spacing_tr": 1.0,
  "spacing_x": 3.125,
  "spacing_y": 3.125,
  "spacing_z": 3.999999761581421,
  "spikes_num": 0,
  "summary_bg_k": 16.323225237730277,
  "summary_bg_mean": 58.01665115356445,
  "summary_bg_p05": 15.795180320739746,
  "summary_bg_p95": 230.9975799560548,
  "summary_bg_stdv": 83.08541870117188,
  "summary_fg_k": 1.119639977225698,
  "summary_fg_mean": 771.0859375,
  "summary_fg_p05": 487.93793945312495,
  "summary_fg_p95": 1001.7150085449216,
  "summary_fg_stdv": 151.4423065185547,
  "tsnr": 69.83540344238281
}