{
  "aor": 0.01160264705882353,
  "aqi": 0.005175079705882353,
  "dvars_nstd": 21.599436583407403,
  "dvars_std": 1.2293183130370364,
  "dvars_vstd": 1.0947053543703695,
  "efc": 0.5592572713751464,
  "fber": 71.27159881591797,
  "fd_mean": 0.29750694627627217,
  "fd_num": 7,
  "fd_perc": 5.147058823529412,
  "fwhm_avg": 7.25781,
  "fwhm_x": 6.49069,
  "fwhm_y": 7.53133,
  "fwhm_z": 7.82087,
  "gcor": 0.11363460737116196,
  "gsr_x": -0.0026568409521132708,
  "gsr_y": 0.04582233726978302,
  "metadata": {
    "EchoTime": 0,
    "FlipAngle": 90,
    "MRAcquisitionType": "2D",
    "MagneticFieldStrength": 3,
    "Manufacturer": "SIEMENS",
    "ManufacturerModelName": "TrioTim",
    "RepetitionTime": 2,
    "ScanOptions": "FS",
    "ScanningSequence": "EP",
    "SequenceName": "epfid2d1_64",
    "SequenceVariant": "SK",
    "SliceTiming": [
      0.0025000000000000022,
      0.5,
      -0.030000000000000027,
      0.46625,
      -0.06374999999999997,
      0.43375000000999997,
      -0.09624999999999995,
      0.40000000001,
      -0.12999999999,
      0.36750000001,
      -0.16249999998999998,
      0.333750000005,
      -0.19624999999500004,
      0.301250000005,
      -0.228749999995,
      0.26749999999999996,
      -0.26249999999500007,
      0.235,
      -0.29500000000000004,
      0.20124999999999998,
      -0.32875,
      0.168749999995,
      -0.36124999999999996,
      0.13500000001,
      -0.39499999999,
      0.10250000000999998,
      -0.42749999999,
      0.06875000000499998,
      -0.46124999999500005,
      0.036250000005000005
    ],
    "TaskName": "fb",
    "qc_type": "func",
    "run_id": "02",
    "subject_id": "13",
    "task_id": "fb"
  },
  "size_t": 136,
  "size_x": 64,
  "size_y": 64,
  "size_z": 30,
  "snr": 4.598637750275341,
  "spacing_tr": 1.0,
  "spacing_x": 3.125,
  "spacing_y": 3.125,
  "spacing_z": 4.000001907348633,
  "spikes_num": 0,
  "summary_bg_k": 19.882212530090005,
  "summary_bg_mean": 55.631832122802734,
  "summary_bg_p05": 16.264705657958984,
  "summary_bg_p95": 217.56617736816406,
  "summary_bg_stdv": 80.53794860839844,
  "summary_fg_k": 0.714823307948139,
  "summary_fg_mean": 806.8729858398438,
  "summary_fg_p05": 488.1235290527344,
  "summary_fg_p95": 1086.9882568359374,
  "summary_fg_stdv": 178.40386962890625,
  "tsnr": 65.35539245605469
}