{
  "aor": 0.0015145180722891565,
  "aqi": 0.00782334325301205,
  "dvars_nstd": 39.089172525030314,
  "dvars_std": 1.2930810886666666,
  "dvars_vstd": 0.9998486322424235,
  "efc": 0.5881709208303411,
  "fber": 71.24329376220703,
  "fd_mean": 0.4790117190606061,
  "fd_num": 14,
  "fd_perc": 8.433734939759036,
  "fwhm_avg": 7.00802,
  "fwhm_x": 6.07871,
  "fwhm_y": 7.37507,
  "fwhm_z": 7.6773,
  "gcor": 0.03523487355335649,
  "gsr_x": -0.015018375590443611,
  "gsr_y": 0.06296902894973755,
  "metadata": {
    "EchoTime": 0,
    "FlipAngle": 90,
    "MRAcquisitionType": "2D",
    "MagneticFieldStrength": 3,
    "Manufacturer": "SIEMENS",
    "ManufacturerModelName": "TrioTim",
    "RepetitionTime": 2,
    "ScanOptions": "FS",
    "ScanningSequence": "EP",
    "SequenceName": "epfid2d1_64",
    "SequenceVariant": "SK",
    "SliceTiming": [
      0.0037500000050000315,
      0.5,
      -0.030000000000000027,
      0.4675,
      -0.0625,
      0.43375000000999997,
      -0.09624999998999995,
      0.40125000001,
      -0.12874999999000003,
      0.36750000001,
      -0.16249999998999998,
      0.33500000000499996,
      -0.19499999998999995,
      0.301250000005,
      -0.228749999995,
      0.26875000000500004,
      -0.2612499999950001,
      0.235,
      -0.29500000000000004,
      0.2025,
      -0.3275,
      0.16875000001,
      -0.36124999999999996,
      0.13625000000999998,
      -0.39374999999000004,
      0.10250000000999998,
      -0.42749999999,
      0.07000000000500001,
      -0.45999999998999996,
      0.036250000005000005
    ],
    "TaskName": "dis",
    "qc_type": "func",
    "run_id": "03",
    "subject_id": "39",
    "task_id": "dis"
  },
  "size_t": 166,
  "size_x": 64,
  "size_y": 64,
  "size_z": 30,
  "snr": 4.749984608283016,
  "spacing_tr": 1.0,
  "spacing_x": 3.125,
  "spacing_y": 3.125,
  "spacing_z": 3.999999761581421,
  "spikes_num": 0,
  "summary_bg_k": 15.123862133469498,
  "summary_bg_mean": 64.1964340209961,
  "summary_bg_p05": 18.27108383178711,
  "summary_bg_p95": 243.8252944946289,
  "summary_bg_stdv": 85.95376586914062,
  "summary_fg_k": 1.2799936324677734,
  "summary_fg_mean": 885.9497680664062,
  "summary_fg_p05": 570.0626220703125,
  "summary_fg_p95": 1204.1939208984375,
  "summary_fg_stdv": 187.2134246826172,
  "tsnr": 65.6899642944336
}