{
  "aor": 0.0009530722891566266,
  "aqi": 0.004109478012048193,
  "dvars_nstd": 18.27701725842424,
  "dvars_std": 1.1769196349696975,
  "dvars_vstd": 1.007839875818182,
  "efc": 0.6024097837659607,
  "fber": 47.63313293457031,
  "fd_mean": 0.12677691926121212,
  "fd_num": 0,
  "fd_perc": 0.0,
  "fwhm_avg": 6.55762,
  "fwhm_x": 5.75239,
  "fwhm_y": 6.85541,
  "fwhm_z": 7.15083,
  "gcor": 0.03624632272375635,
  "gsr_x": -0.00654515391215682,
  "gsr_y": 0.0779036208987236,
  "metadata": {
    "EchoTime": 0,
    "FlipAngle": 90,
    "MRAcquisitionType": "2D",
    "MagneticFieldStrength": 3,
    "Manufacturer": "SIEMENS",
    "ManufacturerModelName": "TrioTim",
    "RepetitionTime": 2,
    "ScanOptions": "FS",
    "ScanningSequence": "EP",
    "SequenceName": "epfid2d1_64",
    "SequenceVariant": "SK",
    "SliceTiming": [
      0.0037500000050000315,
      0.5,
      -0.030000000000000027,
      0.46750000001500003,
      -0.0625,
      0.43375000000999997,
      -0.09624999998999995,
      0.40125000001,
      -0.12874999999000003,
      0.36750000001,
      -0.16249999998999998,
      0.33500000000499996,
      -0.19499999998999995,
      0.301250000005,
      -0.228749999995,
      0.26875000000500004,
      -0.2612499999950001,
      0.235,
      -0.29500000000000004,
      0.20250000001500001,
      -0.3275,
      0.16875000001,
      -0.36124999998500007,
      0.13625000000999998,
      -0.39374999999000004,
      0.10250000000999998,
      -0.42749999999,
      0.07000000000500001,
      -0.45999999998999996,
      0.036250000005000005
    ],
    "TaskName": "dis",
    "qc_type": "func",
    "run_id": "01",
    "subject_id": "30",
    "task_id": "dis"
  },
  "size_t": 166,
  "size_x": 64,
  "size_y": 64,
  "size_z": 30,
  "snr": 5.078976153949455,
  "spacing_tr": 1.0,
  "spacing_x": 3.125,
  "spacing_y": 3.125,
  "spacing_z": 4.000000476837158,
  "spikes_num": 0,
  "summary_bg_k": 19.003717650791096,
  "summary_bg_mean": 66.39888000488281,
  "summary_bg_p05": 16.9819278717041,
  "summary_bg_p95": 279.3030151367186,
  "summary_bg_stdv": 100.96736907958984,
  "summary_fg_k": 0.8379876264786223,
  "summary_fg_mean": 817.83203125,
  "summary_fg_p05": 515.0300903320312,
  "summary_fg_p95": 1071.216796875,
  "summary_fg_stdv": 163.54771423339844,
  "tsnr": 84.32313537597656
}