{
  "aor": 0.004652720588235295,
  "aqi": 0.0045970065441176475,
  "dvars_nstd": 18.469758945259255,
  "dvars_std": 1.167172855259259,
  "dvars_vstd": 1.0404432842222224,
  "efc": 0.5617332103569018,
  "fber": 69.0570068359375,
  "fd_mean": 0.3455170951333333,
  "fd_num": 2,
  "fd_perc": 1.4705882352941178,
  "fwhm_avg": 7.1105,
  "fwhm_x": 6.23741,
  "fwhm_y": 7.37603,
  "fwhm_z": 7.81399,
  "gcor": 0.052638288806466496,
  "gsr_x": -0.006731741596013308,
  "gsr_y": 0.034647706896066666,
  "metadata": {
    "EchoTime": 0,
    "FlipAngle": 90,
    "MRAcquisitionType": "2D",
    "MagneticFieldStrength": 3,
    "Manufacturer": "SIEMENS",
    "ManufacturerModelName": "TrioTim",
    "RepetitionTime": 2,
    "ScanOptions": "FS",
    "ScanningSequence": "EP",
    "SequenceName": "epfid2d1_64",
    "SequenceVariant": "SK",
    "SliceTiming": [
      0.0037500000050000315,
      0.5,
      -0.030000000000000027,
      0.4675,
      -0.0625,
      0.43374999999499997,
      -0.09624999999999995,
      0.401249999995,
      -0.12875000000499992,
      0.36750000001,
      -0.16249999998999998,
      0.33500000000499996,
      -0.19499999998999995,
      0.301250000005,
      -0.228749999995,
      0.26875000000500004,
      -0.2612499999950001,
      0.235,
      -0.29500000000000004,
      0.2025,
      -0.3275,
      0.168749999995,
      -0.36124999999999996,
      0.13624999999499998,
      -0.39375000000499993,
      0.10250000000999998,
      -0.42749999999,
      0.07000000000500001,
      -0.45999999998999996,
      0.036250000005000005
    ],
    "TaskName": "fb",
    "qc_type": "func",
    "run_id": "04",
    "subject_id": "09",
    "task_id": "fb"
  },
  "size_t": 136,
  "size_x": 64,
  "size_y": 64,
  "size_z": 30,
  "snr": 5.183219274657261,
  "spacing_tr": 1.0,
  "spacing_x": 3.125,
  "spacing_y": 3.125,
  "spacing_z": 3.9999983310699463,
  "spikes_num": 0,
  "summary_bg_k": 19.38389253315649,
  "summary_bg_mean": 49.22338104248047,
  "summary_bg_p05": 15.029412269592285,
  "summary_bg_p95": 190.13529510498023,
  "summary_bg_stdv": 70.80970764160156,
  "summary_fg_k": 0.7051664683488172,
  "summary_fg_mean": 702.973876953125,
  "summary_fg_p05": 439.2279357910156,
  "summary_fg_p95": 908.125,
  "summary_fg_stdv": 139.2899932861328,
  "tsnr": 77.62312316894531
}