{
  "aor": 0.0038104545454545453,
  "aqi": 0.006968657636363637,
  "dvars_nstd": 24.23218035899082,
  "dvars_std": 1.14987917559633,
  "dvars_vstd": 1.0044604738532112,
  "efc": 0.56315639536917,
  "fber": 67.82144927978516,
  "fd_mean": 0.38224644439449545,
  "fd_num": 5,
  "fd_perc": 4.545454545454546,
  "fwhm_avg": 7.13702,
  "fwhm_x": 6.31258,
  "fwhm_y": 7.51755,
  "fwhm_z": 7.66068,
  "gcor": 0.044657715884121985,
  "gsr_x": -0.0021654197480529547,
  "gsr_y": 0.06230245158076286,
  "metadata": {
    "EchoTime": 0,
    "FlipAngle": 90,
    "MRAcquisitionType": "2D",
    "MagneticFieldStrength": 3,
    "Manufacturer": "SIEMENS",
    "ManufacturerModelName": "TrioTim",
    "RepetitionTime": 2,
    "ScanOptions": "FS",
    "ScanningSequence": "EP",
    "SequenceName": "epfid2d1_64",
    "SequenceVariant": "SK",
    "SliceTiming": [
      0.0025000000000000022,
      0.5,
      -0.030000000000000027,
      0.46625,
      -0.06374999999999997,
      0.43375000000499997,
      -0.09624999999999995,
      0.4,
      -0.129999999995,
      0.3675,
      -0.16249999999999998,
      0.33375,
      -0.19625000000000004,
      0.301249999995,
      -0.22875,
      0.26749999999999996,
      -0.26249999999500007,
      0.235,
      -0.29500000000000004,
      0.20124999999999998,
      -0.32875,
      0.168749999995,
      -0.36124999999999996,
      0.135,
      -0.394999999995,
      0.10249999999999998,
      -0.4275,
      0.06874999999999998,
      -0.46125000000000005,
      0.036249999995000004
    ],
    "TaskName": "fb",
    "qc_type": "func",
    "run_id": "03",
    "subject_id": "24",
    "task_id": "fb"
  },
  "size_t": 110,
  "size_x": 64,
  "size_y": 64,
  "size_z": 30,
  "snr": 4.910499399474864,
  "spacing_tr": 1.0,
  "spacing_x": 3.125,
  "spacing_y": 3.125,
  "spacing_z": 4.000001430511475,
  "spikes_num": 0,
  "summary_bg_k": 15.154613483744676,
  "summary_bg_mean": 55.84210205078125,
  "summary_bg_p05": 16.118181228637695,
  "summary_bg_p95": 230.21226882934565,
  "summary_bg_stdv": 78.05851745605469,
  "summary_fg_k": 0.892612648976602,
  "summary_fg_mean": 773.6901245117188,
  "summary_fg_p05": 471.43861389160156,
  "summary_fg_p95": 1020.1477203369141,
  "summary_fg_stdv": 161.67514038085938,
  "tsnr": 66.05376434326172
}