{
  "aor": 0.010027951807228918,
  "aqi": 0.007552750240963855,
  "dvars_nstd": 26.907212425030306,
  "dvars_std": 1.261794823878788,
  "dvars_vstd": 1.103536801393939,
  "efc": 0.5600060971635364,
  "fber": 49.51585388183594,
  "fd_mean": 0.5125365939515152,
  "fd_num": 11,
  "fd_perc": 6.626506024096385,
  "fwhm_avg": 7.47741,
  "fwhm_x": 6.55842,
  "fwhm_y": 7.83126,
  "fwhm_z": 8.13997,
  "gcor": 0.12553774592388106,
  "gsr_x": 0.0063596754334867,
  "gsr_y": 0.04373146966099739,
  "metadata": {
    "EchoTime": 0,
    "FlipAngle": 90,
    "MRAcquisitionType": "2D",
    "MagneticFieldStrength": 3,
    "Manufacturer": "SIEMENS",
    "ManufacturerModelName": "TrioTim",
    "RepetitionTime": 2,
    "ScanOptions": "FS",
    "ScanningSequence": "EP",
    "SequenceName": "epfid2d1_64",
    "SequenceVariant": "SK",
    "SliceTiming": [
      0.0025000000000000022,
      0.5,
      -0.030000000000000027,
      0.46625,
      -0.06374999999999997,
      0.43374999999499997,
      -0.09624999999999995,
      0.40000000001,
      -0.1300000000049999,
      0.36750000001,
      -0.16249999998999998,
      0.333750000005,
      -0.19499999998999995,
      0.301250000005,
      -0.228749999995,
      0.26749999999999996,
      -0.2612499999950001,
      0.235,
      -0.29500000000000004,
      0.20124999999999998,
      -0.3275,
      0.168749999995,
      -0.36124999999999996,
      0.13500000001,
      -0.39375000000499993,
      0.10250000000999998,
      -0.42749999999,
      0.06875000000499998,
      -0.45999999998999996,
      0.036250000005000005
    ],
    "TaskName": "dis",
    "qc_type": "func",
    "run_id": "02",
    "subject_id": "28",
    "task_id": "dis"
  },
  "size_t": 166,
  "size_x": 64,
  "size_y": 64,
  "size_z": 30,
  "snr": 5.163802227868928,
  "spacing_tr": 1.0,
  "spacing_x": 3.125,
  "spacing_y": 3.125,
  "spacing_z": 4.000001430511475,
  "spikes_num": 1,
  "summary_bg_k": 13.67332947911446,
  "summary_bg_mean": 62.13682556152344,
  "summary_bg_p05": 16.403614044189453,
  "summary_bg_p95": 252.53402328491208,
  "summary_bg_stdv": 88.0418701171875,
  "summary_fg_k": 0.6680580158813312,
  "summary_fg_mean": 743.6124877929688,
  "summary_fg_p05": 460.10961761474607,
  "summary_fg_p95": 966.0809661865234,
  "summary_fg_stdv": 148.4457244873047,
  "tsnr": 56.2263298034668
}