{
  "aor": 0.0022460240963855425,
  "aqi": 0.004917983373493976,
  "dvars_nstd": 21.466051899030298,
  "dvars_std": 1.1764456718787875,
  "dvars_vstd": 1.020370172363636,
  "efc": 0.5517423885743249,
  "fber": 51.46804428100586,
  "fd_mean": 0.2939236478933333,
  "fd_num": 3,
  "fd_perc": 1.8072289156626506,
  "fwhm_avg": 6.92864,
  "fwhm_x": 6.15483,
  "fwhm_y": 7.26098,
  "fwhm_z": 7.44275,
  "gcor": 0.02205704493694995,
  "gsr_x": 0.005676507018506527,
  "gsr_y": 0.04327543452382088,
  "metadata": {
    "EchoTime": 0,
    "FlipAngle": 90,
    "MRAcquisitionType": "2D",
    "MagneticFieldStrength": 3,
    "Manufacturer": "SIEMENS",
    "ManufacturerModelName": "TrioTim",
    "RepetitionTime": 2,
    "ScanOptions": "FS",
    "ScanningSequence": "EP",
    "SequenceName": "epfid2d1_64",
    "SequenceVariant": "SK",
    "SliceTiming": [
      0.0024999999900000014,
      0.5,
      -0.030000000014999917,
      0.46625,
      -0.06374999999999997,
      0.43374999999499997,
      -0.09624999999999995,
      0.399999999995,
      -0.1300000000049999,
      0.367499999995,
      -0.16250000000499998,
      0.33374999999,
      -0.19625000001000004,
      0.30124999999,
      -0.22875000001,
      0.26749999998499996,
      -0.26250000000999996,
      0.23499999998499999,
      -0.29500000001499993,
      0.20124999999999998,
      -0.32875,
      0.168749999995,
      -0.36124999999999996,
      0.134999999995,
      -0.3950000000049999,
      0.10249999999499998,
      -0.427500000005,
      0.06874999998999998,
      -0.46125000001000005,
      0.036249999990000004
    ],
    "TaskName": "dis",
    "qc_type": "func",
    "run_id": "05",
    "subject_id": "28",
    "task_id": "dis"
  },
  "size_t": 166,
  "size_x": 64,
  "size_y": 64,
  "size_z": 30,
  "snr": 4.944174291688155,
  "spacing_tr": 1.0,
  "spacing_x": 3.125,
  "spacing_y": 3.125,
  "spacing_z": 4.000001430511475,
  "spikes_num": 0,
  "summary_bg_k": 15.092510835374092,
  "summary_bg_mean": 59.73654556274414,
  "summary_bg_p05": 16.259035110473633,
  "summary_bg_p95": 247.59577178955084,
  "summary_bg_stdv": 87.95609283447266,
  "summary_fg_k": 0.8043474740654739,
  "summary_fg_mean": 746.907958984375,
  "summary_fg_p05": 458.9855224609375,
  "summary_fg_p95": 980.4192260742187,
  "summary_fg_stdv": 154.79266357421875,
  "tsnr": 70.20057678222656
}