{
  "aor": 0.009760301204819279,
  "aqi": 0.009877312590361445,
  "dvars_nstd": 32.06149499484848,
  "dvars_std": 1.249205909757575,
  "dvars_vstd": 1.0714295971515146,
  "efc": 0.5838417568835563,
  "fber": 71.19003295898438,
  "fd_mean": 0.486183055478788,
  "fd_num": 17,
  "fd_perc": 10.240963855421686,
  "fwhm_avg": 6.31439,
  "fwhm_x": 5.56222,
  "fwhm_y": 6.69845,
  "fwhm_z": 6.75728,
  "gcor": 0.08379430081470902,
  "gsr_x": -0.017374996095895767,
  "gsr_y": 0.06484143435955048,
  "metadata": {
    "EchoTime": 0,
    "FlipAngle": 90,
    "MRAcquisitionType": "2D",
    "MagneticFieldStrength": 3,
    "Manufacturer": "SIEMENS",
    "ManufacturerModelName": "TrioTim",
    "RepetitionTime": 2,
    "ScanOptions": "FS",
    "ScanningSequence": "EP",
    "SequenceName": "epfid2d1_64",
    "SequenceVariant": "SK",
    "SliceTiming": [
      0.0024999999900000014,
      0.5,
      -0.030000000014999917,
      0.46625,
      -0.06374999999999997,
      0.43374999999499997,
      -0.09624999999999995,
      0.399999999995,
      -0.1300000000049999,
      0.367499999995,
      -0.16250000000499998,
      0.33374999999,
      -0.19625000001000004,
      0.30124999999,
      -0.22875000001,
      0.26749999998499996,
      -0.26250000000999996,
      0.23499999998499999,
      -0.29500000001499993,
      0.20124999999999998,
      -0.32875,
      0.168749999995,
      -0.36124999999999996,
      0.134999999995,
      -0.3950000000049999,
      0.10249999999499998,
      -0.427500000005,
      0.06874999998999998,
      -0.46125000001000005,
      0.036249999990000004
    ],
    "TaskName": "dis",
    "qc_type": "func",
    "run_id": "05",
    "subject_id": "32",
    "task_id": "dis"
  },
  "size_t": 166,
  "size_x": 64,
  "size_y": 64,
  "size_z": 30,
  "snr": 5.220923792860572,
  "spacing_tr": 1.0,
  "spacing_x": 3.125,
  "spacing_y": 3.125,
  "spacing_z": 4.0,
  "spikes_num": 0,
  "summary_bg_k": 21.120405929001617,
  "summary_bg_mean": 57.4506950378418,
  "summary_bg_p05": 17.77108383178711,
  "summary_bg_p95": 218.0891510009765,
  "summary_bg_stdv": 79.30819702148438,
  "summary_fg_k": 1.3445861568129436,
  "summary_fg_mean": 811.2254638671875,
  "summary_fg_p05": 534.4734680175782,
  "summary_fg_p95": 1064.955383300781,
  "summary_fg_stdv": 157.00999450683594,
  "tsnr": 55.00927734375
}