{
  "aor": 0.007542090909090909,
  "aqi": 0.006908729909090909,
  "dvars_nstd": 25.406813700183488,
  "dvars_std": 1.2073363482568806,
  "dvars_vstd": 1.0508306203669726,
  "efc": 0.5811283925823866,
  "fber": 72.97891998291016,
  "fd_mean": 0.3275555183577981,
  "fd_num": 4,
  "fd_perc": 3.6363636363636362,
  "fwhm_avg": 6.27608,
  "fwhm_x": 5.6217,
  "fwhm_y": 6.53065,
  "fwhm_z": 6.7335,
  "gcor": 0.03594572327353738,
  "gsr_x": -0.015083570964634418,
  "gsr_y": 0.06381645053625107,
  "metadata": {
    "EchoTime": 0,
    "FlipAngle": 90,
    "MRAcquisitionType": "2D",
    "MagneticFieldStrength": 3,
    "Manufacturer": "SIEMENS",
    "ManufacturerModelName": "TrioTim",
    "RepetitionTime": 2,
    "ScanOptions": "FS",
    "ScanningSequence": "EP",
    "SequenceName": "epfid2d1_64",
    "SequenceVariant": "SK",
    "SliceTiming": [
      0.0024999999900000014,
      0.5,
      -0.030000000014999917,
      0.46625,
      -0.06374999999999997,
      0.43374999999499997,
      -0.09624999999999995,
      0.399999999995,
      -0.1300000000049999,
      0.367499999995,
      -0.16250000000499998,
      0.33374999999,
      -0.19625000001000004,
      0.30124999999,
      -0.22875000001,
      0.26749999998499996,
      -0.26250000000999996,
      0.235,
      -0.29500000001499993,
      0.20124999999999998,
      -0.32875,
      0.168749999995,
      -0.36124999999999996,
      0.134999999995,
      -0.3950000000049999,
      0.10249999999499998,
      -0.427500000005,
      0.06874999998999998,
      -0.46125000001000005,
      0.036249999990000004
    ],
    "TaskName": "fb",
    "qc_type": "func",
    "run_id": "02",
    "subject_id": "32",
    "task_id": "fb"
  },
  "size_t": 110,
  "size_x": 64,
  "size_y": 64,
  "size_z": 30,
  "snr": 5.094500667400893,
  "spacing_tr": 1.0,
  "spacing_x": 3.125,
  "spacing_y": 3.125,
  "spacing_z": 4.0,
  "spikes_num": 0,
  "summary_bg_k": 20.183828162093434,
  "summary_bg_mean": 56.218017578125,
  "summary_bg_p05": 17.4818172454834,
  "summary_bg_p95": 214.5363540649414,
  "summary_bg_stdv": 78.07491302490234,
  "summary_fg_k": 1.2755643502463903,
  "summary_fg_mean": 806.2321166992188,
  "summary_fg_p05": 527.1890991210937,
  "summary_fg_p95": 1066.2199707031245,
  "summary_fg_stdv": 159.6685791015625,
  "tsnr": 65.56535339355469
}