{
  "aor": 0.0017802941176470587,
  "aqi": 0.004481114338235294,
  "dvars_nstd": 19.181433225407396,
  "dvars_std": 1.164089011111111,
  "dvars_vstd": 1.0125392525925927,
  "efc": 0.5931709849315494,
  "fber": 59.77745056152344,
  "fd_mean": 0.18824145980592594,
  "fd_num": 0,
  "fd_perc": 0.0,
  "fwhm_avg": 6.63189,
  "fwhm_x": 5.92352,
  "fwhm_y": 6.82356,
  "fwhm_z": 7.21643,
  "gcor": 0.04771279587465174,
  "gsr_x": -0.013793190941214561,
  "gsr_y": 0.07363282144069672,
  "metadata": {
    "EchoTime": 0,
    "FlipAngle": 90,
    "MRAcquisitionType": "2D",
    "MagneticFieldStrength": 3,
    "Manufacturer": "SIEMENS",
    "ManufacturerModelName": "TrioTim",
    "RepetitionTime": 2,
    "ScanOptions": "FS",
    "ScanningSequence": "EP",
    "SequenceName": "epfid2d1_56",
    "SequenceVariant": "SK",
    "SliceTiming": [
      0.0037500000050000315,
      0.5,
      -0.030000000000000027,
      0.4675,
      -0.0625,
      0.43375000000999997,
      -0.09624999999999995,
      0.40125000001,
      -0.12874999999000003,
      0.36750000001,
      -0.16249999998999998,
      0.33500000000499996,
      -0.19499999998999995,
      0.301250000005,
      -0.228749999995,
      0.26875000000500004,
      -0.2612499999950001,
      0.235,
      -0.29500000000000004,
      0.2025,
      -0.3275,
      0.168749999995,
      -0.36124999999999996,
      0.13625000000999998,
      -0.39375000000499993,
      0.10250000000999998,
      -0.42749999999,
      0.07000000000500001,
      -0.45999999998999996,
      0.036250000005000005
    ],
    "TaskName": "fb",
    "qc_type": "func",
    "run_id": "03",
    "subject_id": "06",
    "task_id": "fb"
  },
  "size_t": 136,
  "size_x": 64,
  "size_y": 56,
  "size_z": 30,
  "snr": 5.098880026531971,
  "spacing_tr": 1.0,
  "spacing_x": 3.125,
  "spacing_y": 3.125,
  "spacing_z": 4.0,
  "spikes_num": 0,
  "summary_bg_k": 13.007721235203178,
  "summary_bg_mean": 60.37770462036133,
  "summary_bg_p05": 16.897058486938477,
  "summary_bg_p95": 260.1985397338867,
  "summary_bg_stdv": 86.4365463256836,
  "summary_fg_k": 0.7480615431162088,
  "summary_fg_mean": 799.45703125,
  "summary_fg_p05": 508.0022018432617,
  "summary_fg_p95": 1049.2882751464842,
  "summary_fg_stdv": 159.37115478515625,
  "tsnr": 76.90079498291016
}