{
  "aor": 0.0017920481927710841,
  "aqi": 0.005035214277108434,
  "dvars_nstd": 22.357278766303025,
  "dvars_std": 1.2654539315151523,
  "dvars_vstd": 1.010631399878788,
  "efc": 0.5637805357207313,
  "fber": 67.67406463623047,
  "fd_mean": 0.19801776396484852,
  "fd_num": 0,
  "fd_perc": 0.0,
  "fwhm_avg": 6.54289,
  "fwhm_x": 5.754,
  "fwhm_y": 6.86037,
  "fwhm_z": 7.09563,
  "gcor": 0.057423465223197474,
  "gsr_x": -0.011665120720863342,
  "gsr_y": 0.05442408472299576,
  "metadata": {
    "EchoTime": 0,
    "FlipAngle": 90,
    "MRAcquisitionType": "2D",
    "MagneticFieldStrength": 3,
    "Manufacturer": "SIEMENS",
    "ManufacturerModelName": "TrioTim",
    "RepetitionTime": 2,
    "ScanOptions": "FS",
    "ScanningSequence": "EP",
    "SequenceName": "epfid2d1_64",
    "SequenceVariant": "SK",
    "SliceTiming": [
      0.0037500000050000315,
      0.5,
      -0.030000000000000027,
      0.46750000001500003,
      -0.0625,
      0.43375000000999997,
      -0.09624999998999995,
      0.40125000001,
      -0.12874999999000003,
      0.36750000001,
      -0.16249999998999998,
      0.33500000000499996,
      -0.19499999998999995,
      0.301250000005,
      -0.228749999995,
      0.26875000000500004,
      -0.2612499999950001,
      0.235,
      -0.29500000000000004,
      0.20250000001500001,
      -0.3275,
      0.16875000001,
      -0.36124999998500007,
      0.13625000000999998,
      -0.39374999999000004,
      0.10250000000999998,
      -0.42749999999,
      0.07000000000500001,
      -0.45999999998999996,
      0.036250000005000005
    ],
    "TaskName": "dis",
    "qc_type": "func",
    "run_id": "03",
    "subject_id": "04",
    "task_id": "dis"
  },
  "size_t": 166,
  "size_x": 64,
  "size_y": 64,
  "size_z": 30,
  "snr": 5.334368091943699,
  "spacing_tr": 1.0,
  "spacing_x": 3.125,
  "spacing_y": 3.125,
  "spacing_z": 4.000001430511475,
  "spikes_num": 0,
  "summary_bg_k": 22.434238704978306,
  "summary_bg_mean": 55.377601623535156,
  "summary_bg_p05": 16.198795318603516,
  "summary_bg_p95": 226.50601501464809,
  "summary_bg_stdv": 86.142578125,
  "summary_fg_k": 1.052181283664364,
  "summary_fg_mean": 827.4445190429688,
  "summary_fg_p05": 533.2861297607421,
  "summary_fg_p95": 1072.3562622070312,
  "summary_fg_stdv": 158.2672576904297,
  "tsnr": 81.26219177246094
}