{
  "aor": 0.0011085454545454545,
  "aqi": 0.003814166636363637,
  "dvars_nstd": 17.587059519633026,
  "dvars_std": 1.1568929319266053,
  "dvars_vstd": 1.0063480630275223,
  "efc": 0.6064198647240259,
  "fber": 45.82834243774414,
  "fd_mean": 0.1517136523110092,
  "fd_num": 0,
  "fd_perc": 0.0,
  "fwhm_avg": 6.50089,
  "fwhm_x": 5.72288,
  "fwhm_y": 6.8056,
  "fwhm_z": 7.05402,
  "gcor": 0.02813992283561013,
  "gsr_x": -0.012430106289684772,
  "gsr_y": 0.07869810611009598,
  "metadata": {
    "EchoTime": 0,
    "FlipAngle": 90,
    "MRAcquisitionType": "2D",
    "MagneticFieldStrength": 3,
    "Manufacturer": "SIEMENS",
    "ManufacturerModelName": "TrioTim",
    "RepetitionTime": 2,
    "ScanOptions": "FS",
    "ScanningSequence": "EP",
    "SequenceName": "epfid2d1_64",
    "SequenceVariant": "SK",
    "SliceTiming": [
      0.0037500000050000315,
      0.5,
      -0.030000000000000027,
      0.4675,
      -0.0625,
      0.43374999999499997,
      -0.09624999999999995,
      0.401249999995,
      -0.12875000000499992,
      0.367499999995,
      -0.16250000000499998,
      0.33499999998999996,
      -0.19500000000499995,
      0.301250000005,
      -0.22875000001,
      0.26875000000500004,
      -0.2612499999950001,
      0.235,
      -0.29500000000000004,
      0.2025,
      -0.3275,
      0.168749999995,
      -0.36124999999999996,
      0.13624999999499998,
      -0.39375000000499993,
      0.10249999999499998,
      -0.427500000005,
      0.06999999999,
      -0.46000000000499996,
      0.036250000005000005
    ],
    "TaskName": "fb",
    "qc_type": "func",
    "run_id": "04",
    "subject_id": "30",
    "task_id": "fb"
  },
  "size_t": 110,
  "size_x": 64,
  "size_y": 64,
  "size_z": 30,
  "snr": 5.124556334245058,
  "spacing_tr": 1.0,
  "spacing_x": 3.125,
  "spacing_y": 3.125,
  "spacing_z": 4.000000476837158,
  "spikes_num": 0,
  "summary_bg_k": 18.85504069158118,
  "summary_bg_mean": 68.73667907714844,
  "summary_bg_p05": 17.172727584838867,
  "summary_bg_p95": 288.2090759277344,
  "summary_bg_stdv": 103.13587188720703,
  "summary_fg_k": 0.7785784752767548,
  "summary_fg_mean": 823.1062622070312,
  "summary_fg_p05": 524.9290649414063,
  "summary_fg_p95": 1078.06904296875,
  "summary_fg_stdv": 162.78558349609375,
  "tsnr": 88.85961151123047
}