{
  "aor": 0.0014086363636363634,
  "aqi": 0.004491346272727272,
  "dvars_nstd": 18.547350813669727,
  "dvars_std": 1.1227744985321098,
  "dvars_vstd": 0.9965931586238533,
  "efc": 0.5639185336160203,
  "fber": 67.12220764160156,
  "fd_mean": 0.17601661887706424,
  "fd_num": 0,
  "fd_perc": 0.0,
  "fwhm_avg": 7.11284,
  "fwhm_x": 6.28119,
  "fwhm_y": 7.39716,
  "fwhm_z": 7.74501,
  "gcor": 0.02430039102380926,
  "gsr_x": -0.0033659483306109905,
  "gsr_y": 0.05862826853990555,
  "metadata": {
    "EchoTime": 0,
    "FlipAngle": 90,
    "MRAcquisitionType": "2D",
    "MagneticFieldStrength": 3,
    "Manufacturer": "SIEMENS",
    "ManufacturerModelName": "TrioTim",
    "RepetitionTime": 2,
    "ScanOptions": "FS",
    "ScanningSequence": "EP",
    "SequenceName": "epfid2d1_64",
    "SequenceVariant": "SK",
    "SliceTiming": [
      0.0025000000000000022,
      0.5,
      -0.030000000000000027,
      0.466250000005,
      -0.06374999999500008,
      0.43375000000499997,
      -0.09624999999500006,
      0.4,
      -0.129999999995,
      0.3675,
      -0.16249999999999998,
      0.333750000005,
      -0.19624999999500004,
      0.301250000005,
      -0.228749999995,
      0.26749999999999996,
      -0.26249999999500007,
      0.235,
      -0.29500000000000004,
      0.20125000000499998,
      -0.3287499999950001,
      0.168750000005,
      -0.36124999999500007,
      0.135,
      -0.39374999999500004,
      0.10249999999999998,
      -0.4275,
      0.06875000000499998,
      -0.45999999999999996,
      0.036250000005000005
    ],
    "TaskName": "fb",
    "qc_type": "func",
    "run_id": "02",
    "subject_id": "24",
    "task_id": "fb"
  },
  "size_t": 110,
  "size_x": 64,
  "size_y": 64,
  "size_z": 30,
  "snr": 4.795322611130141,
  "spacing_tr": 1.0,
  "spacing_x": 3.125,
  "spacing_y": 3.125,
  "spacing_z": 4.000001430511475,
  "spikes_num": 0,
  "summary_bg_k": 16.662676451924966,
  "summary_bg_mean": 56.2580680847168,
  "summary_bg_p05": 16.063636779785156,
  "summary_bg_p95": 229.9363555908203,
  "summary_bg_stdv": 79.76954650878906,
  "summary_fg_k": 0.7507300365775862,
  "summary_fg_mean": 781.992919921875,
  "summary_fg_p05": 469.5695404052735,
  "summary_fg_p95": 1036.6395141601563,
  "summary_fg_stdv": 167.4444580078125,
  "tsnr": 75.80584716796875
}