{
  "aor": 0.007541024096385543,
  "aqi": 0.008453601144578314,
  "dvars_nstd": 30.173861232,
  "dvars_std": 1.2405130942424236,
  "dvars_vstd": 1.0617682092121212,
  "efc": 0.5824815088958839,
  "fber": 71.7196273803711,
  "fd_mean": 0.4581945582393939,
  "fd_num": 15,
  "fd_perc": 9.036144578313253,
  "fwhm_avg": 6.31489,
  "fwhm_x": 5.64488,
  "fwhm_y": 6.614,
  "fwhm_z": 6.74494,
  "gcor": 0.0428783692509295,
  "gsr_x": -0.01567298360168934,
  "gsr_y": 0.06293271481990814,
  "metadata": {
    "EchoTime": 0,
    "FlipAngle": 90,
    "MRAcquisitionType": "2D",
    "MagneticFieldStrength": 3,
    "Manufacturer": "SIEMENS",
    "ManufacturerModelName": "TrioTim",
    "RepetitionTime": 2,
    "ScanOptions": "FS",
    "ScanningSequence": "EP",
    "SequenceName": "epfid2d1_64",
    "SequenceVariant": "SK",
    "SliceTiming": [
      0.0025000000000000022,
      0.5,
      -0.030000000000000027,
      0.46625,
      -0.06374999999999997,
      0.43374999999499997,
      -0.09624999999999995,
      0.40000000001,
      -0.12999999999,
      0.36750000001,
      -0.16249999998999998,
      0.333750000005,
      -0.19624999999500004,
      0.301250000005,
      -0.228749999995,
      0.26749999999999996,
      -0.26249999999500007,
      0.235,
      -0.29500000000000004,
      0.20124999999999998,
      -0.32875,
      0.168749999995,
      -0.36124999999999996,
      0.13500000001,
      -0.39499999999,
      0.10250000000999998,
      -0.42749999999,
      0.06875000000499998,
      -0.46124999999500005,
      0.036250000005000005
    ],
    "TaskName": "dis",
    "qc_type": "func",
    "run_id": "04",
    "subject_id": "32",
    "task_id": "dis"
  },
  "size_t": 166,
  "size_x": 64,
  "size_y": 64,
  "size_z": 30,
  "snr": 5.16862488917805,
  "spacing_tr": 1.0,
  "spacing_x": 3.125,
  "spacing_y": 3.125,
  "spacing_z": 4.0,
  "spikes_num": 0,
  "summary_bg_k": 20.81400370924664,
  "summary_bg_mean": 56.971675872802734,
  "summary_bg_p05": 17.66867446899414,
  "summary_bg_p95": 216.6807098388672,
  "summary_bg_stdv": 78.87679290771484,
  "summary_fg_k": 1.2892613002626874,
  "summary_fg_mean": 808.7296142578125,
  "summary_fg_p05": 533.6174682617187,
  "summary_fg_p95": 1065.3938964843746,
  "summary_fg_stdv": 157.9529266357422,
  "tsnr": 59.705562591552734
}