{
  "aor": 0.008630090909090907,
  "aqi": 0.006794971454545454,
  "dvars_nstd": 40.112774927339444,
  "dvars_std": 1.3055153804587154,
  "dvars_vstd": 1.059408736513761,
  "efc": 0.6057206635017711,
  "fber": 71.59086608886719,
  "fd_mean": 0.6380250377473394,
  "fd_num": 15,
  "fd_perc": 13.636363636363637,
  "fwhm_avg": 7.50924,
  "fwhm_x": 6.36917,
  "fwhm_y": 8.17741,
  "fwhm_z": 8.12999,
  "gcor": 0.0830331022089178,
  "gsr_x": -0.011775781400501728,
  "gsr_y": 0.06958626955747604,
  "metadata": {
    "EchoTime": 0,
    "FlipAngle": 90,
    "MRAcquisitionType": "2D",
    "MagneticFieldStrength": 3,
    "Manufacturer": "SIEMENS",
    "ManufacturerModelName": "TrioTim",
    "RepetitionTime": 2,
    "ScanOptions": "FS",
    "ScanningSequence": "EP",
    "SequenceName": "epfid2d1_64",
    "SequenceVariant": "SK",
    "SliceTiming": [
      0.0037500000050000315,
      0.5,
      -0.030000000000000027,
      0.4675,
      -0.0625,
      0.43375000000999997,
      -0.09624999998999995,
      0.40125000001,
      -0.12874999999000003,
      0.36750000001,
      -0.16249999998999998,
      0.33500000000499996,
      -0.19499999998999995,
      0.301250000005,
      -0.228749999995,
      0.26875000000500004,
      -0.2612499999950001,
      0.235,
      -0.29500000000000004,
      0.2025,
      -0.3275,
      0.16875000001,
      -0.36124999998500007,
      0.13625000000999998,
      -0.39374999999000004,
      0.10250000000999998,
      -0.42749999999,
      0.07000000000500001,
      -0.45999999998999996,
      0.036250000005000005
    ],
    "TaskName": "fb",
    "qc_type": "func",
    "run_id": "04",
    "subject_id": "19",
    "task_id": "fb"
  },
  "size_t": 110,
  "size_x": 64,
  "size_y": 64,
  "size_z": 30,
  "snr": 4.9252713772438375,
  "spacing_tr": 1.0,
  "spacing_x": 3.125,
  "spacing_y": 3.125,
  "spacing_z": 3.9999990463256836,
  "spikes_num": 0,
  "summary_bg_k": 18.27054637674613,
  "summary_bg_mean": 68.01213073730469,
  "summary_bg_p05": 19.05454444885254,
  "summary_bg_p95": 247.963623046875,
  "summary_bg_stdv": 87.7965087890625,
  "summary_fg_k": 0.5362013796227671,
  "summary_fg_mean": 920.4412231445312,
  "summary_fg_p05": 583.8885955810547,
  "summary_fg_p95": 1219.6135559082031,
  "summary_fg_stdv": 189.1588134765625,
  "tsnr": 59.88655090332031
}