{
  "aor": 0.0034406626506024098,
  "aqi": 0.0037155200602409636,
  "dvars_nstd": 18.288843079575763,
  "dvars_std": 1.1855252874545459,
  "dvars_vstd": 1.0241891752121213,
  "efc": 0.5376701690919311,
  "fber": 74.88980102539062,
  "fd_mean": 0.12782678322060606,
  "fd_num": 2,
  "fd_perc": 1.2048192771084338,
  "fwhm_avg": 6.85517,
  "fwhm_x": 6.16179,
  "fwhm_y": 7.0097,
  "fwhm_z": 7.45846,
  "gcor": 0.03254666960383036,
  "gsr_x": -0.013415616936981678,
  "gsr_y": 0.03798528388142586,
  "metadata": {
    "EchoTime": 0,
    "FlipAngle": 90,
    "MRAcquisitionType": "2D",
    "MagneticFieldStrength": 3,
    "Manufacturer": "SIEMENS",
    "ManufacturerModelName": "TrioTim",
    "RepetitionTime": 2,
    "ScanOptions": "FS",
    "ScanningSequence": "EP",
    "SequenceName": "epfid2d1_64",
    "SequenceVariant": "SK",
    "SliceTiming": [
      0.0037500000050000315,
      0.5,
      -0.030000000000000027,
      0.4675,
      -0.0625,
      0.43374999999499997,
      -0.09624999999999995,
      0.401249999995,
      -0.12875000000499992,
      0.367499999995,
      -0.16250000000499998,
      0.33499999998999996,
      -0.19500000000499995,
      0.301250000005,
      -0.22875000001,
      0.26875000000500004,
      -0.2612499999950001,
      0.235,
      -0.29500000000000004,
      0.2025,
      -0.3275,
      0.168749999995,
      -0.36124999999999996,
      0.13624999999499998,
      -0.39375000000499993,
      0.10249999999499998,
      -0.427500000005,
      0.06999999999,
      -0.46000000000499996,
      0.036250000005000005
    ],
    "TaskName": "dis",
    "qc_type": "func",
    "run_id": "01",
    "subject_id": "22",
    "task_id": "dis"
  },
  "size_t": 166,
  "size_x": 64,
  "size_y": 64,
  "size_z": 30,
  "snr": 5.165720700726289,
  "spacing_tr": 1.0,
  "spacing_x": 3.125,
  "spacing_y": 3.125,
  "spacing_z": 4.000002384185791,
  "spikes_num": 0,
  "summary_bg_k": 30.012824711522903,
  "summary_bg_mean": 55.18433380126953,
  "summary_bg_p05": 15.66867446899414,
  "summary_bg_p95": 211.00601196289062,
  "summary_bg_stdv": 83.8644790649414,
  "summary_fg_k": 0.8884415746127909,
  "summary_fg_mean": 852.0736694335938,
  "summary_fg_p05": 527.5975708007812,
  "summary_fg_p95": 1106.1179931640625,
  "summary_fg_stdv": 169.564208984375,
  "tsnr": 86.77092742919922
}