{
  "aor": 0.005560073529411765,
  "aqi": 0.005758084632352941,
  "dvars_nstd": 19.512003545481473,
  "dvars_std": 1.177964942666667,
  "dvars_vstd": 1.0297693988888887,
  "efc": 0.6251346852332019,
  "fber": 45.47037124633789,
  "fd_mean": 0.22963645792592594,
  "fd_num": 3,
  "fd_perc": 2.2058823529411766,
  "fwhm_avg": 6.84848,
  "fwhm_x": 6.02637,
  "fwhm_y": 7.05996,
  "fwhm_z": 7.54961,
  "gcor": 0.06410687110003303,
  "gsr_x": -0.0007307689520530403,
  "gsr_y": 0.06684727966785431,
  "metadata": {
    "EchoTime": 0,
    "FlipAngle": 90,
    "MRAcquisitionType": "2D",
    "MagneticFieldStrength": 3,
    "Manufacturer": "SIEMENS",
    "ManufacturerModelName": "TrioTim",
    "RepetitionTime": 2,
    "ScanOptions": "FS",
    "ScanningSequence": "EP",
    "SequenceName": "epfid2d1_64",
    "SequenceVariant": "SK",
    "SliceTiming": [
      0.0037500000050000315,
      0.5,
      -0.030000000000000027,
      0.4675,
      -0.0625,
      0.43374999999499997,
      -0.09624999999999995,
      0.40125000001,
      -0.12875000000499992,
      0.36750000001,
      -0.16249999998999998,
      0.33500000000499996,
      -0.19499999998999995,
      0.301250000005,
      -0.228749999995,
      0.26875000000500004,
      -0.2612499999950001,
      0.235,
      -0.29500000000000004,
      0.2025,
      -0.3275,
      0.168749999995,
      -0.36124999999999996,
      0.13625000000999998,
      -0.39375000000499993,
      0.10250000000999998,
      -0.42749999999,
      0.07000000000500001,
      -0.45999999998999996,
      0.036250000005000005
    ],
    "TaskName": "fb",
    "qc_type": "func",
    "run_id": "02",
    "subject_id": "08",
    "task_id": "fb"
  },
  "size_t": 136,
  "size_x": 64,
  "size_y": 64,
  "size_z": 30,
  "snr": 5.22650747401161,
  "spacing_tr": 1.0,
  "spacing_x": 3.125,
  "spacing_y": 3.125,
  "spacing_z": 3.999999523162842,
  "spikes_num": 0,
  "summary_bg_k": 8.993799101156956,
  "summary_bg_mean": 71.36328887939453,
  "summary_bg_p05": 16.30882453918457,
  "summary_bg_p95": 281.68016052246094,
  "summary_bg_stdv": 94.9763412475586,
  "summary_fg_k": 0.9158843423402079,
  "summary_fg_mean": 786.2316284179688,
  "summary_fg_p05": 505.7073425292969,
  "summary_fg_p95": 1022.7970703125,
  "summary_fg_stdv": 153.5364532470703,
  "tsnr": 73.13384246826172
}