{
  "aor": 0.006833614457831325,
  "aqi": 0.00436222295180723,
  "dvars_nstd": 18.461027527272726,
  "dvars_std": 1.1297115470909083,
  "dvars_vstd": 1.019913291878789,
  "efc": 0.5549839722094002,
  "fber": 73.25648498535156,
  "fd_mean": 0.20577576584739393,
  "fd_num": 2,
  "fd_perc": 1.2048192771084338,
  "fwhm_avg": 7.14196,
  "fwhm_x": 6.39077,
  "fwhm_y": 7.43592,
  "fwhm_z": 7.66592,
  "gcor": 0.08795013197933335,
  "gsr_x": -0.0002023669658228755,
  "gsr_y": 0.047435250133275986,
  "metadata": {
    "EchoTime": 0,
    "FlipAngle": 90,
    "MRAcquisitionType": "2D",
    "MagneticFieldStrength": 3,
    "Manufacturer": "SIEMENS",
    "ManufacturerModelName": "TrioTim",
    "RepetitionTime": 2,
    "ScanOptions": "FS",
    "ScanningSequence": "EP",
    "SequenceName": "epfid2d1_64",
    "SequenceVariant": "SK",
    "SliceTiming": [
      0.0037499999899999747,
      0.5,
      -0.030000000000000027,
      0.4675,
      -0.0625,
      0.43374999999499997,
      -0.09624999999999995,
      0.401249999995,
      -0.12875000000499992,
      0.367499999995,
      -0.16250000000499998,
      0.33499999998999996,
      -0.19500000000499995,
      0.30124999999,
      -0.22875000001,
      0.26874999999,
      -0.26125000001,
      0.235,
      -0.29375000000999996,
      0.2025,
      -0.3275,
      0.168749999995,
      -0.36,
      0.13624999999499998,
      -0.39375000000499993,
      0.10249999999499998,
      -0.4262500000049999,
      0.06999999999,
      -0.46000000000499996,
      0.036249999990000004
    ],
    "TaskName": "dis",
    "qc_type": "func",
    "run_id": "01",
    "subject_id": "13",
    "task_id": "dis"
  },
  "size_t": 166,
  "size_x": 64,
  "size_y": 64,
  "size_z": 30,
  "snr": 4.684323182276212,
  "spacing_tr": 1.0,
  "spacing_x": 3.125,
  "spacing_y": 3.125,
  "spacing_z": 4.000001907348633,
  "spikes_num": 0,
  "summary_bg_k": 20.446013240767158,
  "summary_bg_mean": 54.36998748779297,
  "summary_bg_p05": 16.078311920166016,
  "summary_bg_p95": 213.0632385253908,
  "summary_bg_stdv": 79.71424102783203,
  "summary_fg_k": 0.6809231954802883,
  "summary_fg_mean": 807.0172729492188,
  "summary_fg_p05": 488.8117156982422,
  "summary_fg_p95": 1084.4761352539062,
  "summary_fg_stdv": 175.4262237548828,
  "tsnr": 71.34117889404297
}