{
  "cjv": 0.7112840414047241,
  "cnr": 5.677243709564209,
  "efc": 0.5115702861680896,
  "fber": 160.92941284179688,
  "fwhm_avg": 2.66237,
  "fwhm_x": 2.93098,
  "fwhm_y": 2.7198,
  "fwhm_z": 2.3673,
  "icvs_csf": 0.14704059148292864,
  "icvs_gm": 0.4594169344805701,
  "icvs_wm": 0.3935424740365013,
  "inu_med": 0.7166554927825928,
  "inu_range": 0.22781175971031187,
  "metadata": {
    "EchoTime": 0.0033900000000000002,
    "FlipAngle": 9,
    "MRAcquisitionType": "3D",
    "MagneticFieldStrength": 3,
    "Manufacturer": "SIEMENS",
    "ManufacturerModelName": "TrioTim",
    "RepetitionTime": 2,
    "ScanOptions": "IR",
    "ScanningSequence": "GR\\IR",
    "SequenceName": "tfl3d1_ns",
    "SequenceVariant": "SP\\MP",
    "SliceTiming": [
      0.0037500000050000315,
      0.5,
      -0.030000000000000027,
      0.4675,
      -0.0625,
      0.43374999999499997,
      -0.09624999999999995,
      0.401249999995,
      -0.12875000000499992,
      0.36750000001,
      -0.16249999998999998,
      0.33500000000499996,
      -0.19499999998999995,
      0.301250000005,
      -0.228749999995,
      0.26875000000500004,
      -0.2612499999950001,
      0.235,
      -0.29500000000000004,
      0.2025,
      -0.3275,
      0.168749999995,
      -0.36124999999999996,
      0.13624999999499998,
      -0.39375000000499993,
      0.10250000000999998,
      -0.42749999999,
      0.07000000000500001,
      -0.45999999998999996,
      0.036250000005000005
    ],
    "TaskName": "MPRAGE",
    "qc_type": "anat",
    "subject_id": "09"
  },
  "qi_1": 0.0,
  "qi_2": 0.07809281221838091,
  "rpve_csf": 36272.1328125,
  "rpve_gm": 75082.2421875,
  "rpve_wm": 45251.23828125,
  "size_x": 128,
  "size_y": 256,
  "size_z": 256,
  "snr_csf": 3.515022824148327,
  "snr_gm": 10.5031857475514,
  "snr_total": 9.425360815880646,
  "snr_wm": 14.257873875942215,
  "snrd_csf": 26.991410542324523,
  "snrd_gm": 41.62593340997466,
  "snrd_total": 40.88448139831098,
  "snrd_wm": 54.03610024263377,
  "spacing_x": 1.3300000429153442,
  "spacing_y": 1.0,
  "spacing_z": 1.0,
  "summary_bg_k": 0.10315334896962192,
  "summary_bg_mean": 3.645801067352295,
  "summary_bg_p05": 0.0,
  "summary_bg_p95": 7.0,
  "summary_bg_stdv": 2.2689926624298096,
  "summary_csf_k": 1.9329206862700783,
  "summary_csf_mean": 90.41724395751953,
  "summary_csf_p05": 37.0,
  "summary_csf_p95": 129.0,
  "summary_csf_stdv": 29.624618530273438,
  "summary_gm_k": -0.48650705139745165,
  "summary_gm_mean": 158.45370483398438,
  "summary_gm_p05": 121.0,
  "summary_gm_p95": 194.0,
  "summary_gm_stdv": 22.0474853515625,
  "summary_wm_k": -0.6782973029700994,
  "summary_wm_mean": 215.8997344970703,
  "summary_wm_p05": 177.0,
  "summary_wm_p95": 250.0,
  "summary_wm_stdv": 22.650238037109375,
  "tpm_overlap_csf": 0.08568356414940921,
  "tpm_overlap_gm": 0.2241770535842896,
  "tpm_overlap_wm": 0.2348552567539015,
  "wm2max": 0.8549019607843137
}