{
  "cjv": 0.6816471815109253,
  "cnr": 4.398370265960693,
  "efc": 0.5664884338473634,
  "fber": 45.471866607666016,
  "fwhm_avg": 2.88683,
  "fwhm_x": 3.10178,
  "fwhm_y": 3.01189,
  "fwhm_z": 2.5752,
  "icvs_csf": 0.19541479571534806,
  "icvs_gm": 0.39533950072878193,
  "icvs_wm": 0.40924570355587003,
  "inu_med": 0.8986943960189819,
  "inu_range": 0.3025277137756348,
  "metadata": {
    "EchoTime": 0.0033900000000000002,
    "FlipAngle": 9,
    "MRAcquisitionType": "3D",
    "MagneticFieldStrength": 3,
    "Manufacturer": "SIEMENS",
    "ManufacturerModelName": "TrioTim",
    "RepetitionTime": 2,
    "ScanOptions": "IR",
    "ScanningSequence": "GR\\IR",
    "SequenceName": "tfl3d1_ns",
    "SequenceVariant": "SP\\MP",
    "SliceTiming": [
      0.0025000000000000022,
      0.5,
      -0.030000000000000027,
      0.46625,
      -0.06374999999999997,
      0.43374999999499997,
      -0.09624999999999995,
      0.399999999995,
      -0.1300000000049999,
      0.36750000001,
      -0.16250000000499998,
      0.333750000005,
      -0.19624999999500004,
      0.301250000005,
      -0.228749999995,
      0.26749999999999996,
      -0.26249999999500007,
      0.235,
      -0.29500000000000004,
      0.20124999999999998,
      -0.32875,
      0.168749999995,
      -0.36124999999999996,
      0.134999999995,
      -0.3950000000049999,
      0.10249999999499998,
      -0.427500000005,
      0.06875000000499998,
      -0.46124999999500005,
      0.036250000005000005
    ],
    "TaskName": "MPRAGE",
    "qc_type": "anat",
    "subject_id": "39"
  },
  "qi_1": 0.0,
  "qi_2": 0.05694233366140959,
  "rpve_csf": 70721.7890625,
  "rpve_gm": 123463.6484375,
  "rpve_wm": 64265.8984375,
  "size_x": 128,
  "size_y": 256,
  "size_z": 256,
  "snr_csf": 3.054705103774358,
  "snr_gm": 10.325470570277847,
  "snr_total": 10.711786281477325,
  "snr_wm": 18.755183170379777,
  "snrd_csf": 19.56085025819289,
  "snrd_gm": 34.183272245964375,
  "snrd_total": 32.37276443312394,
  "snrd_wm": 43.37417079521456,
  "spacing_x": 1.3300000429153442,
  "spacing_y": 1.0,
  "spacing_z": 1.0,
  "summary_bg_k": 2.9106316186770984,
  "summary_bg_mean": 3.240987539291382,
  "summary_bg_p05": 0.0,
  "summary_bg_p95": 8.0,
  "summary_bg_stdv": 2.626526355743408,
  "summary_csf_k": 2.513596631776366,
  "summary_csf_mean": 82.31895446777344,
  "summary_csf_p05": 41.0,
  "summary_csf_p95": 125.0,
  "summary_csf_stdv": 28.699647903442383,
  "summary_gm_k": -0.5194103467477156,
  "summary_gm_mean": 152.4776153564453,
  "summary_gm_p05": 115.0,
  "summary_gm_p95": 191.0,
  "summary_gm_stdv": 23.19341468811035,
  "summary_wm_k": -0.428451449018572,
  "summary_wm_mean": 205.3311309814453,
  "summary_wm_p05": 167.0,
  "summary_wm_p95": 242.0,
  "summary_wm_stdv": 22.672870635986328,
  "tpm_overlap_csf": 0.25735431288794997,
  "tpm_overlap_gm": 0.5027434789174717,
  "tpm_overlap_wm": 0.5961200739635065,
  "wm2max": 0.8260869565217391
}