{
  "cjv": 0.8621383309364319,
  "cnr": 7.983648777008057,
  "efc": 0.49671498870268205,
  "fber": 13.127663612365723,
  "fwhm_avg": 1.94906,
  "fwhm_x": 2.05306,
  "fwhm_y": 1.89609,
  "fwhm_z": 1.90202,
  "icvs_csf": 0.19303064074959767,
  "icvs_gm": 0.32393015754161886,
  "icvs_wm": 0.4830392017087835,
  "inu_med": 0.6555638313293457,
  "inu_range": 0.20505081713199613,
  "metadata": {
    "EchoTime": 0.0033900000000000002,
    "FlipAngle": 9,
    "MRAcquisitionType": "3D",
    "MagneticFieldStrength": 3,
    "Manufacturer": "SIEMENS",
    "ManufacturerModelName": "TrioTim",
    "RepetitionTime": 2,
    "ScanOptions": "IR",
    "ScanningSequence": "GR\\IR",
    "SequenceName": "tfl3d1_ns",
    "SequenceVariant": "SP\\MP",
    "SliceTiming": [
      0.003749999994999975,
      0.5,
      -0.030000000004999916,
      0.4675,
      -0.0625,
      0.43374999999499997,
      -0.09624999999999995,
      0.401249999995,
      -0.12875000000499992,
      0.3675,
      -0.16250000000499998,
      0.33499999999999996,
      -0.19499999999999995,
      0.301249999995,
      -0.22875,
      0.268749999995,
      -0.261250000005,
      0.235,
      -0.29500000000499993,
      0.2025,
      -0.3275,
      0.168749999995,
      -0.36124999999999996,
      0.13624999999499998,
      -0.39375000000499993,
      0.10249999999499998,
      -0.427500000005,
      0.07,
      -0.46000000000499996,
      0.036249999995000004
    ],
    "TaskName": "MPRAGE",
    "qc_type": "anat",
    "subject_id": "11"
  },
  "qi_1": 0.00516604935430775,
  "qi_2": 0.002322392824337411,
  "rpve_csf": 40106.703125,
  "rpve_gm": 66433.90625,
  "rpve_wm": 55281.94140625,
  "size_x": 128,
  "size_y": 256,
  "size_z": 256,
  "snr_csf": 1.8540756416001793,
  "snr_gm": 6.167227077583566,
  "snr_total": 5.640806880686811,
  "snr_wm": 8.90111792287669,
  "snrd_csf": 21.188392731472494,
  "snrd_gm": 42.33135129786699,
  "snrd_total": 41.30678910005725,
  "snrd_wm": 60.40062327083228,
  "spacing_x": 1.3300000429153442,
  "spacing_y": 0.9999999403953552,
  "spacing_z": 1.0,
  "summary_bg_k": 281.32565255197744,
  "summary_bg_mean": 3.9489076137542725,
  "summary_bg_p05": 0.0,
  "summary_bg_p95": 9.0,
  "summary_bg_stdv": 7.820880889892578,
  "summary_csf_k": 4.771583073716752,
  "summary_csf_mean": 62.905948638916016,
  "summary_csf_p05": 7.0,
  "summary_csf_p95": 101.0,
  "summary_csf_stdv": 29.185440063476562,
  "summary_gm_k": -0.5569099014925882,
  "summary_gm_mean": 128.7194366455078,
  "summary_gm_p05": 87.0,
  "summary_gm_p95": 176.0,
  "summary_gm_stdv": 28.071638107299805,
  "summary_wm_k": -0.5224800631450166,
  "summary_wm_mean": 192.2873077392578,
  "summary_wm_p05": 145.0,
  "summary_wm_p95": 246.0,
  "summary_wm_stdv": 30.56354522705078,
  "tpm_overlap_csf": 0.019379082269677987,
  "tpm_overlap_gm": 0.05905676847383477,
  "tpm_overlap_wm": 0.06526189164566465,
  "wm2max": 0.7440944881889764
}