{
  "cjv": 0.7003161907196045,
  "cnr": 4.168883323669434,
  "efc": 0.5611123792036219,
  "fber": 13.104809761047363,
  "fwhm_avg": 2.21836,
  "fwhm_x": 2.53082,
  "fwhm_y": 2.24594,
  "fwhm_z": 1.92059,
  "icvs_csf": 0.13169168101187634,
  "icvs_gm": 0.4633864843520478,
  "icvs_wm": 0.40492183463607584,
  "inu_med": 0.6711840629577637,
  "inu_range": 0.26125738620758066,
  "metadata": {
    "EchoTime": 0.0033900000000000002,
    "FlipAngle": 9,
    "MRAcquisitionType": "3D",
    "MagneticFieldStrength": 3,
    "Manufacturer": "SIEMENS",
    "ManufacturerModelName": "TrioTim",
    "RepetitionTime": 2,
    "ScanOptions": "IR",
    "ScanningSequence": "GR\\IR",
    "SequenceName": "tfl3d1_ns",
    "SequenceVariant": "SP\\MP",
    "SliceTiming": [
      0.0037500000050000315,
      0.5,
      -0.030000000000000027,
      0.4675,
      -0.0625,
      0.43375000000499997,
      -0.09624999999999995,
      0.401250000005,
      -0.12874999999500003,
      0.3675,
      -0.16249999999999998,
      0.33499999999999996,
      -0.19499999999999995,
      0.301250000005,
      -0.22875,
      0.26875000000500004,
      -0.2612499999950001,
      0.235,
      -0.29500000000000004,
      0.2025,
      -0.3275,
      0.168749999995,
      -0.36124999999999996,
      0.13625000000499998,
      -0.39375000000499993,
      0.10249999999999998,
      -0.4275,
      0.07,
      -0.45999999999999996,
      0.036249999995000004
    ],
    "TaskName": "MPRAGE",
    "qc_type": "anat",
    "subject_id": "41"
  },
  "qi_1": 0.02194208808073732,
  "qi_2": 0.0022842964813895566,
  "rpve_csf": 24653.224609375,
  "rpve_gm": 42741.640625,
  "rpve_wm": 23797.380859375,
  "size_x": 128,
  "size_y": 256,
  "size_z": 256,
  "snr_csf": 2.4583082468653012,
  "snr_gm": 8.900171474290476,
  "snr_total": 8.365523586037765,
  "snr_wm": 13.73809103695752,
  "snrd_csf": 17.671896584045,
  "snrd_gm": 31.71723100061762,
  "snrd_total": 30.584878130413518,
  "snrd_wm": 42.36550680657793,
  "spacing_x": 1.3300000429153442,
  "spacing_y": 1.0,
  "spacing_z": 1.0,
  "summary_bg_k": 77.1105817572049,
  "summary_bg_mean": 6.285126209259033,
  "summary_bg_p05": 0.0,
  "summary_bg_p95": 11.0,
  "summary_bg_stdv": 14.681334495544434,
  "summary_csf_k": -0.02500281443600816,
  "summary_csf_mean": 68.4688720703125,
  "summary_csf_p05": 3.0,
  "summary_csf_p95": 110.0,
  "summary_csf_stdv": 31.910938262939453,
  "summary_gm_k": -0.4204132460635033,
  "summary_gm_mean": 150.47940063476562,
  "summary_gm_p05": 112.0,
  "summary_gm_p95": 191.0,
  "summary_gm_stdv": 23.663442611694336,
  "summary_wm_k": -0.4561403961327879,
  "summary_wm_mean": 217.75535583496094,
  "summary_wm_p05": 173.0,
  "summary_wm_p95": 252.0,
  "summary_wm_stdv": 24.143287658691406,
  "tpm_overlap_csf": 0.010589345333722858,
  "tpm_overlap_gm": 0.03944130909517181,
  "tpm_overlap_wm": 0.019935485356272604,
  "wm2max": 0.8745098039215686
}