{
  "aor": 0.0027869090909090903,
  "aqi": 0.0069747920909090915,
  "dvars_nstd": 42.88120254027523,
  "dvars_std": 1.266737200825688,
  "dvars_vstd": 1.0090799645871553,
  "efc": 0.6017569978564625,
  "fber": 71.58246612548828,
  "fd_mean": 0.6482667582385321,
  "fd_num": 13,
  "fd_perc": 11.818181818181818,
  "fwhm_avg": 7.46292,
  "fwhm_x": 6.34163,
  "fwhm_y": 8.10428,
  "fwhm_z": 8.08745,
  "gcor": 0.020809620076959783,
  "gsr_x": -0.010189018212258816,
  "gsr_y": 0.07030612975358963,
  "metadata": {
    "EchoTime": 0,
    "FlipAngle": 90,
    "MRAcquisitionType": "2D",
    "MagneticFieldStrength": 3,
    "Manufacturer": "SIEMENS",
    "ManufacturerModelName": "TrioTim",
    "RepetitionTime": 2,
    "ScanOptions": "FS",
    "ScanningSequence": "EP",
    "SequenceName": "epfid2d1_64",
    "SequenceVariant": "SK",
    "SliceTiming": [
      0.0025000000000000022,
      0.5,
      -0.030000000000000027,
      0.46625000001,
      -0.06374999999999997,
      0.43375000000999997,
      -0.09624999998999995,
      0.40000000001,
      -0.12999999999,
      0.36750000001,
      -0.16249999998999998,
      0.333750000005,
      -0.19624999999500004,
      0.301250000005,
      -0.228749999995,
      0.26749999999999996,
      -0.26249999999500007,
      0.235,
      -0.29500000000000004,
      0.20125000001499999,
      -0.32875,
      0.16875000001,
      -0.36124999998500007,
      0.13500000001,
      -0.39499999999,
      0.10250000000999998,
      -0.42749999999,
      0.06875000000499998,
      -0.46124999999500005,
      0.036250000005000005
    ],
    "TaskName": "fb",
    "qc_type": "func",
    "run_id": "01",
    "subject_id": "19",
    "task_id": "fb"
  },
  "size_t": 110,
  "size_x": 64,
  "size_y": 64,
  "size_z": 30,
  "snr": 5.026739780596526,
  "spacing_tr": 1.0,
  "spacing_x": 3.125,
  "spacing_y": 3.125,
  "spacing_z": 3.9999990463256836,
  "spikes_num": 0,
  "summary_bg_k": 21.59766449885899,
  "summary_bg_mean": 65.8888931274414,
  "summary_bg_p05": 18.68181800842285,
  "summary_bg_p95": 245.25544815063483,
  "summary_bg_stdv": 88.38752746582031,
  "summary_fg_k": 0.5646022140149496,
  "summary_fg_mean": 914.3276977539062,
  "summary_fg_p05": 585.7563690185547,
  "summary_fg_p95": 1204.2472351074216,
  "summary_fg_stdv": 184.38125610351562,
  "tsnr": 63.7241096496582
}