{
  "aor": 0.014713235294117647,
  "aqi": 0.008579981397058824,
  "dvars_nstd": 20.90455106770371,
  "dvars_std": 1.1152948989629627,
  "dvars_vstd": 1.0739260190370377,
  "efc": 0.5869639444068161,
  "fber": 58.2005500793457,
  "fd_mean": 0.32800688068888884,
  "fd_num": 9,
  "fd_perc": 6.617647058823529,
  "fwhm_avg": 6.8107,
  "fwhm_x": 5.99759,
  "fwhm_y": 7.15254,
  "fwhm_z": 7.36442,
  "gcor": 0.24863119686351104,
  "gsr_x": -0.012503080070018768,
  "gsr_y": 0.05852244049310684,
  "metadata": {
    "EchoTime": 0,
    "FlipAngle": 90,
    "MRAcquisitionType": "2D",
    "MagneticFieldStrength": 3,
    "Manufacturer": "SIEMENS",
    "ManufacturerModelName": "TrioTim",
    "RepetitionTime": 2,
    "ScanOptions": "FS",
    "ScanningSequence": "EP",
    "SequenceName": "epfid2d1_64",
    "SequenceVariant": "SK",
    "SliceTiming": [
      0.0037500000050000315,
      0.5,
      -0.030000000000000027,
      0.4675,
      -0.0625,
      0.43374999999499997,
      -0.09624999999999995,
      0.401249999995,
      -0.12875000000499992,
      0.367499999995,
      -0.16250000000499998,
      0.33500000000499996,
      -0.19500000000499995,
      0.301250000005,
      -0.228749999995,
      0.26875000000500004,
      -0.2612499999950001,
      0.235,
      -0.29500000000000004,
      0.2025,
      -0.3275,
      0.168749999995,
      -0.36124999999999996,
      0.13624999999499998,
      -0.39375000000499993,
      0.10249999999499998,
      -0.427500000005,
      0.06999999999,
      -0.46000000000499996,
      0.036250000005000005
    ],
    "TaskName": "fb",
    "qc_type": "func",
    "run_id": "04",
    "subject_id": "12",
    "task_id": "fb"
  },
  "size_t": 136,
  "size_x": 64,
  "size_y": 64,
  "size_z": 30,
  "snr": 5.2740638845319285,
  "spacing_tr": 1.0,
  "spacing_x": 3.125,
  "spacing_y": 3.125,
  "spacing_z": 3.999999761581421,
  "spikes_num": 0,
  "summary_bg_k": 15.819772305693679,
  "summary_bg_mean": 58.646446228027344,
  "summary_bg_p05": 15.838234901428223,
  "summary_bg_p95": 235.5444808959959,
  "summary_bg_stdv": 83.86437225341797,
  "summary_fg_k": 1.0044782574590068,
  "summary_fg_mean": 766.5017700195312,
  "summary_fg_p05": 488.8989028930664,
  "summary_fg_p95": 992.2757415771484,
  "summary_fg_stdv": 148.28465270996094,
  "tsnr": 57.08889389038086
}