{
  "aor": 0.0006605421686746987,
  "aqi": 0.00405675295180723,
  "dvars_nstd": 20.507859010545452,
  "dvars_std": 1.1475593885454547,
  "dvars_vstd": 0.9936510378181822,
  "efc": 0.5784733891482169,
  "fber": 51.127197265625,
  "fd_mean": 0.21509847979478788,
  "fd_num": 0,
  "fd_perc": 0.0,
  "fwhm_avg": 6.78446,
  "fwhm_x": 5.9281,
  "fwhm_y": 7.17795,
  "fwhm_z": 7.33888,
  "gcor": 0.015387710318507919,
  "gsr_x": 0.0011262730695307255,
  "gsr_y": 0.05563030019402504,
  "metadata": {
    "EchoTime": 0,
    "FlipAngle": 90,
    "MRAcquisitionType": "2D",
    "MagneticFieldStrength": 3,
    "Manufacturer": "SIEMENS",
    "ManufacturerModelName": "TrioTim",
    "RepetitionTime": 2,
    "ScanOptions": "FS",
    "ScanningSequence": "EP",
    "SequenceName": "epfid2d1_64",
    "SequenceVariant": "SK",
    "SliceTiming": [
      0.0025000000000000022,
      0.5,
      -0.030000000000000027,
      0.466250000005,
      -0.06374999999500008,
      0.43375000000499997,
      -0.09624999999500006,
      0.4,
      -0.129999999995,
      0.3675,
      -0.16249999999999998,
      0.333750000005,
      -0.19624999999500004,
      0.301250000005,
      -0.228749999995,
      0.26749999999999996,
      -0.26249999999500007,
      0.235,
      -0.29500000000000004,
      0.20125000000499998,
      -0.3287499999950001,
      0.168750000005,
      -0.36124999999500007,
      0.135,
      -0.394999999995,
      0.10249999999999998,
      -0.4275,
      0.06875000000499998,
      -0.46125000000000005,
      0.036250000005000005
    ],
    "TaskName": "dis",
    "qc_type": "func",
    "run_id": "04",
    "subject_id": "29",
    "task_id": "dis"
  },
  "size_t": 166,
  "size_x": 64,
  "size_y": 64,
  "size_z": 30,
  "snr": 4.7247537721148225,
  "spacing_tr": 1.0,
  "spacing_x": 3.125,
  "spacing_y": 3.125,
  "spacing_z": 3.9999988079071045,
  "spikes_num": 0,
  "summary_bg_k": 19.562127294514244,
  "summary_bg_mean": 63.516056060791016,
  "summary_bg_p05": 17.873493194580078,
  "summary_bg_p95": 254.06927108764648,
  "summary_bg_stdv": 89.23162841796875,
  "summary_fg_k": 0.7110428909001958,
  "summary_fg_mean": 765.6296997070312,
  "summary_fg_p05": 466.63011169433594,
  "summary_fg_p95": 1027.2701599121092,
  "summary_fg_stdv": 164.80995178222656,
  "tsnr": 76.20494079589844
}