{
  "aor": 0.002027349397590361,
  "aqi": 0.003403698554216867,
  "dvars_nstd": 17.354634105636364,
  "dvars_std": 1.1157858563636365,
  "dvars_vstd": 1.0035183133333336,
  "efc": 0.5539983748383953,
  "fber": 73.96771240234375,
  "fd_mean": 0.17790711441563636,
  "fd_num": 0,
  "fd_perc": 0.0,
  "fwhm_avg": 6.92765,
  "fwhm_x": 6.20673,
  "fwhm_y": 7.18885,
  "fwhm_z": 7.45137,
  "gcor": 0.02172835045550243,
  "gsr_x": 1.2742609214910772e-05,
  "gsr_y": 0.047696638852357864,
  "metadata": {
    "EchoTime": 0,
    "FlipAngle": 90,
    "MRAcquisitionType": "2D",
    "MagneticFieldStrength": 3,
    "Manufacturer": "SIEMENS",
    "ManufacturerModelName": "TrioTim",
    "RepetitionTime": 2,
    "ScanOptions": "FS",
    "ScanningSequence": "EP",
    "SequenceName": "epfid2d1_64",
    "SequenceVariant": "SK",
    "SliceTiming": [
      0.0025000000000000022,
      0.5,
      -0.030000000000000027,
      0.46625,
      -0.06374999999999997,
      0.43374999999499997,
      -0.09624999999999995,
      0.399999999995,
      -0.1300000000049999,
      0.367499999995,
      -0.16250000000499998,
      0.333750000005,
      -0.19624999999500004,
      0.301250000005,
      -0.228749999995,
      0.26749999999999996,
      -0.26249999999500007,
      0.235,
      -0.29500000000000004,
      0.20124999999999998,
      -0.32875,
      0.168749999995,
      -0.36124999999999996,
      0.134999999995,
      -0.3950000000049999,
      0.10249999999499998,
      -0.427500000005,
      0.06875000000499998,
      -0.46124999999500005,
      0.036250000005000005
    ],
    "TaskName": "dis",
    "qc_type": "func",
    "run_id": "03",
    "subject_id": "13",
    "task_id": "dis"
  },
  "size_t": 166,
  "size_x": 64,
  "size_y": 64,
  "size_z": 30,
  "snr": 4.7019688450426464,
  "spacing_tr": 1.0,
  "spacing_x": 3.125,
  "spacing_y": 3.125,
  "spacing_z": 4.000001907348633,
  "spikes_num": 0,
  "summary_bg_k": 20.739017357601032,
  "summary_bg_mean": 54.06121063232422,
  "summary_bg_p05": 16.054216384887695,
  "summary_bg_p95": 211.777099609375,
  "summary_bg_stdv": 79.1135025024414,
  "summary_fg_k": 0.6999933933783837,
  "summary_fg_mean": 805.4080810546875,
  "summary_fg_p05": 490.44516296386723,
  "summary_fg_p95": 1081.0867553710934,
  "summary_fg_stdv": 174.51852416992188,
  "tsnr": 83.07798767089844
}