{
  "aor": 0.0017150000000000002,
  "aqi": 0.0038726273636363637,
  "dvars_nstd": 20.652709050825685,
  "dvars_std": 1.2665373866055045,
  "dvars_vstd": 1.0247001915596334,
  "efc": 0.6081266526459922,
  "fber": 69.9617691040039,
  "fd_mean": 0.14911811484770643,
  "fd_num": 0,
  "fd_perc": 0.0,
  "fwhm_avg": 7.05146,
  "fwhm_x": 6.23922,
  "fwhm_y": 7.38835,
  "fwhm_z": 7.60604,
  "gcor": 0.014613644643263384,
  "gsr_x": -0.013686313293874264,
  "gsr_y": 0.0668882429599762,
  "metadata": {
    "EchoTime": 0,
    "FlipAngle": 90,
    "MRAcquisitionType": "2D",
    "MagneticFieldStrength": 3,
    "Manufacturer": "SIEMENS",
    "ManufacturerModelName": "TrioTim",
    "RepetitionTime": 2,
    "ScanOptions": "FS",
    "ScanningSequence": "EP",
    "SequenceName": "epfid2d1_64",
    "SequenceVariant": "SK",
    "SliceTiming": [
      0.0025000000000000022,
      0.5,
      -0.030000000000000027,
      0.46625,
      -0.06374999999999997,
      0.43374999999499997,
      -0.09624999999999995,
      0.399999999995,
      -0.1300000000049999,
      0.367499999995,
      -0.16250000000499998,
      0.33374999999,
      -0.19625000001000004,
      0.30124999999,
      -0.22875000001,
      0.26749999999999996,
      -0.26249999999500007,
      0.235,
      -0.29500000000000004,
      0.20124999999999998,
      -0.32875,
      0.168749999995,
      -0.36124999999999996,
      0.134999999995,
      -0.3950000000049999,
      0.10249999999499998,
      -0.427500000005,
      0.06874999998999998,
      -0.46125000001000005,
      0.036249999990000004
    ],
    "TaskName": "fb",
    "qc_type": "func",
    "run_id": "03",
    "subject_id": "18",
    "task_id": "fb"
  },
  "size_t": 110,
  "size_x": 64,
  "size_y": 64,
  "size_z": 30,
  "snr": 4.936776172008926,
  "spacing_tr": 1.0,
  "spacing_x": 3.125,
  "spacing_y": 3.125,
  "spacing_z": 3.999999761581421,
  "spikes_num": 0,
  "summary_bg_k": 16.336553732310747,
  "summary_bg_mean": 61.958824157714844,
  "summary_bg_p05": 16.81818199157715,
  "summary_bg_p95": 237.95090026855448,
  "summary_bg_stdv": 83.90274047851562,
  "summary_fg_k": 0.8843472134435535,
  "summary_fg_mean": 854.7865600585938,
  "summary_fg_p05": 548.7781616210938,
  "summary_fg_p95": 1138.9917968749999,
  "summary_fg_stdv": 174.42379760742188,
  "tsnr": 88.65484619140625
}