{
  "aor": 0.0059589156626506014,
  "aqi": 0.004270390542168675,
  "dvars_nstd": 19.017742520848486,
  "dvars_std": 1.1592615961212118,
  "dvars_vstd": 1.0428276266666667,
  "efc": 0.5531422767842874,
  "fber": 72.61358642578125,
  "fd_mean": 0.26022038999636365,
  "fd_num": 5,
  "fd_perc": 3.0120481927710845,
  "fwhm_avg": 6.9849,
  "fwhm_x": 6.24437,
  "fwhm_y": 7.21862,
  "fwhm_z": 7.56028,
  "gcor": 0.05391635664974351,
  "gsr_x": 0.0009615860180929303,
  "gsr_y": 0.04990363121032715,
  "metadata": {
    "EchoTime": 0,
    "FlipAngle": 90,
    "MRAcquisitionType": "2D",
    "MagneticFieldStrength": 3,
    "Manufacturer": "SIEMENS",
    "ManufacturerModelName": "TrioTim",
    "RepetitionTime": 2,
    "ScanOptions": "FS",
    "ScanningSequence": "EP",
    "SequenceName": "epfid2d1_64",
    "SequenceVariant": "SK",
    "SliceTiming": [
      0.0025000000000000022,
      0.5,
      -0.030000000000000027,
      0.46625,
      -0.06374999999999997,
      0.43374999999499997,
      -0.09624999999999995,
      0.399999999995,
      -0.1300000000049999,
      0.36750000001,
      -0.16250000000499998,
      0.333750000005,
      -0.19624999999500004,
      0.301250000005,
      -0.228749999995,
      0.26749999999999996,
      -0.26249999999500007,
      0.235,
      -0.29500000000000004,
      0.20124999999999998,
      -0.32875,
      0.168749999995,
      -0.36124999999999996,
      0.134999999995,
      -0.3950000000049999,
      0.10249999999499998,
      -0.427500000005,
      0.06875000000499998,
      -0.46124999999500005,
      0.036250000005000005
    ],
    "TaskName": "dis",
    "qc_type": "func",
    "run_id": "05",
    "subject_id": "13",
    "task_id": "dis"
  },
  "size_t": 166,
  "size_x": 64,
  "size_y": 64,
  "size_z": 30,
  "snr": 4.742524876813465,
  "spacing_tr": 1.0,
  "spacing_x": 3.125,
  "spacing_y": 3.125,
  "spacing_z": 4.000001907348633,
  "spikes_num": 0,
  "summary_bg_k": 19.882411816490112,
  "summary_bg_mean": 54.42449951171875,
  "summary_bg_p05": 16.054216384887695,
  "summary_bg_p95": 214.62830352783203,
  "summary_bg_stdv": 80.05775451660156,
  "summary_fg_k": 0.7981822398261458,
  "summary_fg_mean": 806.6560668945312,
  "summary_fg_p05": 494.4734741210938,
  "summary_fg_p95": 1079.5409423828123,
  "summary_fg_stdv": 172.59075927734375,
  "tsnr": 75.3604507446289
}