{
  "aor": 0.013884558823529411,
  "aqi": 0.0059596294852941175,
  "dvars_nstd": 26.857475626592596,
  "dvars_std": 1.1988203224444445,
  "dvars_vstd": 1.090346061925926,
  "efc": 0.6061868967009711,
  "fber": 37.92217254638672,
  "fd_mean": 0.3114474608444444,
  "fd_num": 5,
  "fd_perc": 3.676470588235294,
  "fwhm_avg": 7.36871,
  "fwhm_x": 6.61673,
  "fwhm_y": 7.79725,
  "fwhm_z": 7.75513,
  "gcor": 0.22197319479549632,
  "gsr_x": 0.00467986986041069,
  "gsr_y": 0.05070038139820099,
  "metadata": {
    "EchoTime": 0,
    "FlipAngle": 90,
    "MRAcquisitionType": "2D",
    "MagneticFieldStrength": 3,
    "Manufacturer": "SIEMENS",
    "ManufacturerModelName": "TrioTim",
    "RepetitionTime": 2,
    "ScanOptions": "FS",
    "ScanningSequence": "EP",
    "SequenceName": "epfid2d1_64",
    "SequenceVariant": "SK",
    "SliceTiming": [
      0.0025000000000000022,
      0.5,
      -0.030000000000000027,
      0.46625,
      -0.06374999999999997,
      0.43374999999499997,
      -0.09624999999999995,
      0.399999999995,
      -0.1300000000049999,
      0.367499999995,
      -0.16250000000499998,
      0.33374999999,
      -0.19625000001000004,
      0.301250000005,
      -0.22875000001,
      0.26749999999999996,
      -0.26249999999500007,
      0.235,
      -0.29500000000000004,
      0.20124999999999998,
      -0.32875,
      0.168749999995,
      -0.36124999999999996,
      0.134999999995,
      -0.3950000000049999,
      0.10249999999499998,
      -0.427500000005,
      0.06874999998999998,
      -0.46125000001000005,
      0.036250000005000005
    ],
    "TaskName": "tomloc",
    "qc_type": "func",
    "run_id": "01",
    "subject_id": "45",
    "task_id": "tomloc"
  },
  "size_t": 136,
  "size_x": 64,
  "size_y": 64,
  "size_z": 30,
  "snr": 4.526024343391855,
  "spacing_tr": 1.0,
  "spacing_x": 3.125,
  "spacing_y": 3.125,
  "spacing_z": 4.000000476837158,
  "spikes_num": 0,
  "summary_bg_k": 13.60283093379957,
  "summary_bg_mean": 85.99315643310547,
  "summary_bg_p05": 18.551469802856445,
  "summary_bg_p95": 340.83088989257794,
  "summary_bg_stdv": 117.53445434570312,
  "summary_fg_k": 0.5231909643273269,
  "summary_fg_mean": 875.2662353515625,
  "summary_fg_p05": 536.6904479980469,
  "summary_fg_p95": 1191.0882690429685,
  "summary_fg_stdv": 195.4659423828125,
  "tsnr": 56.05446243286133
}