{
  "cjv": 0.7666717767715454,
  "cnr": 7.003935813903809,
  "efc": 0.5483697558210833,
  "fber": 12.051158905029297,
  "fwhm_avg": 1.60889,
  "fwhm_x": 1.89152,
  "fwhm_y": 1.43183,
  "fwhm_z": 1.53771,
  "icvs_csf": 0.18411513067895485,
  "icvs_gm": 0.3718574309657471,
  "icvs_wm": 0.44402743835529807,
  "inu_med": 0.7345919013023376,
  "inu_range": 0.110135018825531,
  "metadata": {
    "EchoTime": 0.0033900000000000002,
    "FlipAngle": 9,
    "MRAcquisitionType": "3D",
    "MagneticFieldStrength": 3,
    "Manufacturer": "SIEMENS",
    "ManufacturerModelName": "TrioTim",
    "RepetitionTime": 2,
    "ScanOptions": "IR",
    "ScanningSequence": "GR\\IR",
    "SequenceName": "tfl3d1_ns",
    "SequenceVariant": "SP\\MP",
    "SliceTiming": [
      0.0025000000000000022,
      0.5,
      -0.030000000000000027,
      0.46625,
      -0.06374999999999997,
      0.43374999999499997,
      -0.09624999999999995,
      0.399999999995,
      -0.1300000000049999,
      0.367499999995,
      -0.16250000000499998,
      0.333750000005,
      -0.19625000001000004,
      0.301250000005,
      -0.228749999995,
      0.26749999999999996,
      -0.26249999999500007,
      0.235,
      -0.29500000000000004,
      0.20124999999999998,
      -0.32875,
      0.168749999995,
      -0.36124999999999996,
      0.134999999995,
      -0.3950000000049999,
      0.10249999999499998,
      -0.427500000005,
      0.06875000000499998,
      -0.46125000001000005,
      0.036250000005000005
    ],
    "TaskName": "MPRAGE",
    "qc_type": "anat",
    "subject_id": "18"
  },
  "qi_1": 0.014592373264573731,
  "qi_2": 0.0025958996073980967,
  "rpve_csf": 1370.9091796875,
  "rpve_gm": 3247.01953125,
  "rpve_wm": 1707.02001953125,
  "size_x": 128,
  "size_y": 256,
  "size_z": 256,
  "snr_csf": 1.3791376020734027,
  "snr_gm": 4.150441795253605,
  "snr_total": 4.125421767912274,
  "snr_wm": 6.846685906409816,
  "snrd_csf": 12.50575177255084,
  "snrd_gm": 27.490658979325243,
  "snrd_total": 29.51316738669446,
  "snrd_wm": 48.543091408207296,
  "spacing_x": 1.3300000429153442,
  "spacing_y": 1.0,
  "spacing_z": 1.0,
  "summary_bg_k": 51.59973629290371,
  "summary_bg_mean": 7.844971656799316,
  "summary_bg_p05": 1.0,
  "summary_bg_p95": 11.0,
  "summary_bg_stdv": 19.016613006591797,
  "summary_csf_k": 9.065761593525341,
  "summary_csf_mean": 55.127044677734375,
  "summary_csf_p05": 5.0,
  "summary_csf_p95": 100.0,
  "summary_csf_stdv": 36.36878204345703,
  "summary_gm_k": -0.3565355930774792,
  "summary_gm_mean": 110.01302337646484,
  "summary_gm_p05": 71.0,
  "summary_gm_p95": 156.54999999999927,
  "summary_gm_stdv": 27.427318572998047,
  "summary_wm_k": -0.9127192738603966,
  "summary_wm_mean": 194.0694122314453,
  "summary_wm_p05": 148.0,
  "summary_wm_p95": 246.0,
  "summary_wm_stdv": 30.624258041381836,
  "tpm_overlap_csf": 0.0032642833070961907,
  "tpm_overlap_gm": 0.004378162490995091,
  "tpm_overlap_wm": 0.002966042282934,
  "wm2max": 0.7490196078431373
}