{
  "aor": 0.002206545454545455,
  "aqi": 0.003691668545454545,
  "dvars_nstd": 19.856802170458725,
  "dvars_std": 1.1869545156880736,
  "dvars_vstd": 1.020773273669725,
  "efc": 0.5447012272305872,
  "fber": 77.3067626953125,
  "fd_mean": 0.24605673379633025,
  "fd_num": 0,
  "fd_perc": 0.0,
  "fwhm_avg": 6.80005,
  "fwhm_x": 6.02126,
  "fwhm_y": 7.05663,
  "fwhm_z": 7.40034,
  "gcor": 0.03775859312577681,
  "gsr_x": -0.014232826419174671,
  "gsr_y": 0.049345895648002625,
  "metadata": {
    "EchoTime": 0,
    "FlipAngle": 90,
    "MRAcquisitionType": "2D",
    "MagneticFieldStrength": 3,
    "Manufacturer": "SIEMENS",
    "ManufacturerModelName": "TrioTim",
    "RepetitionTime": 2,
    "ScanOptions": "FS",
    "ScanningSequence": "EP",
    "SequenceName": "epfid2d1_64",
    "SequenceVariant": "SK",
    "SliceTiming": [
      0.0025000000000000022,
      0.5,
      -0.030000000000000027,
      0.46625,
      -0.06374999999999997,
      0.43374999999499997,
      -0.09624999999999995,
      0.399999999995,
      -0.1300000000049999,
      0.367499999995,
      -0.16250000000499998,
      0.33374999999,
      -0.19625000001000004,
      0.301250000005,
      -0.22875000001,
      0.26749999999999996,
      -0.26249999999500007,
      0.235,
      -0.29500000000000004,
      0.20124999999999998,
      -0.32875,
      0.168749999995,
      -0.36124999999999996,
      0.134999999995,
      -0.3950000000049999,
      0.10249999999499998,
      -0.427500000005,
      0.06874999998999998,
      -0.46125000001000005,
      0.036250000005000005
    ],
    "TaskName": "fb",
    "qc_type": "func",
    "run_id": "02",
    "subject_id": "34",
    "task_id": "fb"
  },
  "size_t": 110,
  "size_x": 64,
  "size_y": 64,
  "size_z": 30,
  "snr": 4.847829842996473,
  "spacing_tr": 1.0,
  "spacing_x": 3.125,
  "spacing_y": 3.125,
  "spacing_z": 3.9999990463256836,
  "spikes_num": 0,
  "summary_bg_k": 23.95366694258216,
  "summary_bg_mean": 49.41292190551758,
  "summary_bg_p05": 16.245454788208008,
  "summary_bg_p95": 190.86772232055648,
  "summary_bg_stdv": 73.09406280517578,
  "summary_fg_k": 1.107014140738869,
  "summary_fg_mean": 759.437255859375,
  "summary_fg_p05": 475.4554382324219,
  "summary_fg_p95": 1013.8690460205077,
  "summary_fg_stdv": 158.24070739746094,
  "tsnr": 83.96221923828125
}