{
  "aor": 0.003226024096385542,
  "aqi": 0.0044607890361445775,
  "dvars_nstd": 24.379275506727264,
  "dvars_std": 1.1937663704848485,
  "dvars_vstd": 1.0232391193333337,
  "efc": 0.560319058798589,
  "fber": 69.22122955322266,
  "fd_mean": 0.3340538889090909,
  "fd_num": 4,
  "fd_perc": 2.4096385542168677,
  "fwhm_avg": 7.03499,
  "fwhm_x": 6.31875,
  "fwhm_y": 7.34319,
  "fwhm_z": 7.50368,
  "gcor": 0.03606086466685835,
  "gsr_x": -0.01580982096493244,
  "gsr_y": 0.050567299127578735,
  "metadata": {
    "EchoTime": 0,
    "FlipAngle": 90,
    "MRAcquisitionType": "2D",
    "MagneticFieldStrength": 3,
    "Manufacturer": "SIEMENS",
    "ManufacturerModelName": "TrioTim",
    "RepetitionTime": 2,
    "ScanOptions": "FS",
    "ScanningSequence": "EP",
    "SequenceName": "epfid2d1_64",
    "SequenceVariant": "SK",
    "SliceTiming": [
      0.0037499999899999747,
      0.5,
      -0.030000000000000027,
      0.4675,
      -0.0625,
      0.43374999999499997,
      -0.09624999999999995,
      0.401249999995,
      -0.12875000000499992,
      0.367499999995,
      -0.16250000000499998,
      0.33499999998999996,
      -0.19500000000499995,
      0.30124999999,
      -0.22875000001,
      0.26875000000500004,
      -0.26125000001,
      0.235,
      -0.29500000000000004,
      0.2025,
      -0.3275,
      0.168749999995,
      -0.36124999999999996,
      0.13624999999499998,
      -0.39375000000499993,
      0.10249999999499998,
      -0.427500000005,
      0.06999999999,
      -0.46000000000499996,
      0.036249999990000004
    ],
    "TaskName": "dis",
    "qc_type": "func",
    "run_id": "05",
    "subject_id": "10",
    "task_id": "dis"
  },
  "size_t": 166,
  "size_x": 64,
  "size_y": 64,
  "size_z": 30,
  "snr": 4.7218189026792174,
  "spacing_tr": 1.0,
  "spacing_x": 3.125,
  "spacing_y": 3.125,
  "spacing_z": 4.000000476837158,
  "spikes_num": 0,
  "summary_bg_k": 17.367662822370004,
  "summary_bg_mean": 59.8214225769043,
  "summary_bg_p05": 16.699096488952637,
  "summary_bg_p95": 231.68492965698232,
  "summary_bg_stdv": 80.89186096191406,
  "summary_fg_k": 0.6322395624886812,
  "summary_fg_mean": 818.3759765625,
  "summary_fg_p05": 502.14185180664066,
  "summary_fg_p95": 1094.9005249023435,
  "summary_fg_stdv": 175.85418701171875,
  "tsnr": 72.21836853027344
}