{
  "aor": 0.003109759036144578,
  "aqi": 0.004798981686746989,
  "dvars_nstd": 25.88321882303031,
  "dvars_std": 1.1707962127878788,
  "dvars_vstd": 1.0168143344242422,
  "efc": 0.5715853805073905,
  "fber": 61.57308578491211,
  "fd_mean": 0.3998335411454545,
  "fd_num": 4,
  "fd_perc": 2.4096385542168677,
  "fwhm_avg": 6.5499,
  "fwhm_x": 5.71608,
  "fwhm_y": 6.99743,
  "fwhm_z": 7.02533,
  "gcor": 0.021021670605762894,
  "gsr_x": -0.011417526751756668,
  "gsr_y": 0.062050413340330124,
  "metadata": {
    "EchoTime": 0,
    "FlipAngle": 90,
    "MRAcquisitionType": "2D",
    "MagneticFieldStrength": 3,
    "Manufacturer": "SIEMENS",
    "ManufacturerModelName": "TrioTim",
    "RepetitionTime": 2,
    "ScanOptions": "FS",
    "ScanningSequence": "EP",
    "SequenceName": "epfid2d1_64",
    "SequenceVariant": "SK",
    "SliceTiming": [
      0.003749999994999975,
      0.5,
      -0.030000000000000027,
      0.46625,
      -0.0625,
      0.43374999999499997,
      -0.09624999999999995,
      0.4,
      -0.12875000000499992,
      0.3675,
      -0.16249999999999998,
      0.33499999999999996,
      -0.19499999999999995,
      0.301249999995,
      -0.22875,
      0.268749999995,
      -0.261250000005,
      0.235,
      -0.29500000000000004,
      0.2025,
      -0.3275,
      0.168749999995,
      -0.36124999999999996,
      0.13624999999499998,
      -0.39375000000499993,
      0.10249999999999998,
      -0.4275,
      0.07,
      -0.45999999999999996,
      0.036249999995000004
    ],
    "TaskName": "dis",
    "qc_type": "func",
    "run_id": "05",
    "subject_id": "44",
    "task_id": "dis"
  },
  "size_t": 166,
  "size_x": 64,
  "size_y": 64,
  "size_z": 30,
  "snr": 4.943946681321347,
  "spacing_tr": 1.0,
  "spacing_x": 3.125,
  "spacing_y": 3.125,
  "spacing_z": 4.000000953674316,
  "spikes_num": 0,
  "summary_bg_k": 30.53643900440813,
  "summary_bg_mean": 62.994407653808594,
  "summary_bg_p05": 18.19277000427246,
  "summary_bg_p95": 233.3740921020508,
  "summary_bg_stdv": 85.8431396484375,
  "summary_fg_k": 0.8541626899109329,
  "summary_fg_mean": 818.432861328125,
  "summary_fg_p05": 516.1767700195312,
  "summary_fg_p95": 1081.8195373535154,
  "summary_fg_stdv": 168.05560302734375,
  "tsnr": 71.64582824707031
}