{
  "aor": 0.0007190963855421687,
  "aqi": 0.003446548012048193,
  "dvars_nstd": 20.490292496969683,
  "dvars_std": 1.2431244816363642,
  "dvars_vstd": 1.0037605000606065,
  "efc": 0.6074347613897669,
  "fber": 70.9626693725586,
  "fd_mean": 0.14440084355939395,
  "fd_num": 0,
  "fd_perc": 0.0,
  "fwhm_avg": 7.09743,
  "fwhm_x": 6.29779,
  "fwhm_y": 7.45607,
  "fwhm_z": 7.61388,
  "gcor": 0.015017528131783727,
  "gsr_x": -0.013319789431989193,
  "gsr_y": 0.06698594242334366,
  "metadata": {
    "EchoTime": 0,
    "FlipAngle": 90,
    "MRAcquisitionType": "2D",
    "MagneticFieldStrength": 3,
    "Manufacturer": "SIEMENS",
    "ManufacturerModelName": "TrioTim",
    "RepetitionTime": 2,
    "ScanOptions": "FS",
    "ScanningSequence": "EP",
    "SequenceName": "epfid2d1_64",
    "SequenceVariant": "SK",
    "SliceTiming": [
      0.0025000000000000022,
      0.5,
      -0.030000000000000027,
      0.46625,
      -0.06374999999999997,
      0.43374999999499997,
      -0.09624999999999995,
      0.40000000001,
      -0.12999999999,
      0.36750000001,
      -0.16249999998999998,
      0.333750000005,
      -0.19624999999500004,
      0.301250000005,
      -0.228749999995,
      0.26749999999999996,
      -0.26249999999500007,
      0.235,
      -0.29500000000000004,
      0.20124999999999998,
      -0.32875,
      0.168749999995,
      -0.36124999999999996,
      0.13500000001,
      -0.3950000000049999,
      0.10250000000999998,
      -0.42749999999,
      0.06875000000499998,
      -0.46124999999500005,
      0.036250000005000005
    ],
    "TaskName": "dis",
    "qc_type": "func",
    "run_id": "04",
    "subject_id": "18",
    "task_id": "dis"
  },
  "size_t": 166,
  "size_x": 64,
  "size_y": 64,
  "size_z": 30,
  "snr": 4.930371637031793,
  "spacing_tr": 1.0,
  "spacing_x": 3.125,
  "spacing_y": 3.125,
  "spacing_z": 3.999999761581421,
  "spikes_num": 0,
  "summary_bg_k": 16.440528084301473,
  "summary_bg_mean": 61.279380798339844,
  "summary_bg_p05": 16.77710723876953,
  "summary_bg_p95": 235.19878540038985,
  "summary_bg_stdv": 83.15987396240234,
  "summary_fg_k": 0.8859267064698853,
  "summary_fg_mean": 852.5275268554688,
  "summary_fg_p05": 546.0240783691406,
  "summary_fg_p95": 1137.8794555664062,
  "summary_fg_stdv": 174.41415405273438,
  "tsnr": 94.73980712890625
}