{
  "cjv": 0.3710567057132721,
  "cnr": 6.194904327392578,
  "efc": 0.6050049534952695,
  "fber": 39.82512283325195,
  "fwhm_avg": 2.00111,
  "fwhm_x": 2.32369,
  "fwhm_y": 1.9453,
  "fwhm_z": 1.77276,
  "icvs_csf": 0.14617591270927854,
  "icvs_gm": 0.36115949147217125,
  "icvs_wm": 0.4926645958185502,
  "inu_med": 0.8219909071922302,
  "inu_range": 0.053949737548828036,
  "metadata": {
    "EchoTime": 0.0033900000000000002,
    "FlipAngle": 9,
    "MRAcquisitionType": "3D",
    "MagneticFieldStrength": 3,
    "Manufacturer": "SIEMENS",
    "ManufacturerModelName": "TrioTim",
    "RepetitionTime": 2,
    "ScanOptions": "IR",
    "ScanningSequence": "GR\\IR",
    "SequenceName": "tfl3d1_ns",
    "SequenceVariant": "SP\\MP",
    "SliceTiming": [
      0.0037500000050000315,
      0.5,
      -0.030000000000000027,
      0.4675,
      -0.0625,
      0.43375000000999997,
      -0.09624999998999995,
      0.40125000001,
      -0.12874999999000003,
      0.36750000001,
      -0.16249999998999998,
      0.33500000000499996,
      -0.19499999998999995,
      0.301250000005,
      -0.228749999995,
      0.26875000000500004,
      -0.2612499999950001,
      0.235,
      -0.29500000000000004,
      0.2025,
      -0.3275,
      0.16875000001,
      -0.36124999998500007,
      0.13625000000999998,
      -0.39374999999000004,
      0.10250000000999998,
      -0.42749999999,
      0.07000000000500001,
      -0.45999999998999996,
      0.036250000005000005
    ],
    "TaskName": "MPRAGE",
    "qc_type": "anat",
    "subject_id": "19"
  },
  "qi_1": 0.0,
  "qi_2": 0.005234034677546393,
  "rpve_csf": 208.7998504638672,
  "rpve_gm": 1317.9700927734375,
  "rpve_wm": 274.13995361328125,
  "size_x": 128,
  "size_y": 256,
  "size_z": 256,
  "snr_csf": 0.7136464652699915,
  "snr_gm": 2.252555272157796,
  "snr_total": 6.279040740393165,
  "snr_wm": 15.870920483751707,
  "snrd_csf": 2.6377381553017947,
  "snrd_gm": 17.945920148381166,
  "snrd_total": 21.04313210084403,
  "snrd_wm": 42.54573799884913,
  "spacing_x": 1.3300000429153442,
  "spacing_y": 1.0,
  "spacing_z": 1.0,
  "summary_bg_k": 115.16823700965493,
  "summary_bg_mean": 4.167128562927246,
  "summary_bg_p05": 0.0,
  "summary_bg_p95": 11.0,
  "summary_bg_stdv": 4.05859899520874,
  "summary_csf_k": 6.611710261598404,
  "summary_csf_mean": 49.255775451660156,
  "summary_csf_p05": 2.0,
  "summary_csf_p95": 72.0,
  "summary_csf_stdv": 36.87149429321289,
  "summary_gm_k": 0.15776217147733185,
  "summary_gm_mean": 101.153076171875,
  "summary_gm_p05": 71.0,
  "summary_gm_p95": 157.0,
  "summary_gm_stdv": 30.177261352539062,
  "summary_wm_k": -0.2327231134231691,
  "summary_wm_mean": 223.7259979248047,
  "summary_wm_p05": 174.0,
  "summary_wm_p95": 253.0,
  "summary_wm_stdv": 23.801206588745117,
  "tpm_overlap_csf": 0.00045398687664414955,
  "tpm_overlap_gm": 0.0011201505139736229,
  "tpm_overlap_wm": 0.001012430464569104,
  "wm2max": 0.9176470588235294
}