{
  "aor": 0.0012616911764705883,
  "aqi": 0.0031386886029411763,
  "dvars_nstd": 18.072565050444442,
  "dvars_std": 1.1368076196296297,
  "dvars_vstd": 1.0068530408148146,
  "efc": 0.5652882310719748,
  "fber": 66.34540557861328,
  "fd_mean": 0.23080763122548148,
  "fd_num": 0,
  "fd_perc": 0.0,
  "fwhm_avg": 6.80848,
  "fwhm_x": 6.07696,
  "fwhm_y": 7.24515,
  "fwhm_z": 7.1683,
  "gcor": 0.016679676140055937,
  "gsr_x": -0.010150300338864326,
  "gsr_y": 0.054577380418777466,
  "metadata": {
    "EchoTime": 0,
    "FlipAngle": 90,
    "MRAcquisitionType": "2D",
    "MagneticFieldStrength": 3,
    "Manufacturer": "SIEMENS",
    "ManufacturerModelName": "TrioTim",
    "RepetitionTime": 2,
    "ScanOptions": "FS",
    "ScanningSequence": "EP",
    "SequenceName": "epfid2d1_64",
    "SequenceVariant": "SK",
    "SliceTiming": [
      0.0025000000000000022,
      0.5,
      -0.030000000000000027,
      0.46625,
      -0.06374999999999997,
      0.43375000000999997,
      -0.09624999999999995,
      0.40000000001,
      -0.12999999999,
      0.36750000001,
      -0.16249999998999998,
      0.333750000005,
      -0.19624999999500004,
      0.301250000005,
      -0.228749999995,
      0.26749999999999996,
      -0.26249999999500007,
      0.235,
      -0.29500000000000004,
      0.20124999999999998,
      -0.32875,
      0.168749999995,
      -0.36124999999999996,
      0.13500000001,
      -0.39499999999,
      0.10250000000999998,
      -0.42749999999,
      0.06875000000499998,
      -0.46124999999500005,
      0.036250000005000005
    ],
    "TaskName": "tom",
    "qc_type": "func",
    "run_id": "02",
    "subject_id": "47",
    "task_id": "tom"
  },
  "size_t": 136,
  "size_x": 64,
  "size_y": 64,
  "size_z": 30,
  "snr": 4.959548289728009,
  "spacing_tr": 1.0,
  "spacing_x": 3.125,
  "spacing_y": 3.125,
  "spacing_z": 3.9999990463256836,
  "spikes_num": 0,
  "summary_bg_k": 20.847814242911678,
  "summary_bg_mean": 55.24271011352539,
  "summary_bg_p05": 16.02941131591797,
  "summary_bg_p95": 210.45956420898415,
  "summary_bg_stdv": 76.91063690185547,
  "summary_fg_k": 0.8586294540578967,
  "summary_fg_mean": 755.3974609375,
  "summary_fg_p05": 466.4602905273438,
  "summary_fg_p95": 989.3117797851562,
  "summary_fg_stdv": 155.8656463623047,
  "tsnr": 88.36836242675781
}