{
  "aor": 0.0037494545454545463,
  "aqi": 0.004212172545454545,
  "dvars_nstd": 19.147029142201838,
  "dvars_std": 1.1572856870642203,
  "dvars_vstd": 1.0221506210091742,
  "efc": 0.5488039010916931,
  "fber": 51.87550354003906,
  "fd_mean": 0.20271618334311925,
  "fd_num": 3,
  "fd_perc": 2.727272727272727,
  "fwhm_avg": 6.97545,
  "fwhm_x": 6.22458,
  "fwhm_y": 7.2688,
  "fwhm_z": 7.50144,
  "gcor": 0.0108178203756159,
  "gsr_x": 0.006359525956213474,
  "gsr_y": 0.04304321110248566,
  "metadata": {
    "EchoTime": 0,
    "FlipAngle": 90,
    "MRAcquisitionType": "2D",
    "MagneticFieldStrength": 3,
    "Manufacturer": "SIEMENS",
    "ManufacturerModelName": "TrioTim",
    "RepetitionTime": 2,
    "ScanOptions": "FS",
    "ScanningSequence": "EP",
    "SequenceName": "epfid2d1_64",
    "SequenceVariant": "SK",
    "SliceTiming": [
      0.0037500000050000315,
      0.5,
      -0.030000000000000027,
      0.4675,
      -0.0625,
      0.43374999999499997,
      -0.09624999999999995,
      0.401249999995,
      -0.12875000000499992,
      0.367499999995,
      -0.16250000000499998,
      0.33499999998999996,
      -0.19500000000499995,
      0.30124999999,
      -0.22875000001,
      0.26875000000500004,
      -0.26125000001,
      0.235,
      -0.29500000000000004,
      0.2025,
      -0.3275,
      0.168749999995,
      -0.36124999999999996,
      0.13624999999499998,
      -0.39375000000499993,
      0.10249999999499998,
      -0.427500000005,
      0.06999999999,
      -0.46000000000499996,
      0.036249999990000004
    ],
    "TaskName": "fb",
    "qc_type": "func",
    "run_id": "01",
    "subject_id": "28",
    "task_id": "fb"
  },
  "size_t": 110,
  "size_x": 64,
  "size_y": 64,
  "size_z": 30,
  "snr": 4.891929581258641,
  "spacing_tr": 1.0,
  "spacing_x": 3.125,
  "spacing_y": 3.125,
  "spacing_z": 4.000001430511475,
  "spikes_num": 0,
  "summary_bg_k": 15.532525115666271,
  "summary_bg_mean": 58.66090393066406,
  "summary_bg_p05": 16.027271270751953,
  "summary_bg_p95": 244.08772048950203,
  "summary_bg_stdv": 87.3372802734375,
  "summary_fg_k": 0.698992795273615,
  "summary_fg_mean": 741.6012573242188,
  "summary_fg_p05": 450.889990234375,
  "summary_fg_p95": 975.8063201904297,
  "summary_fg_stdv": 155.6677703857422,
  "tsnr": 73.8184814453125
}