{
  "aor": 0.00521379518072289,
  "aqi": 0.004397873192771085,
  "dvars_nstd": 18.804718826363636,
  "dvars_std": 1.1908326201818182,
  "dvars_vstd": 1.0363500426666667,
  "efc": 0.540927561271428,
  "fber": 71.82330322265625,
  "fd_mean": 0.1556585162002424,
  "fd_num": 0,
  "fd_perc": 0.0,
  "fwhm_avg": 6.90502,
  "fwhm_x": 6.20029,
  "fwhm_y": 7.05239,
  "fwhm_z": 7.52917,
  "gcor": 0.0326258647872741,
  "gsr_x": -0.013642121106386185,
  "gsr_y": 0.03758397325873375,
  "metadata": {
    "EchoTime": 0,
    "FlipAngle": 90,
    "MRAcquisitionType": "2D",
    "MagneticFieldStrength": 3,
    "Manufacturer": "SIEMENS",
    "ManufacturerModelName": "TrioTim",
    "RepetitionTime": 2,
    "ScanOptions": "FS",
    "ScanningSequence": "EP",
    "SequenceName": "epfid2d1_64",
    "SequenceVariant": "SK",
    "SliceTiming": [
      0.0037500000050000315,
      0.5,
      -0.030000000000000027,
      0.4675,
      -0.0625,
      0.43375000000999997,
      -0.09624999999999995,
      0.40125000001,
      -0.12874999999000003,
      0.36750000001,
      -0.16249999998999998,
      0.33500000000499996,
      -0.19499999998999995,
      0.301250000005,
      -0.228749999995,
      0.26875000000500004,
      -0.2612499999950001,
      0.235,
      -0.29500000000000004,
      0.2025,
      -0.3275,
      0.16875000001,
      -0.36124999999999996,
      0.13625000000999998,
      -0.39374999999000004,
      0.10250000000999998,
      -0.42749999999,
      0.07000000000500001,
      -0.45999999998999996,
      0.036250000005000005
    ],
    "TaskName": "dis",
    "qc_type": "func",
    "run_id": "06",
    "subject_id": "22",
    "task_id": "dis"
  },
  "size_t": 166,
  "size_x": 64,
  "size_y": 64,
  "size_z": 30,
  "snr": 5.2121985637038355,
  "spacing_tr": 1.0,
  "spacing_x": 3.125,
  "spacing_y": 3.125,
  "spacing_z": 4.000002384185791,
  "spikes_num": 0,
  "summary_bg_k": 29.448530768265194,
  "summary_bg_mean": 56.913211822509766,
  "summary_bg_p05": 15.86746883392334,
  "summary_bg_p95": 220.90963745117188,
  "summary_bg_stdv": 85.90876770019531,
  "summary_fg_k": 0.8330449044409232,
  "summary_fg_mean": 856.941162109375,
  "summary_fg_p05": 536.5587158203125,
  "summary_fg_p95": 1110.1806640625,
  "summary_fg_stdv": 168.4466552734375,
  "tsnr": 80.90525817871094
}