{
  "aor": 0.003971176470588235,
  "aqi": 0.0035344049264705883,
  "dvars_nstd": 16.823582083703705,
  "dvars_std": 1.1925857266666664,
  "dvars_vstd": 1.0329304594814817,
  "efc": 0.5795248356441055,
  "fber": 62.28852462768555,
  "fd_mean": 0.12846757956518517,
  "fd_num": 3,
  "fd_perc": 2.2058823529411766,
  "fwhm_avg": 6.76486,
  "fwhm_x": 6.08938,
  "fwhm_y": 7.00203,
  "fwhm_z": 7.26069,
  "gcor": 0.028610019122853,
  "gsr_x": -0.004986624699085951,
  "gsr_y": 0.06055735796689987,
  "metadata": {
    "EchoTime": 0,
    "FlipAngle": 90,
    "MRAcquisitionType": "2D",
    "MagneticFieldStrength": 3,
    "Manufacturer": "SIEMENS",
    "ManufacturerModelName": "TrioTim",
    "RepetitionTime": 2,
    "ScanOptions": "FS",
    "ScanningSequence": "EP",
    "SequenceName": "epfid2d1_64",
    "SequenceVariant": "SK",
    "SliceTiming": [
      0.0025000000000000022,
      0.5,
      -0.030000000000000027,
      0.46625,
      -0.06374999999999997,
      0.43374999999499997,
      -0.09624999999999995,
      0.399999999995,
      -0.1300000000049999,
      0.367499999995,
      -0.16250000000499998,
      0.33374999999,
      -0.19625000001000004,
      0.301250000005,
      -0.22875000001,
      0.26749999999999996,
      -0.26249999999500007,
      0.235,
      -0.29500000000000004,
      0.20124999999999998,
      -0.32875,
      0.168749999995,
      -0.36124999999999996,
      0.134999999995,
      -0.3950000000049999,
      0.10249999999499998,
      -0.427500000005,
      0.06874999998999998,
      -0.46125000001000005,
      0.036249999990000004
    ],
    "TaskName": "fb",
    "qc_type": "func",
    "run_id": "01",
    "subject_id": "05",
    "task_id": "fb"
  },
  "size_t": 136,
  "size_x": 64,
  "size_y": 64,
  "size_z": 30,
  "snr": 4.923848802761638,
  "spacing_tr": 1.0,
  "spacing_x": 3.125,
  "spacing_y": 3.125,
  "spacing_z": 3.99999737739563,
  "spikes_num": 0,
  "summary_bg_k": 21.472505227409886,
  "summary_bg_mean": 57.436683654785156,
  "summary_bg_p05": 15.397058486938477,
  "summary_bg_p95": 228.5294189453125,
  "summary_bg_stdv": 82.03721618652344,
  "summary_fg_k": 0.6190576340550247,
  "summary_fg_mean": 774.2536010742188,
  "summary_fg_p05": 486.3970642089844,
  "summary_fg_p95": 1025.156982421875,
  "summary_fg_stdv": 158.83287048339844,
  "tsnr": 85.72074890136719
}