{
  "aor": 0.001109090909090909,
  "aqi": 0.003132694909090909,
  "dvars_nstd": 16.695107757247705,
  "dvars_std": 1.161348032844037,
  "dvars_vstd": 1.0033433509174314,
  "efc": 0.5410740577451092,
  "fber": 71.6654052734375,
  "fd_mean": 0.09178433782568808,
  "fd_num": 0,
  "fd_perc": 0.0,
  "fwhm_avg": 6.94972,
  "fwhm_x": 6.25708,
  "fwhm_y": 7.06178,
  "fwhm_z": 7.59653,
  "gcor": 0.023027374527671122,
  "gsr_x": -0.013597321696579456,
  "gsr_y": 0.03666531294584274,
  "metadata": {
    "EchoTime": 0,
    "FlipAngle": 90,
    "MRAcquisitionType": "2D",
    "MagneticFieldStrength": 3,
    "Manufacturer": "SIEMENS",
    "ManufacturerModelName": "TrioTim",
    "RepetitionTime": 2,
    "ScanOptions": "FS",
    "ScanningSequence": "EP",
    "SequenceName": "epfid2d1_64",
    "SequenceVariant": "SK",
    "SliceTiming": [
      0.0037499999899999747,
      0.5,
      -0.030000000000000027,
      0.4675,
      -0.0625,
      0.43374999999499997,
      -0.09499999999999997,
      0.401249999995,
      -0.12875000000499992,
      0.367499999995,
      -0.1612500000049999,
      0.33499999998999996,
      -0.19500000000499995,
      0.30124999999,
      -0.22750000001000004,
      0.26874999999,
      -0.26125000001,
      0.235,
      -0.29375000000999996,
      0.2025,
      -0.3275,
      0.168749999995,
      -0.36,
      0.13624999999499998,
      -0.39375000000499993,
      0.10249999999499998,
      -0.4262500000049999,
      0.06999999999,
      -0.46000000000499996,
      0.036249999990000004
    ],
    "TaskName": "fb",
    "qc_type": "func",
    "run_id": "04",
    "subject_id": "22",
    "task_id": "fb"
  },
  "size_t": 110,
  "size_x": 64,
  "size_y": 64,
  "size_z": 30,
  "snr": 5.229961921200285,
  "spacing_tr": 1.0,
  "spacing_x": 3.125,
  "spacing_y": 3.125,
  "spacing_z": 4.000002384185791,
  "spikes_num": 0,
  "summary_bg_k": 28.699137180808645,
  "summary_bg_mean": 57.11539840698242,
  "summary_bg_p05": 15.799999237060547,
  "summary_bg_p95": 221.49045104980453,
  "summary_bg_stdv": 85.97308349609375,
  "summary_fg_k": 0.7585027377686462,
  "summary_fg_mean": 857.3883056640625,
  "summary_fg_p05": 536.3186309814454,
  "summary_fg_p95": 1112.5113342285156,
  "summary_fg_stdv": 168.4505615234375,
  "tsnr": 94.43109130859375
}