{
  "aor": 0.0021415060240963855,
  "aqi": 0.0033122714457831325,
  "dvars_nstd": 22.613812360121212,
  "dvars_std": 1.175686491333334,
  "dvars_vstd": 1.0110058394545456,
  "efc": 0.6035572701407413,
  "fber": 38.565731048583984,
  "fd_mean": 0.2322244587527273,
  "fd_num": 1,
  "fd_perc": 0.6024096385542169,
  "fwhm_avg": 7.24976,
  "fwhm_x": 6.51652,
  "fwhm_y": 7.70806,
  "fwhm_z": 7.58595,
  "gcor": 0.018220980483365345,
  "gsr_x": 0.004917081445455551,
  "gsr_y": 0.05007663369178772,
  "metadata": {
    "EchoTime": 0,
    "FlipAngle": 90,
    "MRAcquisitionType": "2D",
    "MagneticFieldStrength": 3,
    "Manufacturer": "SIEMENS",
    "ManufacturerModelName": "TrioTim",
    "RepetitionTime": 2,
    "ScanOptions": "FS",
    "ScanningSequence": "EP",
    "SequenceName": "epfid2d1_64",
    "SequenceVariant": "SK",
    "SliceTiming": [
      0.0024999999900000014,
      0.5,
      -0.030000000000000027,
      0.46625,
      -0.06374999999999997,
      0.43374999999499997,
      -0.09624999999999995,
      0.399999999995,
      -0.1300000000049999,
      0.367499999995,
      -0.16250000000499998,
      0.33374999999,
      -0.19625000001000004,
      0.30124999999,
      -0.22875000001,
      0.26749999999999996,
      -0.26250000000999996,
      0.235,
      -0.29500000000000004,
      0.20124999999999998,
      -0.32875,
      0.168749999995,
      -0.36124999999999996,
      0.134999999995,
      -0.3950000000049999,
      0.10249999999499998,
      -0.427500000005,
      0.06874999998999998,
      -0.46125000001000005,
      0.036249999990000004
    ],
    "TaskName": "dis",
    "qc_type": "func",
    "run_id": "03",
    "subject_id": "45",
    "task_id": "dis"
  },
  "size_t": 166,
  "size_x": 64,
  "size_y": 64,
  "size_z": 30,
  "snr": 4.5015912954192805,
  "spacing_tr": 1.0,
  "spacing_x": 3.125,
  "spacing_y": 3.125,
  "spacing_z": 4.000000476837158,
  "spikes_num": 0,
  "summary_bg_k": 14.186456274744934,
  "summary_bg_mean": 84.66007232666016,
  "summary_bg_p05": 18.433734893798828,
  "summary_bg_p95": 340.3319198608395,
  "summary_bg_stdv": 117.48414611816406,
  "summary_fg_k": 0.5317521464438228,
  "summary_fg_mean": 877.3956298828125,
  "summary_fg_p05": 535.179818725586,
  "summary_fg_p95": 1193.0686462402346,
  "summary_fg_stdv": 197.21702575683594,
  "tsnr": 77.82060241699219
}