{
  "aor": 0.001191909090909091,
  "aqi": 0.0035253732727272722,
  "dvars_nstd": 21.750288613211012,
  "dvars_std": 1.1753986244954129,
  "dvars_vstd": 1.0086660530275227,
  "efc": 0.576605306528656,
  "fber": 52.69831848144531,
  "fd_mean": 0.2539849808685337,
  "fd_num": 0,
  "fd_perc": 0.0,
  "fwhm_avg": 6.8665,
  "fwhm_x": 6.02701,
  "fwhm_y": 7.31517,
  "fwhm_z": 7.34309,
  "gcor": 0.014799276265231046,
  "gsr_x": 0.0017768862890079618,
  "gsr_y": 0.0536939837038517,
  "metadata": {
    "EchoTime": 0,
    "FlipAngle": 90,
    "MRAcquisitionType": "2D",
    "MagneticFieldStrength": 3,
    "Manufacturer": "SIEMENS",
    "ManufacturerModelName": "TrioTim",
    "RepetitionTime": 2,
    "ScanOptions": "FS",
    "ScanningSequence": "EP",
    "SequenceName": "epfid2d1_64",
    "SequenceVariant": "SK",
    "SliceTiming": [
      0.002499999995000002,
      0.5,
      -0.030000000000000027,
      0.46625,
      -0.06374999999999997,
      0.43374999999499997,
      -0.09624999999999995,
      0.399999999995,
      -0.1300000000049999,
      0.3675,
      -0.16250000000499998,
      0.33375,
      -0.19625000000000004,
      0.301249999995,
      -0.22875,
      0.26749999999499996,
      -0.26250000000499996,
      0.235,
      -0.29500000000499993,
      0.20124999999999998,
      -0.32875,
      0.168749999995,
      -0.36124999999999996,
      0.134999999995,
      -0.3950000000049999,
      0.10249999999999998,
      -0.427500000005,
      0.06874999999999998,
      -0.46125000000000005,
      0.036249999995000004
    ],
    "TaskName": "fb",
    "qc_type": "func",
    "run_id": "03",
    "subject_id": "29",
    "task_id": "fb"
  },
  "size_t": 110,
  "size_x": 64,
  "size_y": 64,
  "size_z": 30,
  "snr": 4.680832668732172,
  "spacing_tr": 1.0,
  "spacing_x": 3.125,
  "spacing_y": 3.125,
  "spacing_z": 3.9999988079071045,
  "spikes_num": 0,
  "summary_bg_k": 19.088433134155334,
  "summary_bg_mean": 62.224853515625,
  "summary_bg_p05": 17.754545211791992,
  "summary_bg_p95": 250.48908386230406,
  "summary_bg_stdv": 87.72781372070312,
  "summary_fg_k": 0.6843724923683103,
  "summary_fg_mean": 762.8960571289062,
  "summary_fg_p05": 463.06817626953125,
  "summary_fg_p95": 1026.80908203125,
  "summary_fg_stdv": 166.1598358154297,
  "tsnr": 78.04124450683594
}