{
  "aor": 0.0054296385542168665,
  "aqi": 0.004835119277108433,
  "dvars_nstd": 19.036180524969705,
  "dvars_std": 1.2001003092727272,
  "dvars_vstd": 1.0469185452727274,
  "efc": 0.5579741048991836,
  "fber": 70.15445709228516,
  "fd_mean": 0.34652008933551515,
  "fd_num": 9,
  "fd_perc": 5.421686746987952,
  "fwhm_avg": 6.81916,
  "fwhm_x": 6.03536,
  "fwhm_y": 7.03307,
  "fwhm_z": 7.47041,
  "gcor": 0.048135556370378974,
  "gsr_x": -0.005494351033121347,
  "gsr_y": 0.034196000546216965,
  "metadata": {
    "EchoTime": 0,
    "FlipAngle": 90,
    "MRAcquisitionType": "2D",
    "MagneticFieldStrength": 3,
    "Manufacturer": "SIEMENS",
    "ManufacturerModelName": "TrioTim",
    "RepetitionTime": 2,
    "ScanOptions": "FS",
    "ScanningSequence": "EP",
    "SequenceName": "epfid2d1_64",
    "SequenceVariant": "SK",
    "SliceTiming": [
      0.0025000000000000022,
      0.5,
      -0.030000000000000027,
      0.46625,
      -0.06374999999999997,
      0.43374999999499997,
      -0.09624999999999995,
      0.399999999995,
      -0.1300000000049999,
      0.367499999995,
      -0.16250000000499998,
      0.33374999999,
      -0.19625000001000004,
      0.30124999999,
      -0.22875000001,
      0.26749999999999996,
      -0.26250000000999996,
      0.235,
      -0.29500000000000004,
      0.20124999999999998,
      -0.32875,
      0.168749999995,
      -0.36124999999999996,
      0.134999999995,
      -0.3950000000049999,
      0.10249999999499998,
      -0.427500000005,
      0.06874999998999998,
      -0.46125000001000005,
      0.036249999990000004
    ],
    "TaskName": "dis",
    "qc_type": "func",
    "run_id": "06",
    "subject_id": "09",
    "task_id": "dis"
  },
  "size_t": 166,
  "size_x": 64,
  "size_y": 64,
  "size_z": 30,
  "snr": 5.098446424291964,
  "spacing_tr": 1.0,
  "spacing_x": 3.125,
  "spacing_y": 3.125,
  "spacing_z": 3.9999983310699463,
  "spikes_num": 0,
  "summary_bg_k": 21.082083077542446,
  "summary_bg_mean": 47.86655044555664,
  "summary_bg_p05": 14.331324577331543,
  "summary_bg_p95": 185.45119247436503,
  "summary_bg_stdv": 70.98313903808594,
  "summary_fg_k": 0.799841080716063,
  "summary_fg_mean": 702.96044921875,
  "summary_fg_p05": 438.9852172851563,
  "summary_fg_p95": 912.4864105224608,
  "summary_fg_stdv": 141.65316772460938,
  "tsnr": 73.37371063232422
}