{
  "aor": 0.000496867469879518,
  "aqi": 0.0037103566867469876,
  "dvars_nstd": 21.176678807636364,
  "dvars_std": 1.1318568970909095,
  "dvars_vstd": 0.9864657111515159,
  "efc": 0.5774844042319788,
  "fber": 55.37423324584961,
  "fd_mean": 0.2968249938424242,
  "fd_num": 0,
  "fd_perc": 0.0,
  "fwhm_avg": 6.77527,
  "fwhm_x": 5.85746,
  "fwhm_y": 7.20313,
  "fwhm_z": 7.37139,
  "gcor": 0.042808354619037675,
  "gsr_x": -0.004165709018707275,
  "gsr_y": 0.04895066097378731,
  "metadata": {
    "EchoTime": 0,
    "FlipAngle": 90,
    "MRAcquisitionType": "2D",
    "MagneticFieldStrength": 3,
    "Manufacturer": "SIEMENS",
    "ManufacturerModelName": "TrioTim",
    "RepetitionTime": 2,
    "ScanOptions": "FS",
    "ScanningSequence": "EP",
    "SequenceName": "epfid2d1_64",
    "SequenceVariant": "SK",
    "SliceTiming": [
      0.0024999999900000014,
      0.5,
      -0.030000000014999917,
      0.46625,
      -0.06374999999999997,
      0.43374999999499997,
      -0.09624999999999995,
      0.399999999995,
      -0.1300000000049999,
      0.367499999995,
      -0.16250000000499998,
      0.33374999999,
      -0.19625000001000004,
      0.30124999999,
      -0.22875000001,
      0.26749999998499996,
      -0.26250000000999996,
      0.235,
      -0.29500000001499993,
      0.20124999999999998,
      -0.32875,
      0.168749999995,
      -0.36124999999999996,
      0.134999999995,
      -0.3950000000049999,
      0.10249999999499998,
      -0.427500000005,
      0.06874999998999998,
      -0.46125000001000005,
      0.036249999990000004
    ],
    "TaskName": "dis",
    "qc_type": "func",
    "run_id": "02",
    "subject_id": "38",
    "task_id": "dis"
  },
  "size_t": 166,
  "size_x": 64,
  "size_y": 64,
  "size_z": 30,
  "snr": 5.133465720392205,
  "spacing_tr": 1.0,
  "spacing_x": 3.125,
  "spacing_y": 3.125,
  "spacing_z": 4.000000953674316,
  "spikes_num": 0,
  "summary_bg_k": 17.991690398063273,
  "summary_bg_mean": 63.374794006347656,
  "summary_bg_p05": 16.722890853881836,
  "summary_bg_p95": 251.93373107910156,
  "summary_bg_stdv": 91.60023498535156,
  "summary_fg_k": 0.8294632138769793,
  "summary_fg_mean": 812.8877563476562,
  "summary_fg_p05": 500.6096221923828,
  "summary_fg_p95": 1059.1559448242188,
  "summary_fg_stdv": 161.98696899414062,
  "tsnr": 85.5977783203125
}