{
  "aor": 0.002159277108433735,
  "aqi": 0.0035298622891566257,
  "dvars_nstd": 15.889475700969697,
  "dvars_std": 1.139202019333333,
  "dvars_vstd": 1.0154647565454542,
  "efc": 0.5571021983006541,
  "fber": 69.7518539428711,
  "fd_mean": 0.24059366253939393,
  "fd_num": 2,
  "fd_perc": 1.2048192771084338,
  "fwhm_avg": 6.70879,
  "fwhm_x": 5.94391,
  "fwhm_y": 6.94664,
  "fwhm_z": 7.31282,
  "gcor": 0.028187412813485385,
  "gsr_x": -0.0054761855863034725,
  "gsr_y": 0.03277106583118439,
  "metadata": {
    "EchoTime": 0,
    "FlipAngle": 90,
    "MRAcquisitionType": "2D",
    "MagneticFieldStrength": 3,
    "Manufacturer": "SIEMENS",
    "ManufacturerModelName": "TrioTim",
    "RepetitionTime": 2,
    "ScanOptions": "FS",
    "ScanningSequence": "EP",
    "SequenceName": "epfid2d1_64",
    "SequenceVariant": "SK",
    "SliceTiming": [
      0.0025000000000000022,
      0.5,
      -0.030000000000000027,
      0.46625,
      -0.06374999999999997,
      0.43374999999499997,
      -0.09624999999999995,
      0.399999999995,
      -0.1300000000049999,
      0.367499999995,
      -0.16250000000499998,
      0.33374999999,
      -0.19625000001000004,
      0.301250000005,
      -0.22875000001,
      0.26749999999999996,
      -0.26249999999500007,
      0.235,
      -0.29500000000000004,
      0.20124999999999998,
      -0.32875,
      0.168749999995,
      -0.36124999999999996,
      0.134999999995,
      -0.3950000000049999,
      0.10249999999499998,
      -0.427500000005,
      0.06874999998999998,
      -0.46125000001000005,
      0.036250000005000005
    ],
    "TaskName": "dis",
    "qc_type": "func",
    "run_id": "05",
    "subject_id": "09",
    "task_id": "dis"
  },
  "size_t": 166,
  "size_x": 64,
  "size_y": 64,
  "size_z": 30,
  "snr": 5.074214226342576,
  "spacing_tr": 1.0,
  "spacing_x": 3.125,
  "spacing_y": 3.125,
  "spacing_z": 3.9999983310699463,
  "spikes_num": 0,
  "summary_bg_k": 21.262321670738366,
  "summary_bg_mean": 47.79346466064453,
  "summary_bg_p05": 14.240962982177734,
  "summary_bg_p95": 185.121974182129,
  "summary_bg_stdv": 71.4818115234375,
  "summary_fg_k": 0.8656364975035094,
  "summary_fg_mean": 703.8863525390625,
  "summary_fg_p05": 440.17407989501953,
  "summary_fg_p95": 914.0427185058593,
  "summary_fg_stdv": 142.4071044921875,
  "tsnr": 85.771484375
}