{
  "aor": 0.0069626363636363636,
  "aqi": 0.00938395290909091,
  "dvars_nstd": 41.2243853929358,
  "dvars_std": 1.29180632266055,
  "dvars_vstd": 1.0567227319266057,
  "efc": 0.5876192264022756,
  "fber": 70.59260559082031,
  "fd_mean": 0.7526741964770644,
  "fd_num": 24,
  "fd_perc": 21.818181818181817,
  "fwhm_avg": 6.72604,
  "fwhm_x": 5.86372,
  "fwhm_y": 7.13146,
  "fwhm_z": 7.27656,
  "gcor": 0.0885826284235174,
  "gsr_x": -0.018596861511468887,
  "gsr_y": 0.06482280045747757,
  "metadata": {
    "EchoTime": 0,
    "FlipAngle": 90,
    "MRAcquisitionType": "2D",
    "MagneticFieldStrength": 3,
    "Manufacturer": "SIEMENS",
    "ManufacturerModelName": "TrioTim",
    "RepetitionTime": 2,
    "ScanOptions": "FS",
    "ScanningSequence": "EP",
    "SequenceName": "epfid2d1_64",
    "SequenceVariant": "SK",
    "SliceTiming": [
      0.0037500000050000315,
      0.5,
      -0.030000000000000027,
      0.4675,
      -0.0625,
      0.43374999999499997,
      -0.09624999999999995,
      0.401249999995,
      -0.12875000000499992,
      0.36750000001,
      -0.16250000000499998,
      0.33500000000499996,
      -0.19499999998999995,
      0.301250000005,
      -0.228749999995,
      0.26875000000500004,
      -0.2612499999950001,
      0.235,
      -0.29500000000000004,
      0.2025,
      -0.3275,
      0.168749999995,
      -0.36124999999999996,
      0.13624999999499998,
      -0.39375000000499993,
      0.10249999999499998,
      -0.427500000005,
      0.07000000000500001,
      -0.46000000000499996,
      0.036250000005000005
    ],
    "TaskName": "fb",
    "qc_type": "func",
    "run_id": "04",
    "subject_id": "32",
    "task_id": "fb"
  },
  "size_t": 110,
  "size_x": 64,
  "size_y": 64,
  "size_z": 30,
  "snr": 5.303313166366419,
  "spacing_tr": 1.0,
  "spacing_x": 3.125,
  "spacing_y": 3.125,
  "spacing_z": 4.0,
  "spikes_num": 0,
  "summary_bg_k": 18.72254942410398,
  "summary_bg_mean": 58.550559997558594,
  "summary_bg_p05": 17.754545211791992,
  "summary_bg_p95": 223.50636062622056,
  "summary_bg_stdv": 78.27740478515625,
  "summary_fg_k": 1.186782854476208,
  "summary_fg_mean": 806.7083740234375,
  "summary_fg_p05": 529.3568267822266,
  "summary_fg_p95": 1054.4385986328125,
  "summary_fg_stdv": 154.17758178710938,
  "tsnr": 58.23145294189453
}