{
  "aor": 0.0007711445783132531,
  "aqi": 0.0032934773493975902,
  "dvars_nstd": 18.237651674727278,
  "dvars_std": 1.1482607469090906,
  "dvars_vstd": 1.0030289570909094,
  "efc": 0.565341540336434,
  "fber": 67.02691650390625,
  "fd_mean": 0.2209006005909091,
  "fd_num": 0,
  "fd_perc": 0.0,
  "fwhm_avg": 6.83639,
  "fwhm_x": 6.06396,
  "fwhm_y": 7.24913,
  "fwhm_z": 7.26839,
  "gcor": 0.01699730574366558,
  "gsr_x": -0.011346451938152313,
  "gsr_y": 0.05431613698601723,
  "metadata": {
    "EchoTime": 0,
    "FlipAngle": 90,
    "MRAcquisitionType": "2D",
    "MagneticFieldStrength": 3,
    "Manufacturer": "SIEMENS",
    "ManufacturerModelName": "TrioTim",
    "RepetitionTime": 2,
    "ScanOptions": "FS",
    "ScanningSequence": "EP",
    "SequenceName": "epfid2d1_64",
    "SequenceVariant": "SK",
    "SliceTiming": [
      0.0025000000000000022,
      0.5,
      -0.030000000000000027,
      0.46625000001,
      -0.06374999998500008,
      0.43375000000999997,
      -0.09624999998999995,
      0.40000000001,
      -0.12999999999,
      0.36750000001,
      -0.16249999998999998,
      0.333750000005,
      -0.19624999999500004,
      0.301250000005,
      -0.228749999995,
      0.26749999999999996,
      -0.26249999999500007,
      0.235,
      -0.29500000000000004,
      0.20125000001499999,
      -0.32875,
      0.16875000001,
      -0.36124999998500007,
      0.13500000001,
      -0.39499999999,
      0.10250000000999998,
      -0.42749999999,
      0.06875000000499998,
      -0.46124999999500005,
      0.036250000005000005
    ],
    "TaskName": "dis",
    "qc_type": "func",
    "run_id": "05",
    "subject_id": "47",
    "task_id": "dis"
  },
  "size_t": 166,
  "size_x": 64,
  "size_y": 64,
  "size_z": 30,
  "snr": 4.903043949630118,
  "spacing_tr": 1.0,
  "spacing_x": 3.125,
  "spacing_y": 3.125,
  "spacing_z": 3.9999990463256836,
  "spikes_num": 0,
  "summary_bg_k": 19.951592050295105,
  "summary_bg_mean": 54.76234817504883,
  "summary_bg_p05": 15.951807022094727,
  "summary_bg_p95": 209.22740936279297,
  "summary_bg_stdv": 75.95957946777344,
  "summary_fg_k": 0.7753238563900968,
  "summary_fg_mean": 750.4600830078125,
  "summary_fg_p05": 463.0692474365234,
  "summary_fg_p95": 986.4123229980468,
  "summary_fg_stdv": 156.6956787109375,
  "tsnr": 85.85197448730469
}