{
  "aor": 0.0012993975903614458,
  "aqi": 0.006270637168674698,
  "dvars_nstd": 20.532414990909082,
  "dvars_std": 1.1159764719393936,
  "dvars_vstd": 0.9936394641818185,
  "efc": 0.5650943683956471,
  "fber": 67.88645935058594,
  "fd_mean": 0.30039297571515156,
  "fd_num": 1,
  "fd_perc": 0.6024096385542169,
  "fwhm_avg": 7.12351,
  "fwhm_x": 6.30113,
  "fwhm_y": 7.51732,
  "fwhm_z": 7.63134,
  "gcor": 0.0212139422634998,
  "gsr_x": -0.0023494106717407703,
  "gsr_y": 0.06361490488052368,
  "metadata": {
    "EchoTime": 0,
    "FlipAngle": 90,
    "MRAcquisitionType": "2D",
    "MagneticFieldStrength": 3,
    "Manufacturer": "SIEMENS",
    "ManufacturerModelName": "TrioTim",
    "RepetitionTime": 2,
    "ScanOptions": "FS",
    "ScanningSequence": "EP",
    "SequenceName": "epfid2d1_64",
    "SequenceVariant": "SK",
    "SliceTiming": [
      0.0024999999900000014,
      0.5,
      -0.030000000014999917,
      0.46625,
      -0.06374999999999997,
      0.43374999999499997,
      -0.09624999999999995,
      0.399999999995,
      -0.1300000000049999,
      0.367499999995,
      -0.16250000000499998,
      0.33374999999,
      -0.19625000001000004,
      0.30124999999,
      -0.22875000001,
      0.26749999998499996,
      -0.26250000000999996,
      0.23499999998499999,
      -0.29500000001499993,
      0.20124999999999998,
      -0.32875,
      0.168749999995,
      -0.36124999999999996,
      0.134999999995,
      -0.3950000000049999,
      0.10249999999499998,
      -0.427500000005,
      0.06874999998999998,
      -0.46125000001000005,
      0.036249999990000004
    ],
    "TaskName": "dis",
    "qc_type": "func",
    "run_id": "01",
    "subject_id": "24",
    "task_id": "dis"
  },
  "size_t": 166,
  "size_x": 64,
  "size_y": 64,
  "size_z": 30,
  "snr": 4.834234532447971,
  "spacing_tr": 1.0,
  "spacing_x": 3.125,
  "spacing_y": 3.125,
  "spacing_z": 4.000001430511475,
  "spikes_num": 0,
  "summary_bg_k": 15.889616220735164,
  "summary_bg_mean": 55.918697357177734,
  "summary_bg_p05": 16.301204681396484,
  "summary_bg_p95": 227.2921600341797,
  "summary_bg_stdv": 77.71417236328125,
  "summary_fg_k": 0.8647576699382373,
  "summary_fg_mean": 771.6693725585938,
  "summary_fg_p05": 468.1806945800781,
  "summary_fg_p95": 1020.4258605957032,
  "summary_fg_stdv": 163.7078857421875,
  "tsnr": 69.37255859375
}