{
  "cjv": 0.8954086303710938,
  "cnr": 2.8859915733337402,
  "efc": 0.5588081322035761,
  "fber": 4.608408451080322,
  "fwhm_avg": 1.6978,
  "fwhm_x": 1.74358,
  "fwhm_y": 1.96284,
  "fwhm_z": 1.42998,
  "icvs_csf": 0.1693550773772958,
  "icvs_gm": 0.4688131726974588,
  "icvs_wm": 0.3618317499252454,
  "inu_med": 0.7798592448234558,
  "inu_range": 0.18155097663402553,
  "metadata": {
    "EchoTime": 0.0033900000000000002,
    "FlipAngle": 9,
    "MRAcquisitionType": "3D",
    "MagneticFieldStrength": 3,
    "Manufacturer": "SIEMENS",
    "ManufacturerModelName": "TrioTim",
    "RepetitionTime": 2,
    "ScanOptions": "IR",
    "ScanningSequence": "GR\\IR",
    "SequenceName": "tfl3d1_ns",
    "SequenceVariant": "SP\\MP",
    "SliceTiming": [
      0.0037500000050000315,
      0.5,
      -0.030000000000000027,
      0.46750000001500003,
      -0.0625,
      0.43375000000999997,
      -0.09624999998999995,
      0.40125000001,
      -0.12874999999000003,
      0.36750000001,
      -0.16249999998999998,
      0.33500000000499996,
      -0.19499999998999995,
      0.301250000005,
      -0.228749999995,
      0.26875000000500004,
      -0.2612499999950001,
      0.235,
      -0.29500000000000004,
      0.2025,
      -0.3275,
      0.16875000001,
      -0.36124999998500007,
      0.13625000000999998,
      -0.39374999999000004,
      0.10250000000999998,
      -0.42749999999,
      0.07000000000500001,
      -0.45999999998999996,
      0.036250000005000005
    ],
    "TaskName": "MPRAGE",
    "qc_type": "anat",
    "subject_id": "45"
  },
  "qi_1": 0.03034421073318585,
  "qi_2": 0.0025552413830849576,
  "rpve_csf": 349.11981201171875,
  "rpve_gm": 871.7996826171875,
  "rpve_wm": 661.360107421875,
  "size_x": 128,
  "size_y": 256,
  "size_z": 256,
  "snr_csf": 2.5059997410921926,
  "snr_gm": 12.264144096333991,
  "snr_total": 8.853536656865215,
  "snr_wm": 11.790466133169462,
  "snrd_csf": 25.977842194873954,
  "snrd_gm": 46.090048302423355,
  "snrd_total": 42.882489924467286,
  "snrd_wm": 56.57957927610456,
  "spacing_x": 1.3300000429153442,
  "spacing_y": 1.0,
  "spacing_z": 1.0,
  "summary_bg_k": 60.59665288041544,
  "summary_bg_mean": 5.8571014404296875,
  "summary_bg_p05": 0.0,
  "summary_bg_p95": 10.0,
  "summary_bg_stdv": 15.301621437072754,
  "summary_csf_k": 0.8313174474294409,
  "summary_csf_mean": 82.25209045410156,
  "summary_csf_p05": 2.0,
  "summary_csf_p95": 125.0,
  "summary_csf_stdv": 38.1632194519043,
  "summary_gm_k": 0.01522198438028699,
  "summary_gm_mean": 174.52857971191406,
  "summary_gm_p05": 135.0,
  "summary_gm_p95": 210.0,
  "summary_gm_stdv": 21.59957504272461,
  "summary_wm_k": -0.6880212450126435,
  "summary_wm_mean": 220.53662109375,
  "summary_wm_p05": 185.75,
  "summary_wm_p95": 251.0,
  "summary_wm_stdv": 22.980018615722656,
  "tpm_overlap_csf": 0.002434295342126792,
  "tpm_overlap_gm": 0.002282947684147616,
  "tpm_overlap_wm": 0.002211747796636676,
  "wm2max": 0.8661417322834646
}