{
  "aor": 0.006447710843373494,
  "aqi": 0.005472084698795181,
  "dvars_nstd": 28.509098151272728,
  "dvars_std": 1.218282929454546,
  "dvars_vstd": 1.0608880624848476,
  "efc": 0.5715783082638335,
  "fber": 61.95994186401367,
  "fd_mean": 0.48033104681212124,
  "fd_num": 10,
  "fd_perc": 6.024096385542169,
  "fwhm_avg": 6.74507,
  "fwhm_x": 5.99432,
  "fwhm_y": 7.18074,
  "fwhm_z": 7.12937,
  "gcor": 0.04972018965755601,
  "gsr_x": -0.009660319425165653,
  "gsr_y": 0.06151637062430382,
  "metadata": {
    "EchoTime": 0,
    "FlipAngle": 90,
    "MRAcquisitionType": "2D",
    "MagneticFieldStrength": 3,
    "Manufacturer": "SIEMENS",
    "ManufacturerModelName": "TrioTim",
    "RepetitionTime": 2,
    "ScanOptions": "FS",
    "ScanningSequence": "EP",
    "SequenceName": "epfid2d1_64",
    "SequenceVariant": "SK",
    "SliceTiming": [
      0.0025000000000000022,
      0.5,
      -0.030000000000000027,
      0.466250000005,
      -0.06374999999500008,
      0.43375000000499997,
      -0.09624999999500006,
      0.4,
      -0.129999999995,
      0.3675,
      -0.16249999999999998,
      0.333750000005,
      -0.19624999999500004,
      0.301250000005,
      -0.228749999995,
      0.26749999999999996,
      -0.26249999999500007,
      0.235,
      -0.29500000000000004,
      0.20125000000499998,
      -0.32875,
      0.168750000005,
      -0.36124999999500007,
      0.135,
      -0.394999999995,
      0.10249999999999998,
      -0.4275,
      0.06875000000499998,
      -0.46125000000000005,
      0.036250000005000005
    ],
    "TaskName": "dis",
    "qc_type": "func",
    "run_id": "02",
    "subject_id": "44",
    "task_id": "dis"
  },
  "size_t": 166,
  "size_x": 64,
  "size_y": 64,
  "size_z": 30,
  "snr": 4.940669580587522,
  "spacing_tr": 1.0,
  "spacing_x": 3.125,
  "spacing_y": 3.125,
  "spacing_z": 4.000000953674316,
  "spikes_num": 0,
  "summary_bg_k": 28.914111447705,
  "summary_bg_mean": 62.399192810058594,
  "summary_bg_p05": 18.096384048461914,
  "summary_bg_p95": 231.1957733154289,
  "summary_bg_stdv": 84.22522735595703,
  "summary_fg_k": 0.75592294245258,
  "summary_fg_mean": 808.1472778320312,
  "summary_fg_p05": 500.9156494140625,
  "summary_fg_p95": 1067.072265625,
  "summary_fg_stdv": 166.39120483398438,
  "tsnr": 66.66580963134766
}