{
  "aor": 0.021009397590361446,
  "aqi": 0.009053240963855423,
  "dvars_nstd": 37.40736689684848,
  "dvars_std": 1.4148586977575757,
  "dvars_vstd": 1.2150474759393946,
  "efc": 0.5828395783700943,
  "fber": 61.17770004272461,
  "fd_mean": 0.7341866005515152,
  "fd_num": 26,
  "fd_perc": 15.662650602409638,
  "fwhm_avg": 7.55497,
  "fwhm_x": 6.62128,
  "fwhm_y": 8.15569,
  "fwhm_z": 7.98537,
  "gcor": 0.2502591696130224,
  "gsr_x": -0.014385011978447437,
  "gsr_y": 0.05654231831431389,
  "metadata": {
    "EchoTime": 0,
    "FlipAngle": 90,
    "MRAcquisitionType": "2D",
    "MagneticFieldStrength": 3,
    "Manufacturer": "SIEMENS",
    "ManufacturerModelName": "TrioTim",
    "RepetitionTime": 2,
    "ScanOptions": "FS",
    "ScanningSequence": "EP",
    "SequenceName": "epfid2d1_64",
    "SequenceVariant": "SK",
    "SliceTiming": [
      0.0037500000050000315,
      0.5,
      -0.030000000000000027,
      0.4675,
      -0.0625,
      0.43374999999499997,
      -0.09624999999999995,
      0.401249999995,
      -0.12875000000499992,
      0.36750000001,
      -0.16249999998999998,
      0.33500000000499996,
      -0.19499999998999995,
      0.301250000005,
      -0.228749999995,
      0.26875000000500004,
      -0.2612499999950001,
      0.235,
      -0.29500000000000004,
      0.2025,
      -0.3275,
      0.168749999995,
      -0.36124999999999996,
      0.13624999999499998,
      -0.39375000000499993,
      0.10250000000999998,
      -0.42749999999,
      0.07000000000500001,
      -0.45999999998999996,
      0.036250000005000005
    ],
    "TaskName": "dis",
    "qc_type": "func",
    "run_id": "04",
    "subject_id": "31",
    "task_id": "dis"
  },
  "size_t": 166,
  "size_x": 64,
  "size_y": 64,
  "size_z": 30,
  "snr": 4.819595731336859,
  "spacing_tr": 1.0,
  "spacing_x": 3.125,
  "spacing_y": 3.125,
  "spacing_z": 4.000000953674316,
  "spikes_num": 0,
  "summary_bg_k": 17.657207736538183,
  "summary_bg_mean": 66.44140625,
  "summary_bg_p05": 18.60843276977539,
  "summary_bg_p95": 246.67288436889638,
  "summary_bg_stdv": 87.3158950805664,
  "summary_fg_k": 0.6672659085056329,
  "summary_fg_mean": 839.4671630859375,
  "summary_fg_p05": 514.3403167724609,
  "summary_fg_p95": 1117.3899841308594,
  "summary_fg_stdv": 178.2816619873047,
  "tsnr": 47.813377380371094
}