{
  "aor": 0.0006119879518072289,
  "aqi": 0.002802225963855422,
  "dvars_nstd": 19.29268196569697,
  "dvars_std": 1.1199357678787876,
  "dvars_vstd": 0.998905164484849,
  "efc": 0.5835594020168388,
  "fber": 45.559261322021484,
  "fd_mean": 0.21691045294303035,
  "fd_num": 0,
  "fd_perc": 0.0,
  "fwhm_avg": 7.26278,
  "fwhm_x": 6.47057,
  "fwhm_y": 7.59155,
  "fwhm_z": 7.79895,
  "gcor": 0.027393763323864305,
  "gsr_x": 0.013906391337513924,
  "gsr_y": 0.0328027568757534,
  "metadata": {
    "EchoTime": 0,
    "FlipAngle": 90,
    "MRAcquisitionType": "2D",
    "MagneticFieldStrength": 3,
    "Manufacturer": "SIEMENS",
    "ManufacturerModelName": "TrioTim",
    "RepetitionTime": 2,
    "ScanOptions": "FS",
    "ScanningSequence": "EP",
    "SequenceName": "epfid2d1_64",
    "SequenceVariant": "SK",
    "SliceTiming": [
      0.0025000000000000022,
      0.5,
      -0.030000000000000027,
      0.46625000001,
      -0.06374999999999997,
      0.43375000000999997,
      -0.09624999998999995,
      0.40000000001,
      -0.12999999999,
      0.36750000001,
      -0.16249999998999998,
      0.333750000005,
      -0.19624999999500004,
      0.301250000005,
      -0.228749999995,
      0.26749999999999996,
      -0.26249999999500007,
      0.235,
      -0.29500000000000004,
      0.20125000001499999,
      -0.32875,
      0.16875000001,
      -0.36124999998500007,
      0.13500000001,
      -0.39499999999,
      0.10250000000999998,
      -0.42749999999,
      0.06875000000499998,
      -0.46124999999500005,
      0.036250000005000005
    ],
    "TaskName": "dis",
    "qc_type": "func",
    "run_id": "03",
    "subject_id": "42",
    "task_id": "dis"
  },
  "size_t": 166,
  "size_x": 64,
  "size_y": 64,
  "size_z": 30,
  "snr": 4.598065618831889,
  "spacing_tr": 1.0,
  "spacing_x": 3.125,
  "spacing_y": 3.125,
  "spacing_z": 4.000000476837158,
  "spikes_num": 0,
  "summary_bg_k": 24.990913066759607,
  "summary_bg_mean": 71.4945297241211,
  "summary_bg_p05": 17.554216384887695,
  "summary_bg_p95": 286.84456787109366,
  "summary_bg_stdv": 107.42237854003906,
  "summary_fg_k": 0.7777177699970355,
  "summary_fg_mean": 850.6024169921875,
  "summary_fg_p05": 521.3409545898438,
  "summary_fg_p95": 1161.455383300781,
  "summary_fg_stdv": 187.30877685546875,
  "tsnr": 86.30506896972656
}