{
  "aor": 0.0011318382352941178,
  "aqi": 0.006597512573529411,
  "dvars_nstd": 36.74063118807407,
  "dvars_std": 1.2681931510370366,
  "dvars_vstd": 0.9946884587407403,
  "efc": 0.5896987037305113,
  "fber": 71.83000183105469,
  "fd_mean": 0.4816468828814815,
  "fd_num": 6,
  "fd_perc": 4.411764705882353,
  "fwhm_avg": 7.14106,
  "fwhm_x": 6.18266,
  "fwhm_y": 7.52954,
  "fwhm_z": 7.82247,
  "gcor": 0.02925803030238432,
  "gsr_x": -0.015094858594238758,
  "gsr_y": 0.06298545002937317,
  "metadata": {
    "EchoTime": 0,
    "FlipAngle": 90,
    "MRAcquisitionType": "2D",
    "MagneticFieldStrength": 3,
    "Manufacturer": "SIEMENS",
    "ManufacturerModelName": "TrioTim",
    "RepetitionTime": 2,
    "ScanOptions": "FS",
    "ScanningSequence": "EP",
    "SequenceName": "epfid2d1_64",
    "SequenceVariant": "SK",
    "SliceTiming": [
      0.0025000000000000022,
      0.5,
      -0.030000000000000027,
      0.46625,
      -0.06374999999999997,
      0.43374999999499997,
      -0.09624999999999995,
      0.399999999995,
      -0.1300000000049999,
      0.36750000001,
      -0.16250000000499998,
      0.333750000005,
      -0.19624999999500004,
      0.301250000005,
      -0.228749999995,
      0.26749999999999996,
      -0.26249999999500007,
      0.235,
      -0.29500000000000004,
      0.20124999999999998,
      -0.32875,
      0.168749999995,
      -0.36124999999999996,
      0.134999999995,
      -0.3950000000049999,
      0.10249999999499998,
      -0.427500000005,
      0.06875000000499998,
      -0.46124999999500005,
      0.036250000005000005
    ],
    "TaskName": "tom",
    "qc_type": "func",
    "run_id": "02",
    "subject_id": "39",
    "task_id": "tom"
  },
  "size_t": 136,
  "size_x": 64,
  "size_y": 64,
  "size_z": 30,
  "snr": 4.728162651011376,
  "spacing_tr": 1.0,
  "spacing_x": 3.125,
  "spacing_y": 3.125,
  "spacing_z": 3.999999761581421,
  "spikes_num": 0,
  "summary_bg_k": 13.840226286369585,
  "summary_bg_mean": 64.22026062011719,
  "summary_bg_p05": 18.242647171020508,
  "summary_bg_p95": 241.94191284179692,
  "summary_bg_stdv": 84.37456512451172,
  "summary_fg_k": 1.2013242266690876,
  "summary_fg_mean": 879.0781860351562,
  "summary_fg_p05": 562.3930053710938,
  "summary_fg_p95": 1194.797064208984,
  "summary_fg_stdv": 186.6243896484375,
  "tsnr": 69.7623291015625
}