{
  "aor": 0.006273975903614458,
  "aqi": 0.008525249578313252,
  "dvars_nstd": 34.03145830557576,
  "dvars_std": 1.2282294372727272,
  "dvars_vstd": 1.0280060572727274,
  "efc": 0.6229221427509817,
  "fber": 48.21052932739258,
  "fd_mean": 0.6176385658024243,
  "fd_num": 22,
  "fd_perc": 13.25301204819277,
  "fwhm_avg": 6.75415,
  "fwhm_x": 5.81643,
  "fwhm_y": 7.12353,
  "fwhm_z": 7.43636,
  "gcor": 0.06990177660103304,
  "gsr_x": -0.011526922695338726,
  "gsr_y": 0.09361546486616135,
  "metadata": {
    "EchoTime": 0,
    "FlipAngle": 90,
    "MRAcquisitionType": "2D",
    "MagneticFieldStrength": 3,
    "Manufacturer": "SIEMENS",
    "ManufacturerModelName": "TrioTim",
    "RepetitionTime": 2,
    "ScanOptions": "FS",
    "ScanningSequence": "EP",
    "SequenceName": "epfid2d1_64",
    "SequenceVariant": "SK",
    "SliceTiming": [
      0.0037500000050000315,
      0.5,
      -0.030000000000000027,
      0.4675,
      -0.0625,
      0.43374999999499997,
      -0.09624999999999995,
      0.401249999995,
      -0.12875000000499992,
      0.367499999995,
      -0.16250000000499998,
      0.33499999998999996,
      -0.19500000000499995,
      0.301250000005,
      -0.228749999995,
      0.26875000000500004,
      -0.2612499999950001,
      0.235,
      -0.29500000000000004,
      0.2025,
      -0.3275,
      0.168749999995,
      -0.36124999999999996,
      0.13624999999499998,
      -0.39375000000499993,
      0.10249999999499998,
      -0.427500000005,
      0.06999999999,
      -0.46000000000499996,
      0.036250000005000005
    ],
    "TaskName": "dis",
    "qc_type": "func",
    "run_id": "02",
    "subject_id": "35",
    "task_id": "dis"
  },
  "size_t": 166,
  "size_x": 64,
  "size_y": 64,
  "size_z": 30,
  "snr": 4.73016840014892,
  "spacing_tr": 1.0,
  "spacing_x": 3.125,
  "spacing_y": 3.125,
  "spacing_z": 4.000001430511475,
  "spikes_num": 0,
  "summary_bg_k": 16.89093550334541,
  "summary_bg_mean": 66.87409210205078,
  "summary_bg_p05": 17.469879150390625,
  "summary_bg_p95": 249.6764961242675,
  "summary_bg_stdv": 89.56702423095703,
  "summary_fg_k": 0.8930566649508633,
  "summary_fg_mean": 759.47509765625,
  "summary_fg_p05": 486.83462219238277,
  "summary_fg_p95": 1031.8189086914058,
  "summary_fg_stdv": 159.87196350097656,
  "tsnr": 52.703765869140625
}