{
  "cjv": 0.5994026064872742,
  "cnr": 5.742724895477295,
  "efc": 0.5472755610271928,
  "fber": 67.73409271240234,
  "fwhm_avg": 2.30933,
  "fwhm_x": 2.55576,
  "fwhm_y": 2.42042,
  "fwhm_z": 1.99089,
  "icvs_csf": 0.15362180094891104,
  "icvs_gm": 0.4582185670278427,
  "icvs_wm": 0.38815963202324627,
  "inu_med": 0.7170583605766296,
  "inu_range": 0.23047681450843815,
  "metadata": {
    "EchoTime": 0.0033900000000000002,
    "FlipAngle": 9,
    "MRAcquisitionType": "3D",
    "MagneticFieldStrength": 3,
    "Manufacturer": "SIEMENS",
    "ManufacturerModelName": "TrioTim",
    "RepetitionTime": 2,
    "ScanOptions": "IR",
    "ScanningSequence": "GR\\IR",
    "SequenceName": "tfl3d1_ns",
    "SequenceVariant": "SP\\MP",
    "SliceTiming": [
      0.0025000000000000022,
      0.5,
      -0.030000000000000027,
      0.46625,
      -0.06374999999999997,
      0.43375000000999997,
      -0.09624999999999995,
      0.40000000001,
      -0.12999999999,
      0.36750000001,
      -0.16249999998999998,
      0.333750000005,
      -0.19624999999500004,
      0.301250000005,
      -0.228749999995,
      0.26749999999999996,
      -0.26249999999500007,
      0.235,
      -0.29500000000000004,
      0.20124999999999998,
      -0.32875,
      0.168749999995,
      -0.36124999999999996,
      0.13500000001,
      -0.39499999999,
      0.10250000000999998,
      -0.42749999999,
      0.06875000000499998,
      -0.46124999999500005,
      0.036250000005000005
    ],
    "TaskName": "MPRAGE",
    "qc_type": "anat",
    "subject_id": "47"
  },
  "qi_1": 0.0,
  "qi_2": 0.06257398482457685,
  "rpve_csf": 69975.3515625,
  "rpve_gm": 119530.34375,
  "rpve_wm": 57124.46484375,
  "size_x": 128,
  "size_y": 256,
  "size_z": 256,
  "snr_csf": 2.621356478163327,
  "snr_gm": 9.60345764198094,
  "snr_total": 10.633690339650633,
  "snr_wm": 19.67625689880763,
  "snrd_csf": 19.56319701558608,
  "snrd_gm": 33.32305190368735,
  "snrd_total": 32.18350386757118,
  "snrd_wm": 43.66426268344012,
  "spacing_x": 1.3300000429153442,
  "spacing_y": 1.0,
  "spacing_z": 1.0,
  "summary_bg_k": 1.4456163210713635,
  "summary_bg_mean": 3.486647844314575,
  "summary_bg_p05": 0.0,
  "summary_bg_p95": 6.0,
  "summary_bg_stdv": 2.1251847743988037,
  "summary_csf_k": 1.982137011339228,
  "summary_csf_mean": 78.96556091308594,
  "summary_csf_p05": 5.0,
  "summary_csf_p95": 122.0,
  "summary_csf_stdv": 35.52671432495117,
  "summary_gm_k": -0.505192379478113,
  "summary_gm_mean": 155.52725219726562,
  "summary_gm_p05": 117.0,
  "summary_gm_p95": 196.0,
  "summary_gm_stdv": 23.569398880004883,
  "summary_wm_k": -0.5169111978412748,
  "summary_wm_mean": 216.11581420898438,
  "summary_wm_p05": 177.0,
  "summary_wm_p95": 249.0,
  "summary_wm_stdv": 22.22185516357422,
  "tpm_overlap_csf": 0.13749009799596,
  "tpm_overlap_gm": 0.38594188370388033,
  "tpm_overlap_wm": 0.39885230737094113,
  "wm2max": 0.8735177865612648
}