{
  "cjv": 0.8268066048622131,
  "cnr": 3.3422365188598633,
  "efc": 0.5634678081930216,
  "fber": 99.8666000366211,
  "fwhm_avg": 1.62923,
  "fwhm_x": 1.74712,
  "fwhm_y": 1.77656,
  "fwhm_z": 1.39329,
  "icvs_csf": 0.2665160078100075,
  "icvs_gm": 0.2680055993081154,
  "icvs_wm": 0.4654783928818771,
  "inu_med": 0.7567662596702576,
  "inu_range": 0.1333400040864945,
  "metadata": {
    "EchoTime": 0.0033900000000000002,
    "FlipAngle": 9,
    "MRAcquisitionType": "3D",
    "MagneticFieldStrength": 3,
    "Manufacturer": "SIEMENS",
    "ManufacturerModelName": "TrioTim",
    "RepetitionTime": 2,
    "ScanOptions": "IR",
    "ScanningSequence": "GR\\IR",
    "SequenceName": "tfl3d1_ns",
    "SequenceVariant": "SP\\MP",
    "SliceTiming": [
      0.0025000000000000022,
      0.5,
      -0.030000000000000027,
      0.46625000001,
      -0.06374999999999997,
      0.43375000000999997,
      -0.09624999998999995,
      0.40000000001,
      -0.12999999999,
      0.36750000001,
      -0.16249999998999998,
      0.333750000005,
      -0.19624999999500004,
      0.301250000005,
      -0.228749999995,
      0.26749999999999996,
      -0.26249999999500007,
      0.235,
      -0.29500000000000004,
      0.20125000001499999,
      -0.32875,
      0.16875000001,
      -0.36124999998500007,
      0.13500000001,
      -0.39499999999,
      0.10250000000999998,
      -0.42749999999,
      0.06875000000499998,
      -0.46124999999500005,
      0.036250000005000005
    ],
    "TaskName": "MPRAGE",
    "qc_type": "anat",
    "subject_id": "08"
  },
  "qi_1": 0.0,
  "qi_2": 0.028012404523579778,
  "rpve_csf": 1822.72900390625,
  "rpve_gm": 3799.09912109375,
  "rpve_wm": 2530.43994140625,
  "size_x": 128,
  "size_y": 256,
  "size_z": 256,
  "snr_csf": 2.33505409696828,
  "snr_gm": 8.318131561017257,
  "snr_total": 8.430135045436382,
  "snr_wm": 14.63721947832361,
  "snrd_csf": 18.96311541521938,
  "snrd_gm": 35.953091624871014,
  "snrd_total": 33.47702202157384,
  "snrd_wm": 45.5148590246311,
  "spacing_x": 1.3300000429153442,
  "spacing_y": 1.0,
  "spacing_z": 1.0,
  "summary_bg_k": 115.10891792758635,
  "summary_bg_mean": 3.824531078338623,
  "summary_bg_p05": 0.0,
  "summary_bg_p95": 9.0,
  "summary_bg_stdv": 2.8045520782470703,
  "summary_csf_k": 1.245133186842831,
  "summary_csf_mean": 87.2591781616211,
  "summary_csf_p05": 9.0,
  "summary_csf_p95": 138.0,
  "summary_csf_stdv": 40.02454376220703,
  "summary_gm_k": 0.005424875303698062,
  "summary_gm_mean": 174.9656524658203,
  "summary_gm_p05": 133.0,
  "summary_gm_p95": 214.0,
  "summary_gm_stdv": 25.622446060180664,
  "summary_wm_k": 0.17528218424646358,
  "summary_wm_mean": 225.06239318847656,
  "summary_wm_p05": 196.0,
  "summary_wm_p95": 252.0,
  "summary_wm_stdv": 18.565711975097656,
  "tpm_overlap_csf": 0.010127494128809643,
  "tpm_overlap_gm": 0.005741870443445011,
  "tpm_overlap_wm": 0.015248851837872156,
  "wm2max": 0.8980392156862745
}