{
  "cjv": 0.8587363958358765,
  "cnr": 7.263677597045898,
  "efc": 0.5046590679378835,
  "fber": 37.84181213378906,
  "fwhm_avg": 1.36283,
  "fwhm_x": 1.58379,
  "fwhm_y": 1.36732,
  "fwhm_z": 1.16884,
  "icvs_csf": 0.2242330859407214,
  "icvs_gm": 0.2919318837808877,
  "icvs_wm": 0.483835030278391,
  "inu_med": 0.7388496398925781,
  "inu_range": 0.07472740411758416,
  "metadata": {
    "EchoTime": 0.0033900000000000002,
    "FlipAngle": 9,
    "MRAcquisitionType": "3D",
    "MagneticFieldStrength": 3,
    "Manufacturer": "SIEMENS",
    "ManufacturerModelName": "TrioTim",
    "RepetitionTime": 2,
    "ScanOptions": "IR",
    "ScanningSequence": "GR\\IR",
    "SequenceName": "tfl3d1_ns",
    "SequenceVariant": "SP\\MP",
    "SliceTiming": [
      0.0037500000050000315,
      0.5,
      -0.030000000000000027,
      0.4675,
      -0.0625,
      0.43374999999499997,
      -0.09624999999999995,
      0.401249999995,
      -0.12875000000499992,
      0.367499999995,
      -0.16250000000499998,
      0.33499999998999996,
      -0.19500000000499995,
      0.30124999999,
      -0.22875000001,
      0.26875000000500004,
      -0.26125000001,
      0.235,
      -0.29500000000000004,
      0.2025,
      -0.3275,
      0.168749999995,
      -0.36124999999999996,
      0.13624999999499998,
      -0.39375000000499993,
      0.10249999999499998,
      -0.427500000005,
      0.06999999999,
      -0.46000000000499996,
      0.036249999990000004
    ],
    "TaskName": "MPRAGE",
    "qc_type": "anat",
    "subject_id": "07"
  },
  "qi_1": 2.0681649438360265e-06,
  "qi_2": 0.014657476594624125,
  "rpve_csf": 779.9395751953125,
  "rpve_gm": 966.2498779296875,
  "rpve_wm": 661.919921875,
  "size_x": 128,
  "size_y": 256,
  "size_z": 256,
  "snr_csf": 1.7263061707106884,
  "snr_gm": 5.730859544495492,
  "snr_total": 6.651192549513074,
  "snr_wm": 12.496411933333045,
  "snrd_csf": 20.20822362380353,
  "snrd_gm": 48.30069943200183,
  "snrd_total": 45.39127369012726,
  "snrd_wm": 67.6648980145764,
  "spacing_x": 1.3300000429153442,
  "spacing_y": 1.0,
  "spacing_z": 1.0,
  "summary_bg_k": 645.2260421545302,
  "summary_bg_mean": 3.811027765274048,
  "summary_bg_p05": 0.0,
  "summary_bg_p95": 8.0,
  "summary_bg_stdv": 3.4076621532440186,
  "summary_csf_k": -1.351228555734864,
  "summary_csf_mean": 57.843875885009766,
  "summary_csf_p05": 2.0,
  "summary_csf_p95": 105.0,
  "summary_csf_stdv": 38.08728790283203,
  "summary_gm_k": 0.26792920020982436,
  "summary_gm_mean": 155.73130798339844,
  "summary_gm_p05": 112.0,
  "summary_gm_p95": 197.0,
  "summary_gm_stdv": 29.400165557861328,
  "summary_wm_k": -0.9189485136692439,
  "summary_wm_mean": 225.20135498046875,
  "summary_wm_p05": 195.0,
  "summary_wm_p95": 253.0,
  "summary_wm_stdv": 19.045146942138672,
  "tpm_overlap_csf": 0.001408660954268812,
  "tpm_overlap_gm": 0.0015834027080672626,
  "tpm_overlap_wm": 0.0037510540654855057,
  "wm2max": 0.9098039215686274
}