{
  "aor": 0.02175926470588235,
  "aqi": 0.007711495441176471,
  "dvars_nstd": 21.133545380592587,
  "dvars_std": 1.2981779309629626,
  "dvars_vstd": 1.2047760794074078,
  "efc": 0.5875899271075394,
  "fber": 59.16239547729492,
  "fd_mean": 0.33088850242962964,
  "fd_num": 10,
  "fd_perc": 7.352941176470588,
  "fwhm_avg": 6.81923,
  "fwhm_x": 6.02777,
  "fwhm_y": 7.16357,
  "fwhm_z": 7.34379,
  "gcor": 0.36492614185108857,
  "gsr_x": -0.013254890218377113,
  "gsr_y": 0.05674406886100769,
  "metadata": {
    "EchoTime": 0,
    "FlipAngle": 90,
    "MRAcquisitionType": "2D",
    "MagneticFieldStrength": 3,
    "Manufacturer": "SIEMENS",
    "ManufacturerModelName": "TrioTim",
    "RepetitionTime": 2,
    "ScanOptions": "FS",
    "ScanningSequence": "EP",
    "SequenceName": "epfid2d1_64",
    "SequenceVariant": "SK",
    "SliceTiming": [
      0.0037500000050000315,
      0.5,
      -0.028750000000000053,
      0.4675,
      -0.0625,
      0.43375000000999997,
      -0.09499999999999997,
      0.40125000001,
      -0.12874999999000003,
      0.36750000001,
      -0.16124999999,
      0.33500000000499996,
      -0.19499999998999995,
      0.301250000005,
      -0.22749999999500004,
      0.26875000000500004,
      -0.2612499999950001,
      0.235,
      -0.29374999999500007,
      0.2025,
      -0.3275,
      0.16875000001,
      -0.36,
      0.13625000000999998,
      -0.39374999999000004,
      0.10250000000999998,
      -0.42624999999,
      0.07000000000500001,
      -0.45999999998999996,
      0.036250000005000005
    ],
    "TaskName": "fb",
    "qc_type": "func",
    "run_id": "03",
    "subject_id": "12",
    "task_id": "fb"
  },
  "size_t": 136,
  "size_x": 64,
  "size_y": 64,
  "size_z": 30,
  "snr": 5.216553069403057,
  "spacing_tr": 1.0,
  "spacing_x": 3.125,
  "spacing_y": 3.125,
  "spacing_z": 3.999999761581421,
  "spikes_num": 0,
  "summary_bg_k": 15.797035077702699,
  "summary_bg_mean": 58.51618194580078,
  "summary_bg_p05": 15.779412269592285,
  "summary_bg_p95": 234.88970947265625,
  "summary_bg_stdv": 83.31462860107422,
  "summary_fg_k": 1.1139477815634447,
  "summary_fg_mean": 768.5548706054688,
  "summary_fg_p05": 487.2669189453125,
  "summary_fg_p95": 997.2963317871091,
  "summary_fg_stdv": 150.23190307617188,
  "tsnr": 56.63361740112305
}