{
  "aor": 0.0006042771084337349,
  "aqi": 0.0024574347590361444,
  "dvars_nstd": 19.344354710303037,
  "dvars_std": 1.12525122369697,
  "dvars_vstd": 0.9951499755151512,
  "efc": 0.5728856630013736,
  "fber": 52.69797897338867,
  "fd_mean": 0.2500189783551515,
  "fd_num": 0,
  "fd_perc": 0.0,
  "fwhm_avg": 7.40515,
  "fwhm_x": 6.62788,
  "fwhm_y": 7.87387,
  "fwhm_z": 7.78105,
  "gcor": 0.045666375792170144,
  "gsr_x": 0.0066474792547523975,
  "gsr_y": 0.05056015029549599,
  "metadata": {
    "EchoTime": 0,
    "FlipAngle": 90,
    "MRAcquisitionType": "2D",
    "MagneticFieldStrength": 3,
    "Manufacturer": "SIEMENS",
    "ManufacturerModelName": "TrioTim",
    "RepetitionTime": 2,
    "ScanOptions": "FS",
    "ScanningSequence": "EP",
    "SequenceName": "epfid2d1_64",
    "SequenceVariant": "SK",
    "SliceTiming": [
      0.0025000000000000022,
      0.5,
      -0.030000000000000027,
      0.46625,
      -0.06374999999999997,
      0.43374999999499997,
      -0.09624999999999995,
      0.40000000001,
      -0.1300000000049999,
      0.36750000001,
      -0.16249999998999998,
      0.333750000005,
      -0.19624999999500004,
      0.301250000005,
      -0.228749999995,
      0.26749999999999996,
      -0.26249999999500007,
      0.235,
      -0.29500000000000004,
      0.20124999999999998,
      -0.32875,
      0.168749999995,
      -0.36124999999999996,
      0.13500000001,
      -0.3950000000049999,
      0.10250000000999998,
      -0.42749999999,
      0.06875000000499998,
      -0.46124999999500005,
      0.036250000005000005
    ],
    "TaskName": "dis",
    "qc_type": "func",
    "run_id": "02",
    "subject_id": "46",
    "task_id": "dis"
  },
  "size_t": 166,
  "size_x": 64,
  "size_y": 64,
  "size_z": 30,
  "snr": 4.62274003632738,
  "spacing_tr": 1.0,
  "spacing_x": 3.125,
  "spacing_y": 3.125,
  "spacing_z": 4.000001907348633,
  "spikes_num": 0,
  "summary_bg_k": 11.581784455988142,
  "summary_bg_mean": 75.66569519042969,
  "summary_bg_p05": 18.04216766357422,
  "summary_bg_p95": 311.29999389648424,
  "summary_bg_stdv": 104.06499481201172,
  "summary_fg_k": 0.705942618837804,
  "summary_fg_mean": 912.263916015625,
  "summary_fg_p05": 559.1475830078125,
  "summary_fg_p95": 1235.6385498046875,
  "summary_fg_stdv": 200.4497833251953,
  "tsnr": 89.79171752929688
}