{
  "aor": 0.0021210909090909093,
  "aqi": 0.006015753909090909,
  "dvars_nstd": 27.547153534128427,
  "dvars_std": 1.1522779981651379,
  "dvars_vstd": 0.9929026344954128,
  "efc": 0.6170468912736439,
  "fber": 51.40139389038086,
  "fd_mean": 0.35973360697247697,
  "fd_num": 8,
  "fd_perc": 7.2727272727272725,
  "fwhm_avg": 6.69748,
  "fwhm_x": 5.87494,
  "fwhm_y": 6.87443,
  "fwhm_z": 7.43865,
  "gcor": 0.028894927284934303,
  "gsr_x": -0.007122023496776819,
  "gsr_y": 0.08919454365968704,
  "metadata": {
    "EchoTime": 0,
    "FlipAngle": 90,
    "MRAcquisitionType": "2D",
    "MagneticFieldStrength": 3,
    "Manufacturer": "SIEMENS",
    "ManufacturerModelName": "TrioTim",
    "RepetitionTime": 2,
    "ScanOptions": "FS",
    "ScanningSequence": "EP",
    "SequenceName": "epfid2d1_64",
    "SequenceVariant": "SK",
    "SliceTiming": [
      0.0025000000000000022,
      0.5,
      -0.030000000000000027,
      0.46625,
      -0.06374999999999997,
      0.43374999999499997,
      -0.09624999999999995,
      0.399999999995,
      -0.1300000000049999,
      0.367499999995,
      -0.16250000000499998,
      0.333750000005,
      -0.19625000001000004,
      0.301250000005,
      -0.228749999995,
      0.26749999999999996,
      -0.26249999999500007,
      0.235,
      -0.29500000000000004,
      0.20124999999999998,
      -0.32875,
      0.168749999995,
      -0.36124999999999996,
      0.134999999995,
      -0.3950000000049999,
      0.10249999999499998,
      -0.427500000005,
      0.06874999998999998,
      -0.46125000001000005,
      0.036250000005000005
    ],
    "TaskName": "fb",
    "qc_type": "func",
    "run_id": "01",
    "subject_id": "35",
    "task_id": "fb"
  },
  "size_t": 110,
  "size_x": 64,
  "size_y": 64,
  "size_z": 30,
  "snr": 4.623196378583957,
  "spacing_tr": 1.0,
  "spacing_x": 3.125,
  "spacing_y": 3.125,
  "spacing_z": 4.000001430511475,
  "spikes_num": 0,
  "summary_bg_k": 18.809265563937537,
  "summary_bg_mean": 63.17021560668945,
  "summary_bg_p05": 17.05454444885254,
  "summary_bg_p95": 239.26180725097646,
  "summary_bg_stdv": 87.5521011352539,
  "summary_fg_k": 0.8787258618865552,
  "summary_fg_mean": 756.6806640625,
  "summary_fg_p05": 481.14544372558595,
  "summary_fg_p95": 1035.2590087890626,
  "summary_fg_stdv": 162.97567749023438,
  "tsnr": 63.48788833618164
}