{
  "aor": 0.002246363636363636,
  "aqi": 0.004528509636363637,
  "dvars_nstd": 20.812885240917446,
  "dvars_std": 1.1376911285321099,
  "dvars_vstd": 1.0059549530275227,
  "efc": 0.552904673173019,
  "fber": 50.78416061401367,
  "fd_mean": 0.259358424146789,
  "fd_num": 1,
  "fd_perc": 0.9090909090909091,
  "fwhm_avg": 6.91619,
  "fwhm_x": 6.11974,
  "fwhm_y": 7.24799,
  "fwhm_z": 7.45848,
  "gcor": 0.020229807767001066,
  "gsr_x": 0.00606762757524848,
  "gsr_y": 0.04308224096894264,
  "metadata": {
    "EchoTime": 0,
    "FlipAngle": 90,
    "MRAcquisitionType": "2D",
    "MagneticFieldStrength": 3,
    "Manufacturer": "SIEMENS",
    "ManufacturerModelName": "TrioTim",
    "RepetitionTime": 2,
    "ScanOptions": "FS",
    "ScanningSequence": "EP",
    "SequenceName": "epfid2d1_64",
    "SequenceVariant": "SK",
    "SliceTiming": [
      0.0024999999900000014,
      0.5,
      -0.030000000000000027,
      0.46625,
      -0.06374999999999997,
      0.43374999999499997,
      -0.09624999999999995,
      0.399999999995,
      -0.1300000000049999,
      0.367499999995,
      -0.16250000000499998,
      0.33374999999,
      -0.19625000001000004,
      0.30124999999,
      -0.22875000001,
      0.26749999998499996,
      -0.26250000000999996,
      0.235,
      -0.29500000001499993,
      0.20124999999999998,
      -0.32875,
      0.168749999995,
      -0.36124999999999996,
      0.134999999995,
      -0.3950000000049999,
      0.10249999999499998,
      -0.427500000005,
      0.06874999998999998,
      -0.46125000001000005,
      0.036249999990000004
    ],
    "TaskName": "fb",
    "qc_type": "func",
    "run_id": "03",
    "subject_id": "28",
    "task_id": "fb"
  },
  "size_t": 110,
  "size_x": 64,
  "size_y": 64,
  "size_z": 30,
  "snr": 4.999221399118265,
  "spacing_tr": 1.0,
  "spacing_x": 3.125,
  "spacing_y": 3.125,
  "spacing_z": 4.000001430511475,
  "spikes_num": 0,
  "summary_bg_k": 15.176567101581917,
  "summary_bg_mean": 60.213443756103516,
  "summary_bg_p05": 16.218181610107422,
  "summary_bg_p95": 248.84544754028371,
  "summary_bg_stdv": 88.54761505126953,
  "summary_fg_k": 0.7195586117285919,
  "summary_fg_mean": 747.4730834960938,
  "summary_fg_p05": 459.3218002319336,
  "summary_fg_p95": 979.3276916503905,
  "summary_fg_stdv": 153.59805297851562,
  "tsnr": 72.0496597290039
}