{
  "aor": 0.0020336764705882354,
  "aqi": 0.004935115514705883,
  "dvars_nstd": 17.475897061259257,
  "dvars_std": 1.1281564283703702,
  "dvars_vstd": 1.0220346442962966,
  "efc": 0.5828568132493509,
  "fber": 66.30236053466797,
  "fd_mean": 0.16229205058074075,
  "fd_num": 0,
  "fd_perc": 0.0,
  "fwhm_avg": 6.52328,
  "fwhm_x": 5.71917,
  "fwhm_y": 6.86754,
  "fwhm_z": 7.06748,
  "gcor": 0.01410481772002052,
  "gsr_x": -0.002724242862313986,
  "gsr_y": 0.05754898115992546,
  "metadata": {
    "EchoTime": 0,
    "FlipAngle": 90,
    "MRAcquisitionType": "2D",
    "MagneticFieldStrength": 3,
    "Manufacturer": "SIEMENS",
    "ManufacturerModelName": "TrioTim",
    "RepetitionTime": 2,
    "ScanOptions": "FS",
    "ScanningSequence": "EP",
    "SequenceName": "epfid2d1_64",
    "SequenceVariant": "SK",
    "SliceTiming": [
      0.0037500000050000315,
      0.5,
      -0.030000000000000027,
      0.46750000001500003,
      -0.0625,
      0.43375000000999997,
      -0.09624999998999995,
      0.40125000001,
      -0.12874999999000003,
      0.36750000001,
      -0.16249999998999998,
      0.33500000000499996,
      -0.19499999998999995,
      0.301250000005,
      -0.228749999995,
      0.26875000000500004,
      -0.2612499999950001,
      0.235,
      -0.29500000000000004,
      0.20250000001500001,
      -0.3275,
      0.16875000001,
      -0.36124999998500007,
      0.13625000000999998,
      -0.39374999999000004,
      0.10250000000999998,
      -0.42749999999,
      0.07000000000500001,
      -0.45999999998999996,
      0.036250000005000005
    ],
    "TaskName": "fb",
    "qc_type": "func",
    "run_id": "03",
    "subject_id": "03",
    "task_id": "fb"
  },
  "size_t": 136,
  "size_x": 64,
  "size_y": 64,
  "size_z": 30,
  "snr": 5.242131138643423,
  "spacing_tr": 1.0,
  "spacing_x": 3.125,
  "spacing_y": 3.125,
  "spacing_z": 4.000001430511475,
  "spikes_num": 1,
  "summary_bg_k": 19.849882393685036,
  "summary_bg_mean": 56.46501922607422,
  "summary_bg_p05": 16.227941513061523,
  "summary_bg_p95": 212.8540390014648,
  "summary_bg_stdv": 77.51750946044922,
  "summary_fg_k": 0.9948296399054755,
  "summary_fg_mean": 766.6436767578125,
  "summary_fg_p05": 490.4580780029297,
  "summary_fg_p95": 994.6455657958984,
  "summary_fg_stdv": 148.5176544189453,
  "tsnr": 79.88374328613281
}