{
  "RepetitionTime": 2,
  "EchoTime": 0,
  "MagneticFieldStrength": 3,
  "SequenceVariant": "SK",
  "FlipAngle": 90,
  "MRAcquisitionType": "2D",
  "ScanOptions": "FS",
  "SequenceName": "epfid2d1_64",
  "ManufacturerModelName": "TrioTim",
  "TaskName": "dis",
  "ScanningSequence": "EP",
  "Manufacturer": "SIEMENS"
}
