{"RepetitionTime": 2,
 "EchoTime": 0.0033900000000000002,
 "MagneticFieldStrength": 3,
 "SequenceVariant": "SP\\MP",
 "MRAcquisitionType": "3D",
 "FlipAngle": 9,
 "ScanOptions": "IR",
 "SliceTiming": [0.0037500000050000315,
 0.5,
 -0.028750000000000053,
 0.4675,
 -0.0625,
 0.43374999999499997,
 -0.09499999999999997,
 0.401249999995,
 -0.12875000000499992,
 0.36750000001,
 -0.1612500000049999,
 0.33500000000499996,
 -0.19499999998999995,
 0.301250000005,
 -0.22749999999500004,
 0.26875000000500004,
 -0.2612499999950001,
 0.235,
 -0.29374999999500007,
 0.2025,
 -0.3275,
 0.168749999995,
 -0.36,
 0.13624999999499998,
 -0.39375000000499993,
 0.10374999999500001,
 -0.4262500000049999,
 0.07000000000500001,
 -0.45999999998999996,
 0.03750000000499998],
 "SequenceName": "tfl3d1_ns",
 "ManufacturerModelName": "TrioTim",
 "TaskName": "MPRAGE",
 "ScanningSequence": "GR\\IR",
 "Manufacturer": "SIEMENS"}
