{"RepetitionTime": 2,
 "EchoTime": 0.0033900000000000002,
 "MagneticFieldStrength": 3,
 "SequenceVariant": "SP\\MP",
 "MRAcquisitionType": "3D",
 "FlipAngle": 9,
 "ScanOptions": "IR",
 "SliceTiming": [0.0037499999899999747,
 0.5,
 -0.030000000000000027,
 0.4675,
 -0.0625,
 0.43374999999499997,
 -0.09499999999999997,
 0.401249999995,
 -0.12875000000499992,
 0.367499999995,
 -0.1612500000049999,
 0.33499999998999996,
 -0.19500000000499995,
 0.30124999999,
 -0.22750000001000004,
 0.26874999999,
 -0.26125000001,
 0.235,
 -0.29375000000999996,
 0.2025,
 -0.3275,
 0.168749999995,
 -0.36,
 0.13624999999499998,
 -0.39375000000499993,
 0.10249999999499998,
 -0.4262500000049999,
 0.06999999999,
 -0.46000000000499996,
 0.036249999990000004],
 "SequenceName": "tfl3d1_ns",
 "ManufacturerModelName": "TrioTim",
 "TaskName": "MPRAGE",
 "ScanningSequence": "GR\\IR",
 "Manufacturer": "SIEMENS"}