{"RepetitionTime": 2,
 "EchoTime": 0.0033900000000000002,
 "MagneticFieldStrength": 3,
 "SequenceVariant": "SP\\MP",
 "MRAcquisitionType": "3D",
 "FlipAngle": 9,
 "ScanOptions": "IR",
 "SliceTiming": [0.0025000000000000022,
 0.5,
 -0.030000000000000027,
 0.46625,
 -0.06374999999999997,
 0.43375000000499997,
 -0.09624999999999995,
 0.4,
 -0.129999999995,
 0.3675,
 -0.16249999999999998,
 0.33375,
 -0.19625000000000004,
 0.301250000005,
 -0.22875,
 0.26749999999999996,
 -0.26249999999500007,
 0.235,
 -0.29500000000000004,
 0.20124999999999998,
 -0.32875,
 0.168750000005,
 -0.36124999999999996,
 0.135,
 -0.394999999995,
 0.10249999999999998,
 -0.4275,
 0.06874999999999998,
 -0.46125000000000005,
 0.036249999995000004],
 "SequenceName": "tfl3d1_ns",
 "ManufacturerModelName": "TrioTim",
 "TaskName": "MPRAGE",
 "ScanningSequence": "GR\\IR",
 "Manufacturer": "SIEMENS"}