{"RepetitionTime": 2,
 "EchoTime": 0.0033900000000000002,
 "MagneticFieldStrength": 3,
 "SequenceVariant": "SP\\MP",
 "MRAcquisitionType": "3D",
 "FlipAngle": 9,
 "ScanOptions": "IR",
 "SliceTiming": [0.0037500000050000315,
 0.5,
 -0.030000000000000027,
 0.4675,
 -0.0625,
 0.43375000000999997,
 -0.09624999999999995,
 0.40125000001,
 -0.12874999999000003,
 0.36750000001,
 -0.16249999998999998,
 0.33500000000499996,
 -0.19499999998999995,
 0.301250000005,
 -0.228749999995,
 0.26875000000500004,
 -0.2612499999950001,
 0.235,
 -0.29500000000000004,
 0.2025,
 -0.3275,
 0.168749999995,
 -0.36124999999999996,
 0.13625000000999998,
 -0.39375000000499993,
 0.10250000000999998,
 -0.42749999999,
 0.07000000000500001,
 -0.45999999998999996,
 0.036250000005000005],
 "SequenceName": "tfl3d1_ns",
 "ManufacturerModelName": "TrioTim",
 "TaskName": "MPRAGE",
 "ScanningSequence": "GR\\IR",
 "Manufacturer": "SIEMENS"}