{
  "aor": 0.002052426470588235,
  "aqi": 0.004988750367647059,
  "dvars_nstd": 17.84430285570371,
  "dvars_std": 1.138445224296296,
  "dvars_vstd": 1.0246225697777773,
  "efc": 0.582804633166636,
  "fber": 67.03266143798828,
  "fd_mean": 0.1649225700074074,
  "fd_num": 0,
  "fd_perc": 0.0,
  "fwhm_avg": 6.55981,
  "fwhm_x": 5.8248,
  "fwhm_y": 6.87002,
  "fwhm_z": 7.054,
  "gcor": 0.02100116540403927,
  "gsr_x": -0.0018197259632870555,
  "gsr_y": 0.05711313337087631,
  "metadata": {
    "EchoTime": 0,
    "FlipAngle": 90,
    "MRAcquisitionType": "2D",
    "MagneticFieldStrength": 3,
    "Manufacturer": "SIEMENS",
    "ManufacturerModelName": "TrioTim",
    "RepetitionTime": 2,
    "ScanOptions": "FS",
    "ScanningSequence": "EP",
    "SequenceName": "epfid2d1_64",
    "SequenceVariant": "SK",
    "SliceTiming": [
      0.0037500000050000315,
      0.5,
      -0.028750000000000053,
      0.4675,
      -0.0625,
      0.43374999999499997,
      -0.09499999999999997,
      0.401249999995,
      -0.12875000000499992,
      0.36750000001,
      -0.1612500000049999,
      0.33500000000499996,
      -0.19499999998999995,
      0.301250000005,
      -0.22749999999500004,
      0.26875000000500004,
      -0.2612499999950001,
      0.235,
      -0.29374999999500007,
      0.2025,
      -0.3275,
      0.168749999995,
      -0.36,
      0.13624999999499998,
      -0.39375000000499993,
      0.10374999999500001,
      -0.4262500000049999,
      0.07000000000500001,
      -0.45999999998999996,
      0.03750000000499998
    ],
    "TaskName": "fb",
    "qc_type": "func",
    "run_id": "04",
    "subject_id": "03",
    "task_id": "fb"
  },
  "size_t": 136,
  "size_x": 64,
  "size_y": 64,
  "size_z": 30,
  "snr": 5.235110732806627,
  "spacing_tr": 1.0,
  "spacing_x": 3.125,
  "spacing_y": 3.125,
  "spacing_z": 4.000001430511475,
  "spikes_num": 0,
  "summary_bg_k": 18.804258711304094,
  "summary_bg_mean": 56.27215576171875,
  "summary_bg_p05": 16.242647171020508,
  "summary_bg_p95": 212.52500457763648,
  "summary_bg_stdv": 76.88098907470703,
  "summary_fg_k": 0.9489330489511039,
  "summary_fg_mean": 765.7357177734375,
  "summary_fg_p05": 488.3382263183594,
  "summary_fg_p95": 992.441162109375,
  "summary_fg_stdv": 148.72914123535156,
  "tsnr": 78.67373657226562
}