{
  "cjv": 0.6304001808166504,
  "cnr": 5.990913391113281,
  "efc": 0.5414483434921711,
  "fber": 108.83033752441406,
  "fwhm_avg": 1.90475,
  "fwhm_x": 2.12441,
  "fwhm_y": 2.00232,
  "fwhm_z": 1.62459,
  "icvs_csf": 0.16713409602227433,
  "icvs_gm": 0.46674486043730984,
  "icvs_wm": 0.36612104354041586,
  "inu_med": 0.6224679946899414,
  "inu_range": 0.2116979241371154,
  "metadata": {
    "EchoTime": 0.0033900000000000002,
    "FlipAngle": 9,
    "MRAcquisitionType": "3D",
    "MagneticFieldStrength": 3,
    "Manufacturer": "SIEMENS",
    "ManufacturerModelName": "TrioTim",
    "RepetitionTime": 2,
    "ScanOptions": "IR",
    "ScanningSequence": "GR\\IR",
    "SequenceName": "tfl3d1_ns",
    "SequenceVariant": "SP\\MP",
    "SliceTiming": [
      0.0037499999899999747,
      0.5,
      -0.030000000000000027,
      0.4675,
      -0.0625,
      0.43374999999499997,
      -0.09624999999999995,
      0.401249999995,
      -0.12875000000499992,
      0.367499999995,
      -0.16250000000499998,
      0.33499999998999996,
      -0.19500000000499995,
      0.30124999999,
      -0.22875000001,
      0.26874999999,
      -0.26125000001,
      0.235,
      -0.29500000000000004,
      0.2025,
      -0.3275,
      0.168749999995,
      -0.36124999999999996,
      0.13624999999499998,
      -0.39375000000499993,
      0.10249999999499998,
      -0.427500000005,
      0.06999999999,
      -0.46000000000499996,
      0.036249999990000004
    ],
    "TaskName": "MPRAGE",
    "qc_type": "anat",
    "subject_id": "05"
  },
  "qi_1": 0.0,
  "qi_2": 0.05867834245197354,
  "rpve_csf": 79254.84375,
  "rpve_gm": 120576.953125,
  "rpve_wm": 69947.140625,
  "size_x": 128,
  "size_y": 256,
  "size_z": 256,
  "snr_csf": 1.8359357659772928,
  "snr_gm": 9.152504695574722,
  "snr_total": 8.8807446387961,
  "snr_wm": 15.653793454836283,
  "snrd_csf": 20.536031740176206,
  "snrd_gm": 43.55425886779561,
  "snrd_total": 40.61415084751243,
  "snrd_wm": 57.75216193456547,
  "spacing_x": 1.3300000429153442,
  "spacing_y": 1.0,
  "spacing_z": 1.0,
  "summary_bg_k": 40.869148205632946,
  "summary_bg_mean": 4.095358848571777,
  "summary_bg_p05": 0.0,
  "summary_bg_p95": 8.0,
  "summary_bg_stdv": 2.2207021713256836,
  "summary_csf_k": 2.016625145319405,
  "summary_csf_mean": 56.81382369995117,
  "summary_csf_p05": 3.0,
  "summary_csf_p95": 107.0,
  "summary_csf_stdv": 39.33501052856445,
  "summary_gm_k": -0.4771239074901463,
  "summary_gm_mean": 151.8671875,
  "summary_gm_p05": 108.0,
  "summary_gm_p95": 193.0,
  "summary_gm_stdv": 25.448314666748047,
  "summary_wm_k": -0.5148902202898977,
  "summary_wm_mean": 218.51144409179688,
  "summary_wm_p05": 174.0,
  "summary_wm_p95": 252.0,
  "summary_wm_stdv": 23.63427734375,
  "tpm_overlap_csf": 0.1425738363413902,
  "tpm_overlap_gm": 0.4054644320651729,
  "tpm_overlap_wm": 0.3828116521808698,
  "wm2max": 0.8745098039215686
}