{
  "aor": 0.004776363636363636,
  "aqi": 0.003670774181818182,
  "dvars_nstd": 23.513370828990826,
  "dvars_std": 1.1962679595412844,
  "dvars_vstd": 1.0208628349541284,
  "efc": 0.573091649523799,
  "fber": 65.62462615966797,
  "fd_mean": 0.2146869774587156,
  "fd_num": 3,
  "fd_perc": 2.727272727272727,
  "fwhm_avg": 7.89452,
  "fwhm_x": 6.92073,
  "fwhm_y": 8.20307,
  "fwhm_z": 8.66659,
  "gcor": 0.04328738125887784,
  "gsr_x": -0.02141156606376171,
  "gsr_y": 0.0486149936914444,
  "metadata": {
    "EchoTime": 0,
    "FlipAngle": 90,
    "MRAcquisitionType": "2D",
    "MagneticFieldStrength": 3,
    "Manufacturer": "SIEMENS",
    "ManufacturerModelName": "TrioTim",
    "RepetitionTime": 2,
    "ScanOptions": "FS",
    "ScanningSequence": "EP",
    "SequenceName": "epfid2d1_64",
    "SequenceVariant": "SK",
    "SliceTiming": [
      0.0024999999900000014,
      0.5,
      -0.030000000000000027,
      0.46625,
      -0.06374999999999997,
      0.43374999999499997,
      -0.09624999999999995,
      0.399999999995,
      -0.1300000000049999,
      0.367499999995,
      -0.16250000000499998,
      0.33374999999,
      -0.19625000001000004,
      0.30124999999,
      -0.22875000001,
      0.26749999999999996,
      -0.26250000000999996,
      0.235,
      -0.29500000000000004,
      0.20124999999999998,
      -0.32875,
      0.168749999995,
      -0.36124999999999996,
      0.134999999995,
      -0.3950000000049999,
      0.10249999999499998,
      -0.427500000005,
      0.06874999998999998,
      -0.46125000001000005,
      0.036249999990000004
    ],
    "TaskName": "fb",
    "qc_type": "func",
    "run_id": "01",
    "subject_id": "16",
    "task_id": "fb"
  },
  "size_t": 110,
  "size_x": 64,
  "size_y": 64,
  "size_z": 30,
  "snr": 4.553902958585582,
  "spacing_tr": 1.0,
  "spacing_x": 3.125,
  "spacing_y": 3.125,
  "spacing_z": 3.9999985694885254,
  "spikes_num": 0,
  "summary_bg_k": 12.09050567494869,
  "summary_bg_mean": 68.18836212158203,
  "summary_bg_p05": 17.618181228637695,
  "summary_bg_p95": 279.17317047119116,
  "summary_bg_stdv": 94.35042572021484,
  "summary_fg_k": 0.4923796193202281,
  "summary_fg_mean": 920.5327758789062,
  "summary_fg_p05": 566.2913482666016,
  "summary_fg_p95": 1251.1567932128905,
  "summary_fg_stdv": 204.79693603515625,
  "tsnr": 74.86933898925781
}