{
  "aor": 0.004241927710843374,
  "aqi": 0.004696297771084337,
  "dvars_nstd": 19.444594122848468,
  "dvars_std": 1.2011837008484842,
  "dvars_vstd": 1.0366824085454542,
  "efc": 0.6043702809967076,
  "fber": 47.010379791259766,
  "fd_mean": 0.16171373274801454,
  "fd_num": 4,
  "fd_perc": 2.4096385542168677,
  "fwhm_avg": 6.55939,
  "fwhm_x": 5.79296,
  "fwhm_y": 6.87102,
  "fwhm_z": 7.09035,
  "gcor": 0.053343089230089305,
  "gsr_x": -0.007148240227252245,
  "gsr_y": 0.07425154745578766,
  "metadata": {
    "EchoTime": 0,
    "FlipAngle": 90,
    "MRAcquisitionType": "2D",
    "MagneticFieldStrength": 3,
    "Manufacturer": "SIEMENS",
    "ManufacturerModelName": "TrioTim",
    "RepetitionTime": 2,
    "ScanOptions": "FS",
    "ScanningSequence": "EP",
    "SequenceName": "epfid2d1_64",
    "SequenceVariant": "SK",
    "SliceTiming": [
      0.0037500000050000315,
      0.5,
      -0.030000000000000027,
      0.4675,
      -0.0625,
      0.43375000000999997,
      -0.09624999998999995,
      0.40125000001,
      -0.12874999999000003,
      0.36750000001,
      -0.16249999998999998,
      0.33500000000499996,
      -0.19499999998999995,
      0.301250000005,
      -0.228749999995,
      0.26875000000500004,
      -0.2612499999950001,
      0.235,
      -0.29500000000000004,
      0.2025,
      -0.3275,
      0.16875000001,
      -0.36124999998500007,
      0.13625000000999998,
      -0.39374999999000004,
      0.10250000000999998,
      -0.42749999999,
      0.07000000000500001,
      -0.45999999998999996,
      0.036250000005000005
    ],
    "TaskName": "dis",
    "qc_type": "func",
    "run_id": "03",
    "subject_id": "30",
    "task_id": "dis"
  },
  "size_t": 166,
  "size_x": 64,
  "size_y": 64,
  "size_z": 30,
  "snr": 5.086227591366329,
  "spacing_tr": 1.0,
  "spacing_x": 3.125,
  "spacing_y": 3.125,
  "spacing_z": 4.000000476837158,
  "spikes_num": 0,
  "summary_bg_k": 18.791672490499483,
  "summary_bg_mean": 67.2935562133789,
  "summary_bg_p05": 17.10843276977539,
  "summary_bg_p95": 282.79697418212885,
  "summary_bg_stdv": 101.69534301757812,
  "summary_fg_k": 0.7817620852095235,
  "summary_fg_mean": 819.8565063476562,
  "summary_fg_p05": 518.2846466064453,
  "summary_fg_p95": 1074.7327575683591,
  "summary_fg_stdv": 164.00271606445312,
  "tsnr": 78.11228942871094
}