{
  "aor": 0.0005971686746987951,
  "aqi": 0.0037155598795180714,
  "dvars_nstd": 20.871674809151518,
  "dvars_std": 1.2217944546060613,
  "dvars_vstd": 0.9966920780000003,
  "efc": 0.5637825563617476,
  "fber": 58.61991882324219,
  "fd_mean": 0.16177843668672728,
  "fd_num": 0,
  "fd_perc": 0.0,
  "fwhm_avg": 6.62962,
  "fwhm_x": 5.88826,
  "fwhm_y": 6.87967,
  "fwhm_z": 7.19302,
  "gcor": 0.026686050805700832,
  "gsr_x": -0.012559127993881702,
  "gsr_y": 0.06626862287521362,
  "metadata": {
    "EchoTime": 0,
    "FlipAngle": 90,
    "MRAcquisitionType": "2D",
    "MagneticFieldStrength": 3,
    "Manufacturer": "SIEMENS",
    "ManufacturerModelName": "TrioTim",
    "RepetitionTime": 2,
    "ScanOptions": "FS",
    "ScanningSequence": "EP",
    "SequenceName": "epfid2d1_64",
    "SequenceVariant": "SK",
    "SliceTiming": [
      0.0037500000050000315,
      0.5,
      -0.030000000000000027,
      0.4675,
      -0.0625,
      0.43374999999499997,
      -0.09624999999999995,
      0.40125000001,
      -0.12875000000499992,
      0.36750000001,
      -0.16249999998999998,
      0.33500000000499996,
      -0.19499999998999995,
      0.301250000005,
      -0.228749999995,
      0.26875000000500004,
      -0.2612499999950001,
      0.235,
      -0.29500000000000004,
      0.2025,
      -0.3275,
      0.168749999995,
      -0.36124999999999996,
      0.13624999999499998,
      -0.39375000000499993,
      0.10250000000999998,
      -0.42749999999,
      0.07000000000500001,
      -0.45999999998999996,
      0.036250000005000005
    ],
    "TaskName": "dis",
    "qc_type": "func",
    "run_id": "02",
    "subject_id": "33",
    "task_id": "dis"
  },
  "size_t": 166,
  "size_x": 64,
  "size_y": 64,
  "size_z": 30,
  "snr": 4.993524126098601,
  "spacing_tr": 1.0,
  "spacing_x": 3.125,
  "spacing_y": 3.125,
  "spacing_z": 4.000001430511475,
  "spikes_num": 0,
  "summary_bg_k": 14.228741990447169,
  "summary_bg_mean": 65.32564544677734,
  "summary_bg_p05": 16.963855743408203,
  "summary_bg_p95": 266.22951354980466,
  "summary_bg_stdv": 92.40797424316406,
  "summary_fg_k": 0.9883711584236594,
  "summary_fg_mean": 849.1373291015625,
  "summary_fg_p05": 538.9457397460938,
  "summary_fg_p95": 1128.2288818359375,
  "summary_fg_stdv": 172.31321716308594,
  "tsnr": 86.3012466430664
}