{
  "aor": 0.0009822058823529412,
  "aqi": 0.00281214375,
  "dvars_nstd": 15.408286822370371,
  "dvars_std": 1.1545390104444442,
  "dvars_vstd": 1.0160309705185187,
  "efc": 0.5834759614289896,
  "fber": 59.27027130126953,
  "fd_mean": 0.1028873581631111,
  "fd_num": 0,
  "fd_perc": 0.0,
  "fwhm_avg": 6.64335,
  "fwhm_x": 5.99043,
  "fwhm_y": 6.87203,
  "fwhm_z": 7.12228,
  "gcor": 0.01506386960253996,
  "gsr_x": -0.0048453472554683685,
  "gsr_y": 0.06090419366955757,
  "metadata": {
    "EchoTime": 0,
    "FlipAngle": 90,
    "MRAcquisitionType": "2D",
    "MagneticFieldStrength": 3,
    "Manufacturer": "SIEMENS",
    "ManufacturerModelName": "TrioTim",
    "RepetitionTime": 2,
    "ScanOptions": "FS",
    "ScanningSequence": "EP",
    "SequenceName": "epfid2d1_64",
    "SequenceVariant": "SK",
    "SliceTiming": [
      0.0025000000000000022,
      0.5,
      -0.030000000000000027,
      0.46625,
      -0.06374999999999997,
      0.43374999999499997,
      -0.09624999999999995,
      0.40000000001,
      -0.1300000000049999,
      0.36750000001,
      -0.16249999998999998,
      0.333750000005,
      -0.19624999999500004,
      0.301250000005,
      -0.228749999995,
      0.26749999999999996,
      -0.26249999999500007,
      0.235,
      -0.29500000000000004,
      0.20124999999999998,
      -0.32875,
      0.168749999995,
      -0.36124999999999996,
      0.13500000001,
      -0.3950000000049999,
      0.10250000000999998,
      -0.42749999999,
      0.06875000000499998,
      -0.46124999999500005,
      0.036250000005000005
    ],
    "TaskName": "fb",
    "qc_type": "func",
    "run_id": "03",
    "subject_id": "05",
    "task_id": "fb"
  },
  "size_t": 136,
  "size_x": 64,
  "size_y": 64,
  "size_z": 30,
  "snr": 4.919671948503005,
  "spacing_tr": 1.0,
  "spacing_x": 3.125,
  "spacing_y": 3.125,
  "spacing_z": 3.99999737739563,
  "spikes_num": 0,
  "summary_bg_k": 20.15578367556908,
  "summary_bg_mean": 59.981632232666016,
  "summary_bg_p05": 15.683823585510254,
  "summary_bg_p95": 237.4562545776365,
  "summary_bg_stdv": 84.61735534667969,
  "summary_fg_k": 0.7061175593681792,
  "summary_fg_mean": 782.1751098632812,
  "summary_fg_p05": 491.74080657958984,
  "summary_fg_p95": 1036.8033142089844,
  "summary_fg_stdv": 160.70321655273438,
  "tsnr": 94.2166976928711
}