{
  "cjv": 0.7297731041908264,
  "cnr": 4.833245754241943,
  "efc": 0.5170718424336601,
  "fber": 240.52938842773438,
  "fwhm_avg": 2.56461,
  "fwhm_x": 2.81516,
  "fwhm_y": 2.5714,
  "fwhm_z": 2.33018,
  "icvs_csf": 0.1772993570375459,
  "icvs_gm": 0.3993234436133937,
  "icvs_wm": 0.4233771993490604,
  "inu_med": 0.6649336814880371,
  "inu_range": 0.27576842308044436,
  "metadata": {
    "EchoTime": 0.0033900000000000002,
    "FlipAngle": 9,
    "MRAcquisitionType": "3D",
    "MagneticFieldStrength": 3,
    "Manufacturer": "SIEMENS",
    "ManufacturerModelName": "TrioTim",
    "RepetitionTime": 2,
    "ScanOptions": "IR",
    "ScanningSequence": "GR\\IR",
    "SequenceName": "tfl3d1_ns",
    "SequenceVariant": "SP\\MP",
    "SliceTiming": [
      0.0037500000050000315,
      0.5,
      -0.030000000000000027,
      0.4675,
      -0.0625,
      0.43375000000499997,
      -0.09624999999999995,
      0.401250000005,
      -0.12874999999500003,
      0.3675,
      -0.16249999999999998,
      0.33499999999999996,
      -0.19499999999999995,
      0.301250000005,
      -0.22875,
      0.26875000000500004,
      -0.2612499999950001,
      0.235,
      -0.29500000000000004,
      0.2025,
      -0.3275,
      0.168750000005,
      -0.36124999999999996,
      0.13625000000499998,
      -0.39374999999500004,
      0.10249999999999998,
      -0.4275,
      0.07,
      -0.45999999999999996,
      0.036249999995000004
    ],
    "TaskName": "MPRAGE",
    "qc_type": "anat",
    "subject_id": "24"
  },
  "qi_1": 0.0,
  "qi_2": 0.051701780480636055,
  "rpve_csf": 34134.22265625,
  "rpve_gm": 53782.8984375,
  "rpve_wm": 25698.5078125,
  "size_x": 128,
  "size_y": 256,
  "size_z": 256,
  "snr_csf": 2.898159732555611,
  "snr_gm": 10.702468582453688,
  "snr_total": 9.997083260787285,
  "snr_wm": 16.390621467352556,
  "snrd_csf": 20.11387138532371,
  "snrd_gm": 34.799363168478536,
  "snrd_total": 32.82901581440552,
  "snrd_wm": 43.57381288941432,
  "spacing_x": 1.3300000429153442,
  "spacing_y": 1.0,
  "spacing_z": 1.0,
  "summary_bg_k": 1.8700243284022955,
  "summary_bg_mean": 3.3768694400787354,
  "summary_bg_p05": 0.0,
  "summary_bg_p95": 8.0,
  "summary_bg_stdv": 2.128014087677002,
  "summary_csf_k": 0.8157695809407484,
  "summary_csf_mean": 80.54209899902344,
  "summary_csf_p05": 8.0,
  "summary_csf_p95": 124.0,
  "summary_csf_stdv": 30.227291107177734,
  "summary_gm_k": -0.4613573995686755,
  "summary_gm_mean": 155.69113159179688,
  "summary_gm_p05": 117.0,
  "summary_gm_p95": 198.0,
  "summary_gm_stdv": 24.30499267578125,
  "summary_wm_k": -0.4571333069668433,
  "summary_wm_mean": 215.50051879882812,
  "summary_wm_p05": 172.0,
  "summary_wm_p95": 250.0,
  "summary_wm_stdv": 23.92599868774414,
  "tpm_overlap_csf": 0.15076841608303257,
  "tpm_overlap_gm": 0.24994303332469883,
  "tpm_overlap_wm": 0.3301385901478324,
  "wm2max": 0.8666666666666667
}