{
  "aor": 0.0013033734939759036,
  "aqi": 0.0037584109036144582,
  "dvars_nstd": 20.272860567575755,
  "dvars_std": 1.139539363818181,
  "dvars_vstd": 1.008985797575758,
  "efc": 0.5664688203010517,
  "fber": 61.03694534301758,
  "fd_mean": 0.3002474051757576,
  "fd_num": 0,
  "fd_perc": 0.0,
  "fwhm_avg": 6.93397,
  "fwhm_x": 6.08067,
  "fwhm_y": 7.31376,
  "fwhm_z": 7.49642,
  "gcor": 0.03549440797553005,
  "gsr_x": 0.002833058126270771,
  "gsr_y": 0.045632630586624146,
  "metadata": {
    "EchoTime": 0,
    "FlipAngle": 90,
    "MRAcquisitionType": "2D",
    "MagneticFieldStrength": 3,
    "Manufacturer": "SIEMENS",
    "ManufacturerModelName": "TrioTim",
    "RepetitionTime": 2,
    "ScanOptions": "FS",
    "ScanningSequence": "EP",
    "SequenceName": "epfid2d1_64",
    "SequenceVariant": "SK",
    "SliceTiming": [
      0.0024999999900000014,
      0.5,
      -0.030000000014999917,
      0.46625,
      -0.06374999999999997,
      0.43374999999499997,
      -0.09624999999999995,
      0.399999999995,
      -0.1300000000049999,
      0.367499999995,
      -0.16250000000499998,
      0.33374999999,
      -0.19625000001000004,
      0.30124999999,
      -0.22875000001,
      0.26749999998499996,
      -0.26250000000999996,
      0.23499999998499999,
      -0.29500000001499993,
      0.20124999999999998,
      -0.32875,
      0.168749999995,
      -0.36124999999999996,
      0.134999999995,
      -0.3950000000049999,
      0.10249999999499998,
      -0.427500000005,
      0.06874999998999998,
      -0.46125000001000005,
      0.036249999990000004
    ],
    "TaskName": "dis",
    "qc_type": "func",
    "run_id": "05",
    "subject_id": "15",
    "task_id": "dis"
  },
  "size_t": 166,
  "size_x": 64,
  "size_y": 64,
  "size_z": 30,
  "snr": 5.153131562905539,
  "spacing_tr": 1.0,
  "spacing_x": 3.125,
  "spacing_y": 3.125,
  "spacing_z": 4.000000476837158,
  "spikes_num": 0,
  "summary_bg_k": 13.539956696601497,
  "summary_bg_mean": 63.2489128112793,
  "summary_bg_p05": 16.885541915893555,
  "summary_bg_p95": 258.30419921875,
  "summary_bg_stdv": 87.74563598632812,
  "summary_fg_k": 0.871060617314368,
  "summary_fg_mean": 828.5200805664062,
  "summary_fg_p05": 508.7560150146484,
  "summary_fg_p95": 1066.224365234375,
  "summary_fg_stdv": 166.34228515625,
  "tsnr": 83.01170349121094
}