{
  "aor": 0.002470060606060606,
  "aqi": 0.005415033636363636,
  "dvars_nstd": 17.313620648536578,
  "dvars_std": 1.1385193301219512,
  "dvars_vstd": 1.0060717816463414,
  "efc": 0.6270134653640254,
  "fber": 43.018375396728516,
  "fd_mean": 0.17643500599146344,
  "fd_num": 0,
  "fd_perc": 0.0,
  "fwhm_avg": 6.63611,
  "fwhm_x": 5.86249,
  "fwhm_y": 6.80615,
  "fwhm_z": 7.32413,
  "gcor": 0.05814691601377545,
  "gsr_x": 0.0011038000229746103,
  "gsr_y": 0.06697563081979752,
  "metadata": {
    "EchoTime": 0,
    "FlipAngle": 90,
    "MRAcquisitionType": "2D",
    "MagneticFieldStrength": 3,
    "Manufacturer": "SIEMENS",
    "ManufacturerModelName": "TrioTim",
    "RepetitionTime": 2,
    "ScanOptions": "FS",
    "ScanningSequence": "EP",
    "SequenceName": "epfid2d1_64",
    "SequenceVariant": "SK",
    "SliceTiming": [
      0.0025000000000000022,
      0.5,
      -0.030000000000000027,
      0.46625000001,
      -0.06374999999999997,
      0.43375000000999997,
      -0.09624999998999995,
      0.40000000001,
      -0.12999999999,
      0.36750000001,
      -0.16249999998999998,
      0.333750000005,
      -0.19624999999500004,
      0.301250000005,
      -0.228749999995,
      0.26749999999999996,
      -0.26249999999500007,
      0.235,
      -0.29500000000000004,
      0.20125000001499999,
      -0.32875,
      0.16875000001,
      -0.36124999998500007,
      0.13500000001,
      -0.39499999999,
      0.10250000000999998,
      -0.42749999999,
      0.06875000000499998,
      -0.46124999999500005,
      0.036250000005000005
    ],
    "TaskName": "dis",
    "qc_type": "func",
    "run_id": "05",
    "subject_id": "08",
    "task_id": "dis"
  },
  "size_t": 165,
  "size_x": 64,
  "size_y": 64,
  "size_z": 30,
  "snr": 5.2587085463422625,
  "spacing_tr": 1.0,
  "spacing_x": 3.125,
  "spacing_y": 3.125,
  "spacing_z": 3.999999523162842,
  "spikes_num": 0,
  "summary_bg_k": 8.516603346458467,
  "summary_bg_mean": 73.29679107666016,
  "summary_bg_p05": 16.46060562133789,
  "summary_bg_p95": 290.5560531616211,
  "summary_bg_stdv": 98.15789031982422,
  "summary_fg_k": 0.9642821026632475,
  "summary_fg_mean": 788.8724365234375,
  "summary_fg_p05": 512.4063232421876,
  "summary_fg_p95": 1026.057568359375,
  "summary_fg_stdv": 152.55789184570312,
  "tsnr": 77.09492492675781
}