{
  "aor": 0.0028692168674698797,
  "aqi": 0.004456851445783133,
  "dvars_nstd": 19.422539925151508,
  "dvars_std": 1.1380142036969692,
  "dvars_vstd": 1.0138099469090909,
  "efc": 0.5511159304286566,
  "fber": 52.28892135620117,
  "fd_mean": 0.2347747679396606,
  "fd_num": 4,
  "fd_perc": 2.4096385542168677,
  "fwhm_avg": 6.95893,
  "fwhm_x": 6.15259,
  "fwhm_y": 7.30567,
  "fwhm_z": 7.49738,
  "gcor": 0.017633106335099923,
  "gsr_x": 0.004750587046146393,
  "gsr_y": 0.042916443198919296,
  "metadata": {
    "EchoTime": 0,
    "FlipAngle": 90,
    "MRAcquisitionType": "2D",
    "MagneticFieldStrength": 3,
    "Manufacturer": "SIEMENS",
    "ManufacturerModelName": "TrioTim",
    "RepetitionTime": 2,
    "ScanOptions": "FS",
    "ScanningSequence": "EP",
    "SequenceName": "epfid2d1_64",
    "SequenceVariant": "SK",
    "SliceTiming": [
      0.0037500000050000315,
      0.5,
      -0.030000000000000027,
      0.4675,
      -0.0625,
      0.43375000000999997,
      -0.09624999998999995,
      0.40125000001,
      -0.12874999999000003,
      0.36750000001,
      -0.16124999999,
      0.33500000000499996,
      -0.19499999998999995,
      0.301250000005,
      -0.22749999999500004,
      0.26875000000500004,
      -0.2612499999950001,
      0.235,
      -0.29374999999500007,
      0.2025,
      -0.3275,
      0.16875000001,
      -0.36,
      0.13625000000999998,
      -0.39374999999000004,
      0.10250000000999998,
      -0.42624999999,
      0.07000000000500001,
      -0.45999999998999996,
      0.036250000005000005
    ],
    "TaskName": "dis",
    "qc_type": "func",
    "run_id": "03",
    "subject_id": "28",
    "task_id": "dis"
  },
  "size_t": 166,
  "size_x": 64,
  "size_y": 64,
  "size_z": 30,
  "snr": 4.951255511440399,
  "spacing_tr": 1.0,
  "spacing_x": 3.125,
  "spacing_y": 3.125,
  "spacing_z": 4.000001430511475,
  "spikes_num": 0,
  "summary_bg_k": 15.224538521733027,
  "summary_bg_mean": 59.222198486328125,
  "summary_bg_p05": 16.19277000427246,
  "summary_bg_p95": 245.45541687011635,
  "summary_bg_stdv": 87.1135482788086,
  "summary_fg_k": 0.7412203456421209,
  "summary_fg_mean": 745.85107421875,
  "summary_fg_p05": 458.4909362792969,
  "summary_fg_p95": 979.5933227539062,
  "summary_fg_stdv": 154.61598205566406,
  "tsnr": 72.65283203125
}