{
  "aor": 0.024995722891566256,
  "aqi": 0.013063069397590362,
  "dvars_nstd": 26.72960993460606,
  "dvars_std": 1.3561408473333327,
  "dvars_vstd": 1.231959253878788,
  "efc": 0.5872812444769919,
  "fber": 59.49489212036133,
  "fd_mean": 0.5828953697412121,
  "fd_num": 23,
  "fd_perc": 13.855421686746988,
  "fwhm_avg": 6.76886,
  "fwhm_x": 6.019,
  "fwhm_y": 7.02773,
  "fwhm_z": 7.33174,
  "gcor": 0.2714762170630765,
  "gsr_x": -0.01235989760607481,
  "gsr_y": 0.05868063122034073,
  "metadata": {
    "EchoTime": 0,
    "FlipAngle": 90,
    "MRAcquisitionType": "2D",
    "MagneticFieldStrength": 3,
    "Manufacturer": "SIEMENS",
    "ManufacturerModelName": "TrioTim",
    "RepetitionTime": 2,
    "ScanOptions": "FS",
    "ScanningSequence": "EP",
    "SequenceName": "epfid2d1_64",
    "SequenceVariant": "SK",
    "SliceTiming": [
      0.0025000000000000022,
      0.5,
      -0.030000000000000027,
      0.46625,
      -0.06374999999999997,
      0.43374999999499997,
      -0.09624999999999995,
      0.399999999995,
      -0.1300000000049999,
      0.36750000001,
      -0.16250000000499998,
      0.333750000005,
      -0.19624999999500004,
      0.301250000005,
      -0.228749999995,
      0.26749999999999996,
      -0.26249999999500007,
      0.235,
      -0.29500000000000004,
      0.20124999999999998,
      -0.32875,
      0.168749999995,
      -0.36124999999999996,
      0.134999999995,
      -0.3950000000049999,
      0.10249999999499998,
      -0.427500000005,
      0.06875000000499998,
      -0.46124999999500005,
      0.036250000005000005
    ],
    "TaskName": "dis",
    "qc_type": "func",
    "run_id": "06",
    "subject_id": "12",
    "task_id": "dis"
  },
  "size_t": 166,
  "size_x": 64,
  "size_y": 64,
  "size_z": 30,
  "snr": 5.241098387105217,
  "spacing_tr": 1.0,
  "spacing_x": 3.125,
  "spacing_y": 3.125,
  "spacing_z": 3.999999761581421,
  "spikes_num": 0,
  "summary_bg_k": 16.083028190580567,
  "summary_bg_mean": 58.37141799926758,
  "summary_bg_p05": 15.933733940124512,
  "summary_bg_p95": 233.17107238769546,
  "summary_bg_stdv": 82.95741271972656,
  "summary_fg_k": 1.0305256594333851,
  "summary_fg_mean": 767.9291381835938,
  "summary_fg_p05": 485.10239868164064,
  "summary_fg_p95": 996.1168090820312,
  "summary_fg_stdv": 149.78985595703125,
  "tsnr": 46.22793960571289
}