{
  "aor": 0.000660722891566265,
  "aqi": 0.0032287224096385543,
  "dvars_nstd": 21.713298352484852,
  "dvars_std": 1.1511837716363638,
  "dvars_vstd": 0.9981175594545452,
  "efc": 0.5763617004249568,
  "fber": 50.563331604003906,
  "fd_mean": 0.29225797253333335,
  "fd_num": 0,
  "fd_perc": 0.0,
  "fwhm_avg": 7.47512,
  "fwhm_x": 6.64658,
  "fwhm_y": 7.98623,
  "fwhm_z": 7.8689,
  "gcor": 0.04450803779693971,
  "gsr_x": 0.005588850937783718,
  "gsr_y": 0.05445195361971855,
  "metadata": {
    "EchoTime": 0,
    "FlipAngle": 90,
    "MRAcquisitionType": "2D",
    "MagneticFieldStrength": 3,
    "Manufacturer": "SIEMENS",
    "ManufacturerModelName": "TrioTim",
    "RepetitionTime": 2,
    "ScanOptions": "FS",
    "ScanningSequence": "EP",
    "SequenceName": "epfid2d1_64",
    "SequenceVariant": "SK",
    "SliceTiming": [
      0.0024999999900000014,
      0.5,
      -0.030000000000000027,
      0.46625,
      -0.06374999999999997,
      0.43374999999499997,
      -0.09624999999999995,
      0.399999999995,
      -0.1300000000049999,
      0.367499999995,
      -0.16250000000499998,
      0.33374999999,
      -0.19500000000499995,
      0.30124999999,
      -0.22875000001,
      0.26749999999999996,
      -0.26125000001,
      0.235,
      -0.29500000000000004,
      0.20124999999999998,
      -0.3275,
      0.168749999995,
      -0.36124999999999996,
      0.134999999995,
      -0.39375000000499993,
      0.10249999999499998,
      -0.427500000005,
      0.06874999998999998,
      -0.46000000000499996,
      0.036249999990000004
    ],
    "TaskName": "dis",
    "qc_type": "func",
    "run_id": "04",
    "subject_id": "46",
    "task_id": "dis"
  },
  "size_t": 166,
  "size_x": 64,
  "size_y": 64,
  "size_z": 30,
  "snr": 4.612621420360324,
  "spacing_tr": 1.0,
  "spacing_x": 3.125,
  "spacing_y": 3.125,
  "spacing_z": 4.000001907348633,
  "spikes_num": 0,
  "summary_bg_k": 11.581357091912285,
  "summary_bg_mean": 78.22032928466797,
  "summary_bg_p05": 18.325300216674805,
  "summary_bg_p95": 317.3867218017575,
  "summary_bg_stdv": 106.38668060302734,
  "summary_fg_k": 0.7383385371713547,
  "summary_fg_mean": 917.0316772460938,
  "summary_fg_p05": 561.43369140625,
  "summary_fg_p95": 1243.5348632812495,
  "summary_fg_stdv": 201.7491455078125,
  "tsnr": 82.78541564941406
}