{
  "aor": 0.014288545454545451,
  "aqi": 0.009759186454545456,
  "dvars_nstd": 39.33356215119265,
  "dvars_std": 1.3953374288073395,
  "dvars_vstd": 1.1856453607339446,
  "efc": 0.5787413023747298,
  "fber": 63.82933807373047,
  "fd_mean": 0.7369014101211011,
  "fd_num": 18,
  "fd_perc": 16.363636363636363,
  "fwhm_avg": 7.50867,
  "fwhm_x": 6.54905,
  "fwhm_y": 8.0006,
  "fwhm_z": 8.07958,
  "gcor": 0.14569941433993253,
  "gsr_x": -0.013320830650627613,
  "gsr_y": 0.05658964067697525,
  "metadata": {
    "EchoTime": 0,
    "FlipAngle": 90,
    "MRAcquisitionType": "2D",
    "MagneticFieldStrength": 3,
    "Manufacturer": "SIEMENS",
    "ManufacturerModelName": "TrioTim",
    "RepetitionTime": 2,
    "ScanOptions": "FS",
    "ScanningSequence": "EP",
    "SequenceName": "epfid2d1_64",
    "SequenceVariant": "SK",
    "SliceTiming": [
      0.0037500000050000315,
      0.5,
      -0.030000000000000027,
      0.4675,
      -0.0625,
      0.43375000000999997,
      -0.09624999998999995,
      0.40125000001,
      -0.12874999999000003,
      0.36750000001,
      -0.16249999998999998,
      0.33500000000499996,
      -0.19499999998999995,
      0.301250000005,
      -0.228749999995,
      0.26875000000500004,
      -0.2612499999950001,
      0.235,
      -0.29500000000000004,
      0.2025,
      -0.3275,
      0.16875000001,
      -0.36124999999999996,
      0.13625000000999998,
      -0.39374999999000004,
      0.10250000000999998,
      -0.42749999999,
      0.07000000000500001,
      -0.45999999998999996,
      0.036250000005000005
    ],
    "TaskName": "fb",
    "qc_type": "func",
    "run_id": "02",
    "subject_id": "31",
    "task_id": "fb"
  },
  "size_t": 110,
  "size_x": 64,
  "size_y": 64,
  "size_z": 30,
  "snr": 4.955626366116955,
  "spacing_tr": 1.0,
  "spacing_x": 3.125,
  "spacing_y": 3.125,
  "spacing_z": 4.000000953674316,
  "spikes_num": 0,
  "summary_bg_k": 16.888116780812254,
  "summary_bg_mean": 65.09618377685547,
  "summary_bg_p05": 18.381816864013672,
  "summary_bg_p95": 242.06362915039062,
  "summary_bg_stdv": 85.81554412841797,
  "summary_fg_k": 0.6659808401534861,
  "summary_fg_mean": 842.6802368164062,
  "summary_fg_p05": 519.7890808105469,
  "summary_fg_p95": 1110.5481323242188,
  "summary_fg_stdv": 174.43177795410156,
  "tsnr": 50.13169479370117
}