{
  "aor": 0.0015334939759036146,
  "aqi": 0.004400892530120482,
  "dvars_nstd": 21.953743802181823,
  "dvars_std": 1.17409227139394,
  "dvars_vstd": 1.0054888709090914,
  "efc": 0.5486219245389907,
  "fber": 74.56348419189453,
  "fd_mean": 0.340865832739394,
  "fd_num": 2,
  "fd_perc": 1.2048192771084338,
  "fwhm_avg": 6.76588,
  "fwhm_x": 6.06364,
  "fwhm_y": 7.04491,
  "fwhm_z": 7.25042,
  "gcor": 0.027887824070022767,
  "gsr_x": -0.014522476121783257,
  "gsr_y": 0.05055302381515503,
  "metadata": {
    "EchoTime": 0,
    "FlipAngle": 90,
    "MRAcquisitionType": "2D",
    "MagneticFieldStrength": 3,
    "Manufacturer": "SIEMENS",
    "ManufacturerModelName": "TrioTim",
    "RepetitionTime": 2,
    "ScanOptions": "FS",
    "ScanningSequence": "EP",
    "SequenceName": "epfid2d1_64",
    "SequenceVariant": "SK",
    "SliceTiming": [
      0.0037500000050000315,
      0.5,
      -0.030000000000000027,
      0.4675,
      -0.0625,
      0.43374999999499997,
      -0.09624999999999995,
      0.401249999995,
      -0.12875000000499992,
      0.36750000001,
      -0.16249999998999998,
      0.33500000000499996,
      -0.19499999998999995,
      0.301250000005,
      -0.228749999995,
      0.26875000000500004,
      -0.2612499999950001,
      0.235,
      -0.29500000000000004,
      0.2025,
      -0.3275,
      0.168749999995,
      -0.36124999999999996,
      0.13624999999499998,
      -0.39375000000499993,
      0.10250000000999998,
      -0.427500000005,
      0.07000000000500001,
      -0.45999999998999996,
      0.036250000005000005
    ],
    "TaskName": "dis",
    "qc_type": "func",
    "run_id": "02",
    "subject_id": "34",
    "task_id": "dis"
  },
  "size_t": 166,
  "size_x": 64,
  "size_y": 64,
  "size_z": 30,
  "snr": 4.99369828580769,
  "spacing_tr": 1.0,
  "spacing_x": 3.125,
  "spacing_y": 3.125,
  "spacing_z": 3.9999990463256836,
  "spikes_num": 0,
  "summary_bg_k": 22.592634115309853,
  "summary_bg_mean": 51.56498718261719,
  "summary_bg_p05": 16.60240936279297,
  "summary_bg_p95": 200.18372344970703,
  "summary_bg_stdv": 75.25879669189453,
  "summary_fg_k": 1.1851385797046676,
  "summary_fg_mean": 772.1547241210938,
  "summary_fg_p05": 492.29998168945315,
  "summary_fg_p95": 1020.5324951171874,
  "summary_fg_stdv": 156.06576538085938,
  "tsnr": 80.56105041503906
}