{
  "aor": 0.005424632352941177,
  "aqi": 0.004305833897058823,
  "dvars_nstd": 20.0266026388889,
  "dvars_std": 1.1230723076296294,
  "dvars_vstd": 1.0150308475555556,
  "efc": 0.5522861787301796,
  "fber": 73.426025390625,
  "fd_mean": 0.2886469637333334,
  "fd_num": 5,
  "fd_perc": 3.676470588235294,
  "fwhm_avg": 6.98614,
  "fwhm_x": 6.22063,
  "fwhm_y": 7.25769,
  "fwhm_z": 7.55229,
  "gcor": 0.053109021747813505,
  "gsr_x": 0.0009874956449493766,
  "gsr_y": 0.050677016377449036,
  "metadata": {
    "EchoTime": 0,
    "FlipAngle": 90,
    "MRAcquisitionType": "2D",
    "MagneticFieldStrength": 3,
    "Manufacturer": "SIEMENS",
    "ManufacturerModelName": "TrioTim",
    "RepetitionTime": 2,
    "ScanOptions": "FS",
    "ScanningSequence": "EP",
    "SequenceName": "epfid2d1_64",
    "SequenceVariant": "SK",
    "SliceTiming": [
      0.0025000000000000022,
      0.5,
      -0.030000000000000027,
      0.46625,
      -0.06374999999999997,
      0.43374999999499997,
      -0.09624999999999995,
      0.399999999995,
      -0.1300000000049999,
      0.367499999995,
      -0.16250000000499998,
      0.33374999999,
      -0.19625000001000004,
      0.301250000005,
      -0.22875000001,
      0.26749999999999996,
      -0.26249999999500007,
      0.235,
      -0.29500000000000004,
      0.20124999999999998,
      -0.32875,
      0.168749999995,
      -0.36124999999999996,
      0.134999999995,
      -0.3950000000049999,
      0.10249999999499998,
      -0.427500000005,
      0.06874999998999998,
      -0.46125000001000005,
      0.036250000005000005
    ],
    "TaskName": "fb",
    "qc_type": "func",
    "run_id": "03",
    "subject_id": "13",
    "task_id": "fb"
  },
  "size_t": 136,
  "size_x": 64,
  "size_y": 64,
  "size_z": 30,
  "snr": 4.785889390998041,
  "spacing_tr": 1.0,
  "spacing_x": 3.125,
  "spacing_y": 3.125,
  "spacing_z": 4.000001907348633,
  "spikes_num": 0,
  "summary_bg_k": 20.60158596994249,
  "summary_bg_mean": 54.080726623535156,
  "summary_bg_p05": 16.02941131591797,
  "summary_bg_p95": 211.9117706298827,
  "summary_bg_stdv": 79.49209594726562,
  "summary_fg_k": 0.8265525831329348,
  "summary_fg_mean": 805.806640625,
  "summary_fg_p05": 494.99779357910154,
  "summary_fg_p95": 1076.1933471679686,
  "summary_fg_stdv": 171.47950744628906,
  "tsnr": 76.31697845458984
}