{
  "aor": 0.000832,
  "aqi": 0.003535381454545455,
  "dvars_nstd": 20.352828489082576,
  "dvars_std": 1.1954422801834863,
  "dvars_vstd": 1.0028682074311928,
  "efc": 0.5614327291516559,
  "fber": 59.210357666015625,
  "fd_mean": 0.17667447907155964,
  "fd_num": 0,
  "fd_perc": 0.0,
  "fwhm_avg": 6.58775,
  "fwhm_x": 5.93517,
  "fwhm_y": 6.78338,
  "fwhm_z": 7.10119,
  "gcor": 0.013472174514423717,
  "gsr_x": -0.011775195598602295,
  "gsr_y": 0.06665921956300735,
  "metadata": {
    "EchoTime": 0,
    "FlipAngle": 90,
    "MRAcquisitionType": "2D",
    "MagneticFieldStrength": 3,
    "Manufacturer": "SIEMENS",
    "ManufacturerModelName": "TrioTim",
    "RepetitionTime": 2,
    "ScanOptions": "FS",
    "ScanningSequence": "EP",
    "SequenceName": "epfid2d1_64",
    "SequenceVariant": "SK",
    "SliceTiming": [
      0.0037500000050000315,
      0.5,
      -0.030000000000000027,
      0.4675,
      -0.0625,
      0.43374999999499997,
      -0.09624999999999995,
      0.401249999995,
      -0.12875000000499992,
      0.367499999995,
      -0.16250000000499998,
      0.33499999998999996,
      -0.19500000000499995,
      0.301250000005,
      -0.228749999995,
      0.26875000000500004,
      -0.2612499999950001,
      0.235,
      -0.29500000000000004,
      0.2025,
      -0.3275,
      0.168749999995,
      -0.36124999999999996,
      0.13624999999499998,
      -0.39375000000499993,
      0.10249999999499998,
      -0.427500000005,
      0.06999999999,
      -0.46000000000499996,
      0.036250000005000005
    ],
    "TaskName": "fb",
    "qc_type": "func",
    "run_id": "04",
    "subject_id": "33",
    "task_id": "fb"
  },
  "size_t": 110,
  "size_x": 64,
  "size_y": 64,
  "size_z": 30,
  "snr": 4.991833639303288,
  "spacing_tr": 1.0,
  "spacing_x": 3.125,
  "spacing_y": 3.125,
  "spacing_z": 4.000001430511475,
  "spikes_num": 0,
  "summary_bg_k": 14.491204511341518,
  "summary_bg_mean": 64.56935119628906,
  "summary_bg_p05": 16.81818199157715,
  "summary_bg_p95": 264.9708984374999,
  "summary_bg_stdv": 92.24817657470703,
  "summary_fg_k": 0.9436001830823169,
  "summary_fg_mean": 849.1697998046875,
  "summary_fg_p05": 537.8008972167969,
  "summary_fg_p95": 1126.7218383789063,
  "summary_fg_stdv": 172.14657592773438,
  "tsnr": 90.08031463623047
}