{
  "aor": 0.0008345180722891567,
  "aqi": 0.0029325120481927714,
  "dvars_nstd": 15.970567639696963,
  "dvars_std": 1.187611905151515,
  "dvars_vstd": 1.0127545743636361,
  "efc": 0.5803507429442053,
  "fber": 61.42323684692383,
  "fd_mean": 0.0948753345881212,
  "fd_num": 0,
  "fd_perc": 0.0,
  "fwhm_avg": 6.72988,
  "fwhm_x": 6.03114,
  "fwhm_y": 6.96594,
  "fwhm_z": 7.25508,
  "gcor": 0.016174626637654132,
  "gsr_x": -0.005056273657828569,
  "gsr_y": 0.06052687391638756,
  "metadata": {
    "EchoTime": 0,
    "FlipAngle": 90,
    "MRAcquisitionType": "2D",
    "MagneticFieldStrength": 3,
    "Manufacturer": "SIEMENS",
    "ManufacturerModelName": "TrioTim",
    "RepetitionTime": 2,
    "ScanOptions": "FS",
    "ScanningSequence": "EP",
    "SequenceName": "epfid2d1_64",
    "SequenceVariant": "SK",
    "SliceTiming": [
      0.0025000000000000022,
      0.5,
      -0.030000000000000027,
      0.46625,
      -0.06374999999999997,
      0.43374999999499997,
      -0.09624999999999995,
      0.399999999995,
      -0.1300000000049999,
      0.367499999995,
      -0.16250000000499998,
      0.333750000005,
      -0.19624999999500004,
      0.301250000005,
      -0.228749999995,
      0.26749999999999996,
      -0.26249999999500007,
      0.235,
      -0.29500000000000004,
      0.20124999999999998,
      -0.32875,
      0.168749999995,
      -0.36124999999999996,
      0.134999999995,
      -0.3950000000049999,
      0.10249999999499998,
      -0.427500000005,
      0.06875000000499998,
      -0.46124999999500005,
      0.036250000005000005
    ],
    "TaskName": "dis",
    "qc_type": "func",
    "run_id": "03",
    "subject_id": "05",
    "task_id": "dis"
  },
  "size_t": 166,
  "size_x": 64,
  "size_y": 64,
  "size_z": 30,
  "snr": 4.922704292193036,
  "spacing_tr": 1.0,
  "spacing_x": 3.125,
  "spacing_y": 3.125,
  "spacing_z": 3.99999737739563,
  "spikes_num": 0,
  "summary_bg_k": 21.095190615615824,
  "summary_bg_mean": 58.21245193481445,
  "summary_bg_p05": 15.506023406982422,
  "summary_bg_p95": 231.0421600341797,
  "summary_bg_stdv": 82.85832977294922,
  "summary_fg_k": 0.6875727554763302,
  "summary_fg_mean": 777.4212646484375,
  "summary_fg_p05": 486.8707626342773,
  "summary_fg_p95": 1029.2559448242184,
  "summary_fg_stdv": 159.56753540039062,
  "tsnr": 93.05001831054688
}