{
  "aor": 0.02632536363636363,
  "aqi": 0.014704234000000004,
  "dvars_nstd": 45.37429137633028,
  "dvars_std": 1.5054305835779813,
  "dvars_vstd": 1.291082356972477,
  "efc": 0.5835989233778927,
  "fber": 60.91362380981445,
  "fd_mean": 0.8697776241376147,
  "fd_num": 23,
  "fd_perc": 20.90909090909091,
  "fwhm_avg": 7.56629,
  "fwhm_x": 6.65187,
  "fwhm_y": 8.09115,
  "fwhm_z": 8.04811,
  "gcor": 0.2542822057550604,
  "gsr_x": -0.015014073811471462,
  "gsr_y": 0.05773678049445152,
  "metadata": {
    "EchoTime": 0,
    "FlipAngle": 90,
    "MRAcquisitionType": "2D",
    "MagneticFieldStrength": 3,
    "Manufacturer": "SIEMENS",
    "ManufacturerModelName": "TrioTim",
    "RepetitionTime": 2,
    "ScanOptions": "FS",
    "ScanningSequence": "EP",
    "SequenceName": "epfid2d1_64",
    "SequenceVariant": "SK",
    "SliceTiming": [
      0.0024999999900000014,
      0.5,
      -0.030000000000000027,
      0.46625,
      -0.06374999999999997,
      0.43374999999499997,
      -0.09624999999999995,
      0.399999999995,
      -0.1300000000049999,
      0.367499999995,
      -0.16250000000499998,
      0.33374999999,
      -0.19625000001000004,
      0.30124999999,
      -0.22875000001,
      0.26749999998499996,
      -0.26250000000999996,
      0.235,
      -0.29500000001499993,
      0.20124999999999998,
      -0.32875,
      0.168749999995,
      -0.36124999999999996,
      0.134999999995,
      -0.3950000000049999,
      0.10249999999499998,
      -0.427500000005,
      0.06874999998999998,
      -0.46125000001000005,
      0.036249999990000004
    ],
    "TaskName": "fb",
    "qc_type": "func",
    "run_id": "03",
    "subject_id": "31",
    "task_id": "fb"
  },
  "size_t": 110,
  "size_x": 64,
  "size_y": 64,
  "size_z": 30,
  "snr": 4.856965293360037,
  "spacing_tr": 1.0,
  "spacing_x": 3.125,
  "spacing_y": 3.125,
  "spacing_z": 4.000000953674316,
  "spikes_num": 0,
  "summary_bg_k": 16.937060124047008,
  "summary_bg_mean": 66.9342041015625,
  "summary_bg_p05": 18.62727165222168,
  "summary_bg_p95": 247.12725830078125,
  "summary_bg_stdv": 86.85185241699219,
  "summary_fg_k": 0.6862278176972558,
  "summary_fg_mean": 837.3314819335938,
  "summary_fg_p05": 512.6990478515625,
  "summary_fg_p95": 1111.8554077148438,
  "summary_fg_stdv": 176.8245391845703,
  "tsnr": 40.016517639160156
}