{
  "aor": 0.0011152409638554219,
  "aqi": 0.004204247469879518,
  "dvars_nstd": 21.87260472254544,
  "dvars_std": 1.1683736543030299,
  "dvars_vstd": 1.0026453367272723,
  "efc": 0.5751027816411896,
  "fber": 53.17225646972656,
  "fd_mean": 0.2569106982787879,
  "fd_num": 0,
  "fd_perc": 0.0,
  "fwhm_avg": 6.97621,
  "fwhm_x": 6.1108,
  "fwhm_y": 7.37537,
  "fwhm_z": 7.53313,
  "gcor": 0.07029540854764271,
  "gsr_x": 0.0024633524008095264,
  "gsr_y": 0.05386227369308472,
  "metadata": {
    "EchoTime": 0,
    "FlipAngle": 90,
    "MRAcquisitionType": "2D",
    "MagneticFieldStrength": 3,
    "Manufacturer": "SIEMENS",
    "ManufacturerModelName": "TrioTim",
    "RepetitionTime": 2,
    "ScanOptions": "FS",
    "ScanningSequence": "EP",
    "SequenceName": "epfid2d1_64",
    "SequenceVariant": "SK",
    "SliceTiming": [
      0.002499999995000002,
      0.5,
      -0.030000000000000027,
      0.46625,
      -0.06374999999999997,
      0.43374999999499997,
      -0.09624999999999995,
      0.4,
      -0.1300000000049999,
      0.3675,
      -0.16249999999999998,
      0.33375,
      -0.19625000000000004,
      0.301249999995,
      -0.22875,
      0.26749999999499996,
      -0.26250000000499996,
      0.235,
      -0.29500000000499993,
      0.20124999999999998,
      -0.32875,
      0.168749999995,
      -0.36124999999999996,
      0.134999999995,
      -0.3950000000049999,
      0.10249999999999998,
      -0.427500000005,
      0.06874999999999998,
      -0.46125000000000005,
      0.036249999995000004
    ],
    "TaskName": "dis",
    "qc_type": "func",
    "run_id": "01",
    "subject_id": "29",
    "task_id": "dis"
  },
  "size_t": 166,
  "size_x": 64,
  "size_y": 64,
  "size_z": 30,
  "snr": 4.606986145585932,
  "spacing_tr": 1.0,
  "spacing_x": 3.125,
  "spacing_y": 3.125,
  "spacing_z": 3.9999988079071045,
  "spikes_num": 0,
  "summary_bg_k": 19.454286850807332,
  "summary_bg_mean": 61.07477951049805,
  "summary_bg_p05": 17.680721282958984,
  "summary_bg_p95": 244.62830352783197,
  "summary_bg_stdv": 86.2462387084961,
  "summary_fg_k": 0.5925887842429516,
  "summary_fg_mean": 752.4138793945312,
  "summary_fg_p05": 450.0867294311524,
  "summary_fg_p95": 1014.5038726806639,
  "summary_fg_stdv": 166.5231475830078,
  "tsnr": 68.14112854003906
}