{
  "aor": 0.0028556969696969694,
  "aqi": 0.006679752727272727,
  "dvars_nstd": 20.243459730426824,
  "dvars_std": 1.154098928597561,
  "dvars_vstd": 0.9973310517073171,
  "efc": 0.6229902502393543,
  "fber": 43.36375427246094,
  "fd_mean": 0.239781907457561,
  "fd_num": 3,
  "fd_perc": 1.8181818181818181,
  "fwhm_avg": 6.63391,
  "fwhm_x": 5.81758,
  "fwhm_y": 6.77545,
  "fwhm_z": 7.40676,
  "gcor": 0.046402960112600616,
  "gsr_x": 0.004331433214247227,
  "gsr_y": 0.07216359674930573,
  "metadata": {
    "EchoTime": 0,
    "FlipAngle": 90,
    "MRAcquisitionType": "2D",
    "MagneticFieldStrength": 3,
    "Manufacturer": "SIEMENS",
    "ManufacturerModelName": "TrioTim",
    "RepetitionTime": 2,
    "ScanOptions": "FS",
    "ScanningSequence": "EP",
    "SequenceName": "epfid2d1_64",
    "SequenceVariant": "SK",
    "SliceTiming": [
      0.0037500000050000315,
      0.5,
      -0.030000000000000027,
      0.46750000001500003,
      -0.0625,
      0.43375000000999997,
      -0.09624999998999995,
      0.40125000001,
      -0.12874999999000003,
      0.36750000001,
      -0.16249999998999998,
      0.33500000000499996,
      -0.19499999998999995,
      0.301250000005,
      -0.228749999995,
      0.26875000000500004,
      -0.2612499999950001,
      0.235,
      -0.29500000000000004,
      0.20250000001500001,
      -0.3275,
      0.16875000001,
      -0.36124999998500007,
      0.13625000000999998,
      -0.39374999999000004,
      0.10250000000999998,
      -0.42749999999,
      0.07000000000500001,
      -0.45999999998999996,
      0.036250000005000005
    ],
    "TaskName": "dis",
    "qc_type": "func",
    "run_id": "02",
    "subject_id": "08",
    "task_id": "dis"
  },
  "size_t": 165,
  "size_x": 64,
  "size_y": 64,
  "size_z": 30,
  "snr": 5.357848305667687,
  "spacing_tr": 1.0,
  "spacing_x": 3.125,
  "spacing_y": 3.125,
  "spacing_z": 3.999999523162842,
  "spikes_num": 0,
  "summary_bg_k": 8.466397586829336,
  "summary_bg_mean": 72.48535919189453,
  "summary_bg_p05": 16.230302810668945,
  "summary_bg_p95": 289.62452697753884,
  "summary_bg_stdv": 97.07810974121094,
  "summary_fg_k": 1.0938326508568457,
  "summary_fg_mean": 783.8718872070312,
  "summary_fg_p05": 512.0869598388672,
  "summary_fg_p95": 1014.1814605712891,
  "summary_fg_stdv": 148.49356079101562,
  "tsnr": 72.72933959960938
}