{
  "aor": 0.004441144578313253,
  "aqi": 0.005526598132530121,
  "dvars_nstd": 27.116796938727273,
  "dvars_std": 1.1884563413333338,
  "dvars_vstd": 1.0379691073939392,
  "efc": 0.5714191530684916,
  "fber": 61.78566360473633,
  "fd_mean": 0.43670357882424243,
  "fd_num": 8,
  "fd_perc": 4.819277108433735,
  "fwhm_avg": 6.64793,
  "fwhm_x": 5.83748,
  "fwhm_y": 7.04767,
  "fwhm_z": 7.14147,
  "gcor": 0.04048695047217679,
  "gsr_x": -0.010674240067601204,
  "gsr_y": 0.06168205663561821,
  "metadata": {
    "EchoTime": 0,
    "FlipAngle": 90,
    "MRAcquisitionType": "2D",
    "MagneticFieldStrength": 3,
    "Manufacturer": "SIEMENS",
    "ManufacturerModelName": "TrioTim",
    "RepetitionTime": 2,
    "ScanOptions": "FS",
    "ScanningSequence": "EP",
    "SequenceName": "epfid2d1_64",
    "SequenceVariant": "SK",
    "SliceTiming": [
      0.003749999994999975,
      0.5,
      -0.030000000000000027,
      0.4675,
      -0.0625,
      0.43374999999499997,
      -0.09624999999999995,
      0.401249999995,
      -0.12875000000499992,
      0.3675,
      -0.16249999999999998,
      0.33499999999999996,
      -0.19499999999999995,
      0.301249999995,
      -0.22875,
      0.268749999995,
      -0.261250000005,
      0.235,
      -0.29500000000000004,
      0.2025,
      -0.3275,
      0.168749999995,
      -0.36124999999999996,
      0.13624999999499998,
      -0.39375000000499993,
      0.10249999999999998,
      -0.4275,
      0.07,
      -0.45999999999999996,
      0.036249999995000004
    ],
    "TaskName": "dis",
    "qc_type": "func",
    "run_id": "03",
    "subject_id": "44",
    "task_id": "dis"
  },
  "size_t": 166,
  "size_x": 64,
  "size_y": 64,
  "size_z": 30,
  "snr": 4.908667318464632,
  "spacing_tr": 1.0,
  "spacing_x": 3.125,
  "spacing_y": 3.125,
  "spacing_z": 4.000000953674316,
  "spikes_num": 0,
  "summary_bg_k": 29.434775690296775,
  "summary_bg_mean": 62.640480041503906,
  "summary_bg_p05": 18.138553619384766,
  "summary_bg_p95": 231.2445678710937,
  "summary_bg_stdv": 84.89781188964844,
  "summary_fg_k": 0.8321831829851893,
  "summary_fg_mean": 812.1075439453125,
  "summary_fg_p05": 506.52708435058594,
  "summary_fg_p95": 1077.153564453125,
  "summary_fg_stdv": 168.0668487548828,
  "tsnr": 67.19654846191406
}