{
  "cjv": 0.5998128652572632,
  "cnr": 7.304311275482178,
  "efc": 0.5313902788999932,
  "fber": 53.70327377319336,
  "fwhm_avg": 3.78182,
  "fwhm_x": 3.9403,
  "fwhm_y": 4.20132,
  "fwhm_z": 3.26729,
  "icvs_csf": 0.18978635250549827,
  "icvs_gm": 0.40637734582857354,
  "icvs_wm": 0.4038363016659282,
  "inu_med": 1.0016793012619019,
  "inu_range": 0.25615493059158323,
  "metadata": {
    "EchoTime": 0.0033900000000000002,
    "FlipAngle": 9,
    "MRAcquisitionType": "3D",
    "MagneticFieldStrength": 3,
    "Manufacturer": "SIEMENS",
    "ManufacturerModelName": "TrioTim",
    "RepetitionTime": 2,
    "ScanOptions": "IR",
    "ScanningSequence": "GR\\IR",
    "SequenceName": "tfl3d1_ns",
    "SequenceVariant": "SP\\MP",
    "SliceTiming": [
      0.0037500000050000315,
      0.5,
      -0.030000000000000027,
      0.46750000001500003,
      -0.0625,
      0.43375000000999997,
      -0.09624999998999995,
      0.40125000001,
      -0.12874999999000003,
      0.36750000001,
      -0.16249999998999998,
      0.33500000000499996,
      -0.19499999998999995,
      0.301250000005,
      -0.228749999995,
      0.26875000000500004,
      -0.2612499999950001,
      0.235,
      -0.29500000000000004,
      0.2025,
      -0.3275,
      0.16875000001,
      -0.36124999998500007,
      0.13625000000999998,
      -0.39374999999000004,
      0.10250000000999998,
      -0.42749999999,
      0.07000000000500001,
      -0.45999999998999996,
      0.036250000005000005
    ],
    "TaskName": "MPRAGE",
    "qc_type": "anat",
    "subject_id": "34"
  },
  "qi_1": 0.0,
  "qi_2": 0.013186335425963976,
  "rpve_csf": 55246.6875,
  "rpve_gm": 104876.03125,
  "rpve_wm": 49942.2265625,
  "size_x": 128,
  "size_y": 256,
  "size_z": 256,
  "snr_csf": 3.7726244444275308,
  "snr_gm": 10.891368656991535,
  "snr_total": 11.54641375345321,
  "snr_wm": 19.975248158940566,
  "snrd_csf": 33.55376642925324,
  "snrd_gm": 51.85974913004802,
  "snrd_total": 50.7865674167058,
  "snrd_wm": 66.94618669081615,
  "spacing_x": 1.3300000429153442,
  "spacing_y": 1.0,
  "spacing_z": 1.0,
  "summary_bg_k": 42.733315535903145,
  "summary_bg_mean": 2.729534387588501,
  "summary_bg_p05": 0.0,
  "summary_bg_p95": 7.0,
  "summary_bg_stdv": 2.104524612426758,
  "summary_csf_k": 1.5239616056966385,
  "summary_csf_mean": 80.08514404296875,
  "summary_csf_p05": 45.0,
  "summary_csf_p95": 114.0,
  "summary_csf_stdv": 22.30706214904785,
  "summary_gm_k": -0.4330457816658133,
  "summary_gm_mean": 133.9706268310547,
  "summary_gm_p05": 105.0,
  "summary_gm_p95": 164.0,
  "summary_gm_stdv": 17.593759536743164,
  "summary_wm_k": -0.45145655684218955,
  "summary_wm_mean": 178.5798797607422,
  "summary_wm_p05": 148.0,
  "summary_wm_p95": 208.0,
  "summary_wm_stdv": 17.812816619873047,
  "tpm_overlap_csf": 0.2611341668737801,
  "tpm_overlap_gm": 0.542598216232597,
  "tpm_overlap_wm": 0.6342771181087058,
  "wm2max": 0.7086614173228346
}