{
  "aor": 0.0007133132530120481,
  "aqi": 0.00326245765060241,
  "dvars_nstd": 20.87458149896969,
  "dvars_std": 1.143365533939394,
  "dvars_vstd": 0.9994650704242426,
  "efc": 0.5826987278051352,
  "fber": 46.672279357910156,
  "fd_mean": 0.25904219528060607,
  "fd_num": 0,
  "fd_perc": 0.0,
  "fwhm_avg": 7.32807,
  "fwhm_x": 6.47915,
  "fwhm_y": 7.64599,
  "fwhm_z": 7.94361,
  "gcor": 0.03285338217953602,
  "gsr_x": 0.015008275397121906,
  "gsr_y": 0.03318805620074272,
  "metadata": {
    "EchoTime": 0,
    "FlipAngle": 90,
    "MRAcquisitionType": "2D",
    "MagneticFieldStrength": 3,
    "Manufacturer": "SIEMENS",
    "ManufacturerModelName": "TrioTim",
    "RepetitionTime": 2,
    "ScanOptions": "FS",
    "ScanningSequence": "EP",
    "SequenceName": "epfid2d1_64",
    "SequenceVariant": "SK",
    "SliceTiming": [
      0.0037500000050000315,
      0.5,
      -0.030000000000000027,
      0.4675,
      -0.0625,
      0.43374999999499997,
      -0.09624999999999995,
      0.401249999995,
      -0.12875000000499992,
      0.367499999995,
      -0.16250000000499998,
      0.33499999998999996,
      -0.19500000000499995,
      0.301250000005,
      -0.22875000001,
      0.26875000000500004,
      -0.2612499999950001,
      0.235,
      -0.29500000000000004,
      0.2025,
      -0.3275,
      0.168749999995,
      -0.36124999999999996,
      0.13624999999499998,
      -0.39375000000499993,
      0.10249999999499998,
      -0.427500000005,
      0.06999999999,
      -0.46000000000499996,
      0.036249999990000004
    ],
    "TaskName": "dis",
    "qc_type": "func",
    "run_id": "02",
    "subject_id": "42",
    "task_id": "dis"
  },
  "size_t": 166,
  "size_x": 64,
  "size_y": 64,
  "size_z": 30,
  "snr": 4.631828181849626,
  "spacing_tr": 1.0,
  "spacing_x": 3.125,
  "spacing_y": 3.125,
  "spacing_z": 4.000000476837158,
  "spikes_num": 0,
  "summary_bg_k": 24.69680653814445,
  "summary_bg_mean": 70.39732360839844,
  "summary_bg_p05": 17.451807022094727,
  "summary_bg_p95": 281.8858367919915,
  "summary_bg_stdv": 105.53460693359375,
  "summary_fg_k": 0.7376193777696325,
  "summary_fg_mean": 846.6138916015625,
  "summary_fg_p05": 518.6972808837891,
  "summary_fg_p95": 1153.23486328125,
  "summary_fg_stdv": 185.3582000732422,
  "tsnr": 81.9868392944336
}