{
  "aor": 0.0022112500000000005,
  "aqi": 0.005056547867647058,
  "dvars_nstd": 16.754239350888888,
  "dvars_std": 1.1517286458518519,
  "dvars_vstd": 1.0153364200000006,
  "efc": 0.5620470634512263,
  "fber": 57.769622802734375,
  "fd_mean": 0.24225248332592594,
  "fd_num": 1,
  "fd_perc": 0.7352941176470589,
  "fwhm_avg": 6.65775,
  "fwhm_x": 5.97325,
  "fwhm_y": 6.87356,
  "fwhm_z": 7.1877,
  "gcor": 0.0701137711020077,
  "gsr_x": -0.007001460529863834,
  "gsr_y": 0.04627731814980507,
  "metadata": {
    "EchoTime": 0,
    "FlipAngle": 90,
    "MRAcquisitionType": "2D",
    "MagneticFieldStrength": 3,
    "Manufacturer": "SIEMENS",
    "ManufacturerModelName": "TrioTim",
    "RepetitionTime": 2,
    "ScanOptions": "FS",
    "ScanningSequence": "EP",
    "SequenceName": "epfid2d1_64",
    "SequenceVariant": "SK",
    "SliceTiming": [
      0.003749999994999975,
      0.5,
      -0.030000000004999916,
      0.4675,
      -0.0625,
      0.43374999999499997,
      -0.09624999999999995,
      0.401249999995,
      -0.12875000000499992,
      0.3675,
      -0.16250000000499998,
      0.33499999999999996,
      -0.19499999999999995,
      0.301249999995,
      -0.22875,
      0.268749999995,
      -0.261250000005,
      0.234999999995,
      -0.29500000000499993,
      0.2025,
      -0.3275000000049999,
      0.168749999995,
      -0.36124999999999996,
      0.13624999999499998,
      -0.39375000000499993,
      0.10249999999499998,
      -0.427500000005,
      0.07,
      -0.46000000000499996,
      0.036249999995000004
    ],
    "TaskName": "fb",
    "qc_type": "func",
    "run_id": "02",
    "subject_id": "11",
    "task_id": "fb"
  },
  "size_t": 136,
  "size_x": 64,
  "size_y": 64,
  "size_z": 30,
  "snr": 5.038519637225626,
  "spacing_tr": 1.0,
  "spacing_x": 3.125,
  "spacing_y": 3.125,
  "spacing_z": 4.000000476837158,
  "spikes_num": 0,
  "summary_bg_k": 29.242699542283738,
  "summary_bg_mean": 54.3145751953125,
  "summary_bg_p05": 14.573529243469238,
  "summary_bg_p95": 214.97977981567362,
  "summary_bg_stdv": 85.92581939697266,
  "summary_fg_k": 1.1900206902235295,
  "summary_fg_mean": 757.43212890625,
  "summary_fg_p05": 484.52022552490234,
  "summary_fg_p95": 993.8720581054686,
  "summary_fg_stdv": 152.47525024414062,
  "tsnr": 80.0101318359375
}