{"RepetitionTime": 2,
 "EchoTime": 0.0033900000000000002,
 "MagneticFieldStrength": 3,
 "SequenceVariant": "SP\\MP",
 "MRAcquisitionType": "3D",
 "FlipAngle": 9,
 "ScanOptions": "IR",
 "SliceTiming": [0.0025000000000000022,
 0.5,
 -0.030000000000000027,
 0.46625,
 -0.06374999999999997,
 0.43374999999499997,
 -0.09624999999999995,
 0.399999999995,
 -0.1300000000049999,
 0.36750000001,
 -0.16250000000499998,
 0.333750000005,
 -0.19624999999500004,
 0.301250000005,
 -0.228749999995,
 0.26749999999999996,
 -0.26249999999500007,
 0.235,
 -0.29500000000000004,
 0.20124999999999998,
 -0.32875,
 0.168749999995,
 -0.36124999999999996,
 0.134999999995,
 -0.3950000000049999,
 0.10249999999499998,
 -0.427500000005,
 0.06875000000499998,
 -0.46124999999500005,
 0.036250000005000005],
 "SequenceName": "tfl3d1_ns",
 "ManufacturerModelName": "TrioTim",
 "TaskName": "MPRAGE",
 "ScanningSequence": "GR\\IR",
 "Manufacturer": "SIEMENS"}